GEM
  remote: https://rubygems.org/
  specs:
    abstract_type (0.0.7)
    actionpack (6.1.4.7)
      actionview (= 6.1.4.7)
      activesupport (= 6.1.4.7)
      rack (~> 2.0, >= 2.0.9)
      rack-test (>= 0.6.3)
      rails-dom-testing (~> 2.0)
      rails-html-sanitizer (~> 1.0, >= 1.2.0)
    actionview (6.1.4.7)
      activesupport (= 6.1.4.7)
      builder (~> 3.1)
      erubi (~> 1.4)
      rails-dom-testing (~> 2.0)
      rails-html-sanitizer (~> 1.1, >= 1.2.0)
    activesupport (6.1.4.7)
      concurrent-ruby (~> 1.0, >= 1.0.2)
      i18n (>= 1.6, < 2)
      minitest (>= 5.1)
      tzinfo (~> 2.0)
      zeitwerk (~> 2.3)
    adamantium (0.2.0)
      ice_nine (~> 0.11.0)
      memoizable (~> 0.4.0)
    addressable (2.7.0)
      public_suffix (>= 2.0.2, < 5.0)
    ast (2.4.2)
    binding_ninja (0.2.3)
    builder (3.2.4)
    charlock_holmes (0.7.7)
    coderay (1.1.2)
    concord (0.1.5)
      adamantium (~> 0.2.0)
      equalizer (~> 0.0.9)
    concurrent-ruby (1.1.10)
    crass (1.0.6)
    diff-lcs (1.3)
    dotenv (2.7.6)
    equalizer (0.0.11)
    erubi (1.10.0)
    escape_utils (1.2.1)
    factory_bot (5.0.2)
      activesupport (>= 4.2.0)
    faraday (1.0.1)
      multipart-post (>= 1.2, < 3)
    ffi (1.15.3)
    gemojione (3.3.0)
      json
    github-linguist (7.12.1)
      charlock_holmes (~> 0.7.7)
      escape_utils (~> 1.2.0)
      mini_mime (~> 1.0)
      rugged (>= 0.25.1)
    github-markup (1.7.0)
    gitlab-gollum-lib (4.2.7.10.gitlab.2)
      gemojione (~> 3.2)
      github-markup (~> 1.6)
      gitlab-gollum-rugged_adapter (~> 0.4.4.4.gitlab.1)
      nokogiri (>= 1.6.1, < 2.0)
      rouge (~> 3.1)
      sanitize (~> 6.0)
      stringex (~> 2.6)
    gitlab-gollum-rugged_adapter (0.4.4.4.gitlab.1)
      mime-types (>= 1.15)
      rugged (~> 1.0)
    gitlab-labkit (0.21.2)
      actionpack (>= 5.0.0, < 7.0.0)
      activesupport (>= 5.0.0, < 7.0.0)
      grpc (~> 1.30)
      jaeger-client (~> 1.1)
      opentracing (~> 0.4)
      pg_query (~> 2.1)
      redis (> 3.0.0, < 5.0.0)
    gitlab-license_finder (6.14.2.1)
      bundler
      rubyzip (>= 1, < 3)
      thor (~> 1.0)
      tomlrb (>= 1.3, < 2.1)
      with_env (= 1.1.0)
      xml-simple (~> 1.1.5)
    gitlab-markup (1.7.1)
    google-protobuf (3.19.1)
    googleapis-common-protos-types (1.3.0)
      google-protobuf (~> 3.14)
    grpc (1.42.0)
      google-protobuf (~> 3.18)
      googleapis-common-protos-types (~> 1.0)
    grpc-tools (1.42.0)
    i18n (1.10.0)
      concurrent-ruby (~> 1.0)
    ice_nine (0.11.2)
    jaeger-client (1.1.0)
      opentracing (~> 0.3)
      thrift
    json (2.5.1)
    licensee (9.14.1)
      dotenv (~> 2.0)
      octokit (~> 4.17)
      reverse_markdown (~> 1.0)
      rugged (>= 0.24, < 2.0)
      thor (>= 0.19, < 2.0)
    loofah (2.16.0)
      crass (~> 1.0.2)
      nokogiri (>= 1.5.9)
    memoizable (0.4.2)
      thread_safe (~> 0.3, >= 0.3.1)
    method_source (0.9.2)
    mime-types (3.3.1)
      mime-types-data (~> 3.2015)
    mime-types-data (3.2020.1104)
    mini_mime (1.0.2)
    mini_portile2 (2.8.0)
    minitest (5.15.0)
    msgpack (1.3.3)
    multipart-post (2.1.1)
    nokogiri (1.13.6)
      mini_portile2 (~> 2.8.0)
      racc (~> 1.4)
    octokit (4.20.0)
      faraday (>= 0.9)
      sawyer (~> 0.8.0, >= 0.5.3)
    opentracing (0.5.0)
    optimist (3.0.1)
    parallel (1.19.2)
    parser (3.0.3.2)
      ast (~> 2.4.1)
    pg_query (2.1.1)
      google-protobuf (>= 3.17.1)
    proc_to_ast (0.1.0)
      coderay
      parser
      unparser
    procto (0.0.3)
    pry (0.12.2)
      coderay (~> 1.1.0)
      method_source (~> 0.9.0)
    public_suffix (4.0.6)
    racc (1.6.0)
    rack (2.2.3)
    rack-test (1.1.0)
      rack (>= 1.0, < 3)
    rails-dom-testing (2.0.3)
      activesupport (>= 4.2.0)
      nokogiri (>= 1.6)
    rails-html-sanitizer (1.4.2)
      loofah (~> 2.3)
    rainbow (3.0.0)
    rbtrace (0.4.14)
      ffi (>= 1.0.6)
      msgpack (>= 0.4.3)
      optimist (>= 3.0.0)
    rdoc (6.3.2)
    redis (4.4.0)
    regexp_parser (1.8.1)
    reverse_markdown (1.4.0)
      nokogiri
    rexml (3.2.5)
    rouge (3.27.0)
    rspec (3.8.0)
      rspec-core (~> 3.8.0)
      rspec-expectations (~> 3.8.0)
      rspec-mocks (~> 3.8.0)
    rspec-core (3.8.0)
      rspec-support (~> 3.8.0)
    rspec-expectations (3.8.3)
      diff-lcs (>= 1.2.0, < 2.0)
      rspec-support (~> 3.8.0)
    rspec-mocks (3.8.0)
      diff-lcs (>= 1.2.0, < 2.0)
      rspec-support (~> 3.8.0)
    rspec-parameterized (0.4.2)
      binding_ninja (>= 0.2.3)
      parser
      proc_to_ast
      rspec (>= 2.13, < 4)
      unparser
    rspec-support (3.8.0)
    rubocop (0.86.0)
      parallel (~> 1.10)
      parser (>= 2.7.0.1)
      rainbow (>= 2.2.2, < 4.0)
      regexp_parser (>= 1.7)
      rexml
      rubocop-ast (>= 0.0.3, < 1.0)
      ruby-progressbar (~> 1.7)
      unicode-display_width (>= 1.4.0, < 2.0)
    rubocop-ast (0.2.0)
      parser (>= 2.7.0.1)
    ruby-progressbar (1.10.1)
    rubyzip (2.3.2)
    rugged (1.2.0)
    sanitize (6.0.0)
      crass (~> 1.0.2)
      nokogiri (>= 1.12.0)
    sawyer (0.8.2)
      addressable (>= 2.3.5)
      faraday (> 0.8, < 2.0)
    sentry-raven (3.0.4)
      faraday (>= 1.0)
    stringex (2.8.5)
    thor (1.1.0)
    thread_safe (0.3.6)
    thrift (0.15.0)
    timecop (0.9.1)
    tomlrb (2.0.1)
    tzinfo (2.0.4)
      concurrent-ruby (~> 1.0)
    unicode-display_width (1.7.0)
    unparser (0.4.7)
      abstract_type (~> 0.0.7)
      adamantium (~> 0.2.0)
      concord (~> 0.1.5)
      diff-lcs (~> 1.3)
      equalizer (~> 0.0.9)
      parser (>= 2.6.5)
      procto (~> 0.0.2)
    with_env (1.1.0)
    xml-simple (1.1.9)
      rexml
    zeitwerk (2.5.4)

PLATFORMS
  ruby

DEPENDENCIES
  activesupport (~> 6.1.4.7)
  factory_bot
  faraday (~> 1.0)
  github-linguist (~> 7.12)
  gitlab-gollum-lib (~> 4.2.7.10.gitlab.2)
  gitlab-gollum-rugged_adapter (~> 0.4.4.4.gitlab.1)
  gitlab-labkit (~> 0.21.1)
  gitlab-license_finder
  gitlab-markup (~> 1.7.1)
  google-protobuf (~> 3.19.0)
  grpc (~> 1.42.0)
  grpc-tools (~> 1.42.0)
  licensee (~> 9.14.1)
  pry (~> 0.12.2)
  rbtrace
  rdoc (~> 6.0)
  rspec
  rspec-parameterized
  rubocop (~> 0.69)
  rugged (~> 1.2)
  sentry-raven (~> 3.0)
  timecop

BUNDLED WITH
   2.3.15
