GEM
  remote: https://rubygems.org/
  specs:
    abstract_type (0.0.7)
    actionpack (6.0.3.3)
      actionview (= 6.0.3.3)
      activesupport (= 6.0.3.3)
      rack (~> 2.0, >= 2.0.8)
      rack-test (>= 0.6.3)
      rails-dom-testing (~> 2.0)
      rails-html-sanitizer (~> 1.0, >= 1.2.0)
    actionview (6.0.3.3)
      activesupport (= 6.0.3.3)
      builder (~> 3.1)
      erubi (~> 1.4)
      rails-dom-testing (~> 2.0)
      rails-html-sanitizer (~> 1.1, >= 1.2.0)
    activesupport (6.0.3.3)
      concurrent-ruby (~> 1.0, >= 1.0.2)
      i18n (>= 0.7, < 2)
      minitest (~> 5.1)
      tzinfo (~> 1.1)
      zeitwerk (~> 2.2, >= 2.2.2)
    adamantium (0.2.0)
      ice_nine (~> 0.11.0)
      memoizable (~> 0.4.0)
    ast (2.4.1)
    binding_ninja (0.2.3)
    builder (3.2.4)
    charlock_holmes (0.7.7)
    coderay (1.1.2)
    concord (0.1.5)
      adamantium (~> 0.2.0)
      equalizer (~> 0.0.9)
    concurrent-ruby (1.1.7)
    crass (1.0.6)
    diff-lcs (1.3)
    equalizer (0.0.11)
    erubi (1.9.0)
    escape_utils (1.2.1)
    factory_bot (5.0.2)
      activesupport (>= 4.2.0)
    faraday (1.0.1)
      multipart-post (>= 1.2, < 3)
    ffi (1.13.1)
    gemojione (3.3.0)
      json
    github-linguist (7.12.1)
      charlock_holmes (~> 0.7.7)
      escape_utils (~> 1.2.0)
      mini_mime (~> 1.0)
      rugged (>= 0.25.1)
    github-markup (1.7.0)
    gitlab-gollum-lib (4.2.7.9)
      gemojione (~> 3.2)
      github-markup (~> 1.6)
      gitlab-gollum-rugged_adapter (~> 0.4.4.2)
      nokogiri (>= 1.6.1, < 2.0)
      rouge (~> 3.1)
      sanitize (~> 4.6.4)
      stringex (~> 2.6)
    gitlab-gollum-rugged_adapter (0.4.4.2)
      mime-types (>= 1.15)
      rugged (~> 0.25)
    gitlab-labkit (0.13.2)
      actionpack (>= 5.0.0, < 6.1.0)
      activesupport (>= 5.0.0, < 6.1.0)
      grpc (~> 1.19)
      jaeger-client (~> 1.1)
      opentracing (~> 0.4)
      redis (> 3.0.0, < 5.0.0)
    gitlab-markup (1.7.1)
    google-protobuf (3.12.4)
    googleapis-common-protos-types (1.0.5)
      google-protobuf (~> 3.11)
    grpc (1.30.2)
      google-protobuf (~> 3.12)
      googleapis-common-protos-types (~> 1.0)
    grpc-tools (1.30.2)
    i18n (1.8.5)
      concurrent-ruby (~> 1.0)
    ice_nine (0.11.2)
    jaeger-client (1.1.0)
      opentracing (~> 0.3)
      thrift
    json (2.3.1)
    licensee (8.9.2)
      rugged (~> 0.24)
    loofah (2.7.0)
      crass (~> 1.0.2)
      nokogiri (>= 1.5.9)
    memoizable (0.4.2)
      thread_safe (~> 0.3, >= 0.3.1)
    method_source (0.9.2)
    mime-types (3.3.1)
      mime-types-data (~> 3.2015)
    mime-types-data (3.2020.0512)
    mini_mime (1.0.2)
    mini_portile2 (2.4.0)
    minitest (5.14.2)
    msgpack (1.3.3)
    multipart-post (2.1.1)
    nokogiri (1.10.10)
      mini_portile2 (~> 2.4.0)
    nokogumbo (1.5.0)
      nokogiri
    opentracing (0.5.0)
    optimist (3.0.1)
    parallel (1.19.2)
    parser (2.7.2.0)
      ast (~> 2.4.1)
    proc_to_ast (0.1.0)
      coderay
      parser
      unparser
    procto (0.0.3)
    pry (0.12.2)
      coderay (~> 1.1.0)
      method_source (~> 0.9.0)
    rack (2.2.3)
    rack-test (1.1.0)
      rack (>= 1.0, < 3)
    rails-dom-testing (2.0.3)
      activesupport (>= 4.2.0)
      nokogiri (>= 1.6)
    rails-html-sanitizer (1.3.0)
      loofah (~> 2.3)
    rainbow (3.0.0)
    rbtrace (0.4.14)
      ffi (>= 1.0.6)
      msgpack (>= 0.4.3)
      optimist (>= 3.0.0)
    rdoc (6.2.0)
    redis (4.1.3)
    regexp_parser (1.8.1)
    rexml (3.2.4)
    rouge (3.26.0)
    rspec (3.8.0)
      rspec-core (~> 3.8.0)
      rspec-expectations (~> 3.8.0)
      rspec-mocks (~> 3.8.0)
    rspec-core (3.8.0)
      rspec-support (~> 3.8.0)
    rspec-expectations (3.8.3)
      diff-lcs (>= 1.2.0, < 2.0)
      rspec-support (~> 3.8.0)
    rspec-mocks (3.8.0)
      diff-lcs (>= 1.2.0, < 2.0)
      rspec-support (~> 3.8.0)
    rspec-parameterized (0.4.2)
      binding_ninja (>= 0.2.3)
      parser
      proc_to_ast
      rspec (>= 2.13, < 4)
      unparser
    rspec-support (3.8.0)
    rubocop (0.86.0)
      parallel (~> 1.10)
      parser (>= 2.7.0.1)
      rainbow (>= 2.2.2, < 4.0)
      regexp_parser (>= 1.7)
      rexml
      rubocop-ast (>= 0.0.3, < 1.0)
      ruby-progressbar (~> 1.7)
      unicode-display_width (>= 1.4.0, < 2.0)
    rubocop-ast (0.2.0)
      parser (>= 2.7.0.1)
    ruby-progressbar (1.10.1)
    rugged (0.28.4.1)
    sanitize (4.6.6)
      crass (~> 1.0.2)
      nokogiri (>= 1.4.4)
      nokogumbo (~> 1.4)
    sentry-raven (3.0.4)
      faraday (>= 1.0)
    stringex (2.8.5)
    thread_safe (0.3.6)
    thrift (0.11.0.0)
    timecop (0.9.1)
    tzinfo (1.2.7)
      thread_safe (~> 0.1)
    unicode-display_width (1.7.0)
    unparser (0.4.7)
      abstract_type (~> 0.0.7)
      adamantium (~> 0.2.0)
      concord (~> 0.1.5)
      diff-lcs (~> 1.3)
      equalizer (~> 0.0.9)
      parser (>= 2.6.5)
      procto (~> 0.0.2)
    zeitwerk (2.4.0)

PLATFORMS
  ruby

DEPENDENCIES
  activesupport (~> 6.0.3.3)
  factory_bot
  faraday (~> 1.0)
  github-linguist (~> 7.12)
  gitlab-gollum-lib (~> 4.2.7.9)
  gitlab-gollum-rugged_adapter (~> 0.4.4.2)
  gitlab-labkit (~> 0.13.2)
  gitlab-markup (~> 1.7.1)
  google-protobuf (~> 3.12)
  grpc (~> 1.30.2)
  grpc-tools (= 1.30.2)
  licensee (~> 8.9.0)
  pry (~> 0.12.2)
  rbtrace
  rdoc (~> 6.0)
  rspec
  rspec-parameterized
  rubocop (~> 0.69)
  rugged (~> 0.28)
  sentry-raven (~> 3.0)
  timecop

BUNDLED WITH
   2.1.4
