GEM
  remote: https://rubygems.org/
  specs:
    actionmailer (6.0.3.3)
      actionpack (= 6.0.3.3)
      actionview (= 6.0.3.3)
      activejob (= 6.0.3.3)
      mail (~> 2.5, >= 2.5.4)
      rails-dom-testing (~> 2.0)
    actionpack (6.0.3.3)
      actionview (= 6.0.3.3)
      activesupport (= 6.0.3.3)
      rack (~> 2.0, >= 2.0.8)
      rack-test (>= 0.6.3)
      rails-dom-testing (~> 2.0)
      rails-html-sanitizer (~> 1.0, >= 1.2.0)
    actionview (6.0.3.3)
      activesupport (= 6.0.3.3)
      builder (~> 3.1)
      erubi (~> 1.4)
      rails-dom-testing (~> 2.0)
      rails-html-sanitizer (~> 1.1, >= 1.2.0)
    actionview_precompiler (0.2.3)
      actionview (>= 6.0.a)
    active_model_serializers (0.8.4)
      activemodel (>= 3.0)
    activejob (6.0.3.3)
      activesupport (= 6.0.3.3)
      globalid (>= 0.3.6)
    activemodel (6.0.3.3)
      activesupport (= 6.0.3.3)
    activerecord (6.0.3.3)
      activemodel (= 6.0.3.3)
      activesupport (= 6.0.3.3)
    activesupport (6.0.3.3)
      concurrent-ruby (~> 1.0, >= 1.0.2)
      i18n (>= 0.7, < 2)
      minitest (~> 5.1)
      tzinfo (~> 1.1)
      zeitwerk (~> 2.2, >= 2.2.2)
    addressable (2.7.0)
      public_suffix (>= 2.0.2, < 5.0)
    annotate (3.1.1)
      activerecord (>= 3.2, < 7.0)
      rake (>= 10.4, < 14.0)
    ast (2.4.1)
    aws-eventstream (1.1.0)
    aws-partitions (1.390.0)
    aws-sdk-core (3.109.2)
      aws-eventstream (~> 1, >= 1.0.2)
      aws-partitions (~> 1, >= 1.239.0)
      aws-sigv4 (~> 1.1)
      jmespath (~> 1.0)
    aws-sdk-kms (1.39.0)
      aws-sdk-core (~> 3, >= 3.109.0)
      aws-sigv4 (~> 1.1)
    aws-sdk-s3 (1.83.2)
      aws-sdk-core (~> 3, >= 3.109.0)
      aws-sdk-kms (~> 1)
      aws-sigv4 (~> 1.1)
    aws-sdk-sns (1.35.0)
      aws-sdk-core (~> 3, >= 3.109.0)
      aws-sigv4 (~> 1.1)
    aws-sigv4 (1.2.2)
      aws-eventstream (~> 1, >= 1.0.2)
    barber (0.12.2)
      ember-source (>= 1.0, < 3.1)
      execjs (>= 1.2, < 3)
    better_errors (2.9.1)
      coderay (>= 1.0.0)
      erubi (>= 1.0.0)
      rack (>= 0.9.0)
    binding_of_caller (0.8.0)
      debug_inspector (>= 0.0.1)
    bootsnap (1.5.1)
      msgpack (~> 1.0)
    builder (3.2.4)
    bullet (6.1.0)
      activesupport (>= 3.0.0)
      uniform_notifier (~> 1.11)
    byebug (11.1.3)
    cbor (0.5.9.6)
    certified (1.0.0)
    chunky_png (1.3.14)
    coderay (1.1.3)
    colored2 (3.1.2)
    concurrent-ruby (1.1.7)
    connection_pool (2.2.3)
    cose (1.2.0)
      cbor (~> 0.5.9)
      openssl-signature_algorithm (~> 1.0)
    cppjieba_rb (0.3.3)
    crack (0.4.4)
    crass (1.0.6)
    css_parser (1.7.1)
      addressable
    debug_inspector (0.0.3)
    diff-lcs (1.4.4)
    diffy (3.4.0)
    discourse-ember-rails (0.18.6)
      active_model_serializers
      ember-data-source (>= 1.0.0.beta.5)
      ember-handlebars-template (>= 0.1.1, < 1.0)
      ember-source (>= 1.1.0)
      jquery-rails (>= 1.0.17)
      railties (>= 3.1)
    discourse-ember-source (3.12.2.2)
    discourse-fonts (0.0.5)
    discourse_image_optim (0.26.2)
      exifr (~> 1.2, >= 1.2.2)
      fspath (~> 3.0)
      image_size (~> 1.5)
      in_threads (~> 1.3)
      progress (~> 3.0, >= 3.0.1)
    docile (1.3.2)
    email_reply_trimmer (0.1.13)
    ember-data-source (3.0.2)
      ember-source (>= 2, < 3.0)
    ember-handlebars-template (0.8.0)
      barber (>= 0.11.0)
      sprockets (>= 3.3, < 4.1)
    ember-source (2.18.2)
    erubi (1.10.0)
    excon (0.78.0)
    execjs (2.7.0)
    exifr (1.3.9)
    fabrication (2.21.1)
    fakeweb (1.3.0)
    faraday (1.1.0)
      multipart-post (>= 1.2, < 3)
      ruby2_keywords
    fast_blank (1.0.0)
    fast_xs (0.8.0)
    fastimage (2.2.0)
    ffi (1.13.1)
    flamegraph (0.9.5)
    fspath (3.1.2)
    gc_tracer (1.5.1)
    globalid (0.4.2)
      activesupport (>= 4.2.0)
    guess_html_encoding (0.0.11)
    hashdiff (1.0.1)
    hashie (4.1.0)
    highline (2.0.3)
    hkdf (0.3.0)
    htmlentities (4.3.4)
    http_accept_language (2.1.1)
    i18n (1.8.5)
      concurrent-ruby (~> 1.0)
    image_size (1.5.0)
    in_threads (1.5.4)
    jmespath (1.4.0)
    jquery-rails (4.4.0)
      rails-dom-testing (>= 1, < 3)
      railties (>= 4.2.0)
      thor (>= 0.14, < 2.0)
    json (2.3.1)
    json-schema (2.8.1)
      addressable (>= 2.4)
    jwt (2.2.2)
    kgio (2.11.3)
    libv8 (8.4.255.0)
    listen (3.3.1)
      rb-fsevent (~> 0.10, >= 0.10.3)
      rb-inotify (~> 0.9, >= 0.9.10)
    lograge (0.11.2)
      actionpack (>= 4)
      activesupport (>= 4)
      railties (>= 4)
      request_store (~> 1.0)
    logstash-event (1.2.02)
    logstash-logger (0.26.1)
      logstash-event (~> 1.2)
    logster (2.9.4)
    loofah (2.8.0)
      crass (~> 1.0.2)
      nokogiri (>= 1.5.9)
    lru_redux (1.1.0)
    lz4-ruby (0.3.3)
    mail (2.7.1)
      mini_mime (>= 0.1.1)
    maxminddb (0.1.22)
    memory_profiler (0.9.14)
    message_bus (3.3.4)
      rack (>= 1.1.3)
    method_source (1.0.0)
    mini_mime (1.0.2)
    mini_portile2 (2.4.0)
    mini_racer (0.3.1)
      libv8 (~> 8.4.255)
    mini_scheduler (0.12.3)
      sidekiq
    mini_sql (0.3)
    mini_suffix (0.3.0)
      ffi (~> 1.9)
    minitest (5.14.2)
    mocha (1.11.2)
    mock_redis (0.26.0)
    msgpack (1.3.3)
    multi_json (1.15.0)
    multi_xml (0.6.0)
    multipart-post (2.1.1)
    mustache (1.1.1)
    nio4r (2.5.4)
    nokogiri (1.10.10)
      mini_portile2 (~> 2.4.0)
    nokogumbo (2.0.2)
      nokogiri (~> 1.8, >= 1.8.4)
    oauth (0.5.4)
    oauth2 (1.4.4)
      faraday (>= 0.8, < 2.0)
      jwt (>= 1.0, < 3.0)
      multi_json (~> 1.3)
      multi_xml (~> 0.5)
      rack (>= 1.2, < 3)
    oj (3.10.16)
    omniauth (1.9.1)
      hashie (>= 3.4.6)
      rack (>= 1.6.2, < 3)
    omniauth-facebook (8.0.0)
      omniauth-oauth2 (~> 1.2)
    omniauth-github (1.4.0)
      omniauth (~> 1.5)
      omniauth-oauth2 (>= 1.4.0, < 2.0)
    omniauth-google-oauth2 (0.8.0)
      jwt (>= 2.0)
      omniauth (>= 1.1.1)
      omniauth-oauth2 (>= 1.6)
    omniauth-oauth (1.1.0)
      oauth
      omniauth (~> 1.0)
    omniauth-oauth2 (1.7.0)
      oauth2 (~> 1.4)
      omniauth (~> 1.9)
    omniauth-twitter (1.4.0)
      omniauth-oauth (~> 1.1)
      rack
    onebox (2.2.1)
      addressable (~> 2.7.0)
      htmlentities (~> 4.3)
      multi_json (~> 1.11)
      mustache
      nokogiri (~> 1.7)
      sanitize
    openssl-signature_algorithm (1.0.0)
    optimist (3.0.1)
    parallel (1.20.1)
    parallel_tests (3.4.0)
      parallel
    parser (2.7.2.0)
      ast (~> 2.4.1)
    pg (1.2.3)
    progress (3.5.2)
    pry (0.13.1)
      coderay (~> 1.1)
      method_source (~> 1.0)
    pry-byebug (3.9.0)
      byebug (~> 11.0)
      pry (~> 0.13.0)
    pry-rails (0.3.9)
      pry (>= 0.10.4)
    public_suffix (4.0.6)
    puma (5.0.4)
      nio4r (~> 2.0)
    r2 (0.2.7)
    rack (2.2.3)
    rack-mini-profiler (2.2.0)
      rack (>= 1.2.0)
    rack-protection (2.1.0)
      rack
    rack-test (1.1.0)
      rack (>= 1.0, < 3)
    rails-dom-testing (2.0.3)
      activesupport (>= 4.2.0)
      nokogiri (>= 1.6)
    rails-html-sanitizer (1.3.0)
      loofah (~> 2.3)
    rails_failover (0.6.2)
      activerecord (~> 6.0)
      concurrent-ruby
      railties (~> 6.0)
    rails_multisite (2.5.0)
      activerecord (> 5.0, < 7)
      railties (> 5.0, < 7)
    railties (6.0.3.3)
      actionpack (= 6.0.3.3)
      activesupport (= 6.0.3.3)
      method_source
      rake (>= 0.8.7)
      thor (>= 0.20.3, < 2.0)
    rainbow (3.0.0)
    raindrops (0.19.1)
    rake (13.0.1)
    rb-fsevent (0.10.4)
    rb-inotify (0.10.1)
      ffi (~> 1.0)
    rbtrace (0.4.14)
      ffi (>= 1.0.6)
      msgpack (>= 0.4.3)
      optimist (>= 3.0.0)
    rchardet (1.8.0)
    redis (4.2.5)
    redis-namespace (1.8.0)
      redis (>= 3.0.4)
    regexp_parser (2.0.0)
    request_store (1.5.0)
      rack (>= 1.4)
    rexml (3.2.4)
    rinku (2.0.6)
    rotp (6.2.0)
    rqrcode (1.1.2)
      chunky_png (~> 1.0)
      rqrcode_core (~> 0.1)
    rqrcode_core (0.1.2)
    rspec (3.10.0)
      rspec-core (~> 3.10.0)
      rspec-expectations (~> 3.10.0)
      rspec-mocks (~> 3.10.0)
    rspec-core (3.10.0)
      rspec-support (~> 3.10.0)
    rspec-expectations (3.10.0)
      diff-lcs (>= 1.2.0, < 2.0)
      rspec-support (~> 3.10.0)
    rspec-html-matchers (0.9.4)
      nokogiri (~> 1)
      rspec (>= 3.0.0.a, < 4)
    rspec-mocks (3.10.0)
      diff-lcs (>= 1.2.0, < 2.0)
      rspec-support (~> 3.10.0)
    rspec-rails (4.0.1)
      actionpack (>= 4.2)
      activesupport (>= 4.2)
      railties (>= 4.2)
      rspec-core (~> 3.9)
      rspec-expectations (~> 3.9)
      rspec-mocks (~> 3.9)
      rspec-support (~> 3.9)
    rspec-support (3.10.0)
    rswag-specs (2.3.1)
      activesupport (>= 3.1, < 7.0)
      json-schema (~> 2.2)
      railties (>= 3.1, < 7.0)
    rtlit (0.0.5)
    rubocop (1.4.2)
      parallel (~> 1.10)
      parser (>= 2.7.1.5)
      rainbow (>= 2.2.2, < 4.0)
      regexp_parser (>= 1.8)
      rexml
      rubocop-ast (>= 1.1.1)
      ruby-progressbar (~> 1.7)
      unicode-display_width (>= 1.4.0, < 2.0)
    rubocop-ast (1.2.0)
      parser (>= 2.7.1.5)
    rubocop-discourse (2.4.1)
      rubocop (>= 1.1.0)
      rubocop-rspec (>= 2.0.0)
    rubocop-rspec (2.0.0)
      rubocop (~> 1.0)
      rubocop-ast (>= 1.1.0)
    ruby-prof (1.4.2)
    ruby-progressbar (1.10.1)
    ruby-readability (0.7.0)
      guess_html_encoding (>= 0.0.4)
      nokogiri (>= 1.6.0)
    ruby2_keywords (0.0.2)
    rubyzip (2.3.0)
    sanitize (5.2.1)
      crass (~> 1.0.2)
      nokogiri (>= 1.8.0)
      nokogumbo (~> 2.0)
    sassc (2.0.1)
      ffi (~> 1.9)
      rake
    sassc-rails (2.1.2)
      railties (>= 4.0.0)
      sassc (>= 2.0)
      sprockets (> 3.0)
      sprockets-rails
      tilt
    seed-fu (2.3.9)
      activerecord (>= 3.1)
      activesupport (>= 3.1)
    shoulda-matchers (4.4.1)
      activesupport (>= 4.2.0)
    sidekiq (6.1.2)
      connection_pool (>= 2.2.2)
      rack (~> 2.0)
      redis (>= 4.2.0)
    simplecov (0.20.0)
      docile (~> 1.1)
      simplecov-html (~> 0.11)
      simplecov_json_formatter (~> 0.1)
    simplecov-html (0.12.3)
    simplecov_json_formatter (0.1.2)
    sprockets (3.7.2)
      concurrent-ruby (~> 1.0)
      rack (> 1, < 3)
    sprockets-rails (3.2.2)
      actionpack (>= 4.0)
      activesupport (>= 4.0)
      sprockets (>= 3.0.0)
    sshkey (2.0.0)
    stackprof (0.2.16)
    test-prof (0.12.2)
    thor (1.0.1)
    thread_safe (0.3.6)
    tilt (2.0.10)
    tzinfo (1.2.8)
      thread_safe (~> 0.1)
    uglifier (4.2.0)
      execjs (>= 0.3.0, < 3)
    unf (0.1.4)
      unf_ext
    unf_ext (0.0.7.7)
    unicode-display_width (1.7.0)
    unicorn (5.7.0)
      kgio (~> 2.6)
      raindrops (~> 0.7)
    uniform_notifier (1.13.0)
    webmock (3.10.0)
      addressable (>= 2.3.6)
      crack (>= 0.3.2)
      hashdiff (>= 0.4.0, < 2.0.0)
    webpush (1.1.0)
      hkdf (~> 0.2)
      jwt (~> 2.0)
    xorcist (1.1.2)
    yaml-lint (0.0.10)
    zeitwerk (2.4.1)

PLATFORMS
  ruby

DEPENDENCIES
  actionmailer (= 6.0.3.3)
  actionpack (= 6.0.3.3)
  actionview (= 6.0.3.3)
  actionview_precompiler
  active_model_serializers (~> 0.8.3)
  activemodel (= 6.0.3.3)
  activerecord (= 6.0.3.3)
  activesupport (= 6.0.3.3)
  addressable
  annotate
  aws-sdk-s3
  aws-sdk-sns
  barber
  better_errors
  binding_of_caller
  bootsnap
  bullet
  byebug
  cbor
  certified
  colored2
  cose
  cppjieba_rb
  css_parser
  diffy
  discourse-ember-rails (= 0.18.6)
  discourse-ember-source (~> 3.12.2)
  discourse-fonts
  discourse_image_optim
  email_reply_trimmer
  ember-handlebars-template (= 0.8.0)
  excon
  execjs
  fabrication
  fakeweb
  fast_blank
  fast_xs
  fastimage
  flamegraph
  gc_tracer
  highline
  htmlentities
  http_accept_language
  json
  listen
  lograge
  logstash-event
  logstash-logger
  logster
  lru_redux
  lz4-ruby
  mail
  maxminddb
  memory_profiler
  message_bus
  mini_mime
  mini_racer
  mini_scheduler
  mini_sql
  mini_suffix
  minitest
  mocha
  mock_redis
  multi_json
  mustache
  nokogiri
  oj
  omniauth
  omniauth-facebook
  omniauth-github
  omniauth-google-oauth2
  omniauth-oauth2
  omniauth-twitter
  onebox
  parallel_tests
  pg
  pry-byebug
  pry-rails
  puma
  r2
  rack
  rack-mini-profiler
  rack-protection
  rails_failover
  rails_multisite
  railties (= 6.0.3.3)
  rake
  rb-fsevent
  rbtrace
  rchardet
  redis
  redis-namespace
  rinku
  rotp
  rqrcode
  rspec
  rspec-html-matchers
  rspec-rails
  rswag-specs
  rtlit
  rubocop-discourse
  ruby-prof
  ruby-readability
  rubyzip
  sassc (= 2.0.1)
  sassc-rails
  seed-fu
  shoulda-matchers
  sidekiq
  simplecov
  sprockets (= 3.7.2)
  sprockets-rails
  sshkey
  stackprof
  test-prof
  thor
  uglifier
  unf
  unicorn
  webmock
  webpush
  xorcist
  yaml-lint

BUNDLED WITH
   2.1.4
