GEM
  remote: https://rubygems.org/
  specs:
    3llo (0.3.0)
      tty-prompt (~> 0.12.0)
    equatable (0.6.1)
    necromancer (0.4.0)
    pastel (0.7.3)
      equatable (~> 0.6)
      tty-color (~> 0.5)
    tty-color (0.5.0)
    tty-cursor (0.4.0)
    tty-prompt (0.12.0)
      necromancer (~> 0.4.0)
      pastel (~> 0.7.0)
      tty-cursor (~> 0.4.0)
      wisper (~> 1.6.1)
    wisper (1.6.1)

PLATFORMS
  ruby

DEPENDENCIES
  3llo (= 0.3.0)

BUNDLED WITH
   2.1.4
