GEM
  remote: https://rubygems.org/
  specs:
    taglib-ruby (0.7.1)

PLATFORMS
  ruby

DEPENDENCIES
  taglib-ruby

BUNDLED WITH
   2.1.4
