GEM
  remote: https://rubygems.org/
  specs:
    rake (13.2.1)

PLATFORMS
  ruby

DEPENDENCIES
  rake

BUNDLED WITH
   2.5.6
