GEM
  remote: https://rubygems.org/
  specs:
    prometheus_exporter (0.5.0)

PLATFORMS
  ruby

DEPENDENCIES
  prometheus_exporter (= 0.5.0)

BUNDLED WITH
   2.3.9
