GEM
  remote: https://rubygems.org/
  specs:
    prometheus_exporter (2.0.6)
      webrick
    webrick (1.8.1)

PLATFORMS
  ruby

DEPENDENCIES
  prometheus_exporter (= 2.0.6)
  webrick (= 1.8.1)

BUNDLED WITH
   2.4.22
