GEM
  remote: https://rubygems.org/
  specs:
    puppet-lint (2.4.2)

PLATFORMS
  ruby

DEPENDENCIES
  puppet-lint

BUNDLED WITH
   2.1.4
