GEM
  remote: https://rubygems.org/
  specs:
    puppet-lint (2.5.2)

PLATFORMS
  ruby

DEPENDENCIES
  puppet-lint

BUNDLED WITH
   2.2.24
