GEM
  remote: https://rubygems.org/
  specs:
    htmlbeautifier (1.3.1)

PLATFORMS
  ruby

DEPENDENCIES
  htmlbeautifier!

BUNDLED WITH
   2.1.4
