GEM
  remote: https://rubygems.org/
  specs:
    fusuma (1.3.0)

PLATFORMS
  ruby

DEPENDENCIES
  fusuma

BUNDLED WITH
   2.1.4
