GEM
  remote: https://rubygems.org/
  specs:
<<<<<<< HEAD
    fusuma (3.1.0)
=======
    fusuma (1.3.0)
>>>>>>> 903308adb4b (Improved error handling, differentiate nix/non-nix networks)

PLATFORMS
  ruby

DEPENDENCIES
  fusuma

BUNDLED WITH
   2.1.4
