GEM
  remote: https://rubygems.org/
  specs:
    fusuma (3.1.0)
    fusuma-plugin-appmatcher (0.6.0)
      fusuma (~> 3.0)
      rexml
      ruby-dbus
    fusuma-plugin-keypress (0.8.0)
      fusuma (~> 2.0)
    fusuma-plugin-sendkey (0.10.1)
      fusuma (~> 3.1)
      revdev
    fusuma-plugin-tap (0.4.2)
      fusuma (~> 2.0)
    fusuma-plugin-wmctrl (1.3.1)
      fusuma (~> 3.1)
    revdev (0.2.1)
    rexml (3.2.5)
    ruby-dbus (0.19.0)
      rexml

PLATFORMS
  ruby

DEPENDENCIES
  fusuma
  fusuma-plugin-appmatcher
  fusuma-plugin-keypress
  fusuma-plugin-sendkey
  fusuma-plugin-tap
  fusuma-plugin-wmctrl

BUNDLED WITH
   2.4.6
