GEM
  remote: https://rubygems.org/
  specs:
    lolcat (100.0.1)
      manpages (~> 0.6.1)
      optimist (~> 3.0.0)
      paint (~> 2.1)
    manpages (0.6.1)
    optimist (3.0.1)
    paint (2.3.0)

PLATFORMS
  ruby

DEPENDENCIES
  lolcat

BUNDLED WITH
   2.5.22
