GEM
  remote: https://rubygems.org/
  specs:
    facter (4.6.1)
      hocon (~> 1.3)
      thor (>= 1.0.1, < 2.0)
    hocon (1.4.0)
    thor (1.3.1)

PLATFORMS
  ruby

DEPENDENCIES
  facter

BUNDLED WITH
   2.5.6
