GEM
  remote: https://rubygems.org/
  specs:
    matter_compiler (0.5.1)

PLATFORMS
  ruby

DEPENDENCIES
  matter_compiler

BUNDLED WITH
   1.17.2
