GEM
  remote: https://rubygems.org/
  specs:
    activesupport (7.1.3.2)
      base64
      bigdecimal
      concurrent-ruby (~> 1.0, >= 1.0.2)
      connection_pool (>= 2.2.5)
      drb
      i18n (>= 1.6, < 2)
      minitest (>= 5.1)
      mutex_m
      tzinfo (~> 2.0)
    base64 (0.2.0)
    bigdecimal (3.1.6)
    concurrent-ruby (1.2.3)
    connection_pool (2.4.1)
    curses (1.4.4)
    domain_name (0.6.20240107)
    drb (2.2.1)
    haveapi-client (0.19.3)
      activesupport (>= 7.0)
      highline (~> 2.1.0)
      json
      require_all (~> 2.0.0)
      rest-client (~> 2.1.0)
      ruby-progressbar (~> 1.13.0)
    highline (2.1.0)
    http-accept (1.7.0)
    http-cookie (1.0.5)
      domain_name (~> 0.5)
    i18n (1.14.3)
      concurrent-ruby (~> 1.0)
      racc (~> 1.7)
    json (2.7.1)
    mime-types (3.5.2)
      mime-types-data (~> 3.2015)
    mime-types-data (3.2024.0305)
    minitest (5.22.2)
    mutex_m (0.2.0)
    netrc (0.11.0)
    racc (1.7.3)
    require_all (2.0.0)
    rest-client (2.1.0)
      http-accept (>= 1.7.0, < 2.0)
      http-cookie (>= 1.0.2, < 2.0)
      mime-types (>= 1.16, < 4.0)
      netrc (~> 0.8)
    ruby-progressbar (1.13.0)
    tzinfo (2.0.6)
      concurrent-ruby (~> 1.0)
    vpsadmin-client (3.0.0.master.20231229.pre.0.51d41b07)
      curses
      haveapi-client (~> 0.19.0)
      json
    vpsfree-client (0.18.0)
      vpsadmin-client (= 3.0.0.master.20231229.pre.0.51d41b07)

PLATFORMS
  ruby

DEPENDENCIES
  vpsfree-client (= 0.18.0)

BUNDLED WITH
   2.4.22
