GEM
  remote: https://rubygems.org/
  specs:
    addressable (2.7.0)
      public_suffix (>= 2.0.2, < 5.0)
    atk (3.4.1)
      glib2 (= 3.4.1)
    cairo (1.17.5)
      native-package-installer (>= 1.0.3)
      pkg-config (>= 1.2.2)
      red-colors
    cairo-gobject (3.4.1)
      cairo (>= 1.16.2)
      glib2 (= 3.4.1)
    crack (0.4.5)
      rexml
    delayer (1.2.0)
    delayer-deferred (2.2.0)
      delayer (>= 1.1.2, < 2.0)
    diva (1.0.2)
      addressable (>= 2.5.2, < 2.8)
    gdk_pixbuf2 (3.4.1)
      gio2 (= 3.4.1)
    gettext (3.3.7)
      locale (>= 2.0.5)
      text (>= 1.3.0)
    gio2 (3.4.1)
      gobject-introspection (= 3.4.1)
    glib2 (3.4.1)
      native-package-installer (>= 1.0.3)
      pkg-config (>= 1.3.5)
    gobject-introspection (3.4.1)
      glib2 (= 3.4.1)
    gtk2 (3.4.1)
      atk (= 3.4.1)
      gdk_pixbuf2 (= 3.4.1)
      pango (= 3.4.1)
    hashdiff (1.0.1)
    httpclient (2.8.3)
    instance_storage (1.0.0)
    locale (2.1.3)
    memoist (0.16.2)
    mini_portile2 (2.5.0)
    mocha (1.12.0)
    moneta (1.4.1)
    native-package-installer (1.1.1)
    nokogiri (1.11.3)
      mini_portile2 (~> 2.5.0)
      racc (~> 1.4)
    oauth (0.5.6)
    pango (3.4.1)
      cairo-gobject (= 3.4.1)
      gobject-introspection (= 3.4.1)
    pkg-config (1.4.6)
    pluggaloid (1.5.0)
      delayer (>= 1.1.0, < 2.0)
      instance_storage (>= 1.0.0, < 2.0.0)
    power_assert (2.0.0)
    public_suffix (4.0.6)
    racc (1.5.2)
    rake (13.0.3)
    red-colors (0.1.1)
    rexml (3.2.5)
    ruby-prof (1.4.3)
    test-unit (3.4.0)
      power_assert
    text (1.3.1)
    typed-array (0.1.2)
    webmock (3.12.2)
      addressable (>= 2.3.6)
      crack (>= 0.3.2)
      hashdiff (>= 0.4.0, < 2.0.0)

PLATFORMS
  ruby

DEPENDENCIES
  addressable (>= 2.7.0, < 2.8)
  delayer (>= 1.1.2, < 2.0)
  delayer-deferred (>= 2.2.0, < 3.0)
  diva (>= 1.0.2, < 2.0)
  gettext (>= 3.3.5, < 3.4)
  gtk2 (= 3.4.1)
  httpclient
  memoist (>= 0.16.2, < 0.17)
  mocha (>= 1.11.1)
  moneta
  nokogiri
  oauth (>= 0.5.4)
  pluggaloid (>= 1.5.0, < 2.0)
  rake (>= 13.0.1)
  ruby-prof (>= 1.1.0)
  test-unit (>= 3.3.4, < 4.0)
  typed-array (>= 0.1.2, < 0.2)
  webmock (>= 3.7.6)

RUBY VERSION
   ruby 2.6.6p146

BUNDLED WITH
   2.1.4
