GEM
  remote: https://rubygems.org/
  specs:
    chronic (0.10.2)
    highline (2.0.3)
    rchardet (1.8.0)
    reckon (0.8.0)
      chronic (>= 0.3.0)
      highline (>= 1.5.2)
      rchardet (>= 1.8.0)

PLATFORMS
  ruby

DEPENDENCIES
  reckon

BUNDLED WITH
   2.2.20
