GEM
  remote: https://rubygems.org/
  specs:
    chronic (0.10.2)
    highline (2.1.0)
    matrix (0.4.2)
    rchardet (1.8.0)
    reckon (0.9.2)
      chronic (>= 0.3.0)
      highline (>= 1.5.2)
      matrix (>= 0.4.2)
      rchardet (>= 1.8.0)

PLATFORMS
  ruby

DEPENDENCIES
  reckon

BUNDLED WITH
   2.4.13
