GEM
  remote: https://rubygems.org/
  specs:
    comp_tree (1.1.3)
    drake (0.9.2.0.3.1)
      comp_tree (>= 1.1.3)

PLATFORMS
  ruby

DEPENDENCIES
  drake

BUNDLED WITH
   1.13.7
