GEM
  remote: https://rubygems.org/
  specs:
    activemodel (7.1.0)
      activesupport (= 7.1.0)
    activerecord (7.1.0)
      activemodel (= 7.1.0)
      activesupport (= 7.1.0)
      timeout (>= 0.4.0)
    activesupport (7.1.0)
      base64
      bigdecimal
      concurrent-ruby (~> 1.0, >= 1.0.2)
      connection_pool (>= 2.2.5)
      drb
      i18n (>= 1.6, < 2)
      minitest (>= 5.1)
      mutex_m
      tzinfo (~> 2.0)
    addressable (2.8.5)
      public_suffix (>= 2.0.2, < 6.0)
    async (2.6.4)
      console (~> 1.10)
      fiber-annotation
      io-event (~> 1.1)
      timers (~> 4.1)
    async-io (1.36.0)
      async
    base64 (0.1.1)
    bigdecimal (3.1.4)
    chars (0.3.2)
    combinatorics (0.4.4)
    command_kit (0.4.0)
    command_mapper (0.3.1)
    concurrent-ruby (1.2.2)
    connection_pool (2.4.1)
    console (1.23.2)
      fiber-annotation
      fiber-local
    date (3.3.3)
    domain_name (0.5.20190701)
      unf (>= 0.0.5, < 1.0.0)
    drb (2.1.1)
      ruby2_keywords
    fake_io (0.1.0)
    fiber-annotation (0.2.0)
    fiber-local (1.0.0)
    hexdump (1.0.0)
    http-cookie (1.0.5)
      domain_name (~> 0.5)
    i18n (1.14.1)
      concurrent-ruby (~> 1.0)
    io-console (0.6.0)
    io-event (1.3.2)
    irb (1.8.1)
      rdoc
      reline (>= 0.3.8)
    mechanize (2.9.1)
      addressable (~> 2.8)
      domain_name (~> 0.5, >= 0.5.20190701)
      http-cookie (~> 1.0, >= 1.0.3)
      mime-types (~> 3.0)
      net-http-digest_auth (~> 1.4, >= 1.4.1)
      net-http-persistent (>= 2.5.2, < 5.0.dev)
      nokogiri (~> 1.11, >= 1.11.2)
      rubyntlm (~> 0.6, >= 0.6.3)
      webrick (~> 1.7)
      webrobots (~> 0.1.2)
    mime-types (3.5.1)
      mime-types-data (~> 3.2015)
    mime-types-data (3.2023.1003)
    mini_portile2 (2.8.4)
    minitest (5.20.0)
    mustermann (3.0.0)
      ruby2_keywords (~> 0.0.1)
    mutex_m (0.1.2)
    net-ftp (0.2.0)
      net-protocol
      time
    net-http-digest_auth (1.4.1)
    net-http-persistent (4.0.2)
      connection_pool (~> 2.2)
    net-imap (0.4.1)
      date
      net-protocol
    net-pop (0.1.2)
      net-protocol
    net-protocol (0.2.1)
      timeout
    net-smtp (0.4.0)
      net-protocol
    nokogiri (1.15.4)
      mini_portile2 (~> 2.8.2)
      racc (~> 1.4)
    nokogiri-diff (0.2.0)
      nokogiri (~> 1.5)
      tdiff (~> 0.3, >= 0.3.2)
    nokogiri-ext (0.1.0)
      nokogiri (~> 1.0)
    open_namespace (0.4.1)
    psych (5.1.0)
      stringio
    public_suffix (5.0.3)
    racc (1.7.1)
    rack (2.2.8)
    rack-protection (3.1.0)
      rack (~> 2.2, >= 2.2.4)
    rack-user_agent (0.5.3)
      rack (>= 1.5)
      woothee (>= 1.0.0)
    rdoc (6.5.0)
      psych (>= 4.0.0)
    reline (0.3.9)
      io-console (~> 0.5)
    ronin (2.0.5)
      async-io (~> 1.0)
      open_namespace (~> 0.4)
      ronin-code-asm (~> 1.0)
      ronin-code-sql (~> 2.0)
      ronin-core (~> 0.1, >= 0.1.2)
      ronin-db (~> 0.1)
      ronin-exploits (~> 1.0, >= 1.0.1)
      ronin-fuzzer (~> 0.1)
      ronin-payloads (~> 0.1, >= 0.1.1)
      ronin-repos (~> 0.1)
      ronin-support (~> 1.0, >= 1.0.3)
      ronin-vulns (~> 0.1, >= 0.1.2)
      ronin-web (~> 1.0, >= 1.0.1)
      rouge (~> 3.0)
      wordlist (~> 1.0, >= 1.0.3)
    ronin-code-asm (1.0.0)
      ruby-yasm (~> 0.3)
    ronin-code-sql (2.1.0)
      ronin-support (~> 1.0)
    ronin-core (0.1.2)
      command_kit (~> 0.4)
      irb (~> 1.0)
      reline (~> 0.1)
    ronin-db (0.1.2)
      ronin-core (~> 0.1)
      ronin-db-activerecord (~> 0.1)
      ronin-support (~> 1.0)
      sqlite3 (~> 1.0)
    ronin-db-activerecord (0.1.2)
      activerecord (~> 7.0)
      uri-query_params (~> 0.6)
    ronin-exploits (1.0.3)
      ronin-code-sql (~> 2.0)
      ronin-core (~> 0.1)
      ronin-payloads (~> 0.1, >= 0.1.1)
      ronin-post_ex (~> 0.1)
      ronin-repos (~> 0.1)
      ronin-support (~> 1.0, >= 1.0.1)
      ronin-vulns (~> 0.1, >= 0.1.1)
      uri-query_params (~> 0.6)
    ronin-fuzzer (0.1.0)
      combinatorics (~> 0.4)
      ronin-core (~> 0.1)
      ronin-support (~> 1.0)
    ronin-payloads (0.1.4)
      ronin-code-asm (~> 1.0)
      ronin-core (~> 0.1)
      ronin-post_ex (~> 0.1)
      ronin-repos (~> 0.1)
      ronin-support (~> 1.0)
    ronin-post_ex (0.1.0)
      fake_io (~> 0.1)
      hexdump (~> 1.0)
      ronin-core (~> 0.1)
    ronin-repos (0.1.1)
      ronin-core (~> 0.1)
    ronin-support (1.0.3)
      addressable (~> 2.0)
      chars (~> 0.3, >= 0.3.2)
      combinatorics (~> 0.4)
      hexdump (~> 1.0)
      uri-query_params (~> 0.8)
    ronin-vulns (0.1.4)
      ronin-core (~> 0.1)
      ronin-support (~> 1.0, >= 1.0.1)
    ronin-web (1.0.2)
      mechanize (~> 2.0)
      nokogiri (~> 1.4)
      nokogiri-diff (~> 0.2)
      nokogiri-ext (~> 0.1)
      open_namespace (~> 0.4)
      ronin-core (~> 0.1)
      ronin-support (~> 1.0)
      ronin-web-server (~> 0.1, >= 0.1.1)
      ronin-web-spider (~> 0.1)
      ronin-web-user_agents (~> 0.1)
    ronin-web-server (0.1.1)
      rack (~> 2.2)
      rack-user_agent (~> 0.5)
      ronin-support (~> 1.0)
      sinatra (~> 3.0)
      webrick (~> 1.0)
    ronin-web-spider (0.1.0)
      ronin-support (~> 1.0)
      spidr (~> 0.7)
    ronin-web-user_agents (0.1.0)
    rouge (3.30.0)
    ruby-yasm (0.3.0)
      command_mapper (~> 0.1)
    ruby2_keywords (0.0.5)
    rubyntlm (0.6.3)
    sinatra (3.1.0)
      mustermann (~> 3.0)
      rack (~> 2.2, >= 2.2.4)
      rack-protection (= 3.1.0)
      tilt (~> 2.0)
    spidr (0.7.0)
      nokogiri (~> 1.3)
    sqlite3 (1.6.6)
      mini_portile2 (~> 2.8.0)
    stringio (3.0.8)
    tdiff (0.3.4)
    tilt (2.3.0)
    time (0.2.2)
      date
    timeout (0.4.0)
    timers (4.3.5)
    tzinfo (2.0.6)
      concurrent-ruby (~> 1.0)
    unf (0.1.4)
      unf_ext
    unf_ext (0.0.8.2)
    uri-query_params (0.8.1)
    webrick (1.8.1)
    webrobots (0.1.2)
    woothee (1.13.0)
    wordlist (1.1.0)

PLATFORMS
  ruby

DEPENDENCIES
  net-ftp
  net-imap
  net-pop
  net-smtp
  ronin

BUNDLED WITH
   2.3.26
