GEM
  remote: https://rubygems.org/
  specs:
    taglib-ruby (2.0.0)

PLATFORMS
  ruby

DEPENDENCIES
  taglib-ruby

BUNDLED WITH
   2.1.4
