GEM
  remote: https://rubygems.org/
  specs:
    highline (2.0.3)
    json_pure (2.6.1)
    thor (1.2.1)
    vimgolf (0.5.0)
      highline (~> 2.0, >= 2.0.3)
      json_pure (~> 2.3, >= 2.3.1)
      thor (~> 1.0, >= 1.0.1)

PLATFORMS
  ruby

DEPENDENCIES
  vimgolf

BUNDLED WITH
   2.1.4
