GEM
  remote: https://rubygems.org/
  specs:
    hpricot (0.8.6)
    mustache (1.0.3)
    rdiscount (2.2.0.1)
    ronn (0.7.3)
      hpricot (>= 0.8.2)
      mustache (>= 0.7.0)
      rdiscount (>= 1.5.8)

PLATFORMS
  ruby

DEPENDENCIES
  ronn

BUNDLED WITH
   1.11.2
