GEM
  remote: https://rubygems.org/
  specs:
    kramdown (1.17.0)
    mdl (0.5.0)
      kramdown (~> 1.12, >= 1.12.0)
      mixlib-cli (~> 1.7, >= 1.7.0)
      mixlib-config (~> 2.2, >= 2.2.1)
    mixlib-cli (1.7.0)
    mixlib-config (2.2.18)
      tomlrb
    tomlrb (1.2.8)

PLATFORMS
  ruby

DEPENDENCIES
  mdl

BUNDLED WITH
   2.1.4
