GEM
  remote: https://rubygems.org/
  specs:
    activesupport (6.1.6)
      concurrent-ruby (~> 1.0, >= 1.0.2)
      i18n (>= 1.6, < 2)
      minitest (>= 5.1)
      tzinfo (~> 2.0)
      zeitwerk (~> 2.3)
    addressable (2.8.0)
      public_suffix (>= 2.0.2, < 5.0)
    cms_scanner (0.13.8)
      ethon (>= 0.14, < 0.16)
      get_process_mem (~> 0.2.5)
      nokogiri (>= 1.11.4, < 1.14.0)
      opt_parse_validator (~> 1.9.5)
      public_suffix (~> 4.0.3)
      ruby-progressbar (>= 1.10, < 1.12)
      sys-proctable (~> 1.2.2)
      typhoeus (>= 1.3, < 1.5)
      xmlrpc (~> 0.3)
      yajl-ruby (~> 1.4.1)
    concurrent-ruby (1.1.10)
    ethon (0.15.0)
      ffi (>= 1.15.0)
    ffi (1.15.5)
    get_process_mem (0.2.7)
      ffi (~> 1.0)
    i18n (1.10.0)
      concurrent-ruby (~> 1.0)
    mini_portile2 (2.8.0)
    minitest (5.15.0)
    nokogiri (1.13.6)
      mini_portile2 (~> 2.8.0)
      racc (~> 1.4)
    opt_parse_validator (1.9.5)
      activesupport (>= 5.2, < 6.2.0)
      addressable (>= 2.5, < 2.9)
    public_suffix (4.0.7)
    racc (1.6.0)
    ruby-progressbar (1.11.0)
    sys-proctable (1.2.6)
      ffi
    typhoeus (1.4.0)
      ethon (>= 0.9.0)
    tzinfo (2.0.4)
      concurrent-ruby (~> 1.0)
    webrick (1.7.0)
    wpscan (3.8.22)
      cms_scanner (~> 0.13.8)
    xmlrpc (0.3.2)
      webrick
    yajl-ruby (1.4.3)
    zeitwerk (2.5.4)

PLATFORMS
  ruby

DEPENDENCIES
  wpscan

BUNDLED WITH
   2.3.9
