GEM
  remote: https://rubygems.org/
  specs:
    cbor-diag (0.5.6)
      json
      neatjson
      treetop (~> 1)
    json (2.2.0)
    neatjson (0.9)
    polyglot (0.3.5)
    treetop (1.6.10)
      polyglot (~> 0.3)

PLATFORMS
  ruby

DEPENDENCIES
  cbor-diag

BUNDLED WITH
   1.17.2
