GEM
  remote: https://rubygems.org/
  specs:
    erubis (2.7.0)
    thor (0.19.1)
    tmuxinator (0.6.9)
      erubis (~> 2.6)
      thor (~> 0.19, >= 0.15.0)

PLATFORMS
  ruby

DEPENDENCIES
  tmuxinator
