GEM
  remote: https://rubygems.org/
  specs:
    dimensions (1.2.0)
    jsduck (5.3.4)
      dimensions (~> 1.2.0)
      json (~> 1.8.0)
      parallel (~> 0.7.1)
      rdiscount (~> 2.1.6)
      rkelly-remix (~> 0.0.4)
    json (1.8.3)
    parallel (0.7.1)
    rdiscount (2.1.8)
    rkelly-remix (0.0.7)

PLATFORMS
  ruby

DEPENDENCIES
  jsduck

BUNDLED WITH
   1.13.6
