GEM
  remote: https://rubygems.org/
  specs:
    builder (3.2.3)
    erubis (2.7.0)
    ffi (1.11.1)
    fileutils (0.7.2)
    gssapi (1.3.0)
      ffi (>= 1.0.1)
    gyoku (1.3.1)
      builder (>= 2.1.2)
    httpclient (2.8.3)
    little-plugger (1.1.4)
    logger (1.4.3)
    logging (2.2.2)
      little-plugger (~> 1.1)
      multi_json (~> 1.10)
    multi_json (1.14.1)
    nori (2.6.0)
    rexml (3.2.5)
    rubyntlm (0.6.2)
    rubyzip (1.3.0)
    stringio (0.0.2)
    winrm (2.3.2)
      builder (>= 2.1.2)
      erubis (~> 2.7)
      gssapi (~> 1.2)
      gyoku (~> 1.0)
      httpclient (~> 2.2, >= 2.2.0.2)
      logging (>= 1.6.1, < 3.0)
      nori (~> 2.0)
      rexml (>= 3.2.3.1)
      rubyntlm (~> 0.6.0, >= 0.6.1)
    winrm-fs (1.3.2)
      erubis (~> 2.7)
      logging (>= 1.6.1, < 3.0)
      rubyzip (~> 1.1)
      winrm (~> 2.0)

PLATFORMS
  ruby

DEPENDENCIES
  fileutils
  logger
  stringio
  winrm
  winrm-fs

BUNDLED WITH
   2.2.24
