GEM
  remote: https://rubygems.org/
  specs:
    fluent-logger (0.9.1)
      msgpack (>= 1.0.0, < 2)
    hirb (0.7.3)
    httpclient (2.9.0)
      mutex_m
    msgpack (1.8.0)
    mutex_m (0.3.0)
    parallel (1.20.1)
    rexml (3.4.1)
    ruby-progressbar (1.13.0)
    rubyzip (1.3.0)
    td (0.17.1)
      hirb (>= 0.4.5)
      msgpack
      parallel (~> 1.20.0)
      rexml
      ruby-progressbar (~> 1.7)
      rubyzip (~> 1.3.0)
      td-client (>= 1.0.8, < 2)
      td-logger (>= 0.3.21, < 2)
      yajl-ruby (>= 1.3.1, < 2.0)
      zip-zip (~> 0.3)
    td-client (1.0.8)
      httpclient (>= 2.7)
      msgpack (>= 0.5.6, < 2)
    td-logger (0.3.28)
      fluent-logger (>= 0.5.0, < 2.0)
      msgpack (>= 0.5.6, < 2.0)
      td-client (>= 0.8.66, < 2.0)
    yajl-ruby (1.4.3)
    zip-zip (0.3)
      rubyzip (>= 1.0.0)

PLATFORMS
  ruby

DEPENDENCIES
  td

BUNDLED WITH
   2.6.2
