GEM
  remote: https://rubygems.org/
  specs:
    fusuma (2.4.1)

PLATFORMS
  ruby

DEPENDENCIES
  fusuma

BUNDLED WITH
   2.1.4
