GEM
  remote: https://rubygems.org/
  specs:
    RedCloth (4.3.4)
    asciidoctor (2.0.23)
    base64 (0.2.0)
    builder (3.3.0)
    concurrent-ruby (1.3.3)
    crass (1.0.6)
    creole (0.5.0)
    expression_parser (0.9.0)
    gemojione (4.3.3)
      json
    github-markup (4.0.2)
    gollum (6.0.1)
      gemojione (~> 4.1)
      gollum-lib (~> 6.0)
      i18n (~> 1.8)
      kramdown (~> 2.3)
      kramdown-parser-gfm (~> 1.1.0)
      mustache-sinatra (~> 2.0)
      octicons (~> 19.0)
      rack (>= 3.0)
      rackup (~> 2.1)
      rdoc (~> 6)
      rss (~> 0.3)
      sinatra (~> 4.0)
      sinatra-contrib (~> 4.0)
      sprockets (~> 4.1)
      sprockets-helpers (~> 1.2)
      therubyrhino (~> 2.1.0)
      useragent (~> 0.16.2)
      webrick (~> 1.7)
    gollum-lib (6.0)
      gemojione (~> 4.1)
      github-markup (~> 4.0)
      gollum-rugged_adapter (~> 3.0)
      loofah (~> 2.3)
      nokogiri (~> 1.8)
      rouge (~> 3.1)
      twitter-text (= 1.14.7)
    gollum-rugged_adapter (3.0)
      mime-types (~> 3.4)
      rugged (~> 1.5)
    htmlentities (4.3.4)
    i18n (1.14.5)
      concurrent-ruby (~> 1.0)
    json (2.7.2)
    kramdown (2.4.0)
      rexml
    kramdown-parser-gfm (1.1.0)
      kramdown (~> 2.0)
    loofah (2.22.0)
      crass (~> 1.0.2)
      nokogiri (>= 1.12.0)
    mime-types (3.5.2)
      mime-types-data (~> 3.2015)
    mime-types-data (3.2024.0702)
    mini_portile2 (2.8.7)
    multi_json (1.15.0)
    mustache (1.1.1)
    mustache-sinatra (2.0.0)
      mustache (~> 1.0)
    mustermann (3.0.0)
      ruby2_keywords (~> 0.0.1)
    nokogiri (1.16.7)
      mini_portile2 (~> 2.8.2)
      racc (~> 1.4)
    octicons (19.11.0)
    org-ruby (0.9.12)
      rubypants (~> 0.2)
    psych (5.1.2)
      stringio
    racc (1.8.0)
    rack (3.1.7)
    rack-protection (4.0.0)
      base64 (>= 0.1.0)
      rack (>= 3.0.0, < 4)
    rack-session (2.0.0)
      rack (>= 3.0.0)
    rackup (2.1.0)
      rack (>= 3)
      webrick (~> 1.8)
    rdoc (6.7.0)
      psych (>= 4.0.0)
    rexml (3.3.2)
      strscan
    rouge (3.30.0)
    rss (0.3.0)
      rexml
    ruby2_keywords (0.0.5)
    rubypants (0.7.1)
    rugged (1.7.2)
    sinatra (4.0.0)
      mustermann (~> 3.0)
      rack (>= 3.0.0, < 4)
      rack-protection (= 4.0.0)
      rack-session (>= 2.0.0, < 3)
      tilt (~> 2.0)
    sinatra-contrib (4.0.0)
      multi_json (>= 0.0.2)
      mustermann (~> 3.0)
      rack-protection (= 4.0.0)
      sinatra (= 4.0.0)
      tilt (~> 2.0)
    sprockets (4.2.1)
      concurrent-ruby (~> 1.0)
      rack (>= 2.2.4, < 4)
    sprockets-helpers (1.4.0)
      sprockets (>= 2.2)
    stringio (3.1.1)
    strscan (3.1.0)
    therubyrhino (2.1.2)
      therubyrhino_jar (>= 1.7.4, < 1.7.9)
    therubyrhino_jar (1.7.8)
    tilt (2.4.0)
    twitter-text (1.14.7)
      unf (~> 0.1.0)
    unf (0.1.4)
      unf_ext
    unf_ext (0.0.9.1)
    useragent (0.16.10)
    webrick (1.8.1)
    wikicloth (0.8.3)
      builder
      expression_parser
      htmlentities
      nokogiri
      twitter-text

PLATFORMS
  ruby

DEPENDENCIES
  RedCloth
  asciidoctor
  creole
  gollum
  org-ruby
  wikicloth

BUNDLED WITH
   2.5.16
