GEM
  remote: https://rubygems.org/
  specs:
    concurrent-ruby (1.1.8)
    crass (1.0.6)
    execjs (2.7.0)
    ffi (1.14.2)
    gemojione (4.3.3)
      json
    github-markup (3.0.5)
    gollum (5.2.1)
      gemojione (~> 4.1)
      gollum-lib (~> 5.1)
      kramdown (~> 2.3)
      kramdown-parser-gfm (~> 1.1.0)
      mustache-sinatra (~> 1.0)
      octicons (~> 12.0)
      rss (~> 0.2.9)
      sass (~> 3.5)
      sinatra (~> 2.0)
      sinatra-contrib (~> 2.0)
      sprockets (~> 3.7)
      sprockets-helpers (~> 1.2)
      therubyrhino (~> 2.1.0)
      uglifier (~> 4.2)
      useragent (~> 0.16.2)
    gollum-lib (5.1)
      gemojione (~> 4.1)
      github-markup (~> 3.0)
      gollum-rugged_adapter (~> 1.0)
      loofah (~> 2.3)
      nokogiri (~> 1.8)
      octicons (~> 12.0)
      rouge (~> 3.1)
      twitter-text (= 1.14.7)
    gollum-rugged_adapter (1.0)
      mime-types (>= 1.15)
      rugged (~> 0.99)
    json (2.5.1)
    kramdown (2.3.0)
      rexml
    kramdown-parser-gfm (1.1.0)
      kramdown (~> 2.0)
    loofah (2.9.0)
      crass (~> 1.0.2)
      nokogiri (>= 1.5.9)
    mime-types (3.3.1)
      mime-types-data (~> 3.2015)
    mime-types-data (3.2021.0225)
    mini_portile2 (2.5.0)
    multi_json (1.15.0)
    mustache (0.99.8)
    mustache-sinatra (1.0.1)
      mustache (<= 0.99.8)
    mustermann (1.1.1)
      ruby2_keywords (~> 0.0.1)
    nokogiri (1.11.1)
      mini_portile2 (~> 2.5.0)
      racc (~> 1.4)
    octicons (12.1.0)
      nokogiri (>= 1.6.3.1)
    racc (1.5.2)
    rack (2.2.3)
    rack-protection (2.1.0)
      rack
    rb-fsevent (0.10.4)
    rb-inotify (0.10.1)
      ffi (~> 1.0)
    rexml (3.2.4)
    rouge (3.26.0)
    rss (0.2.9)
      rexml
    ruby2_keywords (0.0.4)
    rugged (0.99.0)
    sass (3.7.4)
      sass-listen (~> 4.0.0)
    sass-listen (4.0.0)
      rb-fsevent (~> 0.9, >= 0.9.4)
      rb-inotify (~> 0.9, >= 0.9.7)
    sinatra (2.1.0)
      mustermann (~> 1.0)
      rack (~> 2.2)
      rack-protection (= 2.1.0)
      tilt (~> 2.0)
    sinatra-contrib (2.1.0)
      multi_json
      mustermann (~> 1.0)
      rack-protection (= 2.1.0)
      sinatra (= 2.1.0)
      tilt (~> 2.0)
    sprockets (3.7.2)
      concurrent-ruby (~> 1.0)
      rack (> 1, < 3)
    sprockets-helpers (1.4.0)
      sprockets (>= 2.2)
    therubyrhino (2.1.2)
      therubyrhino_jar (>= 1.7.4, < 1.7.9)
    therubyrhino_jar (1.7.8)
    tilt (2.0.10)
    twitter-text (1.14.7)
      unf (~> 0.1.0)
    uglifier (4.2.0)
      execjs (>= 0.3.0, < 3)
    unf (0.1.4)
      unf_ext
    unf_ext (0.0.7.7)
    useragent (0.16.10)

PLATFORMS
  ruby

DEPENDENCIES
  gollum

BUNDLED WITH
   2.1.4
