GEM
  remote: https://rubygems.org/
  specs:
    RedCloth (4.3.2)
    asciidoctor (2.0.18)
    builder (3.2.4)
    concurrent-ruby (1.2.2)
    crass (1.0.6)
    creole (0.5.0)
    execjs (2.8.1)
    expression_parser (0.9.0)
    ffi (1.15.5)
    gemojione (4.3.3)
      json
    github-markup (4.0.1)
    gollum (5.3.2)
      gemojione (~> 4.1)
      gollum-lib (>= 5.2.3, < 6.0)
      i18n (~> 1.8)
      kramdown (~> 2.3)
      kramdown-parser-gfm (~> 1.1.0)
      mustache-sinatra (~> 2.0)
      octicons (~> 12.0)
      rdoc (~> 6)
      rss (~> 0.2.9)
      sass (~> 3.5)
      sinatra (~> 2.0)
      sinatra-contrib (~> 2.0)
      sprockets (~> 3.7)
      sprockets-helpers (~> 1.2)
      therubyrhino (~> 2.1.0)
      uglifier (~> 4.2)
      useragent (~> 0.16.2)
      webrick (~> 1.7)
    gollum-lib (5.2.4)
      gemojione (~> 4.1)
      github-markup (~> 4.0)
      gollum-rugged_adapter (~> 2.0)
      loofah (~> 2.3)
      nokogiri (~> 1.8)
      octicons (~> 12.0)
      rouge (~> 3.1)
      twitter-text (= 1.14.7)
    gollum-rugged_adapter (2.1.0)
      mime-types (~> 3.4)
      rugged (~> 1.5)
    htmlentities (4.3.4)
    i18n (1.13.0)
      concurrent-ruby (~> 1.0)
    json (2.6.3)
    kramdown (2.4.0)
      rexml
    kramdown-parser-gfm (1.1.0)
      kramdown (~> 2.0)
    loofah (2.20.0)
      crass (~> 1.0.2)
      nokogiri (>= 1.5.9)
    mime-types (3.4.1)
      mime-types-data (~> 3.2015)
    mime-types-data (3.2023.0218.1)
    mini_portile2 (2.8.2)
    multi_json (1.15.0)
    mustache (1.1.1)
    mustache-sinatra (2.0.0)
      mustache (~> 1.0)
    mustermann (2.0.2)
      ruby2_keywords (~> 0.0.1)
    nokogiri (1.14.3)
      mini_portile2 (~> 2.8.0)
      racc (~> 1.4)
    octicons (12.1.0)
      nokogiri (>= 1.6.3.1)
    org-ruby (0.9.12)
      rubypants (~> 0.2)
    psych (5.1.0)
      stringio
    racc (1.6.2)
    rack (2.2.7)
    rack-protection (2.2.4)
      rack
    rb-fsevent (0.11.2)
    rb-inotify (0.10.1)
      ffi (~> 1.0)
    rdoc (6.5.0)
      psych (>= 4.0.0)
    rexml (3.2.5)
    rouge (3.30.0)
    rss (0.2.9)
      rexml
    ruby2_keywords (0.0.5)
    rubypants (0.7.1)
    rugged (1.6.3)
    sass (3.7.4)
      sass-listen (~> 4.0.0)
    sass-listen (4.0.0)
      rb-fsevent (~> 0.9, >= 0.9.4)
      rb-inotify (~> 0.9, >= 0.9.7)
    sinatra (2.2.4)
      mustermann (~> 2.0)
      rack (~> 2.2)
      rack-protection (= 2.2.4)
      tilt (~> 2.0)
    sinatra-contrib (2.2.4)
      multi_json
      mustermann (~> 2.0)
      rack-protection (= 2.2.4)
      sinatra (= 2.2.4)
      tilt (~> 2.0)
    sprockets (3.7.2)
      concurrent-ruby (~> 1.0)
      rack (> 1, < 3)
    sprockets-helpers (1.4.0)
      sprockets (>= 2.2)
    stringio (3.0.6)
    therubyrhino (2.1.2)
      therubyrhino_jar (>= 1.7.4, < 1.7.9)
    therubyrhino_jar (1.7.8)
    tilt (2.1.0)
    twitter-text (1.14.7)
      unf (~> 0.1.0)
    uglifier (4.2.0)
      execjs (>= 0.3.0, < 3)
    unf (0.1.4)
      unf_ext
    unf_ext (0.0.8.2)
    useragent (0.16.10)
    webrick (1.8.1)
    wikicloth (0.8.3)
      builder
      expression_parser
      htmlentities
      nokogiri
      twitter-text

PLATFORMS
  ruby

DEPENDENCIES
  RedCloth
  asciidoctor
  creole
  gollum
  org-ruby
  wikicloth

BUNDLED WITH
   2.4.12
