GEM
  remote: https://rubygems.org/
  specs:
    cbor-canonical (0.1.2)
    cbor-deterministic (0.1.3)
    cbor-diag (0.9.6)
      cbor-canonical
      cbor-deterministic
      cbor-packed
      json_pure
      neatjson
      treetop (~> 1)
    cbor-packed (0.2.2)
    json_pure (2.8.1)
    neatjson (0.10.5)
    polyglot (0.3.5)
    treetop (1.6.14)
      polyglot (~> 0.3)

PLATFORMS
  ruby

DEPENDENCIES
  cbor-diag

BUNDLED WITH
   2.6.6
