GEM
  remote: https://rubygems.org/
  specs:
    foreman (0.87.2)

PLATFORMS
  x86_64-linux

DEPENDENCIES
  foreman

BUNDLED WITH
   2.2.20
