GEM
  remote: https://rubygems.org/
  specs:
    childprocess (4.1.0)
    iniparse (1.5.0)
<<<<<<< HEAD
    overcommit (0.60.0)
      childprocess (>= 0.6.3, < 5)
      iniparse (~> 1.4)
      rexml (~> 3.2)
    rexml (3.2.6)
=======
    overcommit (0.59.1)
      childprocess (>= 0.6.3, < 5)
      iniparse (~> 1.4)
      rexml (~> 3.2)
    rexml (3.2.5)
>>>>>>> 903308adb4b (Improved error handling, differentiate nix/non-nix networks)

PLATFORMS
  ruby

DEPENDENCIES
  overcommit

BUNDLED WITH
<<<<<<< HEAD
   2.4.17
=======
   2.3.22
>>>>>>> 903308adb4b (Improved error handling, differentiate nix/non-nix networks)
