GEM
  remote: https://rubygems.org/
  specs:
    djinni (2.0.1)
      fagin (~> 0.1, >= 0.1.2)
      ruby-terminfo (~> 0.1, >= 0.1.1)
    fagin (0.1.2)
    hilighter (0.1.7)
    json_config (0.1.2)
    ruby-terminfo (0.1.1)
    ruby-zoom (4.1.0)
      djinni (~> 2.0, >= 2.0.1)
      hilighter (~> 0.1, >= 0.1.3)
      json_config (~> 0.1, >= 0.1.2)
      scoobydoo (~> 0.1, >= 0.1.4)
    scoobydoo (0.1.4)

PLATFORMS
  ruby

DEPENDENCIES
  ruby-zoom

BUNDLED WITH
   1.13.1
