GEM
  remote: https://rubygems.org/
  specs:
    djinni (2.1.1)
      fagin (~> 1.0, >= 1.0.0)
    fagin (1.0.0)
    hilighter (1.1.0)
    json_config (0.1.2)
    ruby-zoom (5.0.1)
      djinni (~> 2.1, >= 2.1.1)
      fagin (~> 1.0, >= 1.0.0)
      hilighter (~> 1.1, >= 1.1.0)
      json_config (~> 0.1, >= 0.1.2)
      scoobydoo (~> 0.1, >= 0.1.4)
    scoobydoo (0.1.4)

PLATFORMS
  ruby

DEPENDENCIES
  ruby-zoom

BUNDLED WITH
   1.14.6
