GEM
  remote: https://rubygems.org/
  specs:
    parallel (1.22.1)
    pg (1.4.5)
    pgsync (0.7.3)
      parallel
      pg (>= 0.18.2)
      slop (>= 4.8.2)
      tty-spinner
    slop (4.10.0)
    tty-cursor (0.7.1)
    tty-spinner (0.9.3)
      tty-cursor (~> 0.7)

PLATFORMS
  ruby

DEPENDENCIES
  pgsync

BUNDLED WITH
   2.3.7
