GEM
  remote: https://rubygems.org/
  specs:
    chronic (0.10.2)
    sequel (4.43.0)
    sqlite3 (1.3.13)
    timetrap (1.15.1)
      chronic (~> 0.10.2)
      sequel (~> 4.43.0)
      sqlite3 (~> 1.3.3)

PLATFORMS
  ruby

DEPENDENCIES
  timetrap

BUNDLED WITH
   1.17.2
