GEM
  remote: https://rubygems.org/
  specs:
    brakeman (5.0.4)

PLATFORMS
  ruby

DEPENDENCIES
  brakeman

BUNDLED WITH
   2.1.4
