GEM
  remote: https://rubygems.org/
  specs:
    brakeman (5.1.1)

PLATFORMS
  ruby

DEPENDENCIES
  brakeman

BUNDLED WITH
   2.2.24
