GEM
  remote: https://rubygems.org/
  specs:
    brakeman (5.4.1)

PLATFORMS
  ruby

DEPENDENCIES
  brakeman

BUNDLED WITH
   2.4.6
