GEM
  remote: https://rubygems.org/
  specs:
    brakeman (6.1.0)

PLATFORMS
  ruby

DEPENDENCIES
  brakeman

BUNDLED WITH
   2.4.22
