GEM
  remote: https://rubygems.org/
  specs:
    brakeman (5.2.3)

PLATFORMS
  ruby

DEPENDENCIES
  brakeman

BUNDLED WITH
   2.3.9
