GEM
  remote: https://rubygems.org/
  specs:
    brakeman (6.1.1)
      racc
    racc (1.7.3)

PLATFORMS
  ruby

DEPENDENCIES
  brakeman

BUNDLED WITH
   2.5.3
