GEM
  remote: https://rubygems.org/
  specs:
    brakeman (6.0.0)

PLATFORMS
  ruby

DEPENDENCIES
  brakeman

BUNDLED WITH
   2.4.13
