GEM
  remote: https://rubygems.org/
  specs:
    brakeman (5.4.0)

PLATFORMS
  ruby

DEPENDENCIES
  brakeman

BUNDLED WITH
   2.3.25
