GEM
  remote: https://rubygems.org/
  specs:
    RedCloth (4.3.2)
    acme-client (2.0.9)
      faraday (>= 0.17, < 2.0.0)
    actioncable (6.1.4.7)
      actionpack (= 6.1.4.7)
      activesupport (= 6.1.4.7)
      nio4r (~> 2.0)
      websocket-driver (>= 0.6.1)
    actionmailbox (6.1.4.7)
      actionpack (= 6.1.4.7)
      activejob (= 6.1.4.7)
      activerecord (= 6.1.4.7)
      activestorage (= 6.1.4.7)
      activesupport (= 6.1.4.7)
      mail (>= 2.7.1)
    actionmailer (6.1.4.7)
      actionpack (= 6.1.4.7)
      actionview (= 6.1.4.7)
      activejob (= 6.1.4.7)
      activesupport (= 6.1.4.7)
      mail (~> 2.5, >= 2.5.4)
      rails-dom-testing (~> 2.0)
    actionpack (6.1.4.7)
      actionview (= 6.1.4.7)
      activesupport (= 6.1.4.7)
      rack (~> 2.0, >= 2.0.9)
      rack-test (>= 0.6.3)
      rails-dom-testing (~> 2.0)
      rails-html-sanitizer (~> 1.0, >= 1.2.0)
    actiontext (6.1.4.7)
      actionpack (= 6.1.4.7)
      activerecord (= 6.1.4.7)
      activestorage (= 6.1.4.7)
      activesupport (= 6.1.4.7)
      nokogiri (>= 1.8.5)
    actionview (6.1.4.7)
      activesupport (= 6.1.4.7)
      builder (~> 3.1)
      erubi (~> 1.4)
      rails-dom-testing (~> 2.0)
      rails-html-sanitizer (~> 1.1, >= 1.2.0)
    activejob (6.1.4.7)
      activesupport (= 6.1.4.7)
      globalid (>= 0.3.6)
    activemodel (6.1.4.7)
      activesupport (= 6.1.4.7)
    activerecord (6.1.4.7)
      activemodel (= 6.1.4.7)
      activesupport (= 6.1.4.7)
    activerecord-explain-analyze (0.1.0)
      activerecord (>= 4)
      pg
    activestorage (6.1.4.7)
      actionpack (= 6.1.4.7)
      activejob (= 6.1.4.7)
      activerecord (= 6.1.4.7)
      activesupport (= 6.1.4.7)
      marcel (~> 1.0.0)
      mini_mime (>= 1.1.0)
    activesupport (6.1.4.7)
      concurrent-ruby (~> 1.0, >= 1.0.2)
      i18n (>= 1.6, < 2)
      minitest (>= 5.1)
      tzinfo (~> 2.0)
      zeitwerk (~> 2.3)
    acts-as-taggable-on (9.0.0)
      activerecord (>= 6.0, < 7.1)
    addressable (2.8.0)
      public_suffix (>= 2.0.2, < 5.0)
    aes_key_wrap (1.1.0)
    akismet (3.0.0)
    android_key_attestation (0.3.0)
    apollo_upload_server (2.1.0)
      actionpack (>= 4.2)
      graphql (>= 1.8)
    asana (0.10.3)
      faraday (~> 1.0)
      faraday_middleware (~> 1.0)
      faraday_middleware-multi_json (~> 0.0)
      oauth2 (~> 1.4)
    asciidoctor (2.0.15)
    asciidoctor-include-ext (0.4.0)
      asciidoctor (>= 1.5.6, < 3.0.0)
    asciidoctor-kroki (0.5.0)
      asciidoctor (~> 2.0)
    asciidoctor-plantuml (0.0.12)
      asciidoctor (>= 1.5.6, < 3.0.0)
    ast (2.4.2)
    atlassian-jwt (0.2.0)
      jwt (~> 2.1.0)
    attr_encrypted (3.1.0)
      encryptor (~> 3.0.0)
    attr_required (1.0.1)
    autoprefixer-rails (10.2.5.1)
      execjs (> 0)
    awesome_print (1.9.2)
    awrence (1.1.1)
    aws-eventstream (1.1.0)
    aws-partitions (1.345.0)
    aws-sdk-cloudformation (1.41.0)
      aws-sdk-core (~> 3, >= 3.99.0)
      aws-sigv4 (~> 1.1)
    aws-sdk-core (3.104.3)
      aws-eventstream (~> 1, >= 1.0.2)
      aws-partitions (~> 1, >= 1.239.0)
      aws-sigv4 (~> 1.1)
      jmespath (~> 1.0)
    aws-sdk-kms (1.36.0)
      aws-sdk-core (~> 3, >= 3.99.0)
      aws-sigv4 (~> 1.1)
    aws-sdk-s3 (1.75.0)
      aws-sdk-core (~> 3, >= 3.104.1)
      aws-sdk-kms (~> 1)
      aws-sigv4 (~> 1.1)
    aws-sigv4 (1.2.1)
      aws-eventstream (~> 1, >= 1.0.2)
    azure-storage-blob (2.0.3)
      azure-storage-common (~> 2.0)
      nokogiri (~> 1, >= 1.10.8)
    azure-storage-common (2.0.4)
      faraday (~> 1.0)
      faraday_middleware (~> 1.0, >= 1.0.0.rc1)
      net-http-persistent (~> 4.0)
      nokogiri (~> 1, >= 1.10.8)
    babosa (1.0.4)
    backport (1.2.0)
    base32 (0.3.2)
    batch-loader (2.0.1)
    bcrypt (3.1.16)
    benchmark (0.2.0)
    benchmark-ips (2.3.0)
    benchmark-malloc (0.2.0)
    benchmark-memory (0.1.2)
      memory_profiler (~> 0.9)
    benchmark-perf (0.6.0)
    benchmark-trend (0.4.0)
    better_errors (2.9.1)
      coderay (>= 1.0.0)
      erubi (>= 1.0.0)
      rack (>= 0.9.0)
    bindata (2.4.10)
    binding_ninja (0.2.3)
    bootsnap (1.12.0)
      msgpack (~> 1.2)
    bootstrap_form (4.2.0)
      actionpack (>= 5.0)
      activemodel (>= 5.0)
    browser (4.2.0)
    builder (3.2.4)
    bullet (6.1.3)
      activesupport (>= 3.0.0)
      uniform_notifier (~> 1.11)
    bundler-audit (0.7.0.1)
      bundler (>= 1.2.0, < 3)
      thor (>= 0.18, < 2)
    byebug (11.1.3)
    capybara (3.35.3)
      addressable
      mini_mime (>= 0.1.3)
      nokogiri (~> 1.8)
      rack (>= 1.6.0)
      rack-test (>= 0.6.3)
      regexp_parser (>= 1.5, < 3.0)
      xpath (~> 3.2)
    capybara-screenshot (1.0.22)
      capybara (>= 1.0, < 4)
      launchy
    carrierwave (1.3.2)
      activemodel (>= 4.0.0)
      activesupport (>= 4.0.0)
      mime-types (>= 1.16)
      ssrf_filter (~> 1.0)
    cbor (0.5.9.6)
    character_set (1.4.1)
      sorted_set (~> 1.0)
    charlock_holmes (0.7.7)
    chef-config (16.10.17)
      addressable
      chef-utils (= 16.10.17)
      fuzzyurl
      mixlib-config (>= 2.2.12, < 4.0)
      mixlib-shellout (>= 2.0, < 4.0)
      tomlrb (~> 1.2)
    chef-utils (16.10.17)
    childprocess (3.0.0)
    chunky_png (1.3.5)
    citrus (3.0.2)
    claide (1.1.0)
    claide-plugins (0.9.2)
      cork
      nap
      open4 (~> 1.3)
    coderay (1.1.3)
    colored2 (3.1.2)
    commonmarker (0.23.4)
    concurrent-ruby (1.1.10)
    connection_pool (2.2.5)
    contracts (0.11.0)
    cork (0.3.0)
      colored2 (~> 3.1)
    cose (1.0.0)
      cbor (~> 0.5.9)
      openssl-signature_algorithm (~> 0.4.0)
    countries (3.0.0)
      i18n_data (~> 0.8.0)
      sixarm_ruby_unaccent (~> 1.1)
      unicode_utils (~> 1.4)
    crack (0.4.3)
      safe_yaml (~> 1.0.0)
    crass (1.0.6)
    creole (0.5.0)
    crystalball (0.7.0)
      git
    css_parser (1.11.0)
      addressable
    daemons (1.3.1)
    danger (8.6.1)
      claide (~> 1.0)
      claide-plugins (>= 0.9.2)
      colored2 (~> 3.1)
      cork (~> 0.1)
      faraday (>= 0.9.0, < 2.0)
      faraday-http-cache (~> 2.0)
      git (~> 1.7)
      kramdown (~> 2.3)
      kramdown-parser-gfm (~> 1.0)
      no_proxy_fix
      octokit (~> 4.7)
      terminal-table (>= 1, < 4)
    danger-gitlab (8.0.0)
      danger
      gitlab (~> 4.2, >= 4.2.0)
    database_cleaner (1.7.0)
    dead_end (3.1.1)
    deckar01-task_list (2.3.1)
      html-pipeline
    declarative (0.0.20)
    declarative-option (0.1.0)
    declarative_policy (1.1.0)
    default_value_for (3.4.0)
      activerecord (>= 3.2.0, < 7.0)
    deprecation_toolkit (1.5.1)
      activesupport (>= 4.2)
    derailed_benchmarks (2.1.1)
      benchmark-ips (~> 2)
      dead_end
      get_process_mem (~> 0)
      heapy (~> 0)
      memory_profiler (>= 0, < 2)
      mini_histogram (>= 0.3.0)
      rack (>= 1)
      rack-test
      rake (> 10, < 14)
      ruby-statistics (>= 2.1)
      thor (>= 0.19, < 2)
    device_detector (1.0.0)
    devise (4.7.3)
      bcrypt (~> 3.0)
      orm_adapter (~> 0.1)
      railties (>= 4.1.0)
      responders
      warden (~> 1.2.3)
    devise-two-factor (4.0.2)
      activesupport (< 7.1)
      attr_encrypted (>= 1.3, < 4, != 2)
      devise (~> 4.0)
      railties (< 7.1)
      rotp (~> 6.0)
    diff-lcs (1.4.4)
    diff_match_patch (0.1.0)
    diffy (3.3.0)
    discordrb-webhooks (3.4.2)
      rest-client (>= 2.0.0)
    docile (1.4.0)
    domain_name (0.5.20190701)
      unf (>= 0.0.5, < 1.0.0)
    doorkeeper (5.5.0.rc2)
      railties (>= 5)
    doorkeeper-openid_connect (1.7.5)
      doorkeeper (>= 5.2, < 5.5)
      json-jwt (>= 1.11.0)
    dotenv (2.7.6)
    dry-configurable (0.12.0)
      concurrent-ruby (~> 1.0)
      dry-core (~> 0.5, >= 0.5.0)
    dry-container (0.7.2)
      concurrent-ruby (~> 1.0)
      dry-configurable (~> 0.1, >= 0.1.3)
    dry-core (0.5.0)
      concurrent-ruby (~> 1.0)
    dry-equalizer (0.3.0)
    dry-inflector (0.2.0)
    dry-logic (1.1.0)
      concurrent-ruby (~> 1.0)
      dry-core (~> 0.5, >= 0.5)
    dry-types (1.4.0)
      concurrent-ruby (~> 1.0)
      dry-container (~> 0.3)
      dry-core (~> 0.4, >= 0.4.4)
      dry-equalizer (~> 0.3)
      dry-inflector (~> 0.1, >= 0.1.2)
      dry-logic (~> 1.0, >= 1.0.2)
    e2mmap (0.1.0)
    ecma-re-validator (0.3.0)
      regexp_parser (~> 2.0)
    ed25519 (1.3.0)
    elasticsearch (7.13.3)
      elasticsearch-api (= 7.13.3)
      elasticsearch-transport (= 7.13.3)
    elasticsearch-api (7.13.3)
      multi_json
    elasticsearch-model (7.2.0)
      activesupport (> 3)
      elasticsearch (~> 7)
      hashie
    elasticsearch-rails (7.2.1)
    elasticsearch-transport (7.13.3)
      faraday (~> 1)
      multi_json
    email_reply_trimmer (0.1.6)
    email_spec (2.2.0)
      htmlentities (~> 4.3.3)
      launchy (~> 2.1)
      mail (~> 2.7)
    encryptor (3.0.0)
    erubi (1.9.0)
    escape_utils (1.2.1)
    et-orbi (1.2.1)
      tzinfo
    ethon (0.15.0)
      ffi (>= 1.15.0)
    eventmachine (1.2.7)
    excon (0.90.0)
    execjs (2.8.1)
    expression_parser (0.9.0)
    extended-markdown-filter (0.6.0)
      html-pipeline (~> 2.0)
    factory_bot (6.2.0)
      activesupport (>= 5.0.0)
    factory_bot_rails (6.2.0)
      factory_bot (~> 6.2.0)
      railties (>= 5.0.0)
    faraday (1.10.0)
      faraday-em_http (~> 1.0)
      faraday-em_synchrony (~> 1.0)
      faraday-excon (~> 1.1)
      faraday-httpclient (~> 1.0)
      faraday-multipart (~> 1.0)
      faraday-net_http (~> 1.0)
      faraday-net_http_persistent (~> 1.0)
      faraday-patron (~> 1.0)
      faraday-rack (~> 1.0)
      faraday-retry (~> 1.0)
      ruby2_keywords (>= 0.0.4)
    faraday-cookie_jar (0.0.7)
      faraday (>= 0.8.0)
      http-cookie (~> 1.0.0)
    faraday-em_http (1.0.0)
    faraday-em_synchrony (1.0.0)
    faraday-excon (1.1.0)
    faraday-http-cache (2.4.0)
      faraday (>= 0.8)
    faraday-httpclient (1.0.1)
    faraday-multipart (1.0.3)
      multipart-post (>= 1.2, < 3)
    faraday-net_http (1.0.1)
    faraday-net_http_persistent (1.2.0)
    faraday-patron (1.0.0)
    faraday-rack (1.0.0)
    faraday-retry (1.0.3)
    faraday_middleware (1.2.0)
      faraday (~> 1.0)
    faraday_middleware-aws-sigv4 (0.3.0)
      aws-sigv4 (~> 1.0)
      faraday (>= 0.15)
    faraday_middleware-multi_json (0.0.6)
      faraday_middleware
      multi_json
    fast_blank (1.0.0)
    fast_gettext (2.1.0)
    ffaker (2.10.0)
    ffi (1.15.5)
    ffi-compiler (1.0.1)
      ffi (>= 1.0.0)
      rake
    ffi-yajl (2.3.4)
      libyajl2 (~> 1.2)
    filelock (1.1.1)
    find_a_port (1.0.1)
    flipper (0.21.0)
    flipper-active_record (0.21.0)
      activerecord (>= 5.0, < 7)
      flipper (~> 0.21.0)
    flipper-active_support_cache_store (0.21.0)
      activesupport (>= 5.0, < 7)
      flipper (~> 0.21.0)
    flowdock (0.7.1)
      httparty (~> 0.7)
      multi_json
    fog-aliyun (0.3.3)
      fog-core
      fog-json
      ipaddress (~> 0.8)
      xml-simple (~> 1.1)
    fog-aws (3.14.0)
      fog-core (~> 2.1)
      fog-json (~> 1.1)
      fog-xml (~> 0.1)
    fog-core (2.1.0)
      builder
      excon (~> 0.58)
      formatador (~> 0.2)
      mime-types
    fog-google (1.15.0)
      fog-core (<= 2.1.0)
      fog-json (~> 1.2)
      fog-xml (~> 0.1.0)
      google-api-client (>= 0.44.2, < 0.51)
      google-cloud-env (~> 1.2)
    fog-json (1.2.0)
      fog-core
      multi_json (~> 1.10)
    fog-local (0.6.0)
      fog-core (>= 1.27, < 3.0)
    fog-openstack (1.0.8)
      fog-core (~> 2.1)
      fog-json (>= 1.0)
      ipaddress (>= 0.8)
    fog-rackspace (0.1.1)
      fog-core (>= 1.35)
      fog-json (>= 1.0)
      fog-xml (>= 0.1)
      ipaddress (>= 0.8)
    fog-xml (0.1.3)
      fog-core
      nokogiri (>= 1.5.11, < 2.0.0)
    formatador (0.2.5)
    fugit (1.2.1)
      et-orbi (~> 1.1, >= 1.1.8)
      raabro (~> 1.1)
    fuubar (2.2.0)
      rspec-core (~> 3.0)
      ruby-progressbar (~> 1.4)
    fuzzyurl (0.9.0)
    gemoji (3.0.1)
    get_process_mem (0.2.7)
      ffi (~> 1.0)
    gettext (3.3.6)
      locale (>= 2.0.5)
      text (>= 1.3.0)
    gettext_i18n_rails (1.8.0)
      fast_gettext (>= 0.9.0)
    gettext_i18n_rails_js (1.3.0)
      gettext (>= 3.0.2)
      gettext_i18n_rails (>= 0.7.1)
      po_to_json (>= 1.0.0)
      rails (>= 3.2.0)
    git (1.7.0)
      rchardet (~> 1.8)
    gitaly (15.1.0.pre.rc1)
      grpc (~> 1.0)
    github-markup (1.7.0)
    gitlab (4.16.1)
      httparty (~> 0.14, >= 0.14.0)
      terminal-table (~> 1.5, >= 1.5.1)
    gitlab-chronic (0.10.5)
      numerizer (~> 0.2)
    gitlab-dangerfiles (3.4.0)
      danger (>= 8.4.5)
      danger-gitlab (>= 8.0.0)
      rake
    gitlab-experiment (0.7.1)
      activesupport (>= 3.0)
      request_store (>= 1.0)
    gitlab-fog-azure-rm (1.3.0)
      azure-storage-blob (~> 2.0)
      azure-storage-common (~> 2.0)
      fog-core (= 2.1.0)
      fog-json (~> 1.2.0)
      mime-types
      ms_rest_azure (~> 0.12.0)
    gitlab-labkit (0.23.0)
      actionpack (>= 5.0.0, < 7.0.0)
      activesupport (>= 5.0.0, < 7.0.0)
      grpc (>= 1.37)
      jaeger-client (~> 1.1.0)
      opentracing (~> 0.4)
      pg_query (~> 2.1)
      redis (> 3.0.0, < 5.0.0)
    gitlab-license (2.1.0)
    gitlab-license_finder (6.14.2.1)
      bundler
      rubyzip (>= 1, < 3)
      thor (~> 1.0)
      tomlrb (>= 1.3, < 2.1)
      with_env (= 1.1.0)
      xml-simple (~> 1.1.5)
    gitlab-mail_room (0.0.9)
    gitlab-markup (1.8.0)
    gitlab-net-dns (0.9.1)
    gitlab-omniauth-openid-connect (0.9.1)
      addressable (~> 2.7)
      omniauth (~> 1.9)
      openid_connect (~> 1.2)
    gitlab-sidekiq-fetcher (0.8.0)
      sidekiq (~> 6.1)
    gitlab-styles (7.1.0)
      rubocop (~> 0.91, >= 0.91.1)
      rubocop-gitlab-security (~> 0.1.1)
      rubocop-graphql (~> 0.10)
      rubocop-performance (~> 1.9.2)
      rubocop-rails (~> 2.9)
      rubocop-rspec (~> 1.44)
    gitlab_chronic_duration (0.10.6.2)
      numerizer (~> 0.2)
    gitlab_omniauth-ldap (2.1.1)
      net-ldap (~> 0.16)
      omniauth (~> 1.3)
      pyu-ruby-sasl (>= 0.0.3.3, < 0.1)
      rubyntlm (~> 0.5)
    globalid (1.0.0)
      activesupport (>= 5.0)
    gon (6.4.0)
      actionpack (>= 3.0.20)
      i18n (>= 0.7)
      multi_json
      request_store (>= 1.0)
    google-api-client (0.50.0)
      addressable (~> 2.5, >= 2.5.1)
      googleauth (~> 0.9)
      httpclient (>= 2.8.1, < 3.0)
      mini_mime (~> 1.0)
      representable (~> 3.0)
      retriable (>= 2.0, < 4.0)
      rexml
      signet (~> 0.12)
    google-cloud-env (1.5.0)
      faraday (>= 0.17.3, < 2.0)
    google-protobuf (3.19.4)
    googleapis-common-protos-types (1.3.0)
      google-protobuf (~> 3.14)
    googleauth (0.14.0)
      faraday (>= 0.17.3, < 2.0)
      jwt (>= 1.4, < 3.0)
      memoist (~> 0.16)
      multi_json (~> 1.11)
      os (>= 0.9, < 2.0)
      signet (~> 0.14)
    gpgme (2.0.20)
      mini_portile2 (~> 2.3)
    grape (1.5.2)
      activesupport
      builder
      dry-types (>= 1.1)
      mustermann-grape (~> 1.0.0)
      rack (>= 1.3.0)
      rack-accept
    grape-entity (0.10.0)
      activesupport (>= 3.0.0)
      multi_json (>= 1.3.2)
    grape-path-helpers (1.7.0)
      activesupport
      grape (~> 1.3)
      rake (> 12)
      ruby2_keywords (~> 0.0.2)
    grape_logging (1.8.4)
      grape
      rack
    graphiql-rails (1.8.0)
      railties
      sprockets-rails
    graphlient (0.5.0)
      faraday (>= 1.0)
      faraday_middleware
      graphql-client
    graphql (1.13.12)
    graphql-client (0.17.0)
      activesupport (>= 3.0)
      graphql (~> 1.10)
    graphql-docs (1.6.0)
      commonmarker (~> 0.16)
      escape_utils (~> 1.2)
      extended-markdown-filter (~> 0.4)
      gemoji (~> 3.0)
      graphql (~> 1.6)
      html-pipeline (~> 2.8)
      sass (~> 3.4)
    grpc (1.42.0)
      google-protobuf (~> 3.18)
      googleapis-common-protos-types (~> 1.0)
    gssapi (1.2.0)
      ffi (>= 1.0.1)
    guard (2.16.2)
      formatador (>= 0.2.4)
      listen (>= 2.7, < 4.0)
      lumberjack (>= 1.0.12, < 2.0)
      nenv (~> 0.1)
      notiffany (~> 0.0)
      pry (>= 0.9.12)
      shellany (~> 0.0)
      thor (>= 0.18.1)
    guard-compat (1.2.1)
    guard-rspec (4.7.3)
      guard (~> 2.1)
      guard-compat (~> 1.1)
      rspec (>= 2.99.0, < 4.0)
    haml (5.1.2)
      temple (>= 0.8.0)
      tilt
    haml_lint (0.36.0)
      haml (>= 4.0, < 5.3)
      parallel (~> 1.10)
      rainbow
      rubocop (>= 0.50.0)
      sysexits (~> 1.1)
    hamlit (2.15.0)
      temple (>= 0.8.2)
      thor
      tilt
    hana (1.3.7)
    hangouts-chat (0.0.5)
    hashdiff (1.0.1)
    hashie (4.1.0)
    hashie-forbidden_attributes (0.1.1)
      hashie (>= 3.0)
    health_check (3.0.0)
      railties (>= 5.0)
    heapy (0.2.0)
      thor
    html-pipeline (2.13.2)
      activesupport (>= 2)
      nokogiri (>= 1.4)
    html2text (0.2.0)
      nokogiri (~> 1.6)
    htmlentities (4.3.4)
    http (4.4.1)
      addressable (~> 2.3)
      http-cookie (~> 1.0)
      http-form_data (~> 2.2)
      http-parser (~> 1.2.0)
    http-accept (1.7.0)
    http-cookie (1.0.4)
      domain_name (~> 0.5)
    http-form_data (2.3.0)
    http-parser (1.2.3)
      ffi-compiler (>= 1.0, < 2.0)
    httparty (0.16.4)
      mime-types (~> 3.0)
      multi_xml (>= 0.5.2)
    httpclient (2.8.3)
    i18n (1.10.0)
      concurrent-ruby (~> 1.0)
    i18n_data (0.8.0)
    icalendar (2.4.1)
    imagen (0.1.8)
      parser (>= 2.5, != 2.5.1.1)
    invisible_captcha (1.1.0)
      rails (>= 4.2)
    ipaddress (0.8.3)
    ipynbdiff (0.4.7)
      diffy (~> 3.3)
      json (~> 2.5, >= 2.5.1)
    jaeger-client (1.1.0)
      opentracing (~> 0.3)
      thrift
    jaro_winkler (1.5.4)
    jira-ruby (2.1.4)
      activesupport
      atlassian-jwt
      multipart-post
      oauth (~> 0.5, >= 0.5.0)
    jmespath (1.4.0)
    js_regex (3.7.0)
      character_set (~> 1.4)
      regexp_parser (~> 2.1)
      regexp_property_values (~> 1.0)
    json (2.5.1)
    json-jwt (1.13.0)
      activesupport (>= 4.2)
      aes_key_wrap
      bindata
    json_schemer (0.2.18)
      ecma-re-validator (~> 0.3)
      hana (~> 1.3)
      regexp_parser (~> 2.0)
      uri_template (~> 0.7)
    jsonpath (1.1.0)
      multi_json
    jwt (2.1.0)
    kaminari (1.2.1)
      activesupport (>= 4.1.0)
      kaminari-actionview (= 1.2.1)
      kaminari-activerecord (= 1.2.1)
      kaminari-core (= 1.2.1)
    kaminari-actionview (1.2.1)
      actionview
      kaminari-core (= 1.2.1)
    kaminari-activerecord (1.2.1)
      activerecord
      kaminari-core (= 1.2.1)
    kaminari-core (1.2.1)
    kas-grpc (0.0.2)
      grpc (~> 1.0)
    knapsack (1.21.1)
      rake
    kramdown (2.3.1)
      rexml
    kramdown-parser-gfm (1.1.0)
      kramdown (~> 2.0)
    kubeclient (4.9.2)
      http (>= 3.0, < 5.0)
      jsonpath (~> 1.0)
      recursive-open-struct (~> 1.1, >= 1.1.1)
      rest-client (~> 2.0)
    launchy (2.5.0)
      addressable (~> 2.7)
    lefthook (0.8.0)
    letter_opener (1.7.0)
      launchy (~> 2.2)
    letter_opener_web (2.0.0)
      actionmailer (>= 5.2)
      letter_opener (~> 1.7)
      railties (>= 5.2)
      rexml
    libyajl2 (1.2.0)
    licensee (9.14.1)
      dotenv (~> 2.0)
      octokit (~> 4.17)
      reverse_markdown (~> 1.0)
      rugged (>= 0.24, < 2.0)
      thor (>= 0.19, < 2.0)
    listen (3.6.0)
      rb-fsevent (~> 0.10, >= 0.10.3)
      rb-inotify (~> 0.9, >= 0.9.10)
    locale (2.1.3)
    lockbox (0.6.2)
    lograge (0.11.2)
      actionpack (>= 4)
      activesupport (>= 4)
      railties (>= 4)
      request_store (~> 1.0)
    loofah (2.16.0)
      crass (~> 1.0.2)
      nokogiri (>= 1.5.9)
    lru_redux (1.1.0)
    lumberjack (1.2.7)
    mail (2.7.1)
      mini_mime (>= 0.1.1)
    marcel (1.0.2)
    marginalia (1.10.0)
      actionpack (>= 2.3)
      activerecord (>= 2.3)
    memoist (0.16.2)
    memory_profiler (0.9.14)
    method_source (1.0.0)
    mime-types (3.3.1)
      mime-types-data (~> 3.2015)
    mime-types-data (3.2020.0512)
    mini_histogram (0.3.1)
    mini_magick (4.10.1)
    mini_mime (1.1.2)
    mini_portile2 (2.8.0)
    minitest (5.11.3)
    mixlib-cli (2.1.8)
    mixlib-config (3.0.9)
      tomlrb
    mixlib-log (3.0.9)
    mixlib-shellout (3.2.5)
      chef-utils
    ms_rest (0.7.6)
      concurrent-ruby (~> 1.0)
      faraday (>= 0.9, < 2.0.0)
      timeliness (~> 0.3.10)
    ms_rest_azure (0.12.0)
      concurrent-ruby (~> 1.0)
      faraday (>= 0.9, < 2.0.0)
      faraday-cookie_jar (~> 0.0.6)
      ms_rest (~> 0.7.6)
    msgpack (1.5.2)
    multi_json (1.14.1)
    multi_xml (0.6.0)
    multipart-post (2.1.1)
    murmurhash3 (0.1.6)
    mustermann (1.1.1)
      ruby2_keywords (~> 0.0.1)
    mustermann-grape (1.0.1)
      mustermann (>= 1.0.0)
    nap (1.1.0)
    nenv (0.3.0)
    net-http-persistent (4.0.1)
      connection_pool (~> 2.2)
    net-ldap (0.16.3)
    net-ntp (2.1.3)
    net-scp (3.0.0)
      net-ssh (>= 2.6.5, < 7.0.0)
    net-ssh (6.0.0)
    netrc (0.11.0)
    nio4r (2.5.8)
    no_proxy_fix (0.1.2)
    nokogiri (1.13.6)
      mini_portile2 (~> 2.8.0)
      racc (~> 1.4)
    notiffany (0.1.3)
      nenv (~> 0.1)
      shellany (~> 0.0)
    numerizer (0.2.0)
    oauth (0.5.6)
    oauth2 (1.4.7)
      faraday (>= 0.8, < 2.0)
      jwt (>= 1.0, < 3.0)
      multi_json (~> 1.3)
      multi_xml (~> 0.5)
      rack (>= 1.2, < 3)
    octokit (4.20.0)
      faraday (>= 0.9)
      sawyer (~> 0.8.0, >= 0.5.3)
    ohai (16.10.6)
      chef-config (>= 12.8, < 17)
      chef-utils (>= 16.0, < 17)
      ffi (~> 1.9)
      ffi-yajl (~> 2.2)
      ipaddress
      mixlib-cli (>= 1.7.0)
      mixlib-config (>= 2.0, < 4.0)
      mixlib-log (>= 2.0.1, < 4.0)
      mixlib-shellout (>= 2.0, < 4.0)
      plist (~> 3.1)
      train-core
      wmi-lite (~> 1.0)
    oj (3.10.6)
    omniauth (1.9.1)
      hashie (>= 3.4.6)
      rack (>= 1.6.2, < 3)
    omniauth-alicloud (1.0.1)
      omniauth-oauth2 (~> 1.7.1)
    omniauth-atlassian-oauth2 (0.2.0)
      omniauth (>= 1.1.1)
      omniauth-oauth2 (>= 1.5)
    omniauth-auth0 (2.0.0)
      omniauth-oauth2 (~> 1.4)
    omniauth-authentiq (0.3.3)
      jwt (>= 1.5)
      omniauth-oauth2 (>= 1.5)
    omniauth-azure-activedirectory-v2 (1.0.0)
      omniauth-oauth2 (~> 1.7)
    omniauth-azure-oauth2 (0.0.10)
      jwt (>= 1.0, < 3.0)
      omniauth (~> 1.0)
      omniauth-oauth2 (~> 1.4)
    omniauth-cas3 (1.1.4)
      addressable (~> 2.3)
      nokogiri (~> 1.7, >= 1.7.1)
      omniauth (~> 1.2)
    omniauth-dingtalk-oauth2 (1.0.1)
      omniauth-oauth2 (~> 1.7)
    omniauth-facebook (4.0.0)
      omniauth-oauth2 (~> 1.2)
    omniauth-github (1.4.0)
      omniauth (~> 1.5)
      omniauth-oauth2 (>= 1.4.0, < 2.0)
    omniauth-gitlab (1.0.3)
      omniauth (~> 1.0)
      omniauth-oauth2 (~> 1.0)
    omniauth-google-oauth2 (0.6.0)
      jwt (>= 2.0)
      omniauth (>= 1.1.1)
      omniauth-oauth2 (>= 1.5)
    omniauth-oauth (1.1.0)
      oauth
      omniauth (~> 1.0)
    omniauth-oauth2 (1.7.2)
      oauth2 (~> 1.4)
      omniauth (>= 1.9, < 3)
    omniauth-oauth2-generic (0.2.2)
      omniauth-oauth2 (~> 1.0)
    omniauth-salesforce (1.0.5)
      omniauth (~> 1.0)
      omniauth-oauth2 (~> 1.0)
    omniauth-saml (1.10.0)
      omniauth (~> 1.3, >= 1.3.2)
      ruby-saml (~> 1.7)
    omniauth-shibboleth (1.3.0)
      omniauth (>= 1.0.0)
    omniauth-twitter (1.4.0)
      omniauth-oauth (~> 1.1)
      rack
    omniauth_crowd (2.4.0)
      activesupport
      nokogiri (>= 1.4.4)
      omniauth (~> 1.0)
    open4 (1.3.4)
    openid_connect (1.3.0)
      activemodel
      attr_required (>= 1.0.0)
      json-jwt (>= 1.5.0)
      rack-oauth2 (>= 1.6.1)
      swd (>= 1.0.0)
      tzinfo
      validate_email
      validate_url
      webfinger (>= 1.0.1)
    openssl (2.2.0)
    openssl-signature_algorithm (0.4.0)
    opentracing (0.5.0)
    optimist (3.0.1)
    org-ruby (0.9.12)
      rubypants (~> 0.2)
    orm_adapter (0.5.0)
    os (1.1.1)
    pact (1.59.0)
      pact-mock_service (~> 3.0, >= 3.3.1)
      pact-support (~> 1.15)
      rack-test (>= 0.6.3, < 2.0.0)
      rspec (~> 3.0)
      term-ansicolor (~> 1.0)
      thor (>= 0.20, < 2.0)
      webrick (~> 1.3)
    pact-mock_service (3.6.2)
      filelock (~> 1.1)
      find_a_port (~> 1.0.1)
      json
      pact-support (~> 1.12, >= 1.12.0)
      rack (~> 2.0)
      rspec (>= 2.14)
      term-ansicolor (~> 1.0)
      thor (>= 0.19, < 2.0)
      webrick (~> 1.3)
    pact-support (1.15.1)
      awesome_print (~> 1.1)
      randexp (~> 0.1.7)
      rspec (>= 2.14)
      term-ansicolor (~> 1.0)
    parallel (1.22.1)
    parser (3.1.2.0)
      ast (~> 2.4.1)
    parslet (1.8.2)
    pastel (0.8.0)
      tty-color (~> 0.5)
    peek (1.1.0)
      railties (>= 4.0.0)
    pg (1.3.5)
    pg_query (2.1.3)
      google-protobuf (>= 3.19.2)
    plist (3.6.0)
    png_quantizator (0.2.1)
    po_to_json (1.0.1)
      json (>= 1.6.0)
    premailer (1.16.0)
      addressable
      css_parser (>= 1.6.0)
      htmlentities (>= 4.0.0)
    premailer-rails (1.10.3)
      actionmailer (>= 3)
      premailer (~> 1.7, >= 1.7.9)
    proc_to_ast (0.1.0)
      coderay
      parser
      unparser
    prometheus-client-mmap (0.15.0)
    pry (0.13.1)
      coderay (~> 1.1)
      method_source (~> 1.0)
    pry-byebug (3.9.0)
      byebug (~> 11.0)
      pry (~> 0.13.0)
    pry-rails (0.3.9)
      pry (>= 0.10.4)
    pry-shell (0.5.0)
      pry (~> 0.13.0)
      tty-markdown
      tty-prompt
    public_suffix (4.0.7)
    puma (5.6.2)
      nio4r (~> 2.0)
    puma_worker_killer (0.3.1)
      get_process_mem (~> 0.2)
      puma (>= 2.7)
    pyu-ruby-sasl (0.0.3.3)
    raabro (1.1.6)
    racc (1.6.0)
    rack (2.2.3.1)
    rack-accept (0.4.5)
      rack (>= 0.4)
    rack-attack (6.6.1)
      rack (>= 1.0, < 3)
    rack-cors (1.1.1)
      rack (>= 2.0.0)
    rack-oauth2 (1.19.0)
      activesupport
      attr_required
      httpclient
      json-jwt (>= 1.11.0)
      rack (>= 2.1.0)
    rack-proxy (0.7.2)
      rack
    rack-test (1.1.0)
      rack (>= 1.0, < 3)
    rack-timeout (0.6.0)
    rails (6.1.4.7)
      actioncable (= 6.1.4.7)
      actionmailbox (= 6.1.4.7)
      actionmailer (= 6.1.4.7)
      actionpack (= 6.1.4.7)
      actiontext (= 6.1.4.7)
      actionview (= 6.1.4.7)
      activejob (= 6.1.4.7)
      activemodel (= 6.1.4.7)
      activerecord (= 6.1.4.7)
      activestorage (= 6.1.4.7)
      activesupport (= 6.1.4.7)
      bundler (>= 1.15.0)
      railties (= 6.1.4.7)
      sprockets-rails (>= 2.0.0)
    rails-controller-testing (1.0.5)
      actionpack (>= 5.0.1.rc1)
      actionview (>= 5.0.1.rc1)
      activesupport (>= 5.0.1.rc1)
    rails-dom-testing (2.0.3)
      activesupport (>= 4.2.0)
      nokogiri (>= 1.6)
    rails-html-sanitizer (1.4.2)
      loofah (~> 2.3)
    rails-i18n (6.0.0)
      i18n (>= 0.7, < 2)
      railties (>= 6.0.0, < 7)
    railties (6.1.4.7)
      actionpack (= 6.1.4.7)
      activesupport (= 6.1.4.7)
      method_source
      rake (>= 0.13)
      thor (~> 1.0)
    rainbow (3.1.1)
    rake (13.0.6)
    randexp (0.1.7)
    rb-fsevent (0.10.4)
    rb-inotify (0.10.1)
      ffi (~> 1.0)
    rbtrace (0.4.14)
      ffi (>= 1.0.6)
      msgpack (>= 0.4.3)
      optimist (>= 3.0.0)
    rbtree (0.4.4)
    rchardet (1.8.0)
    rdoc (6.3.2)
    re2 (1.4.0)
    recaptcha (4.13.1)
      json
    recursive-open-struct (1.1.3)
    redis (4.4.0)
    redis-actionpack (5.2.0)
      actionpack (>= 5, < 7)
      redis-rack (>= 2.1.0, < 3)
      redis-store (>= 1.1.0, < 2)
    redis-namespace (1.8.1)
      redis (>= 3.0.4)
    redis-rack (2.1.3)
      rack (>= 2.0.8, < 3)
      redis-store (>= 1.2, < 2)
    redis-store (1.9.0)
      redis (>= 4, < 5)
    regexp_parser (2.5.0)
    regexp_property_values (1.0.0)
    representable (3.0.4)
      declarative (< 0.1.0)
      declarative-option (< 0.2.0)
      uber (< 0.2.0)
    request_store (1.5.1)
      rack (>= 1.4)
    responders (3.0.0)
      actionpack (>= 5.0)
      railties (>= 5.0)
    rest-client (2.1.0)
      http-accept (>= 1.7.0, < 2.0)
      http-cookie (>= 1.0.2, < 2.0)
      mime-types (>= 1.16, < 4.0)
      netrc (~> 0.8)
    retriable (3.1.2)
    reverse_markdown (1.4.0)
      nokogiri
    rexml (3.2.5)
    rinku (2.0.0)
    rotp (6.2.0)
    rouge (3.29.0)
    rqrcode (0.7.0)
      chunky_png
    rqrcode-rails3 (0.1.7)
      rqrcode (>= 0.4.2)
    rspec (3.10.0)
      rspec-core (~> 3.10.0)
      rspec-expectations (~> 3.10.0)
      rspec-mocks (~> 3.10.0)
    rspec-benchmark (0.6.0)
      benchmark-malloc (~> 0.2)
      benchmark-perf (~> 0.6)
      benchmark-trend (~> 0.4)
      rspec (>= 3.0)
    rspec-core (3.10.1)
      rspec-support (~> 3.10.0)
    rspec-expectations (3.10.1)
      diff-lcs (>= 1.2.0, < 2.0)
      rspec-support (~> 3.10.0)
    rspec-mocks (3.10.3)
      diff-lcs (>= 1.2.0, < 2.0)
      rspec-support (~> 3.10.0)
    rspec-parameterized (0.5.0)
      binding_ninja (>= 0.2.3)
      parser
      proc_to_ast
      rspec (>= 2.13, < 4)
      unparser
    rspec-rails (5.0.1)
      actionpack (>= 5.2)
      activesupport (>= 5.2)
      railties (>= 5.2)
      rspec-core (~> 3.10)
      rspec-expectations (~> 3.10)
      rspec-mocks (~> 3.10)
      rspec-support (~> 3.10)
    rspec-retry (0.6.1)
      rspec-core (> 3.3)
    rspec-support (3.10.2)
    rspec_junit_formatter (0.4.1)
      rspec-core (>= 2, < 4, != 2.12.0)
    rspec_profiling (0.0.6)
      activerecord
      pg
      rails
      sqlite3
    rubocop (0.93.1)
      parallel (~> 1.10)
      parser (>= 2.7.1.5)
      rainbow (>= 2.2.2, < 4.0)
      regexp_parser (>= 1.8)
      rexml
      rubocop-ast (>= 0.6.0)
      ruby-progressbar (~> 1.7)
      unicode-display_width (>= 1.4.0, < 2.0)
    rubocop-ast (1.18.0)
      parser (>= 3.1.1.0)
    rubocop-gitlab-security (0.1.1)
      rubocop (>= 0.51)
    rubocop-graphql (0.14.3)
      rubocop (>= 0.87, < 2)
    rubocop-performance (1.9.2)
      rubocop (>= 0.90.0, < 2.0)
      rubocop-ast (>= 0.4.0)
    rubocop-rails (2.9.1)
      activesupport (>= 4.2.0)
      rack (>= 1.1)
      rubocop (>= 0.90.0, < 2.0)
    rubocop-rspec (1.44.1)
      rubocop (~> 0.87)
      rubocop-ast (>= 0.7.1)
    ruby-fogbugz (0.2.1)
      crack (~> 0.4)
    ruby-magic (0.5.4)
      mini_portile2 (~> 2.6)
    ruby-prof (1.3.1)
    ruby-progressbar (1.11.0)
    ruby-saml (1.13.0)
      nokogiri (>= 1.10.5)
      rexml
    ruby-statistics (3.0.0)
    ruby2_keywords (0.0.5)
    ruby_parser (3.15.0)
      sexp_processor (~> 4.9)
    rubyntlm (0.6.2)
    rubypants (0.2.0)
    rubyzip (2.3.2)
    rugged (1.2.0)
    safe_yaml (1.0.4)
    safety_net_attestation (0.4.0)
      jwt (~> 2.0)
    sanitize (6.0.0)
      crass (~> 1.0.2)
      nokogiri (>= 1.12.0)
    sass (3.5.5)
      sass-listen (~> 4.0.0)
    sass-listen (4.0.0)
      rb-fsevent (~> 0.9, >= 0.9.4)
      rb-inotify (~> 0.9, >= 0.9.7)
    sassc (2.4.0)
      ffi (~> 1.9)
    sassc-rails (2.1.0)
      railties (>= 4.0.0)
      sassc (>= 2.0)
      sprockets (> 3.0)
      sprockets-rails
      tilt
    sawyer (0.8.2)
      addressable (>= 2.3.5)
      faraday (> 0.8, < 2.0)
    sd_notify (0.1.0)
    securecompare (1.0.0)
    seed-fu (2.3.7)
      activerecord (>= 3.1)
      activesupport (>= 3.1)
    selenium-webdriver (3.142.7)
      childprocess (>= 0.5, < 4.0)
      rubyzip (>= 1.2.2)
    sentry-rails (5.1.1)
      railties (>= 5.0)
      sentry-ruby-core (~> 5.1.1)
    sentry-raven (3.1.2)
      faraday (>= 1.0)
    sentry-ruby (5.1.1)
      concurrent-ruby (~> 1.0, >= 1.0.2)
      sentry-ruby-core (= 5.1.1)
    sentry-ruby-core (5.1.1)
      concurrent-ruby
    sentry-sidekiq (5.1.1)
      sentry-ruby-core (~> 5.1.1)
      sidekiq (>= 3.0)
    set (1.0.1)
    settingslogic (2.0.9)
    sexp_processor (4.15.1)
    shellany (0.0.1)
    shoulda-matchers (4.0.1)
      activesupport (>= 4.2.0)
    sidekiq (6.4.0)
      connection_pool (>= 2.2.2)
      rack (~> 2.0)
      redis (>= 4.2.0)
    sidekiq-cron (1.2.0)
      fugit (~> 1.1)
      sidekiq (>= 4.2.1)
    sigdump (0.2.4)
    signet (0.14.0)
      addressable (~> 2.3)
      faraday (>= 0.17.3, < 2.0)
      jwt (>= 1.5, < 3.0)
      multi_json (~> 1.10)
    simple_po_parser (1.1.6)
    simplecov (0.21.2)
      docile (~> 1.1)
      simplecov-html (~> 0.11)
      simplecov_json_formatter (~> 0.1)
    simplecov-cobertura (1.3.1)
      simplecov (~> 0.8)
    simplecov-html (0.12.3)
    simplecov-lcov (0.8.0)
    simplecov_json_formatter (0.1.4)
    sixarm_ruby_unaccent (1.2.0)
    slack-messenger (2.3.4)
    snowplow-tracker (0.6.1)
      contracts (~> 0.7, <= 0.11)
    solargraph (0.44.3)
      backport (~> 1.2)
      benchmark
      bundler (>= 1.17.2)
      diff-lcs (~> 1.4)
      e2mmap
      jaro_winkler (~> 1.5)
      kramdown (~> 2.3)
      kramdown-parser-gfm (~> 1.1)
      parser (~> 3.0)
      reverse_markdown (>= 1.0.5, < 3)
      rubocop (>= 0.52)
      thor (~> 1.0)
      tilt (~> 2.0)
      yard (~> 0.9, >= 0.9.24)
    sorted_set (1.0.3)
      rbtree
      set (~> 1.0)
    spamcheck (0.1.0)
      grpc (~> 1.0)
    spring (2.1.1)
    spring-commands-rspec (1.0.4)
      spring (>= 0.9.1)
    sprite-factory (1.7.1)
    sprockets (3.7.2)
      concurrent-ruby (~> 1.0)
      rack (> 1, < 3)
    sprockets-rails (3.4.2)
      actionpack (>= 5.2)
      activesupport (>= 5.2)
      sprockets (>= 3.0.0)
    sqlite3 (1.4.2)
    ssh_data (1.3.0)
    ssrf_filter (1.0.7)
    stackprof (0.2.15)
    state_machines (0.5.0)
    state_machines-activemodel (0.8.0)
      activemodel (>= 5.1)
      state_machines (>= 0.5.0)
    state_machines-activerecord (0.8.0)
      activerecord (>= 5.1)
      state_machines-activemodel (>= 0.8.0)
    strings (0.2.1)
      strings-ansi (~> 0.2)
      unicode-display_width (>= 1.5, < 3.0)
      unicode_utils (~> 1.4)
    strings-ansi (0.2.0)
    swd (1.3.0)
      activesupport (>= 3)
      attr_required (>= 0.0.5)
      httpclient (>= 2.4)
    sync (0.5.0)
    sys-filesystem (1.4.3)
      ffi (~> 1.1)
    sysexits (1.2.0)
    tanuki_emoji (0.6.0)
    temple (0.8.2)
    term-ansicolor (1.7.1)
      tins (~> 1.0)
    terminal-table (1.8.0)
      unicode-display_width (~> 1.1, >= 1.1.1)
    terser (1.0.2)
      execjs (>= 0.3.0, < 3)
    test-prof (1.0.7)
    test_file_finder (0.1.4)
      faraday (~> 1.0)
    text (1.3.1)
    thin (1.8.0)
      daemons (~> 1.0, >= 1.0.9)
      eventmachine (~> 1.0, >= 1.0.4)
      rack (>= 1, < 3)
    thor (1.2.1)
    thrift (0.14.0)
    tilt (2.0.10)
    timecop (0.9.1)
    timeliness (0.3.10)
    timfel-krb5-auth (0.8.3)
    tins (1.31.0)
      sync
    toml-rb (2.0.1)
      citrus (~> 3.0, > 3.0)
    tomlrb (1.3.0)
    tpm-key_attestation (0.9.0)
      bindata (~> 2.4)
      openssl-signature_algorithm (~> 0.4.0)
    train-core (3.4.9)
      addressable (~> 2.5)
      ffi (!= 1.13.0)
      json (>= 1.8, < 3.0)
      mixlib-shellout (>= 2.0, < 4.0)
      net-scp (>= 1.2, < 4.0)
      net-ssh (>= 2.9, < 7.0)
    truncato (0.7.11)
      htmlentities (~> 4.3.1)
      nokogiri (>= 1.7.0, <= 2.0)
    tty-color (0.6.0)
    tty-cursor (0.7.1)
    tty-markdown (0.7.0)
      kramdown (>= 1.16.2, < 3.0)
      pastel (~> 0.8)
      rouge (~> 3.14)
      strings (~> 0.2.0)
      tty-color (~> 0.5)
      tty-screen (~> 0.8)
    tty-prompt (0.23.1)
      pastel (~> 0.8)
      tty-reader (~> 0.8)
    tty-reader (0.9.0)
      tty-cursor (~> 0.7)
      tty-screen (~> 0.8)
      wisper (~> 2.0)
    tty-screen (0.8.1)
    typhoeus (1.4.0)
      ethon (>= 0.9.0)
    tzinfo (2.0.4)
      concurrent-ruby (~> 1.0)
    u2f (0.2.1)
    uber (0.1.0)
    undercover (0.4.4)
      imagen (>= 0.1.8)
      rainbow (>= 2.1, < 4.0)
      rugged (>= 0.27, < 1.3)
    unf (0.1.4)
      unf_ext
    unf_ext (0.0.8)
    unicode-display_width (1.8.0)
    unicode_utils (1.4.0)
    uniform_notifier (1.13.0)
    unleash (3.2.2)
      murmurhash3 (~> 0.1.6)
    unparser (0.6.0)
      diff-lcs (~> 1.3)
      parser (>= 3.0.0)
    uri_template (0.7.0)
    valid_email (0.1.3)
      activemodel
      mail (>= 2.6.1)
    validate_email (0.1.6)
      activemodel (>= 3.0)
      mail (>= 2.2.5)
    validate_url (1.0.13)
      activemodel (>= 3.0.0)
      public_suffix
    validates_hostname (1.0.11)
      activerecord (>= 3.0)
      activesupport (>= 3.0)
    version_sorter (2.2.4)
    view_component (2.50.0)
      activesupport (>= 5.0.0, < 8.0)
      method_source (~> 1.0)
    vmstat (2.3.0)
    warden (1.2.8)
      rack (>= 2.0.6)
    warning (1.2.0)
    webauthn (2.3.0)
      android_key_attestation (~> 0.3.0)
      awrence (~> 1.1)
      bindata (~> 2.4)
      cbor (~> 0.5.9)
      cose (~> 1.0)
      openssl (~> 2.0)
      safety_net_attestation (~> 0.4.0)
      securecompare (~> 1.0)
      tpm-key_attestation (~> 0.9.0)
    webfinger (1.2.0)
      activesupport
      httpclient (>= 2.4)
    webmock (3.9.1)
      addressable (>= 2.3.6)
      crack (>= 0.3.2)
      hashdiff (>= 0.4.0, < 2.0.0)
    webrick (1.6.1)
    websocket-driver (0.7.5)
      websocket-extensions (>= 0.1.0)
    websocket-extensions (0.1.5)
    wikicloth (0.8.1)
      builder
      expression_parser
      rinku
    wisper (2.0.1)
    with_env (1.1.0)
    wmi-lite (1.0.5)
    xml-simple (1.1.5)
    xpath (3.2.0)
      nokogiri (~> 1.8)
    yajl-ruby (1.4.1)
    yard (0.9.26)
    zeitwerk (2.6.0)

PLATFORMS
  ruby

DEPENDENCIES
  RedCloth (~> 4.3.2)
  acme-client (~> 2.0, >= 2.0.9)
  activerecord-explain-analyze (~> 0.1)
  acts-as-taggable-on (~> 9.0)
  addressable (~> 2.8)
  akismet (~> 3.0)
  apollo_upload_server (~> 2.1.0)
  asana (~> 0.10.3)
  asciidoctor (~> 2.0.10)
  asciidoctor-include-ext (~> 0.4.0)
  asciidoctor-kroki (~> 0.5.0)
  asciidoctor-plantuml (~> 0.0.12)
  atlassian-jwt (~> 0.2.0)
  attr_encrypted (~> 3.1.0)
  autoprefixer-rails (= 10.2.5.1)
  awesome_print
  aws-sdk-cloudformation (~> 1)
  aws-sdk-core (~> 3)
  aws-sdk-s3 (~> 1)
  babosa (~> 1.0.4)
  base32 (~> 0.3.0)
  batch-loader (~> 2.0.1)
  bcrypt (~> 3.1, >= 3.1.14)
  benchmark-ips (~> 2.3.0)
  benchmark-memory (~> 0.1)
  better_errors (~> 2.9.0)
  bootsnap (~> 1.12.0)
  bootstrap_form (~> 4.2.0)
  browser (~> 4.2)
  bullet (~> 6.1.3)
  bundler-audit (~> 0.7.0.1)
  capybara (~> 3.35.3)
  capybara-screenshot (~> 1.0.22)
  carrierwave (~> 1.3)
  charlock_holmes (~> 0.7.7)
  commonmarker (~> 0.23.4)
  concurrent-ruby (~> 1.1)
  connection_pool (~> 2.0)
  countries (~> 3.0)
  creole (~> 0.5.0)
  crystalball (~> 0.7.0)
  database_cleaner (~> 1.7.0)
  deckar01-task_list (= 2.3.1)
  declarative_policy (~> 1.1.0)
  default_value_for (~> 3.4.0)
  deprecation_toolkit (~> 1.5.1)
  derailed_benchmarks
  device_detector
  devise (~> 4.7.2)
  devise-two-factor (~> 4.0.2)
  diff_match_patch (~> 0.1.0)
  diffy (~> 3.3)
  discordrb-webhooks (~> 3.4)
  doorkeeper (~> 5.5.0.rc2)
  doorkeeper-openid_connect (~> 1.7.5)
  ed25519 (~> 1.3.0)
  elasticsearch-api (= 7.13.3)
  elasticsearch-model (~> 7.2)
  elasticsearch-rails (~> 7.2)
  email_reply_trimmer (~> 0.1)
  email_spec (~> 2.2.0)
  erubi (~> 1.9.0)
  escape_utils (~> 1.1)
  factory_bot_rails (~> 6.2.0)
  faraday (~> 1.0)
  faraday_middleware-aws-sigv4 (~> 0.3.0)
  fast_blank
  ffaker (~> 2.10)
  flipper (~> 0.21.0)
  flipper-active_record (~> 0.21.0)
  flipper-active_support_cache_store (~> 0.21.0)
  flowdock (~> 0.7)
  fog-aliyun (~> 0.3)
  fog-aws (~> 3.14)
  fog-core (= 2.1.0)
  fog-google (~> 1.15)
  fog-local (~> 0.6)
  fog-openstack (~> 1.0)
  fog-rackspace (~> 0.1.1)
  fugit (~> 1.2.1)
  fuubar (~> 2.2.0)
  gettext (~> 3.3)
  gettext_i18n_rails (~> 1.8.0)
  gettext_i18n_rails_js (~> 1.3)
  gitaly (~> 15.1.0.pre.rc1)
  github-markup (~> 1.7.0)
  gitlab-chronic (~> 0.10.5)
  gitlab-dangerfiles (~> 3.4.0)
  gitlab-experiment (~> 0.7.1)
  gitlab-fog-azure-rm (~> 1.3.0)
  gitlab-labkit (~> 0.23.0)
  gitlab-license (~> 2.1.0)
  gitlab-license_finder (~> 6.0)
  gitlab-mail_room (~> 0.0.9)
  gitlab-markup (~> 1.8.0)
  gitlab-net-dns (~> 0.9.1)
  gitlab-omniauth-openid-connect (~> 0.9.0)
  gitlab-sidekiq-fetcher (= 0.8.0)
  gitlab-styles (~> 7.1.0)
  gitlab_chronic_duration (~> 0.10.6.2)
  gitlab_omniauth-ldap (~> 2.1.1)
  gon (~> 6.4.0)
  google-api-client (~> 0.33)
  google-protobuf (~> 3.19.0)
  gpgme (~> 2.0.19)
  grape (~> 1.5.2)
  grape-entity (~> 0.10.0)
  grape-path-helpers (~> 1.7.0)
  grape_logging (~> 1.8)
  graphiql-rails (~> 1.8)
  graphlient (~> 0.5.0)
  graphql (~> 1.13.12)
  graphql-docs (~> 1.6.0)
  grpc (~> 1.42.0)
  gssapi
  guard-rspec
  haml_lint (~> 0.36.0)
  hamlit (~> 2.15.0)
  hangouts-chat (~> 0.0.5)
  hashie
  hashie-forbidden_attributes
  health_check (~> 3.0)
  html-pipeline (~> 2.13.2)
  html2text
  httparty (~> 0.16.4)
  icalendar
  invisible_captcha (~> 1.1.0)
  ipaddress (~> 0.8.3)
  ipynbdiff (= 0.4.7)
  jira-ruby (~> 2.1.4)
  js_regex (~> 3.7)
  json (~> 2.5.1)
  json_schemer (~> 0.2.18)
  jwt (~> 2.1.0)
  kaminari (~> 1.0)
  kas-grpc (~> 0.0.2)
  knapsack (~> 1.21.1)
  kramdown (~> 2.3.1)
  kubeclient (~> 4.9.2)
  lefthook (~> 0.8.0)
  letter_opener_web (~> 2.0.0)
  licensee (~> 9.14.1)
  lockbox (~> 0.6.2)
  lograge (~> 0.5)
  loofah (~> 2.2)
  lru_redux
  mail (= 2.7.1)
  marginalia (~> 1.10.0)
  memory_profiler (~> 0.9)
  method_source (~> 1.0)
  mini_magick (~> 4.10.1)
  minitest (~> 5.11.0)
  multi_json (~> 1.14.1)
  net-ldap (~> 0.16.3)
  net-ntp
  nokogiri (~> 1.13.6)
  oauth2 (~> 1.4)
  octokit (~> 4.15)
  ohai (~> 16.10)
  oj (~> 3.10.6)
  omniauth (~> 1.8)
  omniauth-alicloud (~> 1.0.1)
  omniauth-atlassian-oauth2 (~> 0.2.0)
  omniauth-auth0 (~> 2.0.0)
  omniauth-authentiq (~> 0.3.3)
  omniauth-azure-activedirectory-v2 (~> 1.0)
  omniauth-azure-oauth2 (~> 0.0.9)
  omniauth-cas3 (~> 1.1.4)
  omniauth-dingtalk-oauth2 (~> 1.0)
  omniauth-facebook (~> 4.0.0)
  omniauth-github (~> 1.4)
  omniauth-gitlab (~> 1.0.2)
  omniauth-google-oauth2 (~> 0.6.0)
  omniauth-oauth2-generic (~> 0.2.2)
  omniauth-salesforce (~> 1.0.5)
  omniauth-saml (~> 1.10)
  omniauth-shibboleth (~> 1.3.0)
  omniauth-twitter (~> 1.4)
  omniauth_crowd (~> 2.4.0)
  org-ruby (~> 0.9.12)
  pact (~> 1.12)
  parallel (~> 1.19)
  parslet (~> 1.8)
  peek (~> 1.1)
  pg (~> 1.3.0)
  pg_query (~> 2.1.0)
  png_quantizator (~> 0.2.1)
  premailer-rails (~> 1.10.3)
  prometheus-client-mmap (~> 0.15.0)
  pry-byebug
  pry-rails (~> 0.3.9)
  pry-shell (~> 0.5.0)
  puma (~> 5.6.2)
  puma_worker_killer (~> 0.3.1)
  rack (~> 2.2.3.0)
  rack-attack (~> 6.6.0)
  rack-cors (~> 1.1.0)
  rack-oauth2 (~> 1.19.0)
  rack-proxy (~> 0.7.2)
  rack-timeout (~> 0.6.0)
  rails (~> 6.1.4.7)
  rails-controller-testing
  rails-i18n (~> 6.0)
  rainbow (~> 3.0)
  rbtrace (~> 0.4)
  rdoc (~> 6.3.2)
  re2 (~> 1.4.0)
  recaptcha (~> 4.11)
  redis (~> 4.4.0)
  redis-actionpack (~> 5.2.0)
  redis-namespace (~> 1.8.1)
  request_store (~> 1.5)
  responders (~> 3.0)
  retriable (~> 3.1.2)
  rexml (~> 3.2.5)
  rouge (~> 3.29.0)
  rqrcode-rails3 (~> 0.1.7)
  rspec-benchmark (~> 0.6.0)
  rspec-parameterized
  rspec-rails (~> 5.0.1)
  rspec-retry (~> 0.6.1)
  rspec_junit_formatter
  rspec_profiling (~> 0.0.6)
  rubocop
  ruby-fogbugz (~> 0.2.1)
  ruby-magic (~> 0.5)
  ruby-prof (~> 1.3.0)
  ruby-progressbar (~> 1.10)
  ruby-saml (~> 1.13.0)
  ruby_parser (~> 3.15)
  rubyzip (~> 2.3.2)
  rugged (~> 1.2)
  sanitize (~> 6.0)
  sassc-rails (~> 2.1.0)
  sd_notify (~> 0.1.0)
  seed-fu (~> 2.3.7)
  selenium-webdriver (~> 3.142)
  sentry-rails (~> 5.1.1)
  sentry-raven (~> 3.1)
  sentry-ruby (~> 5.1.1)
  sentry-sidekiq (~> 5.1.1)
  settingslogic (~> 2.0.9)
  shoulda-matchers (~> 4.0.1)
  sidekiq (~> 6.4)
  sidekiq-cron (~> 1.2)
  sigdump (~> 0.2.4)
  simple_po_parser (~> 1.1.6)
  simplecov (~> 0.21)
  simplecov-cobertura (~> 1.3.1)
  simplecov-lcov (~> 0.8.0)
  slack-messenger (~> 2.3.4)
  snowplow-tracker (~> 0.6.1)
  solargraph (~> 0.44.3)
  spamcheck (~> 0.1.0)
  spring (~> 2.1.0)
  spring-commands-rspec (~> 1.0.4)
  sprite-factory (~> 1.7)
  sprockets (~> 3.7.0)
  ssh_data (~> 1.3)
  stackprof (~> 0.2.15)
  state_machines-activerecord (~> 0.8.0)
  sys-filesystem (~> 1.4.3)
  tanuki_emoji (~> 0.6)
  terser (= 1.0.2)
  test-prof (~> 1.0.7)
  test_file_finder (~> 0.1.3)
  thin (~> 1.8.0)
  thrift (>= 0.14.0)
  timecop (~> 0.9.1)
  timfel-krb5-auth (~> 0.8)
  toml-rb (~> 2.0)
  truncato (~> 0.7.11)
  typhoeus (~> 1.4.0)
  u2f (~> 0.2.1)
  undercover (~> 0.4.4)
  unf (~> 0.1.4)
  unleash (~> 3.2.2)
  valid_email (~> 0.1)
  validates_hostname (~> 1.0.11)
  version_sorter (~> 2.2.4)
  view_component (~> 2.50.0)
  vmstat (~> 2.3.0)
  warning (~> 1.2.0)
  webauthn (~> 2.3)
  webmock (~> 3.9.1)
  webrick (~> 1.6.1)
  wikicloth (= 0.8.1)
  yajl-ruby (~> 1.4.1)

BUNDLED WITH
   2.3.9
