GEM
  remote: https://rubygems.org/
  specs:
    RedCloth (4.3.2)
    abstract_type (0.0.7)
    ace-rails-ap (4.1.2)
    acme-client (2.0.2)
      faraday (~> 0.9, >= 0.9.1)
    actioncable (5.2.3)
      actionpack (= 5.2.3)
      nio4r (~> 2.0)
      websocket-driver (>= 0.6.1)
    actionmailer (5.2.3)
      actionpack (= 5.2.3)
      actionview (= 5.2.3)
      activejob (= 5.2.3)
      mail (~> 2.5, >= 2.5.4)
      rails-dom-testing (~> 2.0)
    actionpack (5.2.3)
      actionview (= 5.2.3)
      activesupport (= 5.2.3)
      rack (~> 2.0)
      rack-test (>= 0.6.3)
      rails-dom-testing (~> 2.0)
      rails-html-sanitizer (~> 1.0, >= 1.0.2)
    actionview (5.2.3)
      activesupport (= 5.2.3)
      builder (~> 3.1)
      erubi (~> 1.4)
      rails-dom-testing (~> 2.0)
      rails-html-sanitizer (~> 1.0, >= 1.0.3)
    activejob (5.2.3)
      activesupport (= 5.2.3)
      globalid (>= 0.3.6)
    activemodel (5.2.3)
      activesupport (= 5.2.3)
    activerecord (5.2.3)
      activemodel (= 5.2.3)
      activesupport (= 5.2.3)
      arel (>= 9.0)
    activerecord-explain-analyze (0.1.0)
      activerecord (>= 4)
      pg
    activestorage (5.2.3)
      actionpack (= 5.2.3)
      activerecord (= 5.2.3)
      marcel (~> 0.3.1)
    activesupport (5.2.3)
      concurrent-ruby (~> 1.0, >= 1.0.2)
      i18n (>= 0.7, < 2)
      minitest (~> 5.1)
      tzinfo (~> 1.1)
    acts-as-taggable-on (6.5.0)
      activerecord (>= 5.0, < 6.1)
    adamantium (0.2.0)
      ice_nine (~> 0.11.0)
      memoizable (~> 0.4.0)
    addressable (2.7.0)
      public_suffix (>= 2.0.2, < 5.0)
    aes_key_wrap (1.0.1)
    akismet (3.0.0)
    apollo_upload_server (2.0.0.beta.3)
      graphql (>= 1.8)
      rails (>= 4.2)
    arel (9.0.0)
    asana (0.9.3)
      faraday (~> 0.9)
      faraday_middleware (~> 0.9)
      faraday_middleware-multi_json (~> 0.0)
      oauth2 (~> 1.4)
    asciidoctor (2.0.10)
    asciidoctor-include-ext (0.3.1)
      asciidoctor (>= 1.5.6, < 3.0.0)
    asciidoctor-plantuml (0.0.10)
      asciidoctor (>= 1.5.6, < 3.0.0)
    ast (2.4.0)
    atlassian-jwt (0.2.0)
      jwt (~> 2.1.0)
    attr_encrypted (3.1.0)
      encryptor (~> 3.0.0)
    attr_required (1.0.1)
    awesome_print (1.8.0)
    aws-eventstream (1.0.3)
    aws-sdk (2.11.374)
      aws-sdk-resources (= 2.11.374)
    aws-sdk-core (2.11.374)
      aws-sigv4 (~> 1.0)
      jmespath (~> 1.0)
    aws-sdk-resources (2.11.374)
      aws-sdk-core (= 2.11.374)
    aws-sigv4 (1.1.0)
      aws-eventstream (~> 1.0, >= 1.0.2)
    axiom-types (0.1.1)
      descendants_tracker (~> 0.0.4)
      ice_nine (~> 0.11.0)
      thread_safe (~> 0.3, >= 0.3.1)
    babosa (1.0.2)
    base32 (0.3.2)
    batch-loader (1.4.0)
    bcrypt (3.1.12)
    bcrypt_pbkdf (1.0.0)
    benchmark-ips (2.3.0)
    benchmark-memory (0.1.2)
      memory_profiler (~> 0.9)
    better_errors (2.5.0)
      coderay (>= 1.0.0)
      erubi (>= 1.0.0)
      rack (>= 0.9.0)
    bindata (2.4.3)
    binding_ninja (0.2.3)
    binding_of_caller (0.8.0)
      debug_inspector (>= 0.0.1)
    bootsnap (1.4.5)
      msgpack (~> 1.0)
    bootstrap_form (4.2.0)
      actionpack (>= 5.0)
      activemodel (>= 5.0)
    brakeman (4.2.1)
    browser (2.5.3)
    builder (3.2.4)
    bullet (6.0.2)
      activesupport (>= 3.0.0)
      uniform_notifier (~> 1.11)
    bundler-audit (0.5.0)
      bundler (~> 1.2)
      thor (~> 0.18)
    byebug (9.1.0)
    capybara (3.22.0)
      addressable
      mini_mime (>= 0.1.3)
      nokogiri (~> 1.8)
      rack (>= 1.6.0)
      rack-test (>= 0.6.3)
      regexp_parser (~> 1.5)
      xpath (~> 3.2)
    capybara-screenshot (1.0.22)
      capybara (>= 1.0, < 4)
      launchy
    carrierwave (1.3.1)
      activemodel (>= 4.0.0)
      activesupport (>= 4.0.0)
      mime-types (>= 1.16)
    cause (0.1)
    character_set (1.1.2)
    charlock_holmes (0.7.6)
    childprocess (3.0.0)
    chunky_png (1.3.5)
    citrus (3.0.2)
    claide (1.0.3)
    claide-plugins (0.9.2)
      cork
      nap
      open4 (~> 1.3)
    coderay (1.1.2)
    coercible (1.0.0)
      descendants_tracker (~> 0.0.1)
    colored2 (3.1.2)
    commonmarker (0.20.1)
      ruby-enum (~> 0.5)
    concord (0.1.5)
      adamantium (~> 0.2.0)
      equalizer (~> 0.0.9)
    concurrent-ruby (1.1.5)
    connection_pool (2.2.2)
    contracts (0.11.0)
    cork (0.3.0)
      colored2 (~> 3.1)
    countries (3.0.0)
      i18n_data (~> 0.8.0)
      sixarm_ruby_unaccent (~> 1.1)
      unicode_utils (~> 1.4)
    crack (0.4.3)
      safe_yaml (~> 1.0.0)
    crass (1.0.5)
    creole (0.5.0)
    css_parser (1.7.0)
      addressable
    daemons (1.2.6)
    danger (6.0.9)
      claide (~> 1.0)
      claide-plugins (>= 0.9.2)
      colored2 (~> 3.1)
      cork (~> 0.1)
      faraday (~> 0.9)
      faraday-http-cache (~> 2.0)
      git (~> 1.5)
      kramdown (~> 2.0)
      kramdown-parser-gfm (~> 1.0)
      no_proxy_fix
      octokit (~> 4.7)
      terminal-table (~> 1)
    database_cleaner (1.7.0)
    debug_inspector (0.0.3)
    debugger-ruby_core_source (1.3.8)
    deckar01-task_list (2.3.1)
      html-pipeline
    declarative (0.0.10)
    declarative-option (0.1.0)
    default_value_for (3.3.0)
      activerecord (>= 3.2.0, < 6.1)
    derailed_benchmarks (1.3.5)
      benchmark-ips (~> 2)
      get_process_mem (~> 0)
      heapy (~> 0)
      memory_profiler (~> 0)
      rack (>= 1)
      rake (> 10, < 13)
      thor (~> 0.19)
    descendants_tracker (0.0.4)
      thread_safe (~> 0.3, >= 0.3.1)
    device_detector (1.0.0)
    devise (4.7.1)
      bcrypt (~> 3.0)
      orm_adapter (~> 0.1)
      railties (>= 4.1.0)
      responders
      warden (~> 1.2.3)
    devise-two-factor (3.0.0)
      activesupport
      attr_encrypted (>= 1.3, < 4, != 2)
      devise (~> 4.0)
      railties
      rotp (~> 2.0)
    diff-lcs (1.3)
    diff_match_patch (0.1.0)
    diffy (3.1.0)
    discordrb-webhooks-blackst0ne (3.3.0)
      rest-client (~> 2.0)
    docile (1.3.1)
    domain_name (0.5.20180417)
      unf (>= 0.0.5, < 1.0.0)
    doorkeeper (4.3.2)
      railties (>= 4.2)
    doorkeeper-openid_connect (1.5.0)
      doorkeeper (~> 4.3)
      json-jwt (~> 1.6)
    ed25519 (1.2.4)
    elasticsearch (6.8.0)
      elasticsearch-api (= 6.8.0)
      elasticsearch-transport (= 6.8.0)
    elasticsearch-api (6.8.0)
      multi_json
    elasticsearch-model (6.1.0)
      activesupport (> 3)
      elasticsearch (> 1)
      hashie
    elasticsearch-rails (6.1.0)
    elasticsearch-transport (6.8.0)
      faraday
      multi_json
    email_reply_trimmer (0.1.6)
    email_spec (2.2.0)
      htmlentities (~> 4.3.3)
      launchy (~> 2.1)
      mail (~> 2.7)
    encryptor (3.0.0)
    equalizer (0.0.11)
    erubi (1.9.0)
    escape_utils (1.2.1)
    et-orbi (1.2.1)
      tzinfo
    eventmachine (1.2.7)
    excon (0.71.1)
    execjs (2.6.0)
    expression_parser (0.9.0)
    extended-markdown-filter (0.6.0)
      html-pipeline (~> 2.0)
    factory_bot (5.1.0)
      activesupport (>= 4.2.0)
    factory_bot_rails (5.1.0)
      factory_bot (~> 5.1.0)
      railties (>= 4.2.0)
    faraday (0.15.4)
      multipart-post (>= 1.2, < 3)
    faraday-http-cache (2.0.0)
      faraday (~> 0.8)
    faraday_middleware (0.12.2)
      faraday (>= 0.7.4, < 1.0)
    faraday_middleware-aws-signers-v4 (0.1.7)
      aws-sdk-resources (~> 2)
      faraday (~> 0.9)
    faraday_middleware-multi_json (0.0.6)
      faraday_middleware
      multi_json
    fast_blank (1.0.0)
    fast_gettext (1.6.0)
    ffaker (2.10.0)
    ffi (1.11.3)
    ffi-compiler (1.0.1)
      ffi (>= 1.0.0)
      rake
    flipper (0.17.1)
    flipper-active_record (0.17.1)
      activerecord (>= 4.2, < 7)
      flipper (~> 0.17.1)
    flipper-active_support_cache_store (0.17.1)
      activesupport (>= 4.2, < 7)
      flipper (~> 0.17.1)
    flowdock (0.7.1)
      httparty (~> 0.7)
      multi_json
    fog-aliyun (0.3.3)
      fog-core
      fog-json
      ipaddress (~> 0.8)
      xml-simple (~> 1.1)
    fog-aws (3.5.2)
      fog-core (~> 2.1)
      fog-json (~> 1.1)
      fog-xml (~> 0.1)
      ipaddress (~> 0.8)
    fog-core (2.1.0)
      builder
      excon (~> 0.58)
      formatador (~> 0.2)
      mime-types
    fog-google (1.9.1)
      fog-core (<= 2.1.0)
      fog-json (~> 1.2)
      fog-xml (~> 0.1.0)
      google-api-client (~> 0.23.0)
    fog-json (1.2.0)
      fog-core
      multi_json (~> 1.10)
    fog-local (0.6.0)
      fog-core (>= 1.27, < 3.0)
    fog-openstack (1.0.8)
      fog-core (~> 2.1)
      fog-json (>= 1.0)
      ipaddress (>= 0.8)
    fog-rackspace (0.1.1)
      fog-core (>= 1.35)
      fog-json (>= 1.0)
      fog-xml (>= 0.1)
      ipaddress (>= 0.8)
    fog-xml (0.1.3)
      fog-core
      nokogiri (>= 1.5.11, < 2.0.0)
    font-awesome-rails (4.7.0.5)
      railties (>= 3.2, < 6.1)
    formatador (0.2.5)
    fugit (1.2.1)
      et-orbi (~> 1.1, >= 1.1.8)
      raabro (~> 1.1)
    fuubar (2.2.0)
      rspec-core (~> 3.0)
      ruby-progressbar (~> 1.4)
    gemoji (3.0.1)
    gemojione (3.3.0)
      json
    get_process_mem (0.2.3)
    gettext (3.2.9)
      locale (>= 2.0.5)
      text (>= 1.3.0)
    gettext_i18n_rails (1.8.0)
      fast_gettext (>= 0.9.0)
    gettext_i18n_rails_js (1.3.0)
      gettext (>= 3.0.2)
      gettext_i18n_rails (>= 0.7.1)
      po_to_json (>= 1.0.0)
      rails (>= 3.2.0)
    git (1.5.0)
    gitaly (1.81.0)
      grpc (~> 1.0)
    github-markup (1.7.0)
    gitlab-chronic (0.10.5)
      numerizer (~> 0.2)
    gitlab-labkit (0.8.0)
      actionpack (>= 5.0.0, < 6.1.0)
      activesupport (>= 5.0.0, < 6.1.0)
      grpc (~> 1.19)
      jaeger-client (~> 0.10)
      opentracing (~> 0.4)
      redis (> 3.0.0, < 5.0.0)
    gitlab-license (1.0.0)
    gitlab-markup (1.7.0)
    gitlab-net-dns (0.9.1)
    gitlab-puma (4.3.1.gitlab.2)
      nio4r (~> 2.0)
    gitlab-puma_worker_killer (0.1.1.gitlab.1)
      get_process_mem (~> 0.2)
      gitlab-puma (>= 2.7, < 5)
    gitlab-sidekiq-fetcher (0.5.2)
      sidekiq (~> 5)
    gitlab-styles (3.1.0)
      rubocop (~> 0.74.0)
      rubocop-gitlab-security (~> 0.1.0)
      rubocop-performance (~> 1.4.1)
      rubocop-rails (~> 2.0)
      rubocop-rspec (~> 1.36)
    gitlab_chronic_duration (0.10.6.2)
      numerizer (~> 0.2)
    gitlab_omniauth-ldap (2.1.1)
      net-ldap (~> 0.16)
      omniauth (~> 1.3)
      pyu-ruby-sasl (>= 0.0.3.3, < 0.1)
      rubyntlm (~> 0.5)
    globalid (0.4.2)
      activesupport (>= 4.2.0)
    gon (6.2.0)
      actionpack (>= 3.0)
      multi_json
      request_store (>= 1.0)
    google-api-client (0.23.4)
      addressable (~> 2.5, >= 2.5.1)
      googleauth (>= 0.5, < 0.7.0)
      httpclient (>= 2.8.1, < 3.0)
      mime-types (~> 3.0)
      representable (~> 3.0)
      retriable (>= 2.0, < 4.0)
    google-protobuf (3.8.0)
    googleapis-common-protos-types (1.0.4)
      google-protobuf (~> 3.0)
    googleauth (0.6.6)
      faraday (~> 0.12)
      jwt (>= 1.4, < 3.0)
      memoist (~> 0.12)
      multi_json (~> 1.11)
      os (>= 0.9, < 2.0)
      signet (~> 0.7)
    gpgme (2.0.19)
      mini_portile2 (~> 2.3)
    grape (1.1.0)
      activesupport
      builder
      mustermann-grape (~> 1.0.0)
      rack (>= 1.3.0)
      rack-accept
      virtus (>= 1.0.0)
    grape-entity (0.7.1)
      activesupport (>= 4.0)
      multi_json (>= 1.3.2)
    grape-path-helpers (1.2.0)
      activesupport
      grape (~> 1.0)
      rake (~> 12)
    grape_logging (1.7.0)
      grape
    graphiql-rails (1.4.10)
      railties
      sprockets-rails
    graphql (1.9.11)
    graphql-docs (1.6.0)
      commonmarker (~> 0.16)
      escape_utils (~> 1.2)
      extended-markdown-filter (~> 0.4)
      gemoji (~> 3.0)
      graphql (~> 1.6)
      html-pipeline (~> 2.8)
      sass (~> 3.4)
    grpc (1.24.0)
      google-protobuf (~> 3.8)
      googleapis-common-protos-types (~> 1.0)
    gssapi (1.2.0)
      ffi (>= 1.0.1)
    guard (2.15.1)
      formatador (>= 0.2.4)
      listen (>= 2.7, < 4.0)
      lumberjack (>= 1.0.12, < 2.0)
      nenv (~> 0.1)
      notiffany (~> 0.0)
      pry (>= 0.9.12)
      shellany (~> 0.0)
      thor (>= 0.18.1)
    guard-compat (1.2.1)
    guard-rspec (4.7.3)
      guard (~> 2.1)
      guard-compat (~> 1.1)
      rspec (>= 2.99.0, < 4.0)
    haml (5.1.2)
      temple (>= 0.8.0)
      tilt
    haml_lint (0.34.0)
      haml (>= 4.0, < 5.2)
      rainbow
      rubocop (>= 0.50.0)
      sysexits (~> 1.1)
    hamlit (2.11.0)
      temple (>= 0.8.2)
      thor
      tilt
    hangouts-chat (0.0.5)
    hashdiff (0.3.8)
    hashie (3.6.0)
    hashie-forbidden_attributes (0.1.1)
      hashie (>= 3.0)
    health_check (2.6.0)
      rails (>= 4.0)
    heapy (0.1.4)
    hipchat (1.5.2)
      httparty
      mimemagic
    html-pipeline (2.12.2)
      activesupport (>= 2)
      nokogiri (>= 1.4)
    html2text (0.2.0)
      nokogiri (~> 1.6)
    htmlentities (4.3.4)
    http (4.2.0)
      addressable (~> 2.3)
      http-cookie (~> 1.0)
      http-form_data (~> 2.0)
      http-parser (~> 1.2.0)
    http-cookie (1.0.3)
      domain_name (~> 0.5)
    http-form_data (2.1.1)
    http-parser (1.2.1)
      ffi-compiler (>= 1.0, < 2.0)
    httparty (0.16.4)
      mime-types (~> 3.0)
      multi_xml (>= 0.5.2)
    httpclient (2.8.3)
    i18n (1.7.1)
      concurrent-ruby (~> 1.0)
    i18n_data (0.8.0)
    icalendar (2.4.1)
    ice_nine (0.11.2)
    influxdb (0.2.3)
      cause
      json
    invisible_captcha (0.12.1)
      rails (>= 3.2.0)
    ipaddress (0.8.3)
    jaeger-client (0.10.0)
      opentracing (~> 0.3)
      thrift
    jaro_winkler (1.5.4)
    jira-ruby (1.7.1)
      activesupport
      atlassian-jwt
      multipart-post
      oauth (~> 0.5, >= 0.5.0)
    jmespath (1.4.0)
    js_regex (3.1.1)
      character_set (~> 1.1)
      regexp_parser (~> 1.1)
      regexp_property_values (~> 0.3)
    json (1.8.6)
    json-jwt (1.11.0)
      activesupport (>= 4.2)
      aes_key_wrap
      bindata
    json-schema (2.8.0)
      addressable (>= 2.4)
    jwt (2.1.0)
    kaminari (1.0.1)
      activesupport (>= 4.1.0)
      kaminari-actionview (= 1.0.1)
      kaminari-activerecord (= 1.0.1)
      kaminari-core (= 1.0.1)
    kaminari-actionview (1.0.1)
      actionview
      kaminari-core (= 1.0.1)
    kaminari-activerecord (1.0.1)
      activerecord
      kaminari-core (= 1.0.1)
    kaminari-core (1.0.1)
    kgio (2.11.2)
    knapsack (1.17.0)
      rake
    kramdown (2.1.0)
    kramdown-parser-gfm (1.1.0)
      kramdown (~> 2.0)
    kubeclient (4.6.0)
      http (>= 3.0, < 5.0)
      recursive-open-struct (~> 1.0, >= 1.0.4)
      rest-client (~> 2.0)
    launchy (2.4.3)
      addressable (~> 2.3)
    letter_opener (1.7.0)
      launchy (~> 2.2)
    letter_opener_web (1.3.4)
      actionmailer (>= 3.2)
      letter_opener (~> 1.0)
      railties (>= 3.2)
    license_finder (5.4.0)
      bundler
      rubyzip
      thor
      toml (= 0.2.0)
      with_env (= 1.1.0)
      xml-simple
    licensee (8.9.2)
      rugged (~> 0.24)
    liquid (4.0.3)
    listen (3.1.5)
      rb-fsevent (~> 0.9, >= 0.9.4)
      rb-inotify (~> 0.9, >= 0.9.7)
      ruby_dep (~> 1.2)
    locale (2.1.2)
    lograge (0.10.0)
      actionpack (>= 4)
      activesupport (>= 4)
      railties (>= 4)
      request_store (~> 1.0)
    loofah (2.4.0)
      crass (~> 1.0.2)
      nokogiri (>= 1.5.9)
    lru_redux (1.1.0)
    lumberjack (1.0.13)
    mail (2.7.1)
      mini_mime (>= 0.1.1)
    mail_room (0.10.0)
    marcel (0.3.3)
      mimemagic (~> 0.3.2)
    marginalia (1.8.0)
      actionpack (>= 2.3)
      activerecord (>= 2.3)
    memoist (0.16.0)
    memoizable (0.4.2)
      thread_safe (~> 0.3, >= 0.3.1)
    memory_profiler (0.9.13)
    method_source (0.9.2)
    mime-types (3.2.2)
      mime-types-data (~> 3.2015)
    mime-types-data (3.2019.0331)
    mimemagic (0.3.2)
    mini_magick (4.9.5)
    mini_mime (1.0.2)
    mini_portile2 (2.4.0)
    minitest (5.11.3)
    msgpack (1.3.1)
    multi_json (1.14.1)
    multi_xml (0.6.0)
    multipart-post (2.1.1)
    murmurhash3 (0.1.6)
    mustermann (1.0.3)
    mustermann-grape (1.0.0)
      mustermann (~> 1.0.0)
    nakayoshi_fork (0.0.4)
    nap (1.1.0)
    nenv (0.3.0)
    net-ldap (0.16.2)
    net-ntp (2.1.3)
    net-ssh (5.2.0)
    netrc (0.11.0)
    nio4r (2.5.2)
    no_proxy_fix (0.1.2)
    nokogiri (1.10.7)
      mini_portile2 (~> 2.4.0)
    nokogumbo (1.5.0)
      nokogiri
    notiffany (0.1.3)
      nenv (~> 0.1)
      shellany (~> 0.0)
    numerizer (0.2.0)
    oauth (0.5.4)
    oauth2 (1.4.1)
      faraday (>= 0.8, < 0.16.0)
      jwt (>= 1.0, < 3.0)
      multi_json (~> 1.3)
      multi_xml (~> 0.5)
      rack (>= 1.2, < 3)
    octokit (4.15.0)
      faraday (>= 0.9)
      sawyer (~> 0.8.0, >= 0.5.3)
    omniauth (1.9.0)
      hashie (>= 3.4.6, < 3.7.0)
      rack (>= 1.6.2, < 3)
    omniauth-auth0 (2.0.0)
      omniauth-oauth2 (~> 1.4)
    omniauth-authentiq (0.3.3)
      jwt (>= 1.5)
      omniauth-oauth2 (>= 1.5)
    omniauth-azure-oauth2 (0.0.10)
      jwt (>= 1.0, < 3.0)
      omniauth (~> 1.0)
      omniauth-oauth2 (~> 1.4)
    omniauth-cas3 (1.1.4)
      addressable (~> 2.3)
      nokogiri (~> 1.7, >= 1.7.1)
      omniauth (~> 1.2)
    omniauth-facebook (4.0.0)
      omniauth-oauth2 (~> 1.2)
    omniauth-github (1.3.0)
      omniauth (~> 1.5)
      omniauth-oauth2 (>= 1.4.0, < 2.0)
    omniauth-gitlab (1.0.3)
      omniauth (~> 1.0)
      omniauth-oauth2 (~> 1.0)
    omniauth-google-oauth2 (0.6.0)
      jwt (>= 2.0)
      omniauth (>= 1.1.1)
      omniauth-oauth2 (>= 1.5)
    omniauth-kerberos (0.3.0)
      omniauth-multipassword
      timfel-krb5-auth (~> 0.8)
    omniauth-multipassword (0.4.2)
      omniauth (~> 1.0)
    omniauth-oauth (1.1.0)
      oauth
      omniauth (~> 1.0)
    omniauth-oauth2 (1.6.0)
      oauth2 (~> 1.1)
      omniauth (~> 1.9)
    omniauth-oauth2-generic (0.2.2)
      omniauth-oauth2 (~> 1.0)
    omniauth-salesforce (1.0.5)
      omniauth (~> 1.0)
      omniauth-oauth2 (~> 1.0)
    omniauth-saml (1.10.0)
      omniauth (~> 1.3, >= 1.3.2)
      ruby-saml (~> 1.7)
    omniauth-shibboleth (1.3.0)
      omniauth (>= 1.0.0)
    omniauth-twitter (1.4.0)
      omniauth-oauth (~> 1.1)
      rack
    omniauth-ultraauth (0.0.2)
      omniauth_openid_connect (~> 0.3.0)
    omniauth_crowd (2.2.3)
      activesupport
      nokogiri (>= 1.4.4)
      omniauth (~> 1.0)
    omniauth_openid_connect (0.3.3)
      addressable (~> 2.5)
      omniauth (~> 1.9)
      openid_connect (~> 1.1)
    open4 (1.3.4)
    openid_connect (1.1.8)
      activemodel
      attr_required (>= 1.0.0)
      json-jwt (>= 1.5.0)
      rack-oauth2 (>= 1.6.1)
      swd (>= 1.0.0)
      tzinfo
      validate_email
      validate_url
      webfinger (>= 1.0.1)
    opentracing (0.5.0)
    optimist (3.0.0)
    org-ruby (0.9.12)
      rubypants (~> 0.2)
    orm_adapter (0.5.0)
    os (1.0.0)
    parallel (1.19.1)
    parser (2.6.5.0)
      ast (~> 2.4.0)
    parslet (1.8.2)
    peek (1.1.0)
      railties (>= 4.0.0)
    pg (1.1.4)
    png_quantizator (0.2.1)
    po_to_json (1.0.1)
      json (>= 1.6.0)
    premailer (1.11.1)
      addressable
      css_parser (>= 1.6.0)
      htmlentities (>= 4.0.0)
    premailer-rails (1.10.3)
      actionmailer (>= 3)
      premailer (~> 1.7, >= 1.7.9)
    proc_to_ast (0.1.0)
      coderay
      parser
      unparser
    procto (0.0.3)
    prometheus-client-mmap (0.10.0)
    pry (0.11.3)
      coderay (~> 1.1.0)
      method_source (~> 0.9.0)
    pry-byebug (3.5.1)
      byebug (~> 9.1)
      pry (~> 0.10)
    pry-rails (0.3.6)
      pry (>= 0.10.4)
    public_suffix (4.0.3)
    pyu-ruby-sasl (0.0.3.3)
    raabro (1.1.6)
    rack (2.0.7)
    rack-accept (0.4.5)
      rack (>= 0.4)
    rack-attack (6.2.0)
      rack (>= 1.0, < 3)
    rack-cors (1.0.6)
      rack (>= 1.6.0)
    rack-oauth2 (1.9.3)
      activesupport
      attr_required
      httpclient
      json-jwt (>= 1.9.0)
      rack
    rack-protection (2.0.5)
      rack
    rack-proxy (0.6.0)
      rack
    rack-test (1.1.0)
      rack (>= 1.0, < 3)
    rack-timeout (0.5.1)
    rails (5.2.3)
      actioncable (= 5.2.3)
      actionmailer (= 5.2.3)
      actionpack (= 5.2.3)
      actionview (= 5.2.3)
      activejob (= 5.2.3)
      activemodel (= 5.2.3)
      activerecord (= 5.2.3)
      activestorage (= 5.2.3)
      activesupport (= 5.2.3)
      bundler (>= 1.3.0)
      railties (= 5.2.3)
      sprockets-rails (>= 2.0.0)
    rails-controller-testing (1.0.4)
      actionpack (>= 5.0.1.x)
      actionview (>= 5.0.1.x)
      activesupport (>= 5.0.1.x)
    rails-dom-testing (2.0.3)
      activesupport (>= 4.2.0)
      nokogiri (>= 1.6)
    rails-html-sanitizer (1.3.0)
      loofah (~> 2.3)
    rails-i18n (5.1.1)
      i18n (>= 0.7, < 2)
      railties (>= 5.0, < 6)
    railties (5.2.3)
      actionpack (= 5.2.3)
      activesupport (= 5.2.3)
      method_source
      rake (>= 0.8.7)
      thor (>= 0.19.0, < 2.0)
    rainbow (3.0.0)
    raindrops (0.19.0)
    rake (12.3.3)
    rb-fsevent (0.10.2)
    rb-inotify (0.9.10)
      ffi (>= 0.5.0, < 2)
    rblineprof (0.3.6)
      debugger-ruby_core_source (~> 1.3)
    rbtrace (0.4.11)
      ffi (>= 1.0.6)
      msgpack (>= 0.4.3)
      optimist (>= 3.0.0)
    rdoc (6.1.2)
    re2 (1.1.1)
    recaptcha (4.13.1)
      json
    recursive-open-struct (1.1.0)
    redis (4.1.3)
    redis-actionpack (5.1.0)
      actionpack (>= 4.0, < 7)
      redis-rack (>= 1, < 3)
      redis-store (>= 1.1.0, < 2)
    redis-activesupport (5.2.0)
      activesupport (>= 3, < 7)
      redis-store (>= 1.3, < 2)
    redis-namespace (1.6.0)
      redis (>= 3.0.4)
    redis-rack (2.0.6)
      rack (>= 1.5, < 3)
      redis-store (>= 1.2, < 2)
    redis-rails (5.0.2)
      redis-actionpack (>= 5.0, < 6)
      redis-activesupport (>= 5.0, < 6)
      redis-store (>= 1.2, < 2)
    redis-store (1.8.1)
      redis (>= 4, < 5)
    regexp_parser (1.5.1)
    regexp_property_values (0.3.4)
    representable (3.0.4)
      declarative (< 0.1.0)
      declarative-option (< 0.2.0)
      uber (< 0.2.0)
    request_store (1.3.1)
    responders (3.0.0)
      actionpack (>= 5.0)
      railties (>= 5.0)
    rest-client (2.0.2)
      http-cookie (>= 1.0.2, < 2.0)
      mime-types (>= 1.16, < 4.0)
      netrc (~> 0.8)
    retriable (3.1.2)
    rinku (2.0.0)
    rotp (2.1.2)
    rouge (3.11.0)
    rqrcode (0.7.0)
      chunky_png
    rqrcode-rails3 (0.1.7)
      rqrcode (>= 0.4.2)
    rspec (3.8.0)
      rspec-core (~> 3.8.0)
      rspec-expectations (~> 3.8.0)
      rspec-mocks (~> 3.8.0)
    rspec-core (3.8.2)
      rspec-support (~> 3.8.0)
    rspec-expectations (3.8.4)
      diff-lcs (>= 1.2.0, < 2.0)
      rspec-support (~> 3.8.0)
    rspec-mocks (3.8.1)
      diff-lcs (>= 1.2.0, < 2.0)
      rspec-support (~> 3.8.0)
    rspec-parameterized (0.4.2)
      binding_ninja (>= 0.2.3)
      parser
      proc_to_ast
      rspec (>= 2.13, < 4)
      unparser
    rspec-rails (4.0.0.beta3)
      actionpack (>= 4.2)
      activesupport (>= 4.2)
      railties (>= 4.2)
      rspec-core (~> 3.8)
      rspec-expectations (~> 3.8)
      rspec-mocks (~> 3.8)
      rspec-support (~> 3.8)
    rspec-retry (0.6.1)
      rspec-core (> 3.3)
    rspec-set (0.1.3)
    rspec-support (3.8.2)
    rspec_junit_formatter (0.4.1)
      rspec-core (>= 2, < 4, != 2.12.0)
    rspec_profiling (0.0.5)
      activerecord
      pg
      rails
      sqlite3
    rubocop (0.74.0)
      jaro_winkler (~> 1.5.1)
      parallel (~> 1.10)
      parser (>= 2.6)
      rainbow (>= 2.2.2, < 4.0)
      ruby-progressbar (~> 1.7)
      unicode-display_width (>= 1.4.0, < 1.7)
    rubocop-gitlab-security (0.1.1)
      rubocop (>= 0.51)
    rubocop-performance (1.4.1)
      rubocop (>= 0.71.0)
    rubocop-rails (2.4.0)
      rack (>= 1.1)
      rubocop (>= 0.72.0)
    rubocop-rspec (1.37.0)
      rubocop (>= 0.68.1)
    ruby-enum (0.7.2)
      i18n
    ruby-fogbugz (0.2.1)
      crack (~> 0.4)
    ruby-prof (1.0.0)
    ruby-progressbar (1.10.1)
    ruby-saml (1.7.2)
      nokogiri (>= 1.5.10)
    ruby_dep (1.5.0)
    ruby_parser (3.13.1)
      sexp_processor (~> 4.9)
    rubyntlm (0.6.2)
    rubypants (0.2.0)
    rubyzip (2.0.0)
    rugged (0.28.4.1)
    safe_yaml (1.0.4)
    sanitize (4.6.6)
      crass (~> 1.0.2)
      nokogiri (>= 1.4.4)
      nokogumbo (~> 1.4)
    sass (3.5.5)
      sass-listen (~> 4.0.0)
    sass-listen (4.0.0)
      rb-fsevent (~> 0.9, >= 0.9.4)
      rb-inotify (~> 0.9, >= 0.9.7)
    sassc (2.0.1)
      ffi (~> 1.9)
      rake
    sassc-rails (2.1.0)
      railties (>= 4.0.0)
      sassc (>= 2.0)
      sprockets (> 3.0)
      sprockets-rails
      tilt
    sawyer (0.8.2)
      addressable (>= 2.3.5)
      faraday (> 0.8, < 2.0)
    scss_lint (0.56.0)
      rake (>= 0.9, < 13)
      sass (~> 3.5.3)
    seed-fu (2.3.7)
      activerecord (>= 3.1)
      activesupport (>= 3.1)
    selenium-webdriver (3.142.6)
      childprocess (>= 0.5, < 4.0)
      rubyzip (>= 1.2.2)
    sentry-raven (2.9.0)
      faraday (>= 0.7.6, < 1.0)
    settingslogic (2.0.9)
    sexp_processor (4.12.0)
    shellany (0.0.1)
    shoulda-matchers (4.0.1)
      activesupport (>= 4.2.0)
    sidekiq (5.2.7)
      connection_pool (~> 2.2, >= 2.2.2)
      rack (>= 1.5.0)
      rack-protection (>= 1.5.0)
      redis (>= 3.3.5, < 5)
    sidekiq-cron (1.0.4)
      fugit (~> 1.1)
      sidekiq (>= 4.2.1)
    signet (0.11.0)
      addressable (~> 2.3)
      faraday (~> 0.9)
      jwt (>= 1.5, < 3.0)
      multi_json (~> 1.10)
    simple_po_parser (1.1.2)
    simplecov (0.16.1)
      docile (~> 1.1)
      json (>= 1.8, < 3)
      simplecov-html (~> 0.10.0)
    simplecov-html (0.10.2)
    sixarm_ruby_unaccent (1.2.0)
    slack-notifier (1.5.1)
    snowplow-tracker (0.6.1)
      contracts (~> 0.7, <= 0.11)
    spring (2.0.2)
      activesupport (>= 4.2)
    spring-commands-rspec (1.0.4)
      spring (>= 0.9.1)
    sprockets (3.7.2)
      concurrent-ruby (~> 1.0)
      rack (> 1, < 3)
    sprockets-rails (3.2.1)
      actionpack (>= 4.0)
      activesupport (>= 4.0)
      sprockets (>= 3.0.0)
    sqlite3 (1.3.13)
    sshkey (2.0.0)
    stackprof (0.2.13)
    state_machines (0.5.0)
    state_machines-activemodel (0.7.1)
      activemodel (>= 4.1)
      state_machines (>= 0.5.0)
    state_machines-activerecord (0.6.0)
      activerecord (>= 4.1)
      state_machines-activemodel (>= 0.5.0)
    swd (1.1.2)
      activesupport (>= 3)
      attr_required (>= 0.0.5)
      httpclient (>= 2.4)
    sys-filesystem (1.1.6)
      ffi
    sysexits (1.2.0)
    temple (0.8.2)
    terminal-table (1.8.0)
      unicode-display_width (~> 1.1, >= 1.1.1)
    test-prof (0.10.0)
    text (1.3.1)
    thin (1.7.2)
      daemons (~> 1.0, >= 1.0.9)
      eventmachine (~> 1.0, >= 1.0.4)
      rack (>= 1, < 3)
    thor (0.20.3)
    thread_safe (0.3.6)
    thrift (0.11.0.0)
    tilt (2.0.10)
    timecop (0.8.1)
    timfel-krb5-auth (0.8.3)
    toml (0.2.0)
      parslet (~> 1.8.0)
    toml-rb (1.0.0)
      citrus (~> 3.0, > 3.0)
    truncato (0.7.11)
      htmlentities (~> 4.3.1)
      nokogiri (>= 1.7.0, <= 2.0)
    tzinfo (1.2.6)
      thread_safe (~> 0.1)
    u2f (0.2.1)
    uber (0.1.0)
    uglifier (2.7.2)
      execjs (>= 0.3.0)
      json (>= 1.8.0)
    unf (0.1.4)
      unf_ext
    unf_ext (0.0.7.5)
    unicode-display_width (1.6.0)
    unicode_utils (1.4.0)
    unicorn (5.4.1)
      kgio (~> 2.6)
      raindrops (~> 0.7)
    unicorn-worker-killer (0.4.4)
      get_process_mem (~> 0)
      unicorn (>= 4, < 6)
    uniform_notifier (1.13.0)
    unleash (0.1.5)
      murmurhash3 (~> 0.1.6)
    unparser (0.4.5)
      abstract_type (~> 0.0.7)
      adamantium (~> 0.2.0)
      concord (~> 0.1.5)
      diff-lcs (~> 1.3)
      equalizer (~> 0.0.9)
      parser (~> 2.6.3)
      procto (~> 0.0.2)
    validate_email (0.1.6)
      activemodel (>= 3.0)
      mail (>= 2.2.5)
    validate_url (1.0.8)
      activemodel (>= 3.0.0)
      public_suffix
    validates_hostname (1.0.6)
      activerecord (>= 3.0)
      activesupport (>= 3.0)
    version_sorter (2.2.4)
    virtus (1.0.5)
      axiom-types (~> 0.1)
      coercible (~> 1.0)
      descendants_tracker (~> 0.0, >= 0.0.3)
      equalizer (~> 0.0, >= 0.0.9)
    vmstat (2.3.0)
    warden (1.2.8)
      rack (>= 2.0.6)
    webfinger (1.1.0)
      activesupport
      httpclient (>= 2.4)
    webmock (3.5.1)
      addressable (>= 2.3.6)
      crack (>= 0.3.2)
      hashdiff
    webpack-rails (0.9.11)
      railties (>= 3.2.0)
    websocket-driver (0.7.0)
      websocket-extensions (>= 0.1.0)
    websocket-extensions (0.1.3)
    wikicloth (0.8.1)
      builder
      expression_parser
      rinku
    with_env (1.1.0)
    xml-simple (1.1.5)
    xpath (3.2.0)
      nokogiri (~> 1.8)

PLATFORMS
  ruby

DEPENDENCIES
  RedCloth (~> 4.3.2)
  ace-rails-ap (~> 4.1.0)
  acme-client (~> 2.0.2)
  activerecord-explain-analyze (~> 0.1)
  acts-as-taggable-on (~> 6.0)
  addressable (~> 2.7)
  akismet (~> 3.0)
  apollo_upload_server (~> 2.0.0.beta3)
  asana (~> 0.9)
  asciidoctor (~> 2.0.10)
  asciidoctor-include-ext (~> 0.3.1)
  asciidoctor-plantuml (= 0.0.10)
  atlassian-jwt (~> 0.2.0)
  attr_encrypted (~> 3.1.0)
  awesome_print
  aws-sdk
  babosa (~> 1.0.2)
  base32 (~> 0.3.0)
  batch-loader (~> 1.4.0)
  bcrypt_pbkdf (~> 1.0)
  benchmark-ips (~> 2.3.0)
  benchmark-memory (~> 0.1)
  better_errors (~> 2.5.0)
  binding_of_caller (~> 0.8.0)
  bootsnap (~> 1.4)
  bootstrap_form (~> 4.2.0)
  brakeman (~> 4.2)
  browser (~> 2.5)
  bullet (~> 6.0.2)
  bundler-audit (~> 0.5.0)
  capybara (~> 3.22.0)
  capybara-screenshot (~> 1.0.22)
  carrierwave (~> 1.3)
  charlock_holmes (~> 0.7.5)
  commonmarker (~> 0.20)
  concurrent-ruby (~> 1.1)
  connection_pool (~> 2.0)
  countries (~> 3.0)
  creole (~> 0.5.0)
  danger (~> 6.0)
  database_cleaner (~> 1.7.0)
  deckar01-task_list (= 2.3.1)
  default_value_for (~> 3.3.0)
  derailed_benchmarks
  device_detector
  devise (~> 4.6)
  devise-two-factor (~> 3.0.0)
  diff_match_patch (~> 0.1.0)
  diffy (~> 3.1.0)
  discordrb-webhooks-blackst0ne (~> 3.3)
  doorkeeper (~> 4.3)
  doorkeeper-openid_connect (~> 1.5)
  ed25519 (~> 1.2)
  elasticsearch-api (~> 6.8)
  elasticsearch-model (~> 6.1)
  elasticsearch-rails (~> 6.1)
  email_reply_trimmer (~> 0.1)
  email_spec (~> 2.2.0)
  escape_utils (~> 1.1)
  factory_bot_rails (~> 5.1.0)
  faraday (~> 0.12)
  faraday_middleware-aws-signers-v4
  fast_blank
  ffaker (~> 2.10)
  flipper (~> 0.17.1)
  flipper-active_record (~> 0.17.1)
  flipper-active_support_cache_store (~> 0.17.1)
  flowdock (~> 0.7)
  fog-aliyun (~> 0.3)
  fog-aws (~> 3.5)
  fog-core (= 2.1.0)
  fog-google (~> 1.9)
  fog-local (~> 0.6)
  fog-openstack (~> 1.0)
  fog-rackspace (~> 0.1.1)
  font-awesome-rails (~> 4.7)
  fugit (~> 1.2.1)
  fuubar (~> 2.2.0)
  gemojione (~> 3.3)
  gettext (~> 3.2.2)
  gettext_i18n_rails (~> 1.8.0)
  gettext_i18n_rails_js (~> 1.3)
  gitaly (~> 1.81.0)
  github-markup (~> 1.7.0)
  gitlab-chronic (~> 0.10.5)
  gitlab-labkit (= 0.8.0)
  gitlab-license (~> 1.0)
  gitlab-markup (~> 1.7.0)
  gitlab-net-dns (~> 0.9.1)
  gitlab-puma (~> 4.3.1.gitlab.2)
  gitlab-puma_worker_killer (~> 0.1.1.gitlab.1)
  gitlab-sidekiq-fetcher (= 0.5.2)
  gitlab-styles (~> 3.1.0)
  gitlab_chronic_duration (~> 0.10.6.2)
  gitlab_omniauth-ldap (~> 2.1.1)
  gon (~> 6.2)
  google-api-client (~> 0.23)
  google-protobuf (~> 3.8.0)
  gpgme (~> 2.0.19)
  grape (~> 1.1.0)
  grape-entity (~> 0.7.1)
  grape-path-helpers (~> 1.2)
  grape_logging (~> 1.7)
  graphiql-rails (~> 1.4.10)
  graphql (~> 1.9.11)
  graphql-docs (~> 1.6.0)
  grpc (~> 1.24.0)
  gssapi
  guard-rspec
  haml_lint (~> 0.34.0)
  hamlit (~> 2.11.0)
  hangouts-chat (~> 0.0.5)
  hashie-forbidden_attributes
  health_check (~> 2.6.0)
  hipchat (~> 1.5.0)
  html-pipeline (~> 2.12)
  html2text
  httparty (~> 0.16.4)
  icalendar
  influxdb (~> 0.2)
  invisible_captcha (~> 0.12.1)
  jira-ruby (~> 1.7)
  js_regex (~> 3.1)
  json-schema (~> 2.8.0)
  jwt (~> 2.1.0)
  kaminari (~> 1.0)
  knapsack (~> 1.17)
  kubeclient (~> 4.6.0)
  letter_opener_web (~> 1.3.4)
  license_finder (~> 5.4)
  licensee (~> 8.9)
  liquid (~> 4.0)
  lograge (~> 0.5)
  loofah (~> 2.2)
  lru_redux
  mail_room (~> 0.10.0)
  marginalia (~> 1.8.0)
  memory_profiler (~> 0.9)
  method_source (~> 0.8)
  mimemagic (~> 0.3.2)
  mini_magick
  minitest (~> 5.11.0)
  nakayoshi_fork (~> 0.0.4)
  net-ldap
  net-ntp
  net-ssh (~> 5.2)
  nokogiri (~> 1.10.5)
  oauth2 (~> 1.4)
  octokit (~> 4.15)
  omniauth (~> 1.8)
  omniauth-auth0 (~> 2.0.0)
  omniauth-authentiq (~> 0.3.3)
  omniauth-azure-oauth2 (~> 0.0.9)
  omniauth-cas3 (~> 1.1.4)
  omniauth-facebook (~> 4.0.0)
  omniauth-github (~> 1.3)
  omniauth-gitlab (~> 1.0.2)
  omniauth-google-oauth2 (~> 0.6.0)
  omniauth-kerberos (~> 0.3.0)
  omniauth-oauth2-generic (~> 0.2.2)
  omniauth-salesforce (~> 1.0.5)
  omniauth-saml (~> 1.10)
  omniauth-shibboleth (~> 1.3.0)
  omniauth-twitter (~> 1.4)
  omniauth-ultraauth (~> 0.0.2)
  omniauth_crowd (~> 2.2.0)
  omniauth_openid_connect (~> 0.3.3)
  org-ruby (~> 0.9.12)
  parallel (~> 1.19)
  peek (~> 1.1)
  pg (~> 1.1)
  png_quantizator (~> 0.2.1)
  premailer-rails (~> 1.10.3)
  prometheus-client-mmap (~> 0.10.0)
  pry-byebug (~> 3.5.1)
  pry-rails (~> 0.3.4)
  rack (~> 2.0.7)
  rack-attack (~> 6.2.0)
  rack-cors (~> 1.0.0)
  rack-oauth2 (~> 1.9.3)
  rack-proxy (~> 0.6.0)
  rack-timeout
  rails (= 5.2.3)
  rails-controller-testing
  rails-i18n (~> 5.1)
  rainbow (~> 3.0)
  raindrops (~> 0.18)
  rblineprof (~> 0.3.6)
  rbtrace (~> 0.4)
  rdoc (~> 6.1.2)
  re2 (~> 1.1.1)
  recaptcha (~> 4.11)
  redis (~> 4.0)
  redis-namespace (~> 1.6.0)
  redis-rails (~> 5.0.2)
  request_store (~> 1.3)
  responders (~> 3.0)
  retriable (~> 3.1.2)
  rouge (~> 3.11.0)
  rqrcode-rails3 (~> 0.1.7)
  rspec-parameterized
  rspec-rails (~> 4.0.0.beta3)
  rspec-retry (~> 0.6.1)
  rspec-set (~> 0.1.3)
  rspec_junit_formatter
  rspec_profiling (~> 0.0.5)
  rubocop (~> 0.74.0)
  rubocop-performance (~> 1.4.1)
  rubocop-rspec (~> 1.37.0)
  ruby-fogbugz (~> 0.2.1)
  ruby-prof (~> 1.0.0)
  ruby-progressbar
  ruby_parser (~> 3.8)
  rubyzip (~> 2.0.0)
  rugged (~> 0.28)
  sanitize (~> 4.6)
  sassc-rails (~> 2.1.0)
  scss_lint (~> 0.56.0)
  seed-fu (~> 2.3.7)
  selenium-webdriver (~> 3.142)
  sentry-raven (~> 2.9)
  settingslogic (~> 2.0.9)
  shoulda-matchers (~> 4.0.1)
  sidekiq (~> 5.2.7)
  sidekiq-cron (~> 1.0)
  simple_po_parser (~> 1.1.2)
  simplecov (~> 0.16.1)
  slack-notifier (~> 1.5.1)
  snowplow-tracker (~> 0.6.1)
  spring (~> 2.0.0)
  spring-commands-rspec (~> 1.0.4)
  sprockets (~> 3.7.0)
  sshkey (~> 2.0)
  stackprof (~> 0.2.13)
  state_machines-activerecord (~> 0.6.0)
  sys-filesystem (~> 1.1.6)
  test-prof (~> 0.10.0)
  thin (~> 1.7.0)
  timecop (~> 0.8.0)
  toml-rb (~> 1.0.0)
  truncato (~> 0.7.11)
  u2f (~> 0.2.1)
  uglifier (~> 2.7.2)
  unf (~> 0.1.4)
  unicorn (~> 5.4.1)
  unicorn-worker-killer (~> 0.4.4)
  unleash (~> 0.1.5)
  validates_hostname (~> 1.0.6)
  version_sorter (~> 2.2.4)
  vmstat (~> 2.3.0)
  webmock (~> 3.5.1)
  webpack-rails (~> 0.9.10)
  wikicloth (= 0.8.1)

BUNDLED WITH
   1.17.3
