GEM
  remote: https://rubygems.org/
  specs:
    logger (1.6.6)
    mime (0.4.4)
    mime-types (3.6.0)
      logger
      mime-types-data (~> 3.2015)
    mime-types-data (3.2025.0304)
    mini_exiftool (2.14.0)
      ostruct (>= 0.6.0)
      pstore (>= 0.1.3)
    mini_portile2 (2.8.8)
    nokogiri (1.18.3)
      mini_portile2 (~> 2.8.2)
      racc (~> 1.4)
    ostruct (0.6.1)
    pstore (0.1.4)
    racc (1.8.1)
    rexml (3.4.1)
    rubyzip (2.4.1)
    spider (0.5.4)

PLATFORMS
  ruby

DEPENDENCIES
  mime
  mime-types (>= 3.3.1)
  mini_exiftool
  nokogiri
  rexml
  rubyzip
  spider

BUNDLED WITH
   2.5.22
