GEM
  remote: https://rubygems.org/
  specs:
    asetus (0.3.0)
    backports (3.11.2)
    emk-sinatra-url-for (0.2.1)
      sinatra (>= 0.9.1.1)
    ffi (1.9.23)
    haml (4.0.7)
      tilt
    htmlentities (4.3.4)
    multi_json (1.13.1)
    net-ssh (4.1.0)
    oxidized (0.21.0)
      asetus (~> 0.1)
      net-ssh (~> 4.1.0)
      rugged (~> 0.21, >= 0.21.4)
      slop (~> 3.5)
    oxidized-script (0.5.0)
      oxidized (~> 0.21.0)
      slop (~> 3.5)
    oxidized-web (0.9.3)
      emk-sinatra-url-for (~> 0.2)
      haml (~> 4.0)
      htmlentities (~> 4.3)
      oxidized (~> 0.21.0)
      puma (~> 3)
      sass (~> 3.3)
      sinatra (~> 1.4, >= 1.4.6)
      sinatra-contrib (~> 1.4, >= 1.4.6)
    puma (3.11.3)
    rack (1.6.9)
    rack-protection (1.5.5)
      rack
    rack-test (1.0.0)
      rack (>= 1.0, < 3)
    rb-fsevent (0.10.3)
    rb-inotify (0.9.10)
      ffi (>= 0.5.0, < 2)
    rugged (0.27.0)
    sass (3.5.6)
      sass-listen (~> 4.0.0)
    sass-listen (4.0.0)
      rb-fsevent (~> 0.9, >= 0.9.4)
      rb-inotify (~> 0.9, >= 0.9.7)
    sinatra (1.4.8)
      rack (~> 1.5)
      rack-protection (~> 1.4)
      tilt (>= 1.3, < 3)
    sinatra-contrib (1.4.7)
      backports (>= 2.0)
      multi_json
      rack-protection
      rack-test
      sinatra (~> 1.4.0)
      tilt (>= 1.3, < 3)
    slop (3.6.0)
    tilt (2.0.8)

PLATFORMS
  ruby

DEPENDENCIES
  oxidized
  oxidized-script
  oxidized-web

BUNDLED WITH
   1.14.6
