GEM
  specs:

GEM
  remote: https://rubygems.org/
  specs:
    plist (3.7.2)
    sublime_syntax_convertor (0.1.0)
      plist

PLATFORMS
  ruby

DEPENDENCIES
  sublime_syntax_convertor!

BUNDLED WITH
   2.6.6
