GEM
  remote: https://rubygems.org/
  specs:
    actioncable (6.1.7.2)
      actionpack (= 6.1.7.2)
      activesupport (= 6.1.7.2)
      nio4r (~> 2.0)
      websocket-driver (>= 0.6.1)
    actionmailbox (6.1.7.2)
      actionpack (= 6.1.7.2)
      activejob (= 6.1.7.2)
      activerecord (= 6.1.7.2)
      activestorage (= 6.1.7.2)
      activesupport (= 6.1.7.2)
      mail (>= 2.7.1)
    actionmailer (6.1.7.2)
      actionpack (= 6.1.7.2)
      actionview (= 6.1.7.2)
      activejob (= 6.1.7.2)
      activesupport (= 6.1.7.2)
      mail (~> 2.5, >= 2.5.4)
      rails-dom-testing (~> 2.0)
    actionpack (6.1.7.2)
      actionview (= 6.1.7.2)
      activesupport (= 6.1.7.2)
      rack (~> 2.0, >= 2.0.9)
      rack-test (>= 0.6.3)
      rails-dom-testing (~> 2.0)
      rails-html-sanitizer (~> 1.0, >= 1.2.0)
    actionpack-xml_parser (2.0.1)
      actionpack (>= 5.0)
      railties (>= 5.0)
    actiontext (6.1.7.2)
      actionpack (= 6.1.7.2)
      activerecord (= 6.1.7.2)
      activestorage (= 6.1.7.2)
      activesupport (= 6.1.7.2)
      nokogiri (>= 1.8.5)
    actionview (6.1.7.2)
      activesupport (= 6.1.7.2)
      builder (~> 3.1)
      erubi (~> 1.4)
      rails-dom-testing (~> 2.0)
      rails-html-sanitizer (~> 1.1, >= 1.2.0)
    activejob (6.1.7.2)
      activesupport (= 6.1.7.2)
      globalid (>= 0.3.6)
    activemodel (6.1.7.2)
      activesupport (= 6.1.7.2)
    activerecord (6.1.7.2)
      activemodel (= 6.1.7.2)
      activesupport (= 6.1.7.2)
    activestorage (6.1.7.2)
      actionpack (= 6.1.7.2)
      activejob (= 6.1.7.2)
      activerecord (= 6.1.7.2)
      activesupport (= 6.1.7.2)
      marcel (~> 1.0)
      mini_mime (>= 1.1.0)
    activesupport (6.1.7.2)
      concurrent-ruby (~> 1.0, >= 1.0.2)
      i18n (>= 1.6, < 2)
      minitest (>= 5.1)
      tzinfo (~> 2.0)
      zeitwerk (~> 2.3)
    addressable (2.8.4)
      public_suffix (>= 2.0.2, < 6.0)
    ast (2.4.2)
    builder (3.2.4)
    capybara (3.38.0)
      addressable
      matrix
      mini_mime (>= 0.1.3)
      nokogiri (~> 1.8)
      rack (>= 1.6.0)
      rack-test (>= 0.6.3)
      regexp_parser (>= 1.5, < 3.0)
      xpath (~> 3.2)
    childprocess (3.0.0)
    chunky_png (1.4.0)
    commonmarker (0.23.9)
    concurrent-ruby (1.2.2)
    crass (1.0.6)
    css_parser (1.14.0)
      addressable
    csv (3.2.6)
    deckar01-task_list (2.3.2)
      html-pipeline
    digest (3.1.1)
    docile (1.4.0)
    erubi (1.12.0)
    ffi (1.15.5)
    globalid (1.1.0)
      activesupport (>= 5.0)
    html-pipeline (2.13.2)
      activesupport (>= 2)
      nokogiri (>= 1.4)
    htmlentities (4.3.4)
    i18n (1.10.0)
      concurrent-ruby (~> 1.0)
    listen (3.8.0)
      rb-fsevent (~> 0.10, >= 0.10.3)
      rb-inotify (~> 0.9, >= 0.9.10)
    loofah (2.21.3)
      crass (~> 1.0.2)
      nokogiri (>= 1.12.0)
    mail (2.7.1)
      mini_mime (>= 0.1.1)
    marcel (1.0.2)
    matrix (0.4.2)
    method_source (1.0.0)
    mini_magick (4.11.0)
    mini_mime (1.1.2)
    mini_portile2 (2.8.2)
    minitest (5.18.1)
    mocha (2.0.4)
      ruby2_keywords (>= 0.0.5)
    mysql2 (0.5.5)
    net-imap (0.2.3)
      digest
      net-protocol
      strscan
    net-ldap (0.17.1)
    net-pop (0.1.2)
      net-protocol
    net-protocol (0.2.1)
      timeout
    net-smtp (0.3.3)
      net-protocol
    nio4r (2.5.9)
    nokogiri (1.13.10)
      mini_portile2 (~> 2.8.0)
      racc (~> 1.4)
    nokogiri (1.13.10-x86_64-linux)
      racc (~> 1.4)
    parallel (1.23.0)
    parser (3.2.2.3)
      ast (~> 2.4.1)
      racc
    pg (1.4.6)
    public_suffix (5.0.1)
    puma (6.3.0)
      nio4r (~> 2.0)
    racc (1.7.1)
    rack (2.2.7)
    rack-test (2.1.0)
      rack (>= 1.3)
    rails (6.1.7.2)
      actioncable (= 6.1.7.2)
      actionmailbox (= 6.1.7.2)
      actionmailer (= 6.1.7.2)
      actionpack (= 6.1.7.2)
      actiontext (= 6.1.7.2)
      actionview (= 6.1.7.2)
      activejob (= 6.1.7.2)
      activemodel (= 6.1.7.2)
      activerecord (= 6.1.7.2)
      activestorage (= 6.1.7.2)
      activesupport (= 6.1.7.2)
      bundler (>= 1.15.0)
      railties (= 6.1.7.2)
      sprockets-rails (>= 2.0.0)
    rails-dom-testing (2.0.3)
      activesupport (>= 4.2.0)
      nokogiri (>= 1.6)
    rails-html-sanitizer (1.5.0)
      loofah (~> 2.19, >= 2.19.1)
    railties (6.1.7.2)
      actionpack (= 6.1.7.2)
      activesupport (= 6.1.7.2)
      method_source
      rake (>= 12.2)
      thor (~> 1.0)
    rainbow (3.1.1)
    rake (13.0.6)
    rb-fsevent (0.11.2)
    rb-inotify (0.10.1)
      ffi (~> 1.0)
    rbpdf (1.21.1)
      htmlentities
      rbpdf-font (~> 1.19.0)
    rbpdf-font (1.19.1)
    redcarpet (3.5.1)
    regexp_parser (2.8.1)
    request_store (1.5.1)
      rack (>= 1.4)
    rexml (3.2.5)
    roadie (5.1.0)
      css_parser (~> 1.4)
      nokogiri (~> 1.8)
    roadie-rails (3.0.0)
      railties (>= 5.1, < 7.1)
      roadie (~> 5.0)
    rotp (6.2.2)
    rouge (3.28.0)
    rqrcode (2.2.0)
      chunky_png (~> 1.0)
      rqrcode_core (~> 1.0)
    rqrcode_core (1.2.0)
    rubocop (1.26.1)
      parallel (~> 1.10)
      parser (>= 3.1.0.0)
      rainbow (>= 2.2.2, < 4.0)
      regexp_parser (>= 1.8, < 3.0)
      rexml
      rubocop-ast (>= 1.16.0, < 2.0)
      ruby-progressbar (~> 1.7)
      unicode-display_width (>= 1.4.0, < 3.0)
    rubocop-ast (1.29.0)
      parser (>= 3.2.1.0)
    rubocop-performance (1.13.3)
      rubocop (>= 1.7.0, < 2.0)
      rubocop-ast (>= 0.4.0)
    rubocop-rails (2.14.2)
      activesupport (>= 4.2.0)
      rack (>= 1.1)
      rubocop (>= 1.7.0, < 2.0)
    ruby-progressbar (1.13.0)
    ruby2_keywords (0.0.5)
    rubyzip (2.3.2)
    sanitize (6.0.1)
      crass (~> 1.0.2)
      nokogiri (>= 1.12.0)
    selenium-webdriver (3.142.7)
      childprocess (>= 0.5, < 4.0)
      rubyzip (>= 1.2.2)
    simplecov (0.21.2)
      docile (~> 1.1)
      simplecov-html (~> 0.11)
      simplecov_json_formatter (~> 0.1)
    simplecov-html (0.12.3)
    simplecov_json_formatter (0.1.4)
    sprockets (4.2.0)
      concurrent-ruby (~> 1.0)
      rack (>= 2.2.4, < 4)
    sprockets-rails (3.4.2)
      actionpack (>= 5.2)
      activesupport (>= 5.2)
      sprockets (>= 3.0.0)
    strscan (3.0.6)
    thor (1.2.2)
    timeout (0.4.0)
    tzinfo (2.0.6)
      concurrent-ruby (~> 1.0)
    unicode-display_width (2.4.2)
    webdrivers (4.6.1)
      nokogiri (~> 1.6)
      rubyzip (>= 1.3.0)
      selenium-webdriver (>= 3.0, < 4.0)
    webrick (1.8.1)
    websocket-driver (0.7.5)
      websocket-extensions (>= 0.1.0)
    websocket-extensions (0.1.5)
    xpath (3.2.0)
      nokogiri (~> 1.8)
    yard (0.9.34)
    zeitwerk (2.6.8)

PLATFORMS
  ruby

DEPENDENCIES
  actionpack-xml_parser
  addressable
  bundler (>= 1.12.0)
  capybara (~> 3.38.0)
  commonmarker (~> 0.23.8)
  csv (~> 3.2.0)
  deckar01-task_list (= 2.3.2)
  ffi
  html-pipeline (~> 2.13.2)
  i18n (~> 1.10.0)
  listen (~> 3.3)
  mail (~> 2.7.1)
  marcel
  mini_magick (~> 4.11.0)
  mini_mime (~> 1.1.0)
  mocha (>= 1.4.0)
  mysql2 (~> 0.5.0)
  net-imap (~> 0.2.2)
  net-ldap (~> 0.17.0)
  net-pop (~> 0.1.1)
  net-smtp (~> 0.3.0)
  nokogiri (~> 1.13.10)
  pg (~> 1.4.2)
  puma
  rails (= 6.1.7.2)
  rails-dom-testing
  rbpdf (~> 1.21.0)
  redcarpet (~> 3.5.1)
  request_store (~> 1.5.0)
  rexml
  roadie-rails (~> 3.0.0)
  rotp (>= 5.0.0)
  rouge (~> 3.28.0)
  rqrcode
  rubocop (~> 1.26.0)
  rubocop-performance (~> 1.13.0)
  rubocop-rails (~> 2.14.0)
  rubyzip (~> 2.3.0)
  sanitize (~> 6.0)
  selenium-webdriver (~> 3.142.7)
  simplecov (~> 0.21.2)
  tzinfo-data
  webdrivers (= 4.6.1)
  webrick
  yard

RUBY VERSION
   ruby 2.7.7p221

BUNDLED WITH
   2.3.26
