GEM
  remote: https://rubygems.org/
  specs:
    activesupport (8.0.0)
      base64
      benchmark (>= 0.3)
      bigdecimal
      concurrent-ruby (~> 1.0, >= 1.3.1)
      connection_pool (>= 2.2.5)
      drb
      i18n (>= 1.6, < 2)
      logger (>= 1.4.2)
      minitest (>= 5.1)
      securerandom (>= 0.3)
      tzinfo (~> 2.0, >= 2.0.5)
      uri (>= 0.13.1)
    addressable (2.8.7)
      public_suffix (>= 2.0.2, < 7.0)
    ast (2.4.2)
    base64 (0.2.0)
    benchmark (0.4.0)
    bigdecimal (3.1.8)
    byebug (11.1.3)
    concurrent-ruby (1.3.4)
    connection_pool (2.4.1)
    csv (3.3.0)
    dotenv (3.1.4)
    drb (2.2.1)
    faraday (2.12.1)
      faraday-net_http (>= 2.0, < 3.5)
      json
      logger
    faraday-net_http (3.4.0)
      net-http (>= 0.5.0)
    i18n (1.14.6)
      concurrent-ruby (~> 1.0)
    json (2.8.2)
    language_server-protocol (3.17.0.3)
    licensed (5.0.0)
      json (~> 2.6)
      licensee (~> 9.16)
      parallel (~> 1.22)
      pathname-common_prefix (~> 0.0.1)
      reverse_markdown (~> 2.1)
      ruby-xxHash (~> 0.4.0)
      thor (~> 1.2)
      tomlrb (~> 2.0)
    licensee (9.18.0)
      dotenv (>= 2, < 4)
      octokit (>= 4.20, < 10.0)
      reverse_markdown (>= 1, < 4)
      rugged (>= 0.24, < 2.0)
      thor (>= 0.19, < 2.0)
    logger (1.6.1)
    mini_portile2 (2.8.8)
    minitest (5.25.2)
    minitest-hooks (1.5.2)
      minitest (> 5.3)
    mocha (2.6.0)
      ruby2_keywords (>= 0.0.5)
    net-http (0.5.0)
      uri
    nokogiri (1.16.7)
      mini_portile2 (~> 2.8.2)
      racc (~> 1.4)
    octokit (9.2.0)
      faraday (>= 1, < 3)
      sawyer (~> 0.9)
    parallel (1.26.3)
    parser (3.3.6.0)
      ast (~> 2.4.1)
      racc
    pathname-common_prefix (0.0.2)
    public_suffix (6.0.1)
    racc (1.8.1)
    rack (3.1.8)
    rainbow (3.1.1)
    rake (13.2.1)
    regexp_parser (2.9.2)
    reverse_markdown (2.1.1)
      nokogiri
    rubocop (1.68.0)
      json (~> 2.3)
      language_server-protocol (>= 3.17.0)
      parallel (~> 1.10)
      parser (>= 3.3.0.2)
      rainbow (>= 2.2.2, < 4.0)
      regexp_parser (>= 2.4, < 3.0)
      rubocop-ast (>= 1.32.2, < 2.0)
      ruby-progressbar (~> 1.7)
      unicode-display_width (>= 2.4.0, < 3.0)
    rubocop-ast (1.36.1)
      parser (>= 3.3.1.0)
    rubocop-github (0.20.0)
      rubocop (>= 1.37)
      rubocop-performance (>= 1.15)
      rubocop-rails (>= 2.17)
    rubocop-performance (1.23.0)
      rubocop (>= 1.48.1, < 2.0)
      rubocop-ast (>= 1.31.1, < 2.0)
    rubocop-rails (2.27.0)
      activesupport (>= 4.2.0)
      rack (>= 1.1)
      rubocop (>= 1.52.0, < 2.0)
      rubocop-ast (>= 1.31.1, < 2.0)
    ruby-progressbar (1.13.0)
    ruby-xxHash (0.4.0.2)
    ruby2_keywords (0.0.5)
    rugged (1.7.2)
    sawyer (0.9.2)
      addressable (>= 2.3.5)
      faraday (>= 0.17.3, < 3)
    securerandom (0.3.2)
    thor (1.3.2)
    tomlrb (2.0.3)
    tzinfo (2.0.6)
      concurrent-ruby (~> 1.0)
    unicode-display_width (2.6.0)
    uri (1.0.2)

PLATFORMS
  ruby

DEPENDENCIES
  byebug (~> 11.1)
  csv (~> 3.0)
  licensed (= 5.0.0)
  minitest (~> 5.17)
  minitest-hooks (~> 1.5)
  mocha (~> 2.0)
  rake (~> 13.0)
  rubocop-github (~> 0.20)

BUNDLED WITH
   2.5.22
