GEM
  remote: https://rubygems.org/
  specs:
    addressable (2.8.7)
      public_suffix (>= 2.0.2, < 7.0)
    csv (3.3.4)
    dotenv (3.1.8)
    faraday (2.13.1)
      faraday-net_http (>= 2.0, < 3.5)
      json
      logger
    faraday-net_http (3.4.0)
      net-http (>= 0.5.0)
    json (2.12.2)
    licensed (5.0.4)
      csv (~> 3.3)
      json (~> 2.6)
      licensee (~> 9.16)
      parallel (~> 1.22)
      pathname-common_prefix (~> 0.0.1)
      reverse_markdown (>= 2.1, < 4.0)
      ruby-xxHash (~> 0.4.0)
      thor (~> 1.2)
      tomlrb (~> 2.0)
    licensee (9.18.0)
      dotenv (>= 2, < 4)
      octokit (>= 4.20, < 10.0)
      reverse_markdown (>= 1, < 4)
      rugged (>= 0.24, < 2.0)
      thor (>= 0.19, < 2.0)
    logger (1.7.0)
    mini_portile2 (2.8.9)
    net-http (0.6.0)
      uri
    nokogiri (1.18.8)
      mini_portile2 (~> 2.8.2)
      racc (~> 1.4)
    octokit (9.2.0)
      faraday (>= 1, < 3)
      sawyer (~> 0.9)
    parallel (1.27.0)
    pathname-common_prefix (0.0.2)
    public_suffix (6.0.2)
    racc (1.8.1)
    reverse_markdown (3.0.0)
      nokogiri
    ruby-xxHash (0.4.0.2)
    rugged (1.9.0)
    sawyer (0.9.2)
      addressable (>= 2.3.5)
      faraday (>= 0.17.3, < 3)
    thor (1.3.2)
    tomlrb (2.0.3)
    uri (1.0.3)

PLATFORMS
  ruby

DEPENDENCIES
  licensed

BUNDLED WITH
   2.6.6
