GEM
  remote: https://rubygems.org/
  specs:
    arr-pm (0.0.12)
    backports (3.25.1)
    cabin (0.9.0)
    clamp (1.3.2)
    dotenv (3.1.7)
    fpm (1.16.0)
      arr-pm (~> 0.0.11)
      backports (>= 2.6.2)
      cabin (>= 0.6.0)
      clamp (>= 1.0.0)
      pleaserun (~> 0.0.29)
      rexml
      stud
    insist (1.0.0)
    mustache (0.99.8)
    pleaserun (0.0.32)
      cabin (> 0)
      clamp
      dotenv
      insist
      mustache (= 0.99.8)
      stud
    rexml (3.4.1)
    stud (0.0.23)

PLATFORMS
  ruby

DEPENDENCIES
  fpm

BUNDLED WITH
   2.6.2
