GEM
  remote: https://rubygems.org/
  specs:
    colored (1.2)
    greencard (0.0.5)
    i18n (0.7.0)
    inifile (2.0.2)
    mail (2.5.3)
      i18n (>= 0.4.0)
      mime-types (~> 1.16)
      treetop (~> 1.4.8)
    mime-types (1.25.1)
    morphine (0.1.1)
    polyglot (0.3.5)
    ppl (2.4.0)
      colored (= 1.2)
      greencard (= 0.0.5)
      inifile (= 2.0.2)
      mail (= 2.5.3)
      morphine (= 0.1.1)
      rugged (= 0.17.0.b6)
    rugged (0.17.0.b6)
    treetop (1.4.15)
      polyglot
      polyglot (>= 0.3.1)

PLATFORMS
  ruby

DEPENDENCIES
  ppl

BUNDLED WITH
   1.12.5
