GEM
  remote: https://rubygems.org/
  specs:
    Ascii85 (1.0.3)
    addressable (2.7.0)
      public_suffix (>= 2.0.2, < 5.0)
    afm (0.2.2)
    asciidoctor (2.0.10)
    asciidoctor-bibliography (0.3.0)
      asciidoctor
      bibtex-ruby
      citeproc-ruby
      csl-styles (~> 1)
      latex-decode (~> 0.2)
    asciidoctor-diagram (2.0.2)
      asciidoctor (>= 1.5.7, < 3.x)
    asciidoctor-epub3 (1.5.0.alpha.16)
      asciidoctor (>= 1.5.6, < 3.0.0)
      gepub (~> 1.0.0)
      mime-types (~> 3.0)
    asciidoctor-mathematical (0.3.1)
      asciidoctor (~> 2.0, >= 2.0.0)
      mathematical (~> 1.5, >= 1.5.8)
      ruby-enum (~> 0.4)
    asciidoctor-pdf (1.5.3)
      asciidoctor (>= 1.5.3, < 3.0.0)
      concurrent-ruby (~> 1.1.0)
      prawn (~> 2.2.0)
      prawn-icon (~> 2.5.0)
      prawn-svg (~> 0.30.0)
      prawn-table (~> 0.2.0)
      prawn-templates (~> 0.1.0)
      safe_yaml (~> 1.0.0)
      thread_safe (~> 0.3.0)
      treetop (~> 1.6.0)
      ttfunk (~> 1.5.0, >= 1.5.1)
    bibtex-ruby (5.1.4)
      latex-decode (~> 0.0)
    citeproc (1.0.10)
      namae (~> 1.0)
    citeproc-ruby (1.1.12)
      citeproc (~> 1.0, >= 1.0.9)
      csl (~> 1.5)
    coderay (1.1.2)
    concurrent-ruby (1.1.6)
    csl (1.5.1)
      namae (~> 1.0)
    csl-styles (1.0.1.10)
      csl (~> 1.0)
    css_parser (1.7.1)
      addressable
    gepub (1.0.11)
      nokogiri (>= 1.8.2, < 1.11)
      rubyzip (> 1.1.1, < 2.3)
    hashery (2.1.2)
    i18n (1.8.2)
      concurrent-ruby (~> 1.0)
    latex-decode (0.3.1)
    mathematical (1.6.13)
      ruby-enum (~> 0.4)
    mime-types (3.3.1)
      mime-types-data (~> 3.2015)
    mime-types-data (3.2020.0512)
    mini_portile2 (2.4.0)
    multi_json (1.14.1)
    namae (1.0.1)
    nokogiri (1.10.9)
      mini_portile2 (~> 2.4.0)
    pdf-core (0.7.0)
    pdf-reader (2.4.0)
      Ascii85 (~> 1.0.0)
      afm (~> 0.2.1)
      hashery (~> 2.0)
      ruby-rc4
      ttfunk
    polyglot (0.3.5)
    prawn (2.2.2)
      pdf-core (~> 0.7.0)
      ttfunk (~> 1.5)
    prawn-icon (2.5.0)
      prawn (>= 1.1.0, < 3.0.0)
    prawn-svg (0.30.0)
      css_parser (~> 1.6)
      prawn (>= 0.11.1, < 3)
    prawn-table (0.2.2)
      prawn (>= 1.3.0, < 3.0.0)
    prawn-templates (0.1.2)
      pdf-reader (~> 2.0)
      prawn (~> 2.2)
    public_suffix (4.0.5)
    pygments.rb (1.2.1)
      multi_json (>= 1.0.0)
    rouge (3.19.0)
    ruby-enum (0.8.0)
      i18n
    ruby-rc4 (0.1.5)
    rubyzip (2.2.0)
    safe_yaml (1.0.5)
    thread_safe (0.3.6)
    treetop (1.6.10)
      polyglot (~> 0.3)
    ttfunk (1.5.1)

PLATFORMS
  ruby

DEPENDENCIES
  asciidoctor
  asciidoctor-bibliography
  asciidoctor-diagram
  asciidoctor-epub3
  asciidoctor-mathematical
  asciidoctor-pdf
  coderay
  pygments.rb
  rouge

BUNDLED WITH
   1.17.3
