GEM
  remote: https://rubygems.org/
  specs:
    bcrypt (3.1.3)
    unix-crypt (1.3.0)

PLATFORMS
  x86_64-linux

DEPENDENCIES
  bcrypt (= 3.1.3)
  unix-crypt (= 1.3.0)

BUNDLED WITH
   2.2.20
