GEM
  remote: https://rubygems.org/
  specs:
    prometheus_exporter (2.2.0)
      webrick
    webrick (1.9.1)

PLATFORMS
  ruby

DEPENDENCIES
  prometheus_exporter (= 2.2.0)

BUNDLED WITH
   2.5.22
