GEM
  remote: https://rubygems.org/
  specs:
    cmdparse (3.0.7)
    geom2d (0.4.1)
    hexapdf (1.0.2)
      cmdparse (~> 3.0, >= 3.0.3)
      geom2d (~> 0.4, >= 0.4.1)
      openssl (>= 2.2.1)
    openssl (3.2.0)

PLATFORMS
  ruby

DEPENDENCIES
  hexapdf

BUNDLED WITH
   2.5.9
