GEM
  remote: https://rubygems.org/
  specs:
    chronic (0.9.1)
    gpgme (2.0.18)
      mini_portile2 (~> 2.3)
    highline (2.0.2)
    locale (2.1.2)
    lockfile (2.1.3)
    mime-types (3.2.2)
      mime-types-data (~> 3.2015)
    mime-types-data (3.2019.0331)
    mini_portile2 (2.4.0)
    ncursesw (1.4.10)
    rake (12.3.2)
    rmail-sup (1.0.1)
    sup (0.22.1)
      chronic (~> 0.9.1)
      highline
      locale (~> 2.0)
      lockfile
      mime-types (> 2.0)
      ncursesw (~> 1.4.0)
      rmail-sup (~> 1.0.1)
      trollop (>= 1.12)
      unicode (~> 0.4.4)
    trollop (2.9.9)
    unicode (0.4.4.4)
    xapian-ruby (1.2.22)

PLATFORMS
  ruby

DEPENDENCIES
  gpgme
  rake
  sup
  xapian-ruby (~> 1.2.22)

BUNDLED WITH
   1.17.2
