GEM
  remote: https://rubygems.org/
  specs:
    chronic (0.9.1)
    gpgme (2.0.7)
      mini_portile (>= 0.5.0, <= 0.6.0)
    highline (1.6.21)
    locale (2.1.0)
    lockfile (2.1.3)
    mime-types (1.25.1)
    mini_portile (0.6.0)
    ncursesw (1.4.9)
    rmail-sup (1.0.1)
    sup (0.20.0)
      chronic (~> 0.9.1)
      highline
      locale (~> 2.0)
      lockfile
      mime-types (~> 1.0)
      ncursesw (~> 1.4.0)
      rmail-sup (~> 1.0.1)
      trollop (>= 1.12)
      unicode (~> 0.4.4)
    trollop (2.1.1)
    unicode (0.4.4.2)
    xapian-ruby (1.2.19.1)

PLATFORMS
  ruby

DEPENDENCIES
  gpgme
  sup
  xapian-ruby (~> 1.2.15)
