GEM
  remote: https://rubygems.org/
  specs:
    bindata (2.5.0)
    elftools (1.1.3)
      bindata (~> 2)
    one_gadget (1.9.0)
      elftools (>= 1.0.2, < 1.2.0)

PLATFORMS
  ruby

DEPENDENCIES
  one_gadget

BUNDLED WITH
   2.5.7
