GEM
  remote: https://rubygems.org/
  specs:
    CFPropertyList (3.0.7)
      base64
      nkf
      rexml
    addressable (2.8.7)
      public_suffix (>= 2.0.2, < 7.0)
    aws-eventstream (1.4.0)
    aws-partitions (1.1140.0)
    aws-sdk-core (3.228.0)
      aws-eventstream (~> 1, >= 1.3.0)
      aws-partitions (~> 1, >= 1.992.0)
      aws-sigv4 (~> 1.9)
      base64
      bigdecimal
      jmespath (~> 1, >= 1.6.1)
      logger
    aws-sdk-ec2 (1.544.0)
      aws-sdk-core (~> 3, >= 3.228.0)
      aws-sigv4 (~> 1.5)
    aws-sigv4 (1.12.1)
      aws-eventstream (~> 1, >= 1.0.2)
    base64 (0.3.0)
    bigdecimal (3.2.2)
    bindata (2.5.1)
    bolt (4.0.0)
      CFPropertyList (>= 2.2)
      addressable (~> 2.5)
      aws-sdk-ec2 (~> 1)
      concurrent-ruby (~> 1.0)
      ffi (>= 1.9.25, < 2.0.0)
      hiera-eyaml (~> 3)
      jwt (~> 2.2)
      logging (~> 2.2)
      minitar (~> 0.6)
      net-scp (>= 1.2, < 5.0)
      net-ssh (>= 4.0, < 8.0)
      net-ssh-krb (~> 0.5)
      orchestrator_client (~> 0.7)
      puppet (>= 6.18.0)
      puppet-resource_api (>= 1.8.1)
      puppet-strings (>= 2.3.0, < 5.0)
      puppetfile-resolver (>= 0.6.2, < 1.0)
      r10k (>= 3.10, < 5)
      ruby_smb (~> 1.0)
      terminal-table (~> 3.0)
      winrm (~> 2.0)
      winrm-fs (~> 1.3)
    builder (3.3.0)
    colored2 (3.1.2)
    concurrent-ruby (1.3.5)
    connection_pool (2.5.3)
    cri (2.15.12)
    deep_merge (1.2.2)
    erubi (1.13.1)
    facter (4.10.0)
      hocon (~> 1.3)
      thor (>= 1.0.1, < 1.3)
    faraday (2.13.4)
      faraday-net_http (>= 2.0, < 3.5)
      json
      logger
    faraday-follow_redirects (0.3.0)
      faraday (>= 1, < 3)
    faraday-net_http (3.4.1)
      net-http (>= 0.5.0)
    faraday-net_http_persistent (2.3.1)
      faraday (~> 2.5)
      net-http-persistent (>= 4.0.4, < 5)
    fast_gettext (2.4.0)
      prime
    ffi (1.17.2)
    forwardable (1.3.3)
    getoptlong (0.2.1)
    gettext (3.5.1)
      erubi
      locale (>= 2.0.5)
      prime
      racc
      text (>= 1.3.0)
    gettext-setup (1.1.0)
      fast_gettext (~> 2.1)
      gettext (~> 3.4)
      locale
    gssapi (1.3.1)
      ffi (>= 1.0.1)
    gyoku (1.4.0)
      builder (>= 2.1.2)
      rexml (~> 3.0)
    hiera-eyaml (3.4.0)
      highline
      optimist
    highline (3.1.2)
      reline
    hocon (1.4.0)
    httpclient (2.9.0)
      mutex_m
    io-console (0.8.1)
    jmespath (1.6.2)
    json (2.13.2)
    jwt (2.10.2)
      base64
    little-plugger (1.1.4)
    locale (2.1.4)
    log4r (1.1.10)
    logger (1.7.0)
    logging (2.4.0)
      little-plugger (~> 1.1)
      multi_json (~> 1.14)
    minitar (0.12.1)
    molinillo (0.8.0)
    multi_json (1.17.0)
    mutex_m (0.3.0)
    net-http (0.6.0)
      uri
    net-http-persistent (4.0.6)
      connection_pool (~> 2.2, >= 2.2.4)
    net-scp (4.1.0)
      net-ssh (>= 2.6.5, < 8.0.0)
    net-ssh (7.3.0)
    net-ssh-krb (0.5.1)
      gssapi (~> 1.3.0)
      net-ssh (>= 2.0)
    nkf (0.2.0)
    nori (2.7.1)
      bigdecimal
    optimist (3.2.1)
    orchestrator_client (0.7.1)
      faraday (>= 1.4, < 3.0)
      faraday-net_http_persistent (>= 1.0, < 3.0)
    prime (0.1.4)
      forwardable
      singleton
    public_suffix (6.0.2)
    puppet (8.10.0)
      concurrent-ruby (~> 1.0)
      deep_merge (~> 1.0)
      facter (>= 4.3.0, < 5)
      fast_gettext (>= 2.1, < 4)
      getoptlong (~> 0.2.0)
      locale (~> 2.1)
      multi_json (~> 1.13)
      puppet-resource_api (~> 1.5)
      scanf (~> 1.0)
      semantic_puppet (~> 1.0)
    puppet-resource_api (1.9.0)
      hocon (>= 1.0)
    puppet-strings (4.1.3)
      rgen (~> 0.9)
      yard (~> 0.9, < 0.9.37)
    puppet_forge (5.0.4)
      faraday (~> 2.0)
      faraday-follow_redirects (~> 0.3.0)
      minitar (< 1.0.0)
      semantic_puppet (~> 1.0)
    puppetfile-resolver (0.6.3)
      molinillo (~> 0.6)
      semantic_puppet (~> 1.0)
    r10k (4.1.0)
      colored2 (= 3.1.2)
      cri (>= 2.15.10)
      gettext-setup (>= 0.24, < 2.0)
      jwt (>= 2.2.3, < 3)
      log4r (= 1.1.10)
      minitar (~> 0.9)
      multi_json (~> 1.10)
      puppet_forge (>= 4.1, < 6)
    racc (1.8.1)
    reline (0.6.2)
      io-console (~> 0.5)
    rexml (3.4.1)
    rgen (0.10.2)
    ruby_smb (1.1.0)
      bindata
      rubyntlm
      windows_error
    rubyntlm (0.6.5)
      base64
    rubyzip (2.4.1)
    scanf (1.0.0)
    semantic_puppet (1.1.1)
    singleton (0.3.0)
    terminal-table (3.0.2)
      unicode-display_width (>= 1.1.1, < 3)
    text (1.3.1)
    thor (1.2.2)
    unicode-display_width (2.6.0)
    uri (1.0.3)
    windows_error (0.1.5)
    winrm (2.3.9)
      builder (>= 2.1.2)
      erubi (~> 1.8)
      gssapi (~> 1.2)
      gyoku (~> 1.0)
      httpclient (~> 2.2, >= 2.2.0.2)
      logging (>= 1.6.1, < 3.0)
      nori (~> 2.0, >= 2.7.1)
      rexml (~> 3.0)
      rubyntlm (~> 0.6.0, >= 0.6.3)
    winrm-fs (1.3.5)
      erubi (~> 1.8)
      logging (>= 1.6.1, < 3.0)
      rubyzip (~> 2.0)
      winrm (~> 2.0)
    yard (0.9.36)

PLATFORMS
  ruby

DEPENDENCIES
  bolt

BUNDLED WITH
   2.6.9
