GEM
  remote: https://rubygems.org/
  specs:
    Ascii85 (2.0.1)
    addressable (2.8.7)
      public_suffix (>= 2.0.2, < 7.0)
    afm (0.2.2)
    asciidoctor (2.0.23)
    asciidoctor-bibtex (0.9.0)
      asciidoctor (~> 2.0)
      bibtex-ruby (~> 6.1)
      citeproc-ruby (~> 1)
      csl-styles (~> 1)
      latex-decode (~> 0.2)
    asciidoctor-diagram (3.0.0)
      asciidoctor (>= 1.5.7, < 3.x)
      rexml
    asciidoctor-epub3 (2.2.0)
      asciidoctor (~> 2.0)
      gepub (~> 1.0.0)
      mime-types (~> 3.0)
      sass
    asciidoctor-html5s (0.5.1)
      asciidoctor (>= 1.5.7, < 3.0)
      thread_safe (~> 0.3.4)
    asciidoctor-mathematical (0.3.5)
      asciidoctor (~> 2.0)
      asciimath (~> 2.0)
      mathematical (~> 1.6.0)
    asciidoctor-multipage (0.0.19)
      asciidoctor (>= 2.0.11, < 2.1)
    asciidoctor-pdf (2.3.19)
      asciidoctor (~> 2.0)
      concurrent-ruby (~> 1.1)
      matrix (~> 0.4)
      prawn (~> 2.4.0)
      prawn-icon (~> 3.0.0)
      prawn-svg (~> 0.34.0)
      prawn-table (~> 0.2.0)
      prawn-templates (~> 0.1.0)
      treetop (~> 1.6.0)
      ttfunk (~> 1.7.0)
    asciidoctor-reducer (1.1.2)
      asciidoctor (~> 2.0)
    asciidoctor-revealjs (5.2.0)
      asciidoctor (>= 2.0.0, < 3.0.0)
    asciimath (2.0.6)
    bibtex-ruby (6.1.0)
      latex-decode (~> 0.0)
      racc (~> 1.7)
    citeproc (1.1.0)
      date
      forwardable
      json
      namae (~> 1.0)
      observer (< 1.0)
      open-uri (< 1.0)
    citeproc-ruby (1.1.14)
      citeproc (~> 1.0, >= 1.0.9)
      csl (~> 1.6)
    coderay (1.1.3)
    concurrent-ruby (1.3.5)
    csl (1.6.0)
      namae (~> 1.0)
      rexml
    csl-styles (1.0.1.11)
      csl (~> 1.0)
    css_parser (1.21.1)
      addressable
    date (3.4.1)
    ffi (1.17.2)
    forwardable (1.3.3)
    gepub (1.0.17)
      nokogiri (>= 1.8.2, < 2.0)
      rubyzip (> 1.1.1, < 2.4)
    hashery (2.1.2)
    json (2.11.3)
    latex-decode (0.4.0)
    logger (1.7.0)
    mathematical (1.6.20)
      ruby-enum (>= 0.4, < 2.0)
    matrix (0.4.2)
    mime-types (3.7.0)
      logger
      mime-types-data (~> 3.2025, >= 3.2025.0507)
    mime-types-data (3.2025.0507)
    mini_portile2 (2.8.8)
    namae (1.2.0)
      racc (~> 1.7)
    nokogiri (1.18.8)
      mini_portile2 (~> 2.8.2)
      racc (~> 1.4)
    observer (0.1.2)
    open-uri (0.5.0)
      stringio
      time
      uri
    pdf-core (0.9.0)
    pdf-reader (2.14.1)
      Ascii85 (>= 1.0, < 3.0, != 2.0.0)
      afm (~> 0.2.1)
      hashery (~> 2.0)
      ruby-rc4
      ttfunk
    polyglot (0.3.5)
    prawn (2.4.0)
      pdf-core (~> 0.9.0)
      ttfunk (~> 1.7)
    prawn-icon (3.0.0)
      prawn (>= 1.1.0, < 3.0.0)
    prawn-svg (0.34.2)
      css_parser (~> 1.6)
      matrix (~> 0.4.2)
      prawn (>= 0.11.1, < 3)
      rexml (~> 3.2)
    prawn-table (0.2.2)
      prawn (>= 1.3.0, < 3.0.0)
    prawn-templates (0.1.2)
      pdf-reader (~> 2.0)
      prawn (~> 2.2)
    public_suffix (6.0.2)
    pygments.rb (3.0.0)
    racc (1.8.1)
    rb-fsevent (0.11.2)
    rb-inotify (0.11.1)
      ffi (~> 1.0)
    rexml (3.4.1)
    rouge (4.5.2)
    ruby-enum (1.0.0)
    ruby-rc4 (0.1.5)
    rubyzip (2.3.2)
    sass (3.7.4)
      sass-listen (~> 4.0.0)
    sass-listen (4.0.0)
      rb-fsevent (~> 0.9, >= 0.9.4)
      rb-inotify (~> 0.9, >= 0.9.7)
    stringio (3.1.7)
    thread_safe (0.3.6)
    time (0.4.1)
      date
    treetop (1.6.14)
      polyglot (~> 0.3)
    ttfunk (1.7.0)
    uri (1.0.3)

PLATFORMS
  ruby

DEPENDENCIES
  asciidoctor
  asciidoctor-bibtex
  asciidoctor-diagram
  asciidoctor-epub3
  asciidoctor-html5s
  asciidoctor-mathematical
  asciidoctor-multipage
  asciidoctor-pdf
  asciidoctor-reducer
  asciidoctor-revealjs
  coderay
  pygments.rb
  rouge

BUNDLED WITH
   2.6.6
