GEM
  remote: https://rubygems.org/
  specs:
    colored (1.2)
    cri (2.6.1)
      colored (~> 1.2)
    faraday (0.9.2)
      multipart-post (>= 1.2, < 3)
    faraday_middleware (0.10.0)
      faraday (>= 0.7.4, < 0.10)
    fast_gettext (1.1.0)
    gettext (3.2.2)
      locale (>= 2.0.5)
      text (>= 1.3.0)
    gettext-setup (0.7)
      fast_gettext (~> 1.1.0)
      gettext (>= 3.0.2)
    locale (2.1.2)
    log4r (1.1.10)
    minitar (0.5.4)
    multi_json (1.12.1)
    multipart-post (2.0.0)
    puppet_forge (2.2.2)
      faraday (~> 0.9.0)
      faraday_middleware (>= 0.9.0, < 0.11.0)
      gettext-setup (>= 0.3)
      minitar
      semantic_puppet (~> 0.1.0)
    r10k (2.4.3)
      colored (= 1.2)
      cri (~> 2.6.1)
      gettext-setup (~> 0.5)
      log4r (= 1.1.10)
      minitar
      multi_json (~> 1.10)
      puppet_forge (~> 2.2)
      semantic_puppet (~> 0.1.0)
    semantic_puppet (0.1.4)
      gettext-setup (>= 0.3)
    text (1.3.1)

PLATFORMS
  ruby

DEPENDENCIES
  r10k

BUNDLED WITH
   1.12.5
