GEM
  remote: https://rubygems.org/
  specs:
    CFPropertyList (2.3.6)
    addressable (2.8.0)
      public_suffix (>= 2.0.2, < 5.0)
    aws-eventstream (1.2.0)
    aws-partitions (1.607.0)
    aws-sdk-core (3.131.2)
      aws-eventstream (~> 1, >= 1.0.2)
      aws-partitions (~> 1, >= 1.525.0)
      aws-sigv4 (~> 1.1)
      jmespath (~> 1, >= 1.6.1)
    aws-sdk-ec2 (1.322.0)
      aws-sdk-core (~> 3, >= 3.127.0)
      aws-sigv4 (~> 1.1)
    aws-sigv4 (1.5.0)
      aws-eventstream (~> 1, >= 1.0.2)
    bindata (2.4.10)
    bolt (3.24.0)
      CFPropertyList (~> 2.2)
      addressable (~> 2.5)
      aws-sdk-ec2 (~> 1)
      concurrent-ruby (~> 1.0)
      ffi (>= 1.9.25, < 2.0.0)
      hiera-eyaml (~> 3)
      jwt (~> 2.2)
      logging (~> 2.2)
      minitar (~> 0.6)
      net-scp (~> 1.2)
      net-ssh (>= 4.0, < 7.0)
      net-ssh-krb (~> 0.5)
      orchestrator_client (~> 0.5)
      puppet (>= 6.18.0)
      puppet-resource_api (>= 1.8.1)
      puppet-strings (~> 2.3)
      puppetfile-resolver (~> 0.5)
      r10k (~> 3.10)
      ruby_smb (~> 1.0)
      terminal-table (~> 3.0)
      winrm (~> 2.0)
      winrm-fs (~> 1.3)
    builder (3.2.4)
    colored2 (3.1.2)
    concurrent-ruby (1.1.10)
    connection_pool (2.2.5)
    cri (2.15.11)
    deep_merge (1.2.2)
    erubi (1.10.0)
    facter (4.2.10)
      hocon (~> 1.3)
      thor (>= 1.0.1, < 2.0)
    faraday (1.10.0)
      faraday-em_http (~> 1.0)
      faraday-em_synchrony (~> 1.0)
      faraday-excon (~> 1.1)
      faraday-httpclient (~> 1.0)
      faraday-multipart (~> 1.0)
      faraday-net_http (~> 1.0)
      faraday-net_http_persistent (~> 1.0)
      faraday-patron (~> 1.0)
      faraday-rack (~> 1.0)
      faraday-retry (~> 1.0)
      ruby2_keywords (>= 0.0.4)
    faraday-em_http (1.0.0)
    faraday-em_synchrony (1.0.0)
    faraday-excon (1.1.0)
    faraday-httpclient (1.0.1)
    faraday-multipart (1.0.4)
      multipart-post (~> 2)
    faraday-net_http (1.0.1)
    faraday-net_http_persistent (1.2.0)
    faraday-patron (1.0.0)
    faraday-rack (1.0.0)
    faraday-retry (1.0.3)
    faraday_middleware (1.2.0)
      faraday (~> 1.0)
    fast_gettext (1.1.2)
    ffi (1.15.5)
    gettext (3.2.9)
      locale (>= 2.0.5)
      text (>= 1.3.0)
    gettext-setup (0.34)
      fast_gettext (~> 1.1.0)
      gettext (>= 3.0.2, < 3.3.0)
      locale
    gssapi (1.3.1)
      ffi (>= 1.0.1)
    gyoku (1.4.0)
      builder (>= 2.1.2)
      rexml (~> 3.0)
    hiera (3.9.0)
    hiera-eyaml (3.3.0)
      highline
      optimist
    highline (2.0.3)
    hocon (1.3.1)
    httpclient (2.8.3)
    jmespath (1.6.1)
    jwt (2.2.3)
    little-plugger (1.1.4)
    locale (2.1.3)
    log4r (1.1.10)
    logging (2.3.1)
      little-plugger (~> 1.1)
      multi_json (~> 1.14)
    minitar (0.9)
    molinillo (0.8.0)
    multi_json (1.15.0)
    multipart-post (2.2.3)
    net-http-persistent (4.0.1)
      connection_pool (~> 2.2)
    net-scp (1.2.1)
      net-ssh (>= 2.6.5)
    net-ssh (6.1.0)
    net-ssh-krb (0.5.1)
      gssapi (~> 1.3.0)
      net-ssh (>= 2.0)
    nori (2.6.0)
    optimist (3.0.1)
    orchestrator_client (0.6.1)
      faraday (~> 1.4)
      net-http-persistent (~> 4.0)
    public_suffix (4.0.7)
    puppet (7.17.0)
      concurrent-ruby (~> 1.0)
      deep_merge (~> 1.0)
      facter (> 2.0.1, < 5)
      fast_gettext (>= 1.1, < 3)
      hiera (>= 3.2.1, < 4)
      locale (~> 2.1)
      multi_json (~> 1.10)
      puppet-resource_api (~> 1.5)
      scanf (~> 1.0)
      semantic_puppet (~> 1.0)
    puppet-resource_api (1.8.14)
      hocon (>= 1.0)
    puppet-strings (2.9.0)
      rgen
      yard (~> 0.9.5)
    puppet_forge (3.2.0)
      faraday (~> 1.3)
      faraday_middleware (~> 1.0)
      minitar
      semantic_puppet (~> 1.0)
    puppetfile-resolver (0.6.1)
      molinillo (~> 0.6)
      semantic_puppet (~> 1.0)
    r10k (3.15.0)
      colored2 (= 3.1.2)
      cri (>= 2.15.10)
      fast_gettext (>= 1.1.0, < 3.0.0)
      gettext (>= 3.0.2, < 4.0.0)
      gettext-setup (~> 0.24)
      jwt (~> 2.2.3)
      log4r (= 1.1.10)
      minitar (~> 0.9)
      multi_json (~> 1.10)
      puppet_forge (>= 2.3.0)
    rexml (3.2.5)
    rgen (0.9.0)
    ruby2_keywords (0.0.5)
    ruby_smb (1.1.0)
      bindata
      rubyntlm
      windows_error
    rubyntlm (0.6.3)
    rubyzip (2.3.2)
    scanf (1.0.0)
    semantic_puppet (1.0.4)
    terminal-table (3.0.2)
      unicode-display_width (>= 1.1.1, < 3)
    text (1.3.1)
    thor (1.2.1)
    unicode-display_width (2.2.0)
    webrick (1.7.0)
    windows_error (0.1.4)
    winrm (2.3.6)
      builder (>= 2.1.2)
      erubi (~> 1.8)
      gssapi (~> 1.2)
      gyoku (~> 1.0)
      httpclient (~> 2.2, >= 2.2.0.2)
      logging (>= 1.6.1, < 3.0)
      nori (~> 2.0)
      rubyntlm (~> 0.6.0, >= 0.6.3)
    winrm-fs (1.3.5)
      erubi (~> 1.8)
      logging (>= 1.6.1, < 3.0)
      rubyzip (~> 2.0)
      winrm (~> 2.0)
    yard (0.9.28)
      webrick (~> 1.7.0)

PLATFORMS
  ruby

DEPENDENCIES
  bolt

BUNDLED WITH
   2.3.9
