GEM
  remote: https://rubygems.org/
  specs:
    bettercap (1.6.2)
      colorize (~> 0.8.0)
      em-proxy (~> 0.1, >= 0.1.8)
      net-dns (~> 0.8, >= 0.8.0)
      network_interface (~> 0.0, >= 0.0.1)
      packetfu (~> 1.1, >= 1.1.10)
      pcaprub (~> 0.12, >= 0.12.0, <= 1.1.11)
      rubydns (~> 1.0, >= 1.0.3)
    celluloid (0.16.0)
      timers (~> 4.0.0)
    celluloid-io (0.16.2)
      celluloid (>= 0.16.0)
      nio4r (>= 1.1.0)
    colorize (0.8.1)
    em-proxy (0.1.9)
      eventmachine
    eventmachine (1.2.5)
    hitimes (1.2.6)
    net-dns (0.8.0)
    network_interface (0.0.2)
    nio4r (2.2.0)
    packetfu (1.1.13)
      pcaprub
    pcaprub (0.12.4)
    rubydns (1.0.3)
      celluloid (= 0.16.0)
      celluloid-io (= 0.16.2)
      timers (~> 4.0.1)
    timers (4.0.4)
      hitimes

PLATFORMS
  ruby

DEPENDENCIES
  bettercap

BUNDLED WITH
   1.14.6
