GEM
  remote: https://rubygems.org/
  specs:
    addressable (2.3.7)
    buftok (0.2.0)
    equalizer (0.0.9)
    faraday (0.9.1)
      multipart-post (>= 1.2, < 3)
    geokit (1.9.0)
      multi_json (>= 1.3.2)
    htmlentities (4.3.3)
    http (0.6.3)
      http_parser.rb (~> 0.6.0)
    http_parser.rb (0.6.0)
    json (1.8.2)
    launchy (2.4.3)
      addressable (~> 2.3)
    memoizable (0.4.2)
      thread_safe (~> 0.3, >= 0.3.1)
    multi_json (1.11.0)
    multipart-post (2.0.0)
    naught (1.0.0)
    oauth (0.4.7)
    retryable (2.0.1)
    simple_oauth (0.3.1)
    t (2.9.0)
      geokit (>= 1.8.3, < 2)
      htmlentities (~> 4.3)
      launchy (~> 2.4)
      oauth (~> 0.4.7)
      retryable (~> 2.0)
      thor (>= 0.19.1, < 2)
      twitter (~> 5.13)
    thor (0.19.1)
    thread_safe (0.3.5)
    twitter (5.14.0)
      addressable (~> 2.3)
      buftok (~> 0.2.0)
      equalizer (~> 0.0.9)
      faraday (~> 0.9.0)
      http (~> 0.6.0)
      http_parser.rb (~> 0.6.0)
      json (~> 1.8)
      memoizable (~> 0.4.0)
      naught (~> 1.0)
      simple_oauth (~> 0.3.0)

PLATFORMS
  ruby

DEPENDENCIES
  t
