PATH
  remote: .
  specs:
    git_fame (2.5.2)
      hirb (~> 0.7.3)
      memoist (~> 0.14.0)
      method_profiler (~> 2.0.1)
      progressbar (~> 0.21.0)
      scrub_rb (~> 1.0.1)
      trollop (~> 2.1.2)

GEM
  remote: https://rubygems.org/
  specs:
    colorize (0.8.1)
    coveralls (0.8.21)
      json (>= 1.8, < 3)
      simplecov (~> 0.14.1)
      term-ansicolor (~> 1.3)
      thor (~> 0.19.4)
      tins (~> 1.6)
    diff-lcs (1.3)
    docile (1.1.5)
    hirb (0.7.3)
    json (1.8.6)
    memoist (0.14.0)
    method_profiler (2.0.1)
      hirb (>= 0.6.0)
    progressbar (0.21.0)
    rake (10.4.2)
    rspec (3.4.0)
      rspec-core (~> 3.4.0)
      rspec-expectations (~> 3.4.0)
      rspec-mocks (~> 3.4.0)
    rspec-collection_matchers (1.1.3)
      rspec-expectations (>= 2.99.0.beta1)
    rspec-core (3.4.4)
      rspec-support (~> 3.4.0)
    rspec-expectations (3.4.0)
      diff-lcs (>= 1.2.0, < 2.0)
      rspec-support (~> 3.4.0)
    rspec-mocks (3.4.1)
      diff-lcs (>= 1.2.0, < 2.0)
      rspec-support (~> 3.4.0)
    rspec-support (3.4.1)
    scrub_rb (1.0.1)
    simplecov (0.14.1)
      docile (~> 1.1.0)
      json (>= 1.8, < 3)
      simplecov-html (~> 0.10.0)
    simplecov-html (0.10.1)
    term-ansicolor (1.3.2)
      tins (~> 1.0)
    thor (0.19.4)
    tins (1.6.0)
    trollop (2.1.2)

PLATFORMS
  ruby

DEPENDENCIES
  colorize
  coveralls (~> 0.8.1)
  git_fame!
  json (~> 1.8.3)
  rake (~> 10.4.2)
  rspec (~> 3.4.0)
  rspec-collection_matchers (~> 1.1.2)
  term-ansicolor (~> 1.3.2)
  tins (~> 1.6.0)

BUNDLED WITH
   1.14.6
