GEM
  remote: https://rubygems.org/
  specs:
    addressable (2.8.7)
      public_suffix (>= 2.0.2, < 7.0)
    clocale (0.0.4)
    colorls (1.5.0)
      addressable (~> 2.7)
      clocale (~> 0)
      filesize (~> 0)
      manpages (~> 0)
      rainbow (>= 2.2, < 4.0)
      unicode-display_width (>= 1.7, < 3.0)
    filesize (0.2.0)
    manpages (0.6.1)
    public_suffix (6.0.1)
    rainbow (3.1.1)
    unicode-display_width (2.6.0)

PLATFORMS
  ruby

DEPENDENCIES
  colorls

BUNDLED WITH
   2.5.22
