GEM
  remote: https://rubygems.org/
  specs:
    rufo (0.16.2)

PLATFORMS
  ruby

DEPENDENCIES
  rufo

BUNDLED WITH
   2.4.20
