GEM
  remote: https://rubygems.org/
  specs:
    addressable (2.7.0)
      public_suffix (>= 2.0.2, < 5.0)
    atk (3.4.1)
      glib2 (= 3.4.1)
    cairo (1.16.4)
      native-package-installer (>= 1.0.3)
      pkg-config (>= 1.2.2)
    cairo-gobject (3.4.1)
      cairo (>= 1.16.2)
      glib2 (= 3.4.1)
    crack (0.4.3)
      safe_yaml (~> 1.0.0)
    delayer (1.0.1)
    delayer-deferred (2.1.1)
      delayer (>= 1.0, < 2.0)
    diva (1.0.1)
      addressable (>= 2.5.2, < 2.8)
    gdk_pixbuf2 (3.4.1)
      gio2 (= 3.4.1)
    gettext (3.2.9)
      locale (>= 2.0.5)
      text (>= 1.3.0)
    gio2 (3.4.1)
      gobject-introspection (= 3.4.1)
    glib2 (3.4.1)
      native-package-installer (>= 1.0.3)
      pkg-config (>= 1.3.5)
    gobject-introspection (3.4.1)
      glib2 (= 3.4.1)
    gtk2 (3.4.1)
      atk (= 3.4.1)
      gdk_pixbuf2 (= 3.4.1)
      pango (= 3.4.1)
    hashdiff (1.0.0)
    httpclient (2.8.3)
    instance_storage (1.0.0)
    io-console (0.5.3)
    irb (1.2.1)
      reline (>= 0.0.1)
    locale (2.1.2)
    memoist (0.16.2)
    mini_portile2 (2.4.0)
    mocha (1.11.1)
    moneta (1.2.1)
    native-package-installer (1.0.9)
    nokogiri (1.10.7)
      mini_portile2 (~> 2.4.0)
    oauth (0.5.4)
    pango (3.4.1)
      cairo-gobject (= 3.4.1)
      gobject-introspection (= 3.4.1)
    pkg-config (1.4.0)
    pluggaloid (1.2.0)
      delayer (>= 1.0.0, < 2.0)
      instance_storage (>= 1.0.0, < 2.0.0)
    power_assert (1.1.5)
    public_suffix (4.0.1)
    rake (13.0.1)
    reline (0.1.2)
      io-console (~> 0.5)
    ruby-prof (1.1.0)
    safe_yaml (1.0.5)
    test-unit (3.3.4)
      power_assert
    text (1.3.1)
    typed-array (0.1.2)
    webmock (3.7.6)
      addressable (>= 2.3.6)
      crack (>= 0.3.2)
      hashdiff (>= 0.4.0, < 2.0.0)

PLATFORMS
  ruby

DEPENDENCIES
  addressable (>= 2.7.0, < 2.8)
  delayer (>= 1.0.1, < 1.1)
  delayer-deferred (>= 2.1.1, < 2.2)
  diva (>= 1.0.1, < 1.1)
  gettext (>= 3.2.9, < 3.3)
  gtk2 (= 3.4.1)
  httpclient
  irb (>= 1.2.0, < 1.3)
  memoist (>= 0.16.2, < 0.17)
  mocha (>= 1.11.1)
  moneta
  nokogiri
  oauth (>= 0.5.4)
  pluggaloid (>= 1.2.0, < 1.3)
  rake (>= 13.0.1)
  ruby-prof (>= 1.1.0)
  test-unit (>= 3.3.4, < 4.0)
  typed-array (>= 0.1.2, < 0.2)
  webmock (>= 3.7.6)

RUBY VERSION
   ruby 2.7.0p0

BUNDLED WITH
   2.1.2
