GEM
  remote: https://rubygems.org/
  specs:
    enumerable-statistics (2.0.7)
    unicode_plot (0.0.5)
      enumerable-statistics (>= 2.0.1)
    youplot (0.4.5)
      unicode_plot (>= 0.0.5)

PLATFORMS
  arm64-darwin-22
  ruby

DEPENDENCIES
  youplot

BUNDLED WITH
   2.5.3
