GEM
  remote: https://rubygems.org/
  specs:
    ceedling (1.0.0)
      constructor (~> 2)
      deep_merge (~> 1.2)
      diy (~> 1.1)
      rake (>= 12, < 14)
      thor (~> 1.3)
      unicode-display_width (~> 3.1)
    constructor (2.0.0)
    deep_merge (1.2.2)
    diy (1.1.2)
      constructor (>= 1.0.0)
    rake (13.2.1)
    thor (1.3.2)
    unicode-display_width (3.1.4)
      unicode-emoji (~> 4.0, >= 4.0.4)
    unicode-emoji (4.0.4)

PLATFORMS
  ruby
  x86_64-linux

DEPENDENCIES
  ceedling

BUNDLED WITH
   2.5.22
