GEM
  remote: https://rubygems.org/
  specs:
    abnc (0.1.0)
    cbor-diag (0.5.6)
      json
      neatjson
      treetop (~> 1)
    cddl (0.8.9)
      abnc
      cbor-diag
      colorize
      json
      regexp-examples
    colorize (0.8.1)
    json (2.2.0)
    neatjson (0.9)
    polyglot (0.3.5)
    regexp-examples (1.5.0)
    treetop (1.6.10)
      polyglot (~> 0.3)

PLATFORMS
  ruby

DEPENDENCIES
  cddl

BUNDLED WITH
   2.1.4
