GEM
  remote: https://rubygems.org/
  specs:
    abnc (0.1.1)
    abnftt (0.2.4)
    base32 (0.3.4)
    cbor-canonical (0.1.2)
    cbor-deterministic (0.1.3)
    cbor-diag (0.8.7)
      cbor-canonical
      cbor-deterministic
      cbor-packed
      json_pure
      neatjson
      treetop (~> 1)
    cbor-packed (0.1.5)
    cddl (0.10.3)
      abnc
      abnftt
      base32 (~> 0.3)
      cbor-diag
      colorize
      json_pure
      regexp-examples
    colorize (1.1.0)
    json_pure (2.7.1)
    neatjson (0.10.5)
    polyglot (0.3.5)
    regexp-examples (1.5.1)
    treetop (1.6.12)
      polyglot (~> 0.3)

PLATFORMS
  ruby

DEPENDENCIES
  cddl

BUNDLED WITH
   2.3.25
