PATH
  remote: .
  specs:
    docbookrx (1.0.0.dev)
      nokogiri (~> 1.11.7)

GEM
  remote: https://rubygems.org/
  specs:
    diff-lcs (1.4.4)
    nokogiri (1.11.7-x86_64-linux)
      racc (~> 1.4)
    racc (1.6.0)
    rake (13.0.6)
    rspec (3.9.0)
      rspec-core (~> 3.9.0)
      rspec-expectations (~> 3.9.0)
      rspec-mocks (~> 3.9.0)
    rspec-core (3.9.3)
      rspec-support (~> 3.9.3)
    rspec-expectations (3.9.4)
      diff-lcs (>= 1.2.0, < 2.0)
      rspec-support (~> 3.9.0)
    rspec-mocks (3.9.1)
      diff-lcs (>= 1.2.0, < 2.0)
      rspec-support (~> 3.9.0)
    rspec-support (3.9.4)

PLATFORMS
  ruby

DEPENDENCIES
  docbookrx!
  rake (~> 13.0.0)
  rspec (~> 3.9.0)

BUNDLED WITH
   2.2.24
