GEM
  remote: https://rubygems.org/
  specs:
    clocale (0.0.4)
    colorls (1.2.0)
      clocale (~> 0)
      filesize (~> 0)
      manpages (~> 0)
      rainbow (>= 2.2, < 4.0)
    filesize (0.2.0)
    manpages (0.6.1)
    rainbow (3.0.0)

PLATFORMS
  ruby

DEPENDENCIES
  colorls

BUNDLED WITH
   1.17.2
