GEM
  remote: https://rubygems.org/
  specs:
    brakeman (7.1.0)
      racc
    racc (1.8.1)

PLATFORMS
  ruby

DEPENDENCIES
  brakeman

BUNDLED WITH
   2.6.9
