GIT
  remote: https://github.com/cstrahan/bundix.git
  revision: c879cf901ff8084b4c97aaacfb5ecbdb0f95cc03
  ref: v1.0.3
  specs:
    bundix (1.0.2)
      thor (~> 0.19.1)

GEM
  remote: http://rubygems.org/
  specs:
    thor (0.19.1)

PLATFORMS
  ruby

DEPENDENCIES
  bundix!
