GEM
  remote: https://rubygems.org/
  specs:
    addressable (2.8.7)
      public_suffix (>= 2.0.2, < 7.0)
    commonmarker (0.23.11)
    concurrent-ruby (1.3.5)
    csv (3.3.2)
    daemons (1.4.1)
    em-websocket (0.3.8)
      addressable (>= 2.1.1)
      eventmachine (>= 0.12.9)
    eventmachine (1.2.7)
    fidget (0.0.6)
      ruby-dbus (< 0.15.0)
    gli (2.22.2)
      ostruct
    htmlentities (4.3.4)
    i18n (1.14.7)
      concurrent-ruby (~> 1.0)
    iso-639 (0.3.8)
      csv
    json (2.10.1)
    mini_portile2 (2.8.8)
    mustermann (2.0.2)
      ruby2_keywords (~> 0.0.1)
    nokogiri (1.18.3)
      mini_portile2 (~> 2.8.2)
      racc (~> 1.4)
    nokogiri (1.18.3-aarch64-linux-gnu)
      racc (~> 1.4)
    nokogiri (1.18.3-aarch64-linux-musl)
      racc (~> 1.4)
    nokogiri (1.18.3-arm-linux-gnu)
      racc (~> 1.4)
    nokogiri (1.18.3-arm-linux-musl)
      racc (~> 1.4)
    nokogiri (1.18.3-arm64-darwin)
      racc (~> 1.4)
    nokogiri (1.18.3-x86_64-darwin)
      racc (~> 1.4)
    nokogiri (1.18.3-x86_64-linux-gnu)
      racc (~> 1.4)
    nokogiri (1.18.3-x86_64-linux-musl)
      racc (~> 1.4)
    ostruct (0.6.1)
    parslet (2.0.0)
    public_suffix (6.0.1)
    racc (1.8.1)
    rack (2.2.13)
    rack-contrib (2.5.0)
      rack (< 4)
    rack-protection (2.2.4)
      rack
    redcarpet (3.6.1)
    ruby-dbus (0.14.1)
    ruby2_keywords (0.0.5)
    showoff (0.20.4)
      commonmarker (~> 0.21)
      fidget (~> 0.0)
      gli (~> 2.20)
      htmlentities (~> 4.3)
      i18n (~> 1.8)
      iso-639 (~> 0.3)
      json (~> 2.5)
      nokogiri (~> 1.11)
      parslet (~> 2.0)
      rack-contrib (~> 2.3)
      redcarpet (~> 3.5)
      sinatra (~> 2.1)
      sinatra-websocket (~> 0.3)
      tilt (~> 2.0)
    sinatra (2.2.4)
      mustermann (~> 2.0)
      rack (~> 2.2)
      rack-protection (= 2.2.4)
      tilt (~> 2.0)
    sinatra-websocket (0.3.1)
      em-websocket (~> 0.3.6)
      eventmachine
      thin (>= 1.3.1, < 2.0.0)
    thin (1.8.2)
      daemons (~> 1.0, >= 1.0.9)
      eventmachine (~> 1.0, >= 1.0.4)
      rack (>= 1, < 3)
    tilt (2.6.0)

PLATFORMS
  aarch64-linux-gnu
  aarch64-linux-musl
  arm-linux-gnu
  arm-linux-musl
  arm64-darwin
  ruby
  x86_64-darwin
  x86_64-linux-gnu
  x86_64-linux-musl

DEPENDENCIES
  showoff

BUNDLED WITH
   2.6.2
