GEM
  remote: https://rubygems.org/
  specs:
    fusuma (3.9.0)
    fusuma-plugin-appmatcher (0.8.0)
      fusuma (>= 3.0)
      rexml
      ruby-dbus
    fusuma-plugin-keypress (0.11.0)
      fusuma (>= 3.1)
    fusuma-plugin-sendkey (0.14.0)
      fusuma (>= 3.1)
      revdev
    fusuma-plugin-wmctrl (1.4.2)
      fusuma (>= 3.1)
    logger (1.7.0)
    revdev (0.2.1)
    rexml (3.4.1)
    ruby-dbus (0.25.0)
      logger
      rexml

PLATFORMS
  ruby

DEPENDENCIES
  fusuma (>= 3.0.0)
  fusuma-plugin-appmatcher
  fusuma-plugin-keypress
  fusuma-plugin-sendkey
  fusuma-plugin-wmctrl

BUNDLED WITH
   2.6.6
