GEM
  remote: https://rubygems.org/
  specs:
    base64 (0.2.0)
    colored2 (3.1.2)
    cri (2.15.12)
    erubi (1.13.0)
    faraday (2.10.1)
      faraday-net_http (>= 2.0, < 3.2)
      logger
    faraday-follow_redirects (0.3.0)
      faraday (>= 1, < 3)
    faraday-net_http (3.1.1)
      net-http
    fast_gettext (2.4.0)
      prime
    forwardable (1.3.3)
    gettext (3.4.9)
      erubi
      locale (>= 2.0.5)
      prime
      racc
      text (>= 1.3.0)
    gettext-setup (1.1.0)
      fast_gettext (~> 2.1)
      gettext (~> 3.4)
      locale
    jwt (2.8.2)
      base64
    locale (2.1.4)
    log4r (1.1.10)
    logger (1.6.0)
    minitar (0.12.1)
    multi_json (1.15.0)
    net-http (0.4.1)
      uri
    prime (0.1.2)
      forwardable
      singleton
    puppet_forge (5.0.4)
      faraday (~> 2.0)
      faraday-follow_redirects (~> 0.3.0)
      minitar (< 1.0.0)
      semantic_puppet (~> 1.0)
    r10k (4.1.0)
      colored2 (= 3.1.2)
      cri (>= 2.15.10)
      gettext-setup (>= 0.24, < 2.0)
      jwt (>= 2.2.3, < 3)
      log4r (= 1.1.10)
      minitar (~> 0.9)
      multi_json (~> 1.10)
      puppet_forge (>= 4.1, < 6)
    racc (1.8.1)
    semantic_puppet (1.1.0)
    singleton (0.2.0)
    text (1.3.1)
    uri (0.13.0)

PLATFORMS
  ruby

DEPENDENCIES
  r10k

BUNDLED WITH
   2.5.16
