GEM
  remote: https://rubygems.org/
  specs:
    bashly (1.1.1)
      colsole (>= 0.8.1, < 2)
      completely (~> 0.6.1)
      filewatcher (~> 2.0)
      gtx (~> 0.1)
      lp (~> 0.2)
      mister_bin (~> 0.7)
      psych (>= 3.3.2, < 7)
      tty-markdown (~> 0.7)
    colsole (1.0.0)
    completely (0.6.1)
      colsole (>= 0.8.1, < 2)
      mister_bin (~> 0.7)
    docopt_ng (0.7.1)
    filewatcher (2.1.0)
      module_methods (~> 0.1.0)
    gtx (0.1.0)
    kramdown (2.4.0)
      rexml
    lp (0.2.1)
    mister_bin (0.7.6)
      colsole (>= 0.8.1, < 2)
      docopt_ng (~> 0.7, >= 0.7.1)
    module_methods (0.1.0)
    pastel (0.8.0)
      tty-color (~> 0.5)
    psych (5.1.1.1)
      stringio
    rexml (3.2.6)
    rouge (4.1.3)
    stringio (3.0.8)
    strings (0.2.1)
      strings-ansi (~> 0.2)
      unicode-display_width (>= 1.5, < 3.0)
      unicode_utils (~> 1.4)
    strings-ansi (0.2.0)
    tty-color (0.6.0)
    tty-markdown (0.7.2)
      kramdown (>= 1.16.2, < 3.0)
      pastel (~> 0.8)
      rouge (>= 3.14, < 5.0)
      strings (~> 0.2.0)
      tty-color (~> 0.5)
      tty-screen (~> 0.8)
    tty-screen (0.8.1)
    unicode-display_width (2.5.0)
    unicode_utils (1.4.0)

PLATFORMS
  x86_64-linux

DEPENDENCIES
  bashly

BUNDLED WITH
   2.3.26
