GEM
  remote: http://rubygems.org/
  specs:
    bcat (0.6.2)
      rack (~> 1.0)
    rack (1.6.8)

PLATFORMS
  ruby

DEPENDENCIES
  bcat

BUNDLED WITH
   1.15.4
