GEM
  remote: https://rubygems.org/
  specs:
    bcat (0.6.2)
      rack (~> 1.0)
    rack (1.6.11)

PLATFORMS
  ruby

DEPENDENCIES
  bcat

BUNDLED WITH
   2.1.4
