GEM
  remote: https://rubygems.org/
  specs:
    git_fame (2.5.2)
      hirb (~> 0.7.3)
      memoist (~> 0.14.0)
      method_profiler (~> 2.0.1)
      progressbar (~> 0.21.0)
      scrub_rb (~> 1.0.1)
      trollop (~> 2.1.2)
    hirb (0.7.3)
    memoist (0.14.0)
    method_profiler (2.0.1)
      hirb (>= 0.6.0)
    progressbar (0.21.0)
    scrub_rb (1.0.1)
    trollop (2.1.2)

PLATFORMS
  ruby

DEPENDENCIES
  git_fame

BUNDLED WITH
   2.1.4
