GEM
  remote: https://rubygems.org/
  specs:
    lolcat (100.0.0)
      manpages (~> 0.6.1)
      optimist (~> 3.0.0)
      paint (~> 2.1.0)
    manpages (0.6.1)
    optimist (3.0.0)
    paint (2.1.1)

PLATFORMS
  ruby

DEPENDENCIES
  lolcat

BUNDLED WITH
   2.1.4
