GEM
  remote: http://rubygems.org/
  specs:
    lolcat (42.1.43)
      paint (~> 1.0.0)
      trollop (~> 2.1.2)
    paint (1.0.1)
    trollop (2.1.2)

PLATFORMS
  ruby

DEPENDENCIES
  lolcat

BUNDLED WITH
   1.10.6
