GEM
  remote: http://rubygems.org/
  specs:
    lolcat (90.8.8)
      paint (~> 2.0.0)
      trollop (~> 2.1.2)
    paint (2.0.1)
    trollop (2.1.2)

PLATFORMS
  ruby

DEPENDENCIES
  lolcat

BUNDLED WITH
   1.14.6
