GEM
  remote: https://rubygems.org/
  specs:
    abbrev (0.1.2)
    highline (2.1.0)
    json_pure (2.8.1)
    thor (1.3.2)
    vimgolf (0.5.0)
      highline (~> 2.0, >= 2.0.3)
      json_pure (~> 2.3, >= 2.3.1)
      thor (~> 1.0, >= 1.0.1)

PLATFORMS
  ruby

DEPENDENCIES
  abbrev (~> 0.1.2)
  vimgolf

BUNDLED WITH
   2.6.6
