GEM
  remote: https://rubygems.org/
  specs:
    fusuma (2.4.1)
    fusuma-plugin-sendkey (0.6.4)
      fusuma (~> 2.0)
      revdev
    revdev (0.2.1)

PLATFORMS
  ruby

DEPENDENCIES
  fusuma-plugin-sendkey

BUNDLED WITH
   2.1.4
