GEM
  remote: https://rubygems.org/
  specs:
    asetus (0.4.0)
    base64 (0.2.0)
    bcrypt_pbkdf (1.1.1)
    bcrypt_pbkdf (1.1.1-arm64-darwin)
    bcrypt_pbkdf (1.1.1-x86_64-darwin)
    charlock_holmes (0.7.9)
    date (3.4.1)
    ed25519 (1.3.0)
    emk-sinatra-url-for (0.2.1)
      sinatra (>= 0.9.1.1)
    haml (6.3.0)
      temple (>= 0.8.2)
      thor
      tilt
    htmlentities (4.3.4)
    json (2.11.3)
    logger (1.7.0)
    multi_json (1.15.0)
    mustermann (3.0.3)
      ruby2_keywords (~> 0.0.1)
    net-ftp (0.3.8)
      net-protocol
      time
    net-http-digest_auth (1.4.1)
    net-protocol (0.2.2)
      timeout
    net-scp (4.1.0)
      net-ssh (>= 2.6.5, < 8.0.0)
    net-ssh (7.3.0)
    net-telnet (0.2.0)
    nio4r (2.7.4)
    ostruct (0.6.1)
    oxidized (0.33.0)
      asetus (~> 0.4)
      bcrypt_pbkdf (~> 1.0)
      ed25519 (~> 1.2)
      net-ftp (~> 0.2)
      net-http-digest_auth (~> 1.4)
      net-scp (~> 4.1)
      net-ssh (~> 7.3)
      net-telnet (~> 0.2)
      ostruct (~> 0.6)
      psych (~> 5.0)
      rugged (~> 1.6)
      slop (~> 4.6)
    oxidized-script (0.7.0)
      oxidized (~> 0.29)
      slop (~> 4.6)
    oxidized-web (0.16.0)
      charlock_holmes (~> 0.7.5)
      emk-sinatra-url-for (~> 0.2)
      haml (~> 6.0)
      htmlentities (~> 4.3)
      json (~> 2.3)
      ostruct (~> 0.6)
      oxidized (~> 0.31)
      puma (>= 3.11.4)
      sinatra (>= 1.4.6)
      sinatra-contrib (>= 1.4.6)
    psych (5.2.3)
      date
      stringio
    puma (6.6.0)
      nio4r (~> 2.0)
    rack (3.1.13)
    rack-protection (4.1.1)
      base64 (>= 0.1.0)
      logger (>= 1.6.0)
      rack (>= 3.0.0, < 4)
    rack-session (2.1.0)
      base64 (>= 0.1.0)
      rack (>= 3.0.0)
    ruby2_keywords (0.0.5)
    rugged (1.9.0)
    sinatra (4.1.1)
      logger (>= 1.6.0)
      mustermann (~> 3.0)
      rack (>= 3.0.0, < 4)
      rack-protection (= 4.1.1)
      rack-session (>= 2.0.0, < 3)
      tilt (~> 2.0)
    sinatra-contrib (4.1.1)
      multi_json (>= 0.0.2)
      mustermann (~> 3.0)
      rack-protection (= 4.1.1)
      sinatra (= 4.1.1)
      tilt (~> 2.0)
    slop (4.10.1)
    stringio (3.1.7)
    temple (0.10.3)
    thor (1.3.2)
    tilt (2.6.0)
    time (0.4.1)
      date
    timeout (0.4.3)

PLATFORMS
  arm64-darwin
  ruby
  x86_64-darwin
  x86_64-linux

DEPENDENCIES
  oxidized (= 0.33.0)
  oxidized-script (= 0.7.0)
  oxidized-web (= 0.16.0)
  psych (~> 5.0)

BUNDLED WITH
   2.5.22
