GEM
  remote: https://rubygems.org/
  specs:
    pg_query (1.1.0)
    sqlint (0.1.9)
      pg_query (~> 1)

PLATFORMS
  ruby

DEPENDENCIES
  sqlint

BUNDLED WITH
   1.17.2
