GEM
  remote: https://rubygems.org/
  specs:
    google-protobuf (3.15.6)
    pg_query (2.0.2)
      google-protobuf (~> 3.15.5)
    sqlint (0.2.0)
      pg_query (~> 2)

PLATFORMS
  ruby

DEPENDENCIES
  sqlint

BUNDLED WITH
   2.1.4
