GEM
  remote: https://rubygems.org/
  specs:
    json (1.8.6)
    pg_query (0.9.2)
      json (~> 1.8)
    sqlint (0.1.4)
      pg_query (~> 0.9.1)

PLATFORMS
  ruby

DEPENDENCIES
  sqlint

BUNDLED WITH
   1.14.4
