GEM
  remote: http://rubygems.org/
  specs:
    mail (2.6.3)
      mime-types (>= 1.16, < 3)
    mime-types (2.6.1)
    taskjuggler (3.5.0)
      mail (>= 2.4.3)
      term-ansicolor (>= 1.0.7)
    term-ansicolor (1.3.2)
      tins (~> 1.0)
    tins (1.6.0)

PLATFORMS
  ruby

DEPENDENCIES
  taskjuggler

BUNDLED WITH
   1.10.5
