GEM
  remote: http://rubygems.org/
  specs:
    mail (2.7.0)
      mini_mime (>= 0.1.1)
    mini_mime (1.0.1)
    taskjuggler (3.6.0)
      mail (>= 2.4.3)
      term-ansicolor (>= 1.0.7)
    term-ansicolor (1.6.0)
      tins (~> 1.0)
    tins (1.16.3)

PLATFORMS
  ruby

DEPENDENCIES
  taskjuggler

BUNDLED WITH
   1.14.6
