GEM
  remote: https://rubygems.org/
  specs:
    ast (2.4.2)
    parallel (1.22.1)
    parser (3.1.1.0)
      ast (~> 2.4.1)
    rainbow (3.1.1)
    regexp_parser (2.2.1)
    rexml (3.2.5)
    rubocop (1.26.1)
      parallel (~> 1.10)
      parser (>= 3.1.0.0)
      rainbow (>= 2.2.2, < 4.0)
      regexp_parser (>= 1.8, < 3.0)
      rexml
      rubocop-ast (>= 1.16.0, < 2.0)
      ruby-progressbar (~> 1.7)
      unicode-display_width (>= 1.4.0, < 3.0)
    rubocop-ast (1.16.0)
      parser (>= 3.1.1.0)
    rubocop-discourse (2.5.0)
      rubocop (>= 1.1.0)
      rubocop-rspec (>= 2.0.0)
    rubocop-rspec (2.9.0)
      rubocop (~> 1.19)
    ruby-progressbar (1.11.0)
    unicode-display_width (2.1.0)

PLATFORMS
  ruby

DEPENDENCIES
  rubocop-discourse

BUNDLED WITH
   2.1.4
