GIT
  remote: https://github.com/rapid7/metasploit-framework
  revision: 26857f6f23bbec8d6f1a0b7deaf921a8021a66cd
  ref: refs/tags/6.3.35
  specs:
    metasploit-framework (6.3.35)
      actionpack (~> 7.0)
      activerecord (~> 7.0)
      activesupport (~> 7.0)
      aws-sdk-ec2
      aws-sdk-ec2instanceconnect
      aws-sdk-iam
      aws-sdk-s3
      aws-sdk-ssm
      bcrypt
      bcrypt_pbkdf
      bootsnap
      bson
      chunky_png
      dnsruby
      ed25519
      em-http-request
      eventmachine
      faker
      faraday
      faraday-retry
      faye-websocket
      filesize
      hrr_rb_ssh-ed25519
      http-cookie
      irb
      jsobfu
      json
      metasm
      metasploit-concern
      metasploit-credential
      metasploit-model
      metasploit-payloads (= 2.0.148)
      metasploit_data_models
      metasploit_payloads-mettle (= 1.0.26)
      mqtt
      msgpack (~> 1.6.0)
      nessus_rest
      net-imap
      net-ldap
      net-smtp
      net-ssh
      network_interface
      nexpose
      nokogiri (~> 1.14.0)
      octokit (~> 4.0)
      openssl-ccm
      openvas-omp
      packetfu
      patch_finder
      pcaprub
      pdf-reader
      pg
      puma
      railties
      rasn1
      rb-readline
      recog
      redcarpet
      rex-arch
      rex-bin_tools
      rex-core
      rex-encoder
      rex-exploitation
      rex-java
      rex-mime
      rex-nop
      rex-ole
      rex-powershell
      rex-random_identifier
      rex-registry
      rex-rop_builder
      rex-socket
      rex-sslscan
      rex-struct2
      rex-text
      rex-zip
      ruby-macho
      ruby-mysql
      ruby_smb (~> 3.2.0)
      rubyntlm
      rubyzip
      sinatra
      sqlite3
      sshkey
      swagger-blocks
      thin
      tzinfo
      tzinfo-data
      unix-crypt
      warden
      win32api
      windows_error
      winrm
      xdr
      xmlrpc
      zeitwerk

GEM
  remote: https://rubygems.org/
  specs:
    Ascii85 (1.1.0)
    actionpack (7.0.7.2)
      actionview (= 7.0.7.2)
      activesupport (= 7.0.7.2)
      rack (~> 2.0, >= 2.2.4)
      rack-test (>= 0.6.3)
      rails-dom-testing (~> 2.0)
      rails-html-sanitizer (~> 1.0, >= 1.2.0)
    actionview (7.0.7.2)
      activesupport (= 7.0.7.2)
      builder (~> 3.1)
      erubi (~> 1.4)
      rails-dom-testing (~> 2.0)
      rails-html-sanitizer (~> 1.1, >= 1.2.0)
    activemodel (7.0.7.2)
      activesupport (= 7.0.7.2)
    activerecord (7.0.7.2)
      activemodel (= 7.0.7.2)
      activesupport (= 7.0.7.2)
    activesupport (7.0.7.2)
      concurrent-ruby (~> 1.0, >= 1.0.2)
      i18n (>= 1.6, < 2)
      minitest (>= 5.1)
      tzinfo (~> 2.0)
    addressable (2.8.5)
      public_suffix (>= 2.0.2, < 6.0)
    afm (0.2.2)
    arel-helpers (2.14.0)
      activerecord (>= 3.1.0, < 8)
    aws-eventstream (1.2.0)
    aws-partitions (1.811.0)
    aws-sdk-core (3.181.0)
      aws-eventstream (~> 1, >= 1.0.2)
      aws-partitions (~> 1, >= 1.651.0)
      aws-sigv4 (~> 1.5)
      jmespath (~> 1, >= 1.6.1)
    aws-sdk-ec2 (1.402.0)
      aws-sdk-core (~> 3, >= 3.177.0)
      aws-sigv4 (~> 1.1)
    aws-sdk-ec2instanceconnect (1.32.0)
      aws-sdk-core (~> 3, >= 3.177.0)
      aws-sigv4 (~> 1.1)
    aws-sdk-iam (1.86.0)
      aws-sdk-core (~> 3, >= 3.177.0)
      aws-sigv4 (~> 1.1)
    aws-sdk-kms (1.71.0)
      aws-sdk-core (~> 3, >= 3.177.0)
      aws-sigv4 (~> 1.1)
    aws-sdk-s3 (1.134.0)
      aws-sdk-core (~> 3, >= 3.181.0)
      aws-sdk-kms (~> 1)
      aws-sigv4 (~> 1.6)
    aws-sdk-ssm (1.156.0)
      aws-sdk-core (~> 3, >= 3.177.0)
      aws-sigv4 (~> 1.1)
    aws-sigv4 (1.6.0)
      aws-eventstream (~> 1, >= 1.0.2)
    bcrypt (3.1.19)
    bcrypt_pbkdf (1.1.0)
    bindata (2.4.15)
    bootsnap (1.16.0)
      msgpack (~> 1.2)
    bson (4.15.0)
    builder (3.2.4)
    chunky_png (1.4.0)
    concurrent-ruby (1.2.2)
    cookiejar (0.3.3)
    crass (1.0.6)
    daemons (1.4.1)
    date (3.3.3)
    dnsruby (1.70.0)
      simpleidn (~> 0.2.1)
    domain_name (0.5.20190701)
      unf (>= 0.0.5, < 1.0.0)
    ed25519 (1.3.0)
    em-http-request (1.1.7)
      addressable (>= 2.3.4)
      cookiejar (!= 0.3.1)
      em-socksify (>= 0.3)
      eventmachine (>= 1.0.3)
      http_parser.rb (>= 0.6.0)
    em-socksify (0.3.2)
      eventmachine (>= 1.0.0.beta.4)
    erubi (1.12.0)
    eventmachine (1.2.7)
    faker (3.2.1)
      i18n (>= 1.8.11, < 2)
    faraday (2.7.10)
      faraday-net_http (>= 2.0, < 3.1)
      ruby2_keywords (>= 0.0.4)
    faraday-net_http (3.0.2)
    faraday-retry (2.2.0)
      faraday (~> 2.0)
    faye-websocket (0.11.3)
      eventmachine (>= 0.12.0)
      websocket-driver (>= 0.5.1)
    ffi (1.15.5)
    filesize (0.2.0)
    gssapi (1.3.1)
      ffi (>= 1.0.1)
    gyoku (1.4.0)
      builder (>= 2.1.2)
      rexml (~> 3.0)
    hashery (2.1.2)
    hrr_rb_ssh (0.4.2)
    hrr_rb_ssh-ed25519 (0.4.2)
      ed25519 (~> 1.2)
      hrr_rb_ssh (>= 0.4)
    http-cookie (1.0.5)
      domain_name (~> 0.5)
    http_parser.rb (0.8.0)
    httpclient (2.8.3)
    i18n (1.14.1)
      concurrent-ruby (~> 1.0)
    io-console (0.6.0)
    irb (1.7.4)
      reline (>= 0.3.6)
    jmespath (1.6.2)
    jsobfu (0.4.2)
      rkelly-remix
    json (2.6.3)
    little-plugger (1.1.4)
    logging (2.3.1)
      little-plugger (~> 1.1)
      multi_json (~> 1.14)
    loofah (2.21.3)
      crass (~> 1.0.2)
      nokogiri (>= 1.12.0)
    metasm (1.0.5)
    metasploit-concern (5.0.1)
      activemodel (~> 7.0)
      activesupport (~> 7.0)
      railties (~> 7.0)
      zeitwerk
    metasploit-credential (6.0.5)
      metasploit-concern
      metasploit-model
      metasploit_data_models (>= 5.0.0)
      net-ssh
      pg
      railties
      rex-socket
      rubyntlm
      rubyzip
    metasploit-model (5.0.1)
      activemodel (~> 7.0)
      activesupport (~> 7.0)
      railties (~> 7.0)
    metasploit-payloads (2.0.148)
    metasploit_data_models (6.0.2)
      activerecord (~> 7.0)
      activesupport (~> 7.0)
      arel-helpers
      metasploit-concern
      metasploit-model (>= 3.1)
      pg
      railties (~> 7.0)
      recog
      webrick
    metasploit_payloads-mettle (1.0.26)
    method_source (1.0.0)
    mini_portile2 (2.8.4)
    minitest (5.19.0)
    mqtt (0.6.0)
    msgpack (1.6.1)
    multi_json (1.15.0)
    mustermann (3.0.0)
      ruby2_keywords (~> 0.0.1)
    nessus_rest (0.1.6)
    net-imap (0.3.7)
      date
      net-protocol
    net-ldap (0.18.0)
    net-protocol (0.2.1)
      timeout
    net-smtp (0.3.3)
      net-protocol
    net-ssh (7.2.0)
    network_interface (0.0.4)
    nexpose (7.3.0)
    nio4r (2.5.9)
    nokogiri (1.14.5)
      mini_portile2 (~> 2.8.0)
      racc (~> 1.4)
    nori (2.6.0)
    octokit (4.25.1)
      faraday (>= 1, < 3)
      sawyer (~> 0.9)
    openssl-ccm (1.2.3)
    openssl-cmac (2.0.2)
    openvas-omp (0.0.4)
    packetfu (2.0.0)
      pcaprub (~> 0.13.1)
    patch_finder (1.0.2)
    pcaprub (0.13.1)
    pdf-reader (2.11.0)
      Ascii85 (~> 1.0)
      afm (~> 0.2.1)
      hashery (~> 2.0)
      ruby-rc4
      ttfunk
    pg (1.5.3)
    public_suffix (5.0.3)
    puma (6.3.1)
      nio4r (~> 2.0)
    racc (1.7.1)
    rack (2.2.8)
    rack-protection (3.1.0)
      rack (~> 2.2, >= 2.2.4)
    rack-test (2.1.0)
      rack (>= 1.3)
    rails-dom-testing (2.2.0)
      activesupport (>= 5.0.0)
      minitest
      nokogiri (>= 1.6)
    rails-html-sanitizer (1.6.0)
      loofah (~> 2.21)
      nokogiri (~> 1.14)
    railties (7.0.7.2)
      actionpack (= 7.0.7.2)
      activesupport (= 7.0.7.2)
      method_source
      rake (>= 12.2)
      thor (~> 1.0)
      zeitwerk (~> 2.5)
    rake (13.0.6)
    rasn1 (0.12.1)
      strptime (~> 0.2.5)
    rb-readline (0.5.5)
    recog (3.1.2)
      nokogiri
    redcarpet (3.6.0)
    reline (0.3.8)
      io-console (~> 0.5)
    rex-arch (0.1.14)
      rex-text
    rex-bin_tools (0.1.8)
      metasm
      rex-arch
      rex-core
      rex-struct2
      rex-text
    rex-core (0.1.31)
    rex-encoder (0.1.6)
      metasm
      rex-arch
      rex-text
    rex-exploitation (0.1.38)
      jsobfu
      metasm
      rex-arch
      rex-encoder
      rex-text
      rexml
    rex-java (0.1.6)
    rex-mime (0.1.7)
      rex-text
    rex-nop (0.1.2)
      rex-arch
    rex-ole (0.1.7)
      rex-text
    rex-powershell (0.1.98)
      rex-random_identifier
      rex-text
      ruby-rc4
    rex-random_identifier (0.1.10)
      rex-text
    rex-registry (0.1.4)
    rex-rop_builder (0.1.4)
      metasm
      rex-core
      rex-text
    rex-socket (0.1.52)
      rex-core
    rex-sslscan (0.1.9)
      rex-core
      rex-socket
      rex-text
    rex-struct2 (0.1.3)
    rex-text (0.2.52)
    rex-zip (0.1.4)
      rex-text
    rexml (3.2.6)
    rkelly-remix (0.0.7)
    ruby-macho (4.0.0)
    ruby-mysql (4.0.0)
    ruby-rc4 (0.1.5)
    ruby2_keywords (0.0.5)
    ruby_smb (3.2.5)
      bindata
      openssl-ccm
      openssl-cmac
      rubyntlm
      windows_error (>= 0.1.4)
    rubyntlm (0.6.3)
    rubyzip (2.3.2)
    sawyer (0.9.2)
      addressable (>= 2.3.5)
      faraday (>= 0.17.3, < 3)
    simpleidn (0.2.1)
      unf (~> 0.1.4)
    sinatra (3.1.0)
      mustermann (~> 3.0)
      rack (~> 2.2, >= 2.2.4)
      rack-protection (= 3.1.0)
      tilt (~> 2.0)
    sqlite3 (1.6.3)
      mini_portile2 (~> 2.8.0)
    sshkey (3.0.0)
    strptime (0.2.5)
    swagger-blocks (3.0.0)
    thin (1.8.2)
      daemons (~> 1.0, >= 1.0.9)
      eventmachine (~> 1.0, >= 1.0.4)
      rack (>= 1, < 3)
    thor (1.2.2)
    tilt (2.2.0)
    timeout (0.4.0)
    ttfunk (1.7.0)
    tzinfo (2.0.6)
      concurrent-ruby (~> 1.0)
    tzinfo-data (1.2023.3)
      tzinfo (>= 1.0.0)
    unf (0.1.4)
      unf_ext
    unf_ext (0.0.8.2)
    unix-crypt (1.3.1)
    warden (1.2.9)
      rack (>= 2.0.9)
    webrick (1.8.1)
    websocket-driver (0.7.6)
      websocket-extensions (>= 0.1.0)
    websocket-extensions (0.1.5)
    win32api (0.1.0)
    windows_error (0.1.5)
    winrm (2.3.6)
      builder (>= 2.1.2)
      erubi (~> 1.8)
      gssapi (~> 1.2)
      gyoku (~> 1.0)
      httpclient (~> 2.2, >= 2.2.0.2)
      logging (>= 1.6.1, < 3.0)
      nori (~> 2.0)
      rubyntlm (~> 0.6.0, >= 0.6.3)
    xdr (3.0.3)
      activemodel (>= 4.2, < 8.0)
      activesupport (>= 4.2, < 8.0)
    xmlrpc (0.3.3)
      webrick
    zeitwerk (2.6.11)

PLATFORMS
  ruby

DEPENDENCIES
  metasploit-framework!

BUNDLED WITH
   2.4.19
