GIT
  remote: https://github.com/rapid7/metasploit-framework
  revision: addeeea49e5217ade1407a2e9a3cf6514ad8972e
  ref: refs/tags/6.2.11
  specs:
    metasploit-framework (6.2.11)
      actionpack (~> 6.0)
      activerecord (~> 6.0)
      activesupport (~> 6.0)
      aws-sdk-ec2
      aws-sdk-iam
      aws-sdk-s3
      bcrypt
      bcrypt_pbkdf
      bson
      concurrent-ruby (= 1.0.5)
      dnsruby
      ed25519
      em-http-request
      eventmachine
      faker
      faraday
      faraday-retry
      faye-websocket
      filesize
      hrr_rb_ssh-ed25519
      http-cookie
      irb
      jsobfu
      json
      metasm
      metasploit-concern
      metasploit-credential
      metasploit-model
      metasploit-payloads (= 2.0.94)
      metasploit_data_models
      metasploit_payloads-mettle (= 1.0.18)
      mqtt
      msgpack
      nessus_rest
      net-ldap
      net-smtp
      net-ssh
      network_interface
      nexpose
      nokogiri
      octokit
      openssl-ccm
      openvas-omp
      packetfu
      patch_finder
      pcaprub
      pdf-reader
      pg
      puma
      railties
      rb-readline
      recog
      redcarpet
      reline (= 0.2.5)
      rex-arch
      rex-bin_tools
      rex-core
      rex-encoder
      rex-exploitation
      rex-java
      rex-mime
      rex-nop
      rex-ole
      rex-powershell
      rex-random_identifier
      rex-registry
      rex-rop_builder
      rex-socket
      rex-sslscan
      rex-struct2
      rex-text
      rex-zip
      ruby-macho
      ruby_smb (~> 3.1.0)
      rubyntlm
      rubyzip
      sinatra
      sqlite3
      sshkey
      swagger-blocks
      thin
      tzinfo
      tzinfo-data
      unix-crypt
      warden
      win32api
      windows_error
      winrm
      xdr
      xmlrpc
      zeitwerk

GEM
  remote: https://rubygems.org/
  specs:
    Ascii85 (1.1.0)
    actionpack (6.1.6.1)
      actionview (= 6.1.6.1)
      activesupport (= 6.1.6.1)
      rack (~> 2.0, >= 2.0.9)
      rack-test (>= 0.6.3)
      rails-dom-testing (~> 2.0)
      rails-html-sanitizer (~> 1.0, >= 1.2.0)
    actionview (6.1.6.1)
      activesupport (= 6.1.6.1)
      builder (~> 3.1)
      erubi (~> 1.4)
      rails-dom-testing (~> 2.0)
      rails-html-sanitizer (~> 1.1, >= 1.2.0)
    activemodel (6.1.6.1)
      activesupport (= 6.1.6.1)
    activerecord (6.1.6.1)
      activemodel (= 6.1.6.1)
      activesupport (= 6.1.6.1)
    activesupport (6.1.6.1)
      concurrent-ruby (~> 1.0, >= 1.0.2)
      i18n (>= 1.6, < 2)
      minitest (>= 5.1)
      tzinfo (~> 2.0)
      zeitwerk (~> 2.3)
    addressable (2.8.0)
      public_suffix (>= 2.0.2, < 5.0)
    afm (0.2.2)
    arel-helpers (2.14.0)
      activerecord (>= 3.1.0, < 8)
    aws-eventstream (1.2.0)
    aws-partitions (1.616.0)
    aws-sdk-core (3.132.0)
      aws-eventstream (~> 1, >= 1.0.2)
      aws-partitions (~> 1, >= 1.525.0)
      aws-sigv4 (~> 1.1)
      jmespath (~> 1, >= 1.6.1)
    aws-sdk-ec2 (1.326.0)
      aws-sdk-core (~> 3, >= 3.127.0)
      aws-sigv4 (~> 1.1)
    aws-sdk-iam (1.69.0)
      aws-sdk-core (~> 3, >= 3.127.0)
      aws-sigv4 (~> 1.1)
    aws-sdk-kms (1.58.0)
      aws-sdk-core (~> 3, >= 3.127.0)
      aws-sigv4 (~> 1.1)
    aws-sdk-s3 (1.114.0)
      aws-sdk-core (~> 3, >= 3.127.0)
      aws-sdk-kms (~> 1)
      aws-sigv4 (~> 1.4)
    aws-sigv4 (1.5.1)
      aws-eventstream (~> 1, >= 1.0.2)
    bcrypt (3.1.18)
    bcrypt_pbkdf (1.1.0)
    bindata (2.4.10)
    bson (4.15.0)
    builder (3.2.4)
    concurrent-ruby (1.0.5)
    cookiejar (0.3.3)
    crass (1.0.6)
    daemons (1.4.1)
    digest (3.1.0)
    dnsruby (1.61.9)
      simpleidn (~> 0.1)
    domain_name (0.5.20190701)
      unf (>= 0.0.5, < 1.0.0)
    ed25519 (1.3.0)
    em-http-request (1.1.7)
      addressable (>= 2.3.4)
      cookiejar (!= 0.3.1)
      em-socksify (>= 0.3)
      eventmachine (>= 1.0.3)
      http_parser.rb (>= 0.6.0)
    em-socksify (0.3.2)
      eventmachine (>= 1.0.0.beta.4)
    erubi (1.11.0)
    eventmachine (1.2.7)
    faker (2.22.0)
      i18n (>= 1.8.11, < 2)
    faraday (2.5.1)
      faraday-net_http (>= 2.0, < 3.1)
      ruby2_keywords (>= 0.0.4)
    faraday-net_http (3.0.0)
    faraday-retry (2.0.0)
      faraday (~> 2.0)
    faye-websocket (0.11.1)
      eventmachine (>= 0.12.0)
      websocket-driver (>= 0.5.1)
    ffi (1.15.5)
    filesize (0.2.0)
    gssapi (1.3.1)
      ffi (>= 1.0.1)
    gyoku (1.4.0)
      builder (>= 2.1.2)
      rexml (~> 3.0)
    hashery (2.1.2)
    hrr_rb_ssh (0.4.2)
    hrr_rb_ssh-ed25519 (0.4.2)
      ed25519 (~> 1.2)
      hrr_rb_ssh (>= 0.4)
    http-cookie (1.0.5)
      domain_name (~> 0.5)
    http_parser.rb (0.8.0)
    httpclient (2.8.3)
    i18n (1.12.0)
      concurrent-ruby (~> 1.0)
    io-console (0.5.11)
    irb (1.3.6)
      reline (>= 0.2.5)
    jmespath (1.6.1)
    jsobfu (0.4.2)
      rkelly-remix
    json (2.6.2)
    little-plugger (1.1.4)
    logging (2.3.1)
      little-plugger (~> 1.1)
      multi_json (~> 1.14)
    loofah (2.18.0)
      crass (~> 1.0.2)
      nokogiri (>= 1.5.9)
    metasm (1.0.5)
    metasploit-concern (4.0.4)
      activemodel (~> 6.0)
      activesupport (~> 6.0)
      railties (~> 6.0)
    metasploit-credential (5.0.8)
      metasploit-concern
      metasploit-model
      metasploit_data_models (>= 5.0.0)
      net-ssh
      pg
      railties
      rex-socket
      rubyntlm
      rubyzip
    metasploit-model (4.0.6)
      activemodel (~> 6.0)
      activesupport (~> 6.0)
      railties (~> 6.0)
    metasploit-payloads (2.0.94)
    metasploit_data_models (5.0.5)
      activerecord (~> 6.0)
      activesupport (~> 6.0)
      arel-helpers
      metasploit-concern
      metasploit-model (>= 3.1)
      pg
      railties (~> 6.0)
      recog (~> 2.0)
      webrick
    metasploit_payloads-mettle (1.0.18)
    method_source (1.0.0)
    mini_portile2 (2.8.0)
    minitest (5.16.2)
    mqtt (0.5.0)
    msgpack (1.5.4)
    multi_json (1.15.0)
    mustermann (2.0.2)
      ruby2_keywords (~> 0.0.1)
    nessus_rest (0.1.6)
    net-ldap (0.17.1)
    net-protocol (0.1.3)
      timeout
    net-smtp (0.3.1)
      digest
      net-protocol
      timeout
    net-ssh (7.0.1)
    network_interface (0.0.2)
    nexpose (7.3.0)
    nio4r (2.5.8)
    nokogiri (1.13.8)
      mini_portile2 (~> 2.8.0)
      racc (~> 1.4)
    nori (2.6.0)
    octokit (5.2.0)
      faraday (>= 1, < 3)
      sawyer (~> 0.9)
    openssl-ccm (1.2.3)
    openssl-cmac (2.0.2)
    openvas-omp (0.0.4)
    packetfu (1.1.13)
      pcaprub
    patch_finder (1.0.2)
    pcaprub (0.13.1)
    pdf-reader (2.10.0)
      Ascii85 (~> 1.0)
      afm (~> 0.2.1)
      hashery (~> 2.0)
      ruby-rc4
      ttfunk
    pg (1.4.3)
    public_suffix (4.0.7)
    puma (5.6.4)
      nio4r (~> 2.0)
    racc (1.6.0)
    rack (2.2.4)
    rack-protection (2.2.2)
      rack
    rack-test (2.0.2)
      rack (>= 1.3)
    rails-dom-testing (2.0.3)
      activesupport (>= 4.2.0)
      nokogiri (>= 1.6)
    rails-html-sanitizer (1.4.3)
      loofah (~> 2.3)
    railties (6.1.6.1)
      actionpack (= 6.1.6.1)
      activesupport (= 6.1.6.1)
      method_source
      rake (>= 12.2)
      thor (~> 1.0)
    rake (13.0.6)
    rb-readline (0.5.5)
    recog (2.3.23)
      nokogiri
    redcarpet (3.5.1)
    reline (0.2.5)
      io-console (~> 0.5)
    rex-arch (0.1.14)
      rex-text
    rex-bin_tools (0.1.8)
      metasm
      rex-arch
      rex-core
      rex-struct2
      rex-text
    rex-core (0.1.28)
    rex-encoder (0.1.6)
      metasm
      rex-arch
      rex-text
    rex-exploitation (0.1.35)
      jsobfu
      metasm
      rex-arch
      rex-encoder
      rex-text
      rexml
    rex-java (0.1.6)
    rex-mime (0.1.7)
      rex-text
    rex-nop (0.1.2)
      rex-arch
    rex-ole (0.1.7)
      rex-text
    rex-powershell (0.1.96)
      rex-random_identifier
      rex-text
      ruby-rc4
    rex-random_identifier (0.1.8)
      rex-text
    rex-registry (0.1.4)
    rex-rop_builder (0.1.4)
      metasm
      rex-core
      rex-text
    rex-socket (0.1.41)
      rex-core
    rex-sslscan (0.1.7)
      rex-core
      rex-socket
      rex-text
    rex-struct2 (0.1.3)
    rex-text (0.2.39)
    rex-zip (0.1.4)
      rex-text
    rexml (3.2.5)
    rkelly-remix (0.0.7)
    ruby-macho (3.0.0)
    ruby-rc4 (0.1.5)
    ruby2_keywords (0.0.5)
    ruby_smb (3.1.7)
      bindata
      openssl-ccm
      openssl-cmac
      rubyntlm
      windows_error (>= 0.1.4)
    rubyntlm (0.6.3)
    rubyzip (2.3.2)
    sawyer (0.9.2)
      addressable (>= 2.3.5)
      faraday (>= 0.17.3, < 3)
    simpleidn (0.2.1)
      unf (~> 0.1.4)
    sinatra (2.2.2)
      mustermann (~> 2.0)
      rack (~> 2.2)
      rack-protection (= 2.2.2)
      tilt (~> 2.0)
    sqlite3 (1.4.4)
    sshkey (2.0.0)
    swagger-blocks (3.0.0)
    thin (1.8.1)
      daemons (~> 1.0, >= 1.0.9)
      eventmachine (~> 1.0, >= 1.0.4)
      rack (>= 1, < 3)
    thor (1.2.1)
    tilt (2.0.11)
    timeout (0.3.0)
    ttfunk (1.7.0)
    tzinfo (2.0.5)
      concurrent-ruby (~> 1.0)
    tzinfo-data (1.2022.1)
      tzinfo (>= 1.0.0)
    unf (0.1.4)
      unf_ext
    unf_ext (0.0.8.2)
    unix-crypt (1.3.0)
    warden (1.2.9)
      rack (>= 2.0.9)
    webrick (1.7.0)
    websocket-driver (0.7.5)
      websocket-extensions (>= 0.1.0)
    websocket-extensions (0.1.5)
    win32api (0.1.0)
    windows_error (0.1.4)
    winrm (2.3.6)
      builder (>= 2.1.2)
      erubi (~> 1.8)
      gssapi (~> 1.2)
      gyoku (~> 1.0)
      httpclient (~> 2.2, >= 2.2.0.2)
      logging (>= 1.6.1, < 3.0)
      nori (~> 2.0)
      rubyntlm (~> 0.6.0, >= 0.6.3)
    xdr (3.0.3)
      activemodel (>= 4.2, < 8.0)
      activesupport (>= 4.2, < 8.0)
    xmlrpc (0.3.2)
      webrick
    zeitwerk (2.6.0)

PLATFORMS
  ruby

DEPENDENCIES
  metasploit-framework!

BUNDLED WITH
   2.3.9
