GEM
  remote: https://rubygems.org/
  specs:
    ansi (1.5.0)
    chronic (0.10.2)
    papertrail (0.10.1)
      ansi (~> 1.5)
      chronic (~> 0.10)

PLATFORMS
  ruby

DEPENDENCIES
  papertrail

BUNDLED WITH
   1.14.4
