GEM
  remote: https://rubygems.org/
  specs:
    msgpack (1.1.0)
    neovim (0.5.0)
      msgpack (~> 1.0)

PLATFORMS
  ruby

DEPENDENCIES
  neovim

BUNDLED WITH
   1.15.1
