GEM
  remote: https://rubygems.org/
  specs:
    msgpack (1.2.6)
    multi_json (1.13.1)
    neovim (0.8.0)
      msgpack (~> 1.1)
      multi_json (~> 1.0)

PLATFORMS
  ruby

DEPENDENCIES
  neovim

BUNDLED WITH
   1.17.2
