GEM
  remote: https://rubygems.org/
  specs:
    ansi (1.5.0)
    base64 (0.2.0)
    bcrypt_pbkdf (1.1.1)
    docker-api (2.4.0)
      excon (>= 0.64.0)
      multi_json
    ed25519 (1.3.0)
    excon (1.2.5)
      logger
    hashie (5.0.0)
    itamae (1.14.1)
      ansi
      hashie
      schash (~> 0.1.0)
      specinfra (>= 2.64.0, < 3.0.0)
      thor (>= 1.0.0)
    logger (1.7.0)
    multi_json (1.15.0)
    net-scp (4.1.0)
      net-ssh (>= 2.6.5, < 8.0.0)
    net-ssh (7.3.0)
    net-telnet (0.2.0)
    schash (0.1.2)
    sfl (2.3)
    specinfra (2.92.0)
      base64
      net-scp
      net-ssh (>= 2.7)
      net-telnet
      sfl
    thor (1.3.2)

PLATFORMS
  ruby

DEPENDENCIES
  bcrypt_pbkdf
  docker-api
  ed25519
  itamae

BUNDLED WITH
   2.6.2
