GEM
  remote: https://rubygems.org/
  specs:
    base64 (0.3.0)
    benchmark (0.4.1)
    concurrent-ruby (1.3.5)
    deep_merge (1.2.2)
    facter (4.10.0)
      hocon (~> 1.3)
      thor (>= 1.0.1, < 1.3)
    fast_gettext (3.1.0)
      prime
    forwardable (1.3.3)
    getoptlong (0.2.1)
    hocon (1.4.0)
    locale (2.1.4)
    logger (1.7.0)
    multi_json (1.17.0)
    ostruct (0.6.3)
    prime (0.1.4)
      forwardable
      singleton
    puppet (8.10.0)
      concurrent-ruby (~> 1.0)
      deep_merge (~> 1.0)
      facter (>= 4.3.0, < 5)
      fast_gettext (>= 2.1, < 4)
      getoptlong (~> 0.2.0)
      locale (~> 2.1)
      multi_json (~> 1.13)
      puppet-resource_api (~> 1.5)
      scanf (~> 1.0)
      semantic_puppet (~> 1.0)
    puppet-resource_api (1.9.0)
      hocon (>= 1.0)
    racc (1.8.1)
    scanf (1.0.0)
    semantic_puppet (1.1.1)
    singleton (0.3.0)
    syslog (0.3.0)
      logger
    thor (1.2.2)

PLATFORMS
  aarch64-linux
  ruby

DEPENDENCIES
  base64
  benchmark
  ostruct
  puppet
  racc
  syslog

BUNDLED WITH
   2.6.9
