GEM
  remote: https://rubygems.org/
  specs:
    RedCloth (4.3.2)
    abstract_type (0.0.7)
    ace-rails-ap (4.1.2)
    actionmailer (4.2.8)
      actionpack (= 4.2.8)
      actionview (= 4.2.8)
      activejob (= 4.2.8)
      mail (~> 2.5, >= 2.5.4)
      rails-dom-testing (~> 1.0, >= 1.0.5)
    actionpack (4.2.8)
      actionview (= 4.2.8)
      activesupport (= 4.2.8)
      rack (~> 1.6)
      rack-test (~> 0.6.2)
      rails-dom-testing (~> 1.0, >= 1.0.5)
      rails-html-sanitizer (~> 1.0, >= 1.0.2)
    actionview (4.2.8)
      activesupport (= 4.2.8)
      builder (~> 3.1)
      erubis (~> 2.7.0)
      rails-dom-testing (~> 1.0, >= 1.0.5)
      rails-html-sanitizer (~> 1.0, >= 1.0.3)
    activejob (4.2.8)
      activesupport (= 4.2.8)
      globalid (>= 0.3.0)
    activemodel (4.2.8)
      activesupport (= 4.2.8)
      builder (~> 3.1)
    activerecord (4.2.8)
      activemodel (= 4.2.8)
      activesupport (= 4.2.8)
      arel (~> 6.0)
    activerecord-nulldb-adapter (0.3.7)
      activerecord (>= 2.0.0)
    activerecord_sane_schema_dumper (0.2)
      rails (>= 4, < 5)
    activesupport (4.2.8)
      i18n (~> 0.7)
      minitest (~> 5.1)
      thread_safe (~> 0.3, >= 0.3.4)
      tzinfo (~> 1.1)
    acts-as-taggable-on (4.0.0)
      activerecord (>= 4.0)
    adamantium (0.2.0)
      ice_nine (~> 0.11.0)
      memoizable (~> 0.4.0)
    addressable (2.3.8)
    akismet (2.0.0)
    allocations (1.0.5)
    arel (6.0.4)
    asana (0.6.0)
      faraday (~> 0.9)
      faraday_middleware (~> 0.9)
      faraday_middleware-multi_json (~> 0.0)
      oauth2 (~> 1.0)
    asciidoctor (1.5.3)
    asciidoctor-plantuml (0.0.7)
      asciidoctor (~> 1.5)
    ast (2.3.0)
    atomic (1.1.99)
    attr_encrypted (3.0.3)
      encryptor (~> 3.0.0)
    attr_required (1.0.0)
    autoparse (0.3.3)
      addressable (>= 2.3.1)
      extlib (>= 0.9.15)
      multi_json (>= 1.0.0)
    autoprefixer-rails (6.2.3)
      execjs
      json
    awesome_print (1.2.0)
    axiom-types (0.1.1)
      descendants_tracker (~> 0.0.4)
      ice_nine (~> 0.11.0)
      thread_safe (~> 0.3, >= 0.3.1)
    babosa (1.0.2)
    base32 (0.3.2)
    bcrypt (3.1.11)
    bcrypt_pbkdf (1.0.0)
    benchmark-ips (2.3.0)
    better_errors (2.1.1)
      coderay (>= 1.0.0)
      erubis (>= 2.6.6)
      rack (>= 0.9.0)
    bindata (2.3.5)
    binding_of_caller (0.7.2)
      debug_inspector (>= 0.0.1)
    bootstrap-sass (3.3.6)
      autoprefixer-rails (>= 5.2.1)
      sass (>= 3.3.4)
    bootstrap_form (2.7.0)
    brakeman (3.6.1)
    browser (2.2.0)
    builder (3.2.3)
    bullet (5.5.1)
      activesupport (>= 3.0.0)
      uniform_notifier (~> 1.10.0)
    bundler-audit (0.5.0)
      bundler (~> 1.2)
      thor (~> 0.18)
    byebug (9.0.6)
    capybara (2.15.1)
      addressable
      mini_mime (>= 0.1.3)
      nokogiri (>= 1.3.3)
      rack (>= 1.0.0)
      rack-test (>= 0.5.4)
      xpath (~> 2.0)
    capybara-screenshot (1.0.14)
      capybara (>= 1.0, < 3)
      launchy
    carrierwave (1.1.0)
      activemodel (>= 4.0.0)
      activesupport (>= 4.0.0)
      mime-types (>= 1.16)
    cause (0.1)
    charlock_holmes (0.7.5)
    chronic (0.10.2)
    chronic_duration (0.10.6)
      numerizer (~> 0.1.1)
    chunky_png (1.3.5)
    citrus (3.0.2)
    cliver (0.3.2)
    coderay (1.1.1)
    coercible (1.0.0)
      descendants_tracker (~> 0.0.1)
    colorize (0.7.7)
    concord (0.1.5)
      adamantium (~> 0.2.0)
      equalizer (~> 0.0.9)
    concurrent-ruby (1.0.5)
    concurrent-ruby-ext (1.0.5)
      concurrent-ruby (= 1.0.5)
    connection_pool (2.2.1)
    crack (0.4.3)
      safe_yaml (~> 1.0.0)
    creole (0.5.0)
    css_parser (1.5.0)
      addressable
    d3_rails (3.5.11)
      railties (>= 3.1.0)
    daemons (1.2.3)
    database_cleaner (1.5.3)
    debug_inspector (0.0.2)
    debugger-ruby_core_source (1.3.8)
    deckar01-task_list (2.0.0)
      html-pipeline
    default_value_for (3.0.2)
      activerecord (>= 3.2.0, < 5.1)
    descendants_tracker (0.0.4)
      thread_safe (~> 0.3, >= 0.3.1)
    devise (4.2.0)
      bcrypt (~> 3.0)
      orm_adapter (~> 0.1)
      railties (>= 4.1.0, < 5.1)
      responders
      warden (~> 1.2.3)
    devise-two-factor (3.0.0)
      activesupport
      attr_encrypted (>= 1.3, < 4, != 2)
      devise (~> 4.0)
      railties
      rotp (~> 2.0)
    diff-lcs (1.3)
    diffy (3.1.0)
    docile (1.1.5)
    domain_name (0.5.20161021)
      unf (>= 0.0.5, < 1.0.0)
    doorkeeper (4.2.0)
      railties (>= 4.2)
    doorkeeper-openid_connect (1.1.2)
      doorkeeper (~> 4.0)
      json-jwt (~> 1.6)
    dropzonejs-rails (0.7.2)
      rails (> 3.1)
    email_reply_trimmer (0.1.6)
    email_spec (1.6.0)
      launchy (~> 2.1)
      mail (~> 2.2)
    encryptor (3.0.0)
    equalizer (0.0.11)
    erubis (2.7.0)
    escape_utils (1.1.1)
    et-orbi (1.0.3)
      tzinfo
    eventmachine (1.0.8)
    excon (0.57.1)
    execjs (2.6.0)
    expression_parser (0.9.0)
    extlib (0.9.16)
    factory_girl (4.7.0)
      activesupport (>= 3.0.0)
    factory_girl_rails (4.7.0)
      factory_girl (~> 4.7.0)
      railties (>= 3.0.0)
    faraday (0.12.1)
      multipart-post (>= 1.2, < 3)
    faraday_middleware (0.11.0.1)
      faraday (>= 0.7.4, < 1.0)
    faraday_middleware-multi_json (0.0.6)
      faraday_middleware
      multi_json
    fast_gettext (1.4.0)
    ffaker (2.4.0)
    ffi (1.9.18)
    flay (2.8.1)
      erubis (~> 2.7.0)
      path_expander (~> 1.0)
      ruby_parser (~> 3.0)
      sexp_processor (~> 4.0)
    flipper (0.10.2)
    flipper-active_record (0.10.2)
      activerecord (>= 3.2, < 6)
      flipper (~> 0.10.2)
    flowdock (0.7.1)
      httparty (~> 0.7)
      multi_json
    fog-aliyun (0.1.0)
      fog-core (~> 1.27)
      fog-json (~> 1.0)
      ipaddress (~> 0.8)
      xml-simple (~> 1.1)
    fog-aws (1.4.0)
      fog-core (~> 1.38)
      fog-json (~> 1.0)
      fog-xml (~> 0.1)
      ipaddress (~> 0.8)
    fog-core (1.44.3)
      builder
      excon (~> 0.49)
      formatador (~> 0.2)
    fog-google (0.5.3)
      fog-core
      fog-json
      fog-xml
    fog-json (1.0.2)
      fog-core (~> 1.0)
      multi_json (~> 1.10)
    fog-local (0.3.1)
      fog-core (~> 1.27)
    fog-openstack (0.1.21)
      fog-core (>= 1.40)
      fog-json (>= 1.0)
      ipaddress (>= 0.8)
    fog-rackspace (0.1.1)
      fog-core (>= 1.35)
      fog-json (>= 1.0)
      fog-xml (>= 0.1)
      ipaddress (>= 0.8)
    fog-xml (0.1.3)
      fog-core
      nokogiri (>= 1.5.11, < 2.0.0)
    font-awesome-rails (4.7.0.1)
      railties (>= 3.2, < 5.1)
    foreman (0.78.0)
      thor (~> 0.19.1)
    formatador (0.2.5)
    fuubar (2.2.0)
      rspec-core (~> 3.0)
      ruby-progressbar (~> 1.4)
    gemnasium-gitlab-service (0.2.6)
      rugged (~> 0.21)
    gemojione (3.3.0)
      json
    get_process_mem (0.2.0)
    gettext (3.2.2)
      locale (>= 2.0.5)
      text (>= 1.3.0)
    gettext_i18n_rails (1.8.0)
      fast_gettext (>= 0.9.0)
    gettext_i18n_rails_js (1.2.0)
      gettext (>= 3.0.2)
      gettext_i18n_rails (>= 0.7.1)
      po_to_json (>= 1.0.0)
      rails (>= 3.2.0)
    gherkin-ruby (0.3.2)
    gitaly-proto (0.33.0)
      google-protobuf (~> 3.1)
      grpc (~> 1.0)
    github-linguist (4.7.6)
      charlock_holmes (~> 0.7.3)
      escape_utils (~> 1.1.0)
      mime-types (>= 1.19)
      rugged (>= 0.23.0b)
    github-markup (1.6.1)
    gitlab-flowdock-git-hook (1.0.1)
      flowdock (~> 0.7)
      gitlab-grit (>= 2.4.1)
      multi_json
    gitlab-grit (2.8.1)
      charlock_holmes (~> 0.6)
      diff-lcs (~> 1.1)
      mime-types (>= 1.16, < 3)
      posix-spawn (~> 0.3)
    gitlab-markup (1.5.1)
    gitlab_omniauth-ldap (2.0.4)
      net-ldap (~> 0.16)
      omniauth (~> 1.3)
      pyu-ruby-sasl (>= 0.0.3.3, < 0.1)
      rubyntlm (~> 0.5)
    globalid (0.3.7)
      activesupport (>= 4.1.0)
    gollum-grit_adapter (1.0.1)
      gitlab-grit (~> 2.7, >= 2.7.1)
    gollum-lib (4.2.7)
      gemojione (~> 3.2)
      github-markup (~> 1.6)
      gollum-grit_adapter (~> 1.0)
      nokogiri (>= 1.6.1, < 2.0)
      rouge (~> 2.1)
      sanitize (~> 2.1)
      stringex (~> 2.6)
    gollum-rugged_adapter (0.4.4)
      mime-types (>= 1.15)
      rugged (~> 0.25)
    gon (6.1.0)
      actionpack (>= 3.0)
      json
      multi_json
      request_store (>= 1.0)
    google-api-client (0.8.7)
      activesupport (>= 3.2, < 5.0)
      addressable (~> 2.3)
      autoparse (~> 0.3)
      extlib (~> 0.9)
      faraday (~> 0.9)
      googleauth (~> 0.3)
      launchy (~> 2.4)
      multi_json (~> 1.10)
      retriable (~> 1.4)
      signet (~> 0.6)
    google-protobuf (3.4.0.2)
    googleauth (0.5.1)
      faraday (~> 0.9)
      jwt (~> 1.4)
      logging (~> 2.0)
      memoist (~> 0.12)
      multi_json (~> 1.11)
      os (~> 0.9)
      signet (~> 0.7)
    gpgme (2.0.13)
      mini_portile2 (~> 2.1)
    grape (1.0.0)
      activesupport
      builder
      mustermann-grape (~> 1.0.0)
      rack (>= 1.3.0)
      rack-accept
      virtus (>= 1.0.0)
    grape-entity (0.6.0)
      activesupport
      multi_json (>= 1.3.2)
    grape-route-helpers (2.1.0)
      activesupport
      grape (>= 0.16.0)
      rake
    grape_logging (1.7.0)
      grape
    grpc (1.4.5)
      google-protobuf (~> 3.1)
      googleauth (~> 0.5.1)
    haml (4.0.7)
      tilt
    haml_lint (0.26.0)
      haml (>= 4.0, < 5.1)
      rainbow
      rake (>= 10, < 13)
      rubocop (>= 0.49.0)
      sysexits (~> 1.1)
    hamlit (2.6.1)
      temple (~> 0.7.6)
      thor
      tilt
    hashdiff (0.3.4)
    hashie (3.5.6)
    hashie-forbidden_attributes (0.1.1)
      hashie (>= 3.0)
    health_check (2.6.0)
      rails (>= 4.0)
    hipchat (1.5.2)
      httparty
      mimemagic
    html-pipeline (1.11.0)
      activesupport (>= 2)
      nokogiri (~> 1.4)
    html2text (0.2.0)
      nokogiri (~> 1.6)
    htmlentities (4.3.4)
    http (0.9.8)
      addressable (~> 2.3)
      http-cookie (~> 1.0)
      http-form_data (~> 1.0.1)
      http_parser.rb (~> 0.6.0)
    http-cookie (1.0.3)
      domain_name (~> 0.5)
    http-form_data (1.0.1)
    http_parser.rb (0.6.0)
    httparty (0.13.7)
      json (~> 1.8)
      multi_xml (>= 0.5.2)
    httpclient (2.8.2)
    i18n (0.8.6)
    ice_nine (0.11.2)
    influxdb (0.2.3)
      cause
      json
    ipaddress (0.8.3)
    jira-ruby (1.4.1)
      activesupport
      multipart-post
      oauth (~> 0.5, >= 0.5.0)
    jquery-atwho-rails (1.3.2)
    jquery-rails (4.1.1)
      rails-dom-testing (>= 1, < 3)
      railties (>= 4.2.0)
      thor (>= 0.14, < 2.0)
    json (1.8.6)
    json-jwt (1.7.1)
      activesupport
      bindata
      multi_json (>= 1.3)
      securecompare
      url_safe_base64
    json-schema (2.6.2)
      addressable (~> 2.3.8)
    jwt (1.5.6)
    kaminari (1.0.1)
      activesupport (>= 4.1.0)
      kaminari-actionview (= 1.0.1)
      kaminari-activerecord (= 1.0.1)
      kaminari-core (= 1.0.1)
    kaminari-actionview (1.0.1)
      actionview
      kaminari-core (= 1.0.1)
    kaminari-activerecord (1.0.1)
      activerecord
      kaminari-core (= 1.0.1)
    kaminari-core (1.0.1)
    kgio (2.10.0)
    knapsack (1.11.0)
      rake
      timecop (>= 0.1.0)
    kubeclient (2.2.0)
      http (= 0.9.8)
      recursive-open-struct (= 1.0.0)
      rest-client
    launchy (2.4.3)
      addressable (~> 2.3)
    letter_opener (1.4.1)
      launchy (~> 2.2)
    letter_opener_web (1.3.0)
      actionmailer (>= 3.2)
      letter_opener (~> 1.0)
      railties (>= 3.2)
    license_finder (2.1.0)
      bundler
      httparty
      rubyzip
      thor
      xml-simple
    licensee (8.7.0)
      rugged (~> 0.24)
    little-plugger (1.1.4)
    locale (2.1.2)
    logging (2.2.2)
      little-plugger (~> 1.1)
      multi_json (~> 1.10)
    lograge (0.5.1)
      actionpack (>= 4, < 5.2)
      activesupport (>= 4, < 5.2)
      railties (>= 4, < 5.2)
    loofah (2.0.3)
      nokogiri (>= 1.5.9)
    mail (2.6.6)
      mime-types (>= 1.16, < 4)
    mail_room (0.9.1)
    memoist (0.15.0)
    memoizable (0.4.2)
      thread_safe (~> 0.3, >= 0.3.1)
    method_source (0.8.2)
    mime-types (2.99.3)
    mimemagic (0.3.0)
    mini_mime (0.1.4)
    mini_portile2 (2.3.0)
    minitest (5.7.0)
    mmap2 (2.2.7)
    mousetrap-rails (1.4.6)
    multi_json (1.12.1)
    multi_xml (0.6.0)
    multipart-post (2.0.0)
    mustermann (1.0.0)
    mustermann-grape (1.0.0)
      mustermann (~> 1.0.0)
    mysql2 (0.4.5)
    net-ldap (0.16.0)
    net-ssh (4.1.0)
    netrc (0.11.0)
    nokogiri (1.8.1)
      mini_portile2 (~> 2.3.0)
    numerizer (0.1.1)
    oauth (0.5.1)
    oauth2 (1.4.0)
      faraday (>= 0.8, < 0.13)
      jwt (~> 1.0)
      multi_json (~> 1.3)
      multi_xml (~> 0.5)
      rack (>= 1.2, < 3)
    octokit (4.6.2)
      sawyer (~> 0.8.0, >= 0.5.3)
    oj (2.17.5)
    omniauth (1.4.2)
      hashie (>= 1.2, < 4)
      rack (>= 1.0, < 3)
    omniauth-auth0 (1.4.1)
      omniauth-oauth2 (~> 1.1)
    omniauth-authentiq (0.3.1)
      omniauth-oauth2 (~> 1.3, >= 1.3.1)
    omniauth-azure-oauth2 (0.0.6)
      jwt (~> 1.0)
      omniauth (~> 1.0)
      omniauth-oauth2 (~> 1.1)
    omniauth-cas3 (1.1.4)
      addressable (~> 2.3)
      nokogiri (~> 1.7, >= 1.7.1)
      omniauth (~> 1.2)
    omniauth-facebook (4.0.0)
      omniauth-oauth2 (~> 1.2)
    omniauth-github (1.1.2)
      omniauth (~> 1.0)
      omniauth-oauth2 (~> 1.1)
    omniauth-gitlab (1.0.2)
      omniauth (~> 1.0)
      omniauth-oauth2 (~> 1.0)
    omniauth-google-oauth2 (0.5.2)
      jwt (~> 1.5)
      multi_json (~> 1.3)
      omniauth (>= 1.1.1)
      omniauth-oauth2 (>= 1.3.1)
    omniauth-kerberos (0.3.0)
      omniauth-multipassword
      timfel-krb5-auth (~> 0.8)
    omniauth-multipassword (0.4.2)
      omniauth (~> 1.0)
    omniauth-oauth (1.1.0)
      oauth
      omniauth (~> 1.0)
    omniauth-oauth2 (1.3.1)
      oauth2 (~> 1.0)
      omniauth (~> 1.2)
    omniauth-oauth2-generic (0.2.2)
      omniauth-oauth2 (~> 1.0)
    omniauth-saml (1.7.0)
      omniauth (~> 1.3)
      ruby-saml (~> 1.4)
    omniauth-shibboleth (1.2.1)
      omniauth (>= 1.0.0)
    omniauth-twitter (1.2.1)
      json (~> 1.3)
      omniauth-oauth (~> 1.1)
    omniauth_crowd (2.2.3)
      activesupport
      nokogiri (>= 1.4.4)
      omniauth (~> 1.0)
    org-ruby (0.9.12)
      rubypants (~> 0.2)
    orm_adapter (0.5.0)
    os (0.9.6)
    parallel (1.12.0)
    paranoia (2.3.1)
      activerecord (>= 4.0, < 5.2)
    parser (2.4.0.0)
      ast (~> 2.2)
    path_expander (1.0.1)
    peek (1.0.1)
      concurrent-ruby (>= 0.9.0)
      concurrent-ruby-ext (>= 0.9.0)
      railties (>= 4.0.0)
    peek-gc (0.0.2)
      peek
    peek-host (1.0.0)
      peek
    peek-mysql2 (1.1.0)
      atomic (>= 1.0.0)
      mysql2
      peek
    peek-performance_bar (1.3.0)
      peek (>= 0.1.0)
    peek-pg (1.3.0)
      concurrent-ruby
      concurrent-ruby-ext
      peek
      pg
    peek-rblineprof (0.2.0)
      peek
      rblineprof
    peek-redis (1.2.0)
      atomic (>= 1.0.0)
      peek
      redis
    peek-sidekiq (1.0.3)
      atomic (>= 1.0.0)
      peek
      sidekiq
    pg (0.18.4)
    po_to_json (1.0.1)
      json (>= 1.6.0)
    poltergeist (1.9.0)
      capybara (~> 2.1)
      cliver (~> 0.3.1)
      multi_json (~> 1.0)
      websocket-driver (>= 0.2.0)
    posix-spawn (0.3.13)
    powerpack (0.1.1)
    premailer (1.10.4)
      addressable
      css_parser (>= 1.4.10)
      htmlentities (>= 4.0.0)
    premailer-rails (1.9.7)
      actionmailer (>= 3, < 6)
      premailer (~> 1.7, >= 1.7.9)
    proc_to_ast (0.1.0)
      coderay
      parser
      unparser
    procto (0.0.3)
    prometheus-client-mmap (0.7.0.beta14)
      mmap2 (~> 2.2, >= 2.2.7)
    pry (0.10.4)
      coderay (~> 1.1.0)
      method_source (~> 0.8.1)
      slop (~> 3.4)
    pry-byebug (3.4.2)
      byebug (~> 9.0)
      pry (~> 0.10)
    pry-rails (0.3.5)
      pry (>= 0.9.10)
    pyu-ruby-sasl (0.0.3.3)
    rack (1.6.8)
    rack-accept (0.4.5)
      rack (>= 0.4)
    rack-attack (4.4.1)
      rack
    rack-cors (0.4.0)
    rack-oauth2 (1.2.3)
      activesupport (>= 2.3)
      attr_required (>= 0.0.5)
      httpclient (>= 2.4)
      multi_json (>= 1.3.6)
      rack (>= 1.1)
    rack-protection (1.5.3)
      rack
    rack-proxy (0.6.0)
      rack
    rack-test (0.6.3)
      rack (>= 1.0)
    rails (4.2.8)
      actionmailer (= 4.2.8)
      actionpack (= 4.2.8)
      actionview (= 4.2.8)
      activejob (= 4.2.8)
      activemodel (= 4.2.8)
      activerecord (= 4.2.8)
      activesupport (= 4.2.8)
      bundler (>= 1.3.0, < 2.0)
      railties (= 4.2.8)
      sprockets-rails
    rails-deprecated_sanitizer (1.0.3)
      activesupport (>= 4.2.0.alpha)
    rails-dom-testing (1.0.8)
      activesupport (>= 4.2.0.beta, < 5.0)
      nokogiri (~> 1.6)
      rails-deprecated_sanitizer (>= 1.0.1)
    rails-html-sanitizer (1.0.3)
      loofah (~> 2.0)
    rails-i18n (4.0.9)
      i18n (~> 0.7)
      railties (~> 4.0)
    railties (4.2.8)
      actionpack (= 4.2.8)
      activesupport (= 4.2.8)
      rake (>= 0.8.7)
      thor (>= 0.18.1, < 2.0)
    rainbow (2.2.2)
      rake
    raindrops (0.18.0)
    rake (12.0.0)
    rblineprof (0.3.6)
      debugger-ruby_core_source (~> 1.3)
    rbnacl (4.0.2)
      ffi
    rbnacl-libsodium (1.0.11)
      rbnacl (>= 3.0.1)
    rdoc (4.2.2)
      json (~> 1.4)
    re2 (1.1.1)
    recaptcha (3.0.0)
      json
    recursive-open-struct (1.0.0)
    redcarpet (3.4.0)
    redis (3.3.3)
    redis-actionpack (5.0.1)
      actionpack (>= 4.0, < 6)
      redis-rack (>= 1, < 3)
      redis-store (>= 1.1.0, < 1.4.0)
    redis-activesupport (5.0.1)
      activesupport (>= 3, < 6)
      redis-store (~> 1.2.0)
    redis-namespace (1.5.2)
      redis (~> 3.0, >= 3.0.4)
    redis-rack (1.6.0)
      rack (~> 1.5)
      redis-store (~> 1.2.0)
    redis-rails (5.0.1)
      redis-actionpack (~> 5.0.0)
      redis-activesupport (~> 5.0.0)
      redis-store (~> 1.2.0)
    redis-store (1.2.0)
      redis (>= 2.2)
    request_store (1.3.1)
    responders (2.3.0)
      railties (>= 4.2.0, < 5.1)
    rest-client (2.0.0)
      http-cookie (>= 1.0.2, < 2.0)
      mime-types (>= 1.16, < 4.0)
      netrc (~> 0.8)
    retriable (1.4.1)
    rinku (2.0.0)
    rotp (2.1.2)
    rouge (2.2.1)
    rqrcode (0.7.0)
      chunky_png
    rqrcode-rails3 (0.1.7)
      rqrcode (>= 0.4.2)
    rspec (3.6.0)
      rspec-core (~> 3.6.0)
      rspec-expectations (~> 3.6.0)
      rspec-mocks (~> 3.6.0)
    rspec-core (3.6.0)
      rspec-support (~> 3.6.0)
    rspec-expectations (3.6.0)
      diff-lcs (>= 1.2.0, < 2.0)
      rspec-support (~> 3.6.0)
    rspec-mocks (3.6.0)
      diff-lcs (>= 1.2.0, < 2.0)
      rspec-support (~> 3.6.0)
    rspec-parameterized (0.4.0)
      binding_of_caller
      parser
      proc_to_ast
      rspec (>= 2.13, < 4)
      unparser
    rspec-rails (3.6.0)
      actionpack (>= 3.0)
      activesupport (>= 3.0)
      railties (>= 3.0)
      rspec-core (~> 3.6.0)
      rspec-expectations (~> 3.6.0)
      rspec-mocks (~> 3.6.0)
      rspec-support (~> 3.6.0)
    rspec-retry (0.4.5)
      rspec-core
    rspec-set (0.1.3)
    rspec-support (3.6.0)
    rspec_profiling (0.0.5)
      activerecord
      pg
      rails
      sqlite3
    rubocop (0.49.1)
      parallel (~> 1.10)
      parser (>= 2.3.3.1, < 3.0)
      powerpack (~> 0.1)
      rainbow (>= 1.99.1, < 3.0)
      ruby-progressbar (~> 1.7)
      unicode-display_width (~> 1.0, >= 1.0.1)
    rubocop-gitlab-security (0.1.0)
      rubocop (>= 0.47.1)
    rubocop-rspec (1.15.1)
      rubocop (>= 0.42.0)
    ruby-fogbugz (0.2.1)
      crack (~> 0.4)
    ruby-prof (0.16.2)
    ruby-progressbar (1.8.1)
    ruby-saml (1.4.1)
      nokogiri (>= 1.5.10)
    ruby_parser (3.9.0)
      sexp_processor (~> 4.1)
    rubyntlm (0.6.2)
    rubypants (0.2.0)
    rubyzip (1.2.1)
    rufus-scheduler (3.4.0)
      et-orbi (~> 1.0)
    rugged (0.26.0)
    safe_yaml (1.0.4)
    sanitize (2.1.0)
      nokogiri (>= 1.4.4)
    sass (3.4.22)
    sass-rails (5.0.6)
      railties (>= 4.0.0, < 6)
      sass (~> 3.1)
      sprockets (>= 2.8, < 4.0)
      sprockets-rails (>= 2.0, < 4.0)
      tilt (>= 1.1, < 3)
    sawyer (0.8.1)
      addressable (>= 2.3.5, < 2.6)
      faraday (~> 0.8, < 1.0)
    scss_lint (0.54.0)
      rake (>= 0.9, < 13)
      sass (~> 3.4.20)
    securecompare (1.0.0)
    seed-fu (2.3.6)
      activerecord (>= 3.1)
      activesupport (>= 3.1)
    select2-rails (3.5.9.3)
      thor (~> 0.14)
    sentry-raven (2.5.3)
      faraday (>= 0.7.6, < 1.0)
    settingslogic (2.0.9)
    sexp_processor (4.9.0)
    sham_rack (1.3.6)
      rack
    shoulda-matchers (3.1.2)
      activesupport (>= 4.0.0)
    sidekiq (5.0.4)
      concurrent-ruby (~> 1.0)
      connection_pool (~> 2.2, >= 2.2.0)
      rack-protection (>= 1.5.0)
      redis (~> 3.3, >= 3.3.3)
    sidekiq-cron (0.6.0)
      rufus-scheduler (>= 3.3.0)
      sidekiq (>= 4.2.1)
    sidekiq-limit_fetch (3.4.0)
      sidekiq (>= 4)
    signet (0.7.3)
      addressable (~> 2.3)
      faraday (~> 0.9)
      jwt (~> 1.5)
      multi_json (~> 1.10)
    simple_po_parser (1.1.2)
    simplecov (0.14.1)
      docile (~> 1.1.0)
      json (>= 1.8, < 3)
      simplecov-html (~> 0.10.0)
    simplecov-html (0.10.0)
    slack-notifier (1.5.1)
    slop (3.6.0)
    spinach (0.8.10)
      colorize
      gherkin-ruby (>= 0.3.2)
      json
    spinach-rails (0.2.1)
      capybara (>= 2.0.0)
      railties (>= 3)
      spinach (>= 0.4)
    spinach-rerun-reporter (0.0.2)
      spinach (~> 0.8)
    spring (2.0.1)
      activesupport (>= 4.2)
    spring-commands-rspec (1.0.4)
      spring (>= 0.9.1)
    spring-commands-spinach (1.1.0)
      spring (>= 0.9.1)
    sprockets (3.7.1)
      concurrent-ruby (~> 1.0)
      rack (> 1, < 3)
    sprockets-rails (3.2.0)
      actionpack (>= 4.0)
      activesupport (>= 4.0)
      sprockets (>= 3.0.0)
    sqlite3 (1.3.13)
    stackprof (0.2.10)
    state_machines (0.4.0)
    state_machines-activemodel (0.4.0)
      activemodel (>= 4.1, < 5.1)
      state_machines (>= 0.4.0)
    state_machines-activerecord (0.4.0)
      activerecord (>= 4.1, < 5.1)
      state_machines-activemodel (>= 0.3.0)
    stringex (2.7.1)
    sys-filesystem (1.1.6)
      ffi
    sysexits (1.2.0)
    temple (0.7.7)
    test_after_commit (1.1.0)
      activerecord (>= 3.2)
    text (1.3.1)
    thin (1.7.0)
      daemons (~> 1.0, >= 1.0.9)
      eventmachine (~> 1.0, >= 1.0.4)
      rack (>= 1, < 3)
    thor (0.19.4)
    thread_safe (0.3.6)
    tilt (2.0.6)
    timecop (0.8.1)
    timfel-krb5-auth (0.8.3)
    toml-rb (0.3.15)
      citrus (~> 3.0, > 3.0)
    truncato (0.7.10)
      htmlentities (~> 4.3.1)
      nokogiri (~> 1.8.0, >= 1.7.0)
    tzinfo (1.2.3)
      thread_safe (~> 0.1)
    u2f (0.2.1)
    uglifier (2.7.2)
      execjs (>= 0.3.0)
      json (>= 1.8.0)
    unf (0.1.4)
      unf_ext
    unf_ext (0.0.7.2)
    unicode-display_width (1.3.0)
    unicorn (5.1.0)
      kgio (~> 2.6)
      raindrops (~> 0.7)
    unicorn-worker-killer (0.4.4)
      get_process_mem (~> 0)
      unicorn (>= 4, < 6)
    uniform_notifier (1.10.0)
    unparser (0.2.6)
      abstract_type (~> 0.0.7)
      adamantium (~> 0.2.0)
      concord (~> 0.1.5)
      diff-lcs (~> 1.3)
      equalizer (~> 0.0.9)
      parser (>= 2.3.1.2, < 2.5)
      procto (~> 0.0.2)
    url_safe_base64 (0.2.2)
    validates_hostname (1.0.6)
      activerecord (>= 3.0)
      activesupport (>= 3.0)
    version_sorter (2.1.0)
    virtus (1.0.5)
      axiom-types (~> 0.1)
      coercible (~> 1.0)
      descendants_tracker (~> 0.0, >= 0.0.3)
      equalizer (~> 0.0, >= 0.0.9)
    vmstat (2.3.0)
    warden (1.2.6)
      rack (>= 1.0)
    webmock (2.3.2)
      addressable (>= 2.3.6)
      crack (>= 0.3.2)
      hashdiff
    webpack-rails (0.9.10)
      railties (>= 3.2.0)
    websocket-driver (0.6.3)
      websocket-extensions (>= 0.1.0)
    websocket-extensions (0.1.2)
    wikicloth (0.8.1)
      builder
      expression_parser
      rinku
    xml-simple (1.1.5)
    xpath (2.1.0)
      nokogiri (~> 1.3)

PLATFORMS
  ruby

DEPENDENCIES
  RedCloth (~> 4.3.2)
  ace-rails-ap (~> 4.1.0)
  activerecord-nulldb-adapter
  activerecord_sane_schema_dumper (= 0.2)
  acts-as-taggable-on (~> 4.0)
  addressable (~> 2.3.8)
  akismet (~> 2.0)
  allocations (~> 1.0)
  asana (~> 0.6.0)
  asciidoctor (~> 1.5.2)
  asciidoctor-plantuml (= 0.0.7)
  attr_encrypted (~> 3.0.0)
  awesome_print (~> 1.2.0)
  babosa (~> 1.0.2)
  base32 (~> 0.3.0)
  bcrypt_pbkdf (~> 1.0)
  benchmark-ips (~> 2.3.0)
  better_errors (~> 2.1.0)
  binding_of_caller (~> 0.7.2)
  bootstrap-sass (~> 3.3.0)
  bootstrap_form (~> 2.7.0)
  brakeman (~> 3.6.0)
  browser (~> 2.2)
  bullet (~> 5.5.0)
  bundler-audit (~> 0.5.0)
  capybara (~> 2.15.0)
  capybara-screenshot (~> 1.0.0)
  carrierwave (~> 1.1)
  charlock_holmes (~> 0.7.5)
  chronic (~> 0.10.2)
  chronic_duration (~> 0.10.6)
  concurrent-ruby (~> 1.0.5)
  connection_pool (~> 2.0)
  creole (~> 0.5.0)
  d3_rails (~> 3.5.0)
  database_cleaner (~> 1.5.0)
  deckar01-task_list (= 2.0.0)
  default_value_for (~> 3.0.0)
  devise (~> 4.2)
  devise-two-factor (~> 3.0.0)
  diffy (~> 3.1.0)
  doorkeeper (~> 4.2.0)
  doorkeeper-openid_connect (~> 1.1.0)
  dropzonejs-rails (~> 0.7.1)
  email_reply_trimmer (~> 0.1)
  email_spec (~> 1.6.0)
  factory_girl_rails (~> 4.7.0)
  faraday (~> 0.12)
  ffaker (~> 2.4)
  flay (~> 2.8.0)
  flipper (~> 0.10.2)
  flipper-active_record (~> 0.10.2)
  fog-aliyun (~> 0.1.0)
  fog-aws (~> 1.4)
  fog-core (~> 1.44)
  fog-google (~> 0.5)
  fog-local (~> 0.3)
  fog-openstack (~> 0.1)
  fog-rackspace (~> 0.1.1)
  font-awesome-rails (~> 4.7)
  foreman (~> 0.78.0)
  fuubar (~> 2.2.0)
  gemnasium-gitlab-service (~> 0.2)
  gemojione (~> 3.3)
  gettext (~> 3.2.2)
  gettext_i18n_rails (~> 1.8.0)
  gettext_i18n_rails_js (~> 1.2.0)
  gitaly-proto (~> 0.33.0)
  github-linguist (~> 4.7.0)
  gitlab-flowdock-git-hook (~> 1.0.1)
  gitlab-markup (~> 1.5.1)
  gitlab_omniauth-ldap (~> 2.0.4)
  gollum-lib (~> 4.2)
  gollum-rugged_adapter (~> 0.4.4)
  gon (~> 6.1.0)
  google-api-client (~> 0.8.6)
  gpgme
  grape (~> 1.0)
  grape-entity (~> 0.6.0)
  grape-route-helpers (~> 2.1.0)
  grape_logging (~> 1.7)
  haml_lint (~> 0.26.0)
  hamlit (~> 2.6.1)
  hashie-forbidden_attributes
  health_check (~> 2.6.0)
  hipchat (~> 1.5.0)
  html-pipeline (~> 1.11.0)
  html2text
  httparty (~> 0.13.3)
  influxdb (~> 0.2)
  jira-ruby (~> 1.4)
  jquery-atwho-rails (~> 1.3.2)
  jquery-rails (~> 4.1.0)
  json-schema (~> 2.6.2)
  jwt (~> 1.5.6)
  kaminari (~> 1.0)
  knapsack (~> 1.11.0)
  kubeclient (~> 2.2.0)
  letter_opener_web (~> 1.3.0)
  license_finder (~> 2.1.0)
  licensee (~> 8.7.0)
  lograge (~> 0.5)
  loofah (~> 2.0.3)
  mail_room (~> 0.9.1)
  method_source (~> 0.8)
  minitest (~> 5.7.0)
  mousetrap-rails (~> 1.4.6)
  mysql2 (~> 0.4.5)
  net-ldap
  net-ssh (~> 4.1.0)
  nokogiri (~> 1.8.1)
  oauth2 (~> 1.4)
  octokit (~> 4.6.2)
  oj (~> 2.17.4)
  omniauth (~> 1.4.2)
  omniauth-auth0 (~> 1.4.1)
  omniauth-authentiq (~> 0.3.1)
  omniauth-azure-oauth2 (~> 0.0.6)
  omniauth-cas3 (~> 1.1.4)
  omniauth-facebook (~> 4.0.0)
  omniauth-github (~> 1.1.1)
  omniauth-gitlab (~> 1.0.2)
  omniauth-google-oauth2 (~> 0.5.2)
  omniauth-kerberos (~> 0.3.0)
  omniauth-oauth2-generic (~> 0.2.2)
  omniauth-saml (~> 1.7.0)
  omniauth-shibboleth (~> 1.2.0)
  omniauth-twitter (~> 1.2.0)
  omniauth_crowd (~> 2.2.0)
  org-ruby (~> 0.9.12)
  paranoia (~> 2.3.1)
  peek (~> 1.0.1)
  peek-gc (~> 0.0.2)
  peek-host (~> 1.0.0)
  peek-mysql2 (~> 1.1.0)
  peek-performance_bar (~> 1.3.0)
  peek-pg (~> 1.3.0)
  peek-rblineprof (~> 0.2.0)
  peek-redis (~> 1.2.0)
  peek-sidekiq (~> 1.0.3)
  pg (~> 0.18.2)
  poltergeist (~> 1.9.0)
  premailer-rails (~> 1.9.7)
  prometheus-client-mmap (~> 0.7.0.beta14)
  pry-byebug (~> 3.4.1)
  pry-rails (~> 0.3.4)
  rack-attack (~> 4.4.1)
  rack-cors (~> 0.4.0)
  rack-oauth2 (~> 1.2.1)
  rack-proxy (~> 0.6.0)
  rails (= 4.2.8)
  rails-deprecated_sanitizer (~> 1.0.3)
  rails-i18n (~> 4.0.9)
  rainbow (~> 2.2)
  raindrops (~> 0.18)
  rblineprof (~> 0.3.6)
  rbnacl (~> 4.0)
  rbnacl-libsodium
  rdoc (~> 4.2)
  re2 (~> 1.1.1)
  recaptcha (~> 3.0)
  redcarpet (~> 3.4)
  redis (~> 3.2)
  redis-namespace (~> 1.5.2)
  redis-rails (~> 5.0.1)
  request_store (~> 1.3)
  responders (~> 2.0)
  rouge (~> 2.0)
  rqrcode-rails3 (~> 0.1.7)
  rspec-parameterized
  rspec-rails (~> 3.6.0)
  rspec-retry (~> 0.4.5)
  rspec-set (~> 0.1.3)
  rspec_profiling (~> 0.0.5)
  rubocop (~> 0.49.1)
  rubocop-gitlab-security (~> 0.1.0)
  rubocop-rspec (~> 1.15.1)
  ruby-fogbugz (~> 0.2.1)
  ruby-prof (~> 0.16.2)
  ruby_parser (~> 3.8)
  rufus-scheduler (~> 3.4)
  rugged (~> 0.26.0)
  sanitize (~> 2.0)
  sass-rails (~> 5.0.6)
  scss_lint (~> 0.54.0)
  seed-fu (~> 2.3.5)
  select2-rails (~> 3.5.9)
  sentry-raven (~> 2.5.3)
  settingslogic (~> 2.0.9)
  sham_rack (~> 1.3.6)
  shoulda-matchers (~> 3.1.2)
  sidekiq (~> 5.0)
  sidekiq-cron (~> 0.6.0)
  sidekiq-limit_fetch (~> 3.4)
  simple_po_parser (~> 1.1.2)
  simplecov (~> 0.14.0)
  slack-notifier (~> 1.5.1)
  spinach-rails (~> 0.2.1)
  spinach-rerun-reporter (~> 0.0.2)
  spring (~> 2.0.0)
  spring-commands-rspec (~> 1.0.4)
  spring-commands-spinach (~> 1.1.0)
  sprockets (~> 3.7.0)
  stackprof (~> 0.2.10)
  state_machines-activerecord (~> 0.4.0)
  sys-filesystem (~> 1.1.6)
  test_after_commit (~> 1.1)
  thin (~> 1.7.0)
  timecop (~> 0.8.0)
  toml-rb (~> 0.3.15)
  truncato (~> 0.7.9)
  u2f (~> 0.2.1)
  uglifier (~> 2.7.2)
  unf (~> 0.1.4)
  unicorn (~> 5.1.0)
  unicorn-worker-killer (~> 0.4.4)
  validates_hostname (~> 1.0.6)
  version_sorter (~> 2.1.0)
  virtus (~> 1.0.1)
  vmstat (~> 2.3.0)
  webmock (~> 2.3.2)
  webpack-rails (~> 0.9.10)
  wikicloth (= 0.8.1)

BUNDLED WITH
   1.15.4
