GEM
  remote: https://rubygems.org/
  specs:
    colorize (0.8.1)
    commander (4.4.6)
      highline (~> 1.7.2)
    diffy (3.2.1)
    highline (1.7.10)
    polyglot (0.3.5)
    terraform_landscape (0.2.1)
      colorize (~> 0.7)
      commander (~> 4.4)
      diffy (~> 3.0)
      treetop (~> 1.6)
    treetop (1.6.10)
      polyglot (~> 0.3)

PLATFORMS
  ruby

DEPENDENCIES
  terraform_landscape

BUNDLED WITH
   2.1.4
