GEM
  remote: https://rubygems.org/
  specs:
    childprocess (3.0.0)
    regexp_parser (2.1.1)
    rubyzip (2.3.0)
    selenium-webdriver (3.142.7)
      childprocess (>= 0.5, < 4.0)
      rubyzip (>= 1.2.2)
    watir (6.18.0)
      regexp_parser (>= 1.2, < 3)
      selenium-webdriver (>= 3.8)

PLATFORMS
  ruby
  x86_64-linux

DEPENDENCIES
  watir

BUNDLED WITH
   2.2.9
