GEM
  remote: https://rubygems.org/
  specs:
    childprocess (5.1.0)
      logger (~> 1.5)
    iniparse (1.5.0)
    logger (1.6.1)
    overcommit (0.64.0)
      childprocess (>= 0.6.3, < 6)
      iniparse (~> 1.4)
      rexml (~> 3.2)
    rexml (3.3.7)

PLATFORMS
  ruby

DEPENDENCIES
  overcommit

BUNDLED WITH
   2.5.16
