GEM
  remote: https://rubygems.org/
  specs:
    bundler-audit (0.6.1)
      bundler (>= 1.2.0, < 3)
      thor (~> 0.18)
    thor (0.20.3)

PLATFORMS
  ruby

DEPENDENCIES
  bundler-audit

BUNDLED WITH
   1.14.6
