GEM
  remote: https://rubygems.org/
  specs:
    bundler-audit (0.7.0.1)
      bundler (>= 1.2.0, < 3)
      thor (>= 0.18, < 2)
    thor (1.0.1)

PLATFORMS
  ruby

DEPENDENCIES
  bundler-audit

BUNDLED WITH
   2.1.4
