GEM
  remote: http://rubygems.org/
  specs:
    activesupport (3.2.22)
      i18n (~> 0.6, >= 0.6.4)
      multi_json (~> 1.0)
    blockenspiel (0.4.5)
    i18n (0.7.0)
    json (1.7.7)
    multi_json (1.11.2)
    parseconfig (1.0.6)
    rack (1.6.4)
    rack-flash3 (1.0.5)
      rack
    rack-protection (1.5.3)
      rack
    rinku (1.7.3)
    simple-navigation (4.0.3)
      activesupport (>= 2.3.2)
    sinatra (1.4.6)
      rack (~> 1.4)
      rack-protection (~> 1.4)
      tilt (>= 1.3, < 3)
    sinatra-simple-navigation (4.0.0)
      simple-navigation (>= 4.0.0)
      sinatra (~> 1.0)
    taskwarrior-web (1.1.11)
      activesupport (~> 3)
      json (~> 1.7.7)
      parseconfig
      rack-flash3
      rinku
      sinatra
      sinatra-simple-navigation
      vegas
      versionomy
    tilt (2.0.1)
    vegas (0.1.11)
      rack (>= 1.0.0)
    versionomy (0.4.4)
      blockenspiel (>= 0.4.5)

PLATFORMS
  ruby

DEPENDENCIES
  taskwarrior-web

BUNDLED WITH
   1.10.6
