GEM
  remote: https://rubygems.org/
  specs:
    RedCloth (4.3.2)
    abstract_type (0.0.7)
    ace-rails-ap (4.1.2)
    actioncable (5.0.7.2)
      actionpack (= 5.0.7.2)
      nio4r (>= 1.2, < 3.0)
      websocket-driver (~> 0.6.1)
    actionmailer (5.0.7.2)
      actionpack (= 5.0.7.2)
      actionview (= 5.0.7.2)
      activejob (= 5.0.7.2)
      mail (~> 2.5, >= 2.5.4)
      rails-dom-testing (~> 2.0)
    actionpack (5.0.7.2)
      actionview (= 5.0.7.2)
      activesupport (= 5.0.7.2)
      rack (~> 2.0)
      rack-test (~> 0.6.3)
      rails-dom-testing (~> 2.0)
      rails-html-sanitizer (~> 1.0, >= 1.0.2)
    actionview (5.0.7.2)
      activesupport (= 5.0.7.2)
      builder (~> 3.1)
      erubis (~> 2.7.0)
      rails-dom-testing (~> 2.0)
      rails-html-sanitizer (~> 1.0, >= 1.0.3)
    activejob (5.0.7.2)
      activesupport (= 5.0.7.2)
      globalid (>= 0.3.6)
    activemodel (5.0.7.2)
      activesupport (= 5.0.7.2)
    activerecord (5.0.7.2)
      activemodel (= 5.0.7.2)
      activesupport (= 5.0.7.2)
      arel (~> 7.0)
    activerecord_sane_schema_dumper (1.0)
      rails (>= 5, < 6)
    activesupport (5.0.7.2)
      concurrent-ruby (~> 1.0, >= 1.0.2)
      i18n (>= 0.7, < 2)
      minitest (~> 5.1)
      tzinfo (~> 1.1)
    acts-as-taggable-on (6.0.0)
      activerecord (~> 5.0)
    adamantium (0.2.0)
      ice_nine (~> 0.11.0)
      memoizable (~> 0.4.0)
    addressable (2.5.2)
      public_suffix (>= 2.0.2, < 4.0)
    aes_key_wrap (1.0.1)
    akismet (2.0.0)
    arel (7.1.4)
    asana (0.8.1)
      faraday (~> 0.9)
      faraday_middleware (~> 0.9)
      faraday_middleware-multi_json (~> 0.0)
      oauth2 (~> 1.0)
    asciidoctor (1.5.8)
    asciidoctor-plantuml (0.0.8)
      asciidoctor (~> 1.5)
    ast (2.4.0)
    atomic (1.1.99)
    attr_encrypted (3.1.0)
      encryptor (~> 3.0.0)
    attr_required (1.0.1)
    awesome_print (1.8.0)
    axiom-types (0.1.1)
      descendants_tracker (~> 0.0.4)
      ice_nine (~> 0.11.0)
      thread_safe (~> 0.3, >= 0.3.1)
    babosa (1.0.2)
    base32 (0.3.2)
    batch-loader (1.2.2)
    bcrypt (3.1.12)
    bcrypt_pbkdf (1.0.0)
    benchmark-ips (2.3.0)
    better_errors (2.5.0)
      coderay (>= 1.0.0)
      erubi (>= 1.0.0)
      rack (>= 0.9.0)
    bindata (2.4.3)
    binding_ninja (0.2.2)
    binding_of_caller (0.8.0)
      debug_inspector (>= 0.0.1)
    bootsnap (1.4.1)
      msgpack (~> 1.0)
    bootstrap_form (4.2.0)
      actionpack (>= 5.0)
      activemodel (>= 5.0)
    brakeman (4.2.1)
    browser (2.5.3)
    builder (3.2.3)
    bullet (5.5.1)
      activesupport (>= 3.0.0)
      uniform_notifier (~> 1.10.0)
    bundler-audit (0.5.0)
      bundler (~> 1.2)
      thor (~> 0.18)
    byebug (9.1.0)
    capybara (2.16.1)
      addressable
      mini_mime (>= 0.1.3)
      nokogiri (>= 1.3.3)
      rack (>= 1.0.0)
      rack-test (>= 0.5.4)
      xpath (~> 2.0)
    capybara-screenshot (1.0.22)
      capybara (>= 1.0, < 4)
      launchy
    carrierwave (1.3.1)
      activemodel (>= 4.0.0)
      activesupport (>= 4.0.0)
      mime-types (>= 1.16)
    cause (0.1)
    character_set (1.1.2)
    charlock_holmes (0.7.6)
    childprocess (0.9.0)
      ffi (~> 1.0, >= 1.0.11)
    chronic (0.10.2)
    chronic_duration (0.10.6)
      numerizer (~> 0.1.1)
    chunky_png (1.3.5)
    citrus (3.0.2)
    coderay (1.1.2)
    coercible (1.0.0)
      descendants_tracker (~> 0.0.1)
    commonmarker (0.17.13)
      ruby-enum (~> 0.5)
    concord (0.1.5)
      adamantium (~> 0.2.0)
      equalizer (~> 0.0.9)
    concurrent-ruby (1.1.3)
    concurrent-ruby-ext (1.1.3)
      concurrent-ruby (= 1.1.3)
    connection_pool (2.2.2)
    crack (0.4.3)
      safe_yaml (~> 1.0.0)
    crass (1.0.4)
    creole (0.5.0)
    css_parser (1.5.0)
      addressable
    daemons (1.2.6)
    database_cleaner (1.7.0)
    debug_inspector (0.0.3)
    debugger-ruby_core_source (1.3.8)
    deckar01-task_list (2.2.0)
      html-pipeline
    declarative (0.0.10)
    declarative-option (0.1.0)
    descendants_tracker (0.0.4)
      thread_safe (~> 0.3, >= 0.3.1)
    device_detector (1.0.0)
    devise (4.4.3)
      bcrypt (~> 3.0)
      orm_adapter (~> 0.1)
      railties (>= 4.1.0, < 6.0)
      responders
      warden (~> 1.2.3)
    devise-two-factor (3.0.0)
      activesupport
      attr_encrypted (>= 1.3, < 4, != 2)
      devise (~> 4.0)
      railties
      rotp (~> 2.0)
    diff-lcs (1.3)
    diffy (3.1.0)
    discordrb-webhooks-blackst0ne (3.3.0)
      rest-client (~> 2.0)
    docile (1.1.5)
    domain_name (0.5.20180417)
      unf (>= 0.0.5, < 1.0.0)
    doorkeeper (4.3.2)
      railties (>= 4.2)
    doorkeeper-openid_connect (1.5.0)
      doorkeeper (~> 4.3)
      json-jwt (~> 1.6)
    ed25519 (1.2.4)
    email_reply_trimmer (0.1.6)
    email_spec (2.2.0)
      htmlentities (~> 4.3.3)
      launchy (~> 2.1)
      mail (~> 2.7)
    encryptor (3.0.0)
    equalizer (0.0.11)
    erubi (1.7.1)
    erubis (2.7.0)
    escape_utils (1.2.1)
    et-orbi (1.1.7)
      tzinfo
    eventmachine (1.2.7)
    excon (0.62.0)
    execjs (2.6.0)
    expression_parser (0.9.0)
    factory_bot (4.8.2)
      activesupport (>= 3.0.0)
    factory_bot_rails (4.8.2)
      factory_bot (~> 4.8.2)
      railties (>= 3.0.0)
    faraday (0.12.2)
      multipart-post (>= 1.2, < 3)
    faraday_middleware (0.12.2)
      faraday (>= 0.7.4, < 1.0)
    faraday_middleware-multi_json (0.0.6)
      faraday_middleware
      multi_json
    fast_blank (1.0.0)
    fast_gettext (1.6.0)
    ffaker (2.10.0)
    ffi (1.10.0)
    flipper (0.13.0)
    flipper-active_record (0.13.0)
      activerecord (>= 3.2, < 6)
      flipper (~> 0.13.0)
    flipper-active_support_cache_store (0.13.0)
      activesupport (>= 3.2, < 6)
      flipper (~> 0.13.0)
    flowdock (0.7.1)
      httparty (~> 0.7)
      multi_json
    fog-aliyun (0.3.3)
      fog-core
      fog-json
      ipaddress (~> 0.8)
      xml-simple (~> 1.1)
    fog-aws (3.3.0)
      fog-core (~> 2.1)
      fog-json (~> 1.1)
      fog-xml (~> 0.1)
      ipaddress (~> 0.8)
    fog-core (2.1.0)
      builder
      excon (~> 0.58)
      formatador (~> 0.2)
      mime-types
    fog-google (1.8.2)
      fog-core (<= 2.1.0)
      fog-json (~> 1.2)
      fog-xml (~> 0.1.0)
      google-api-client (~> 0.23.0)
    fog-json (1.2.0)
      fog-core
      multi_json (~> 1.10)
    fog-local (0.6.0)
      fog-core (>= 1.27, < 3.0)
    fog-openstack (1.0.8)
      fog-core (~> 2.1)
      fog-json (>= 1.0)
      ipaddress (>= 0.8)
    fog-rackspace (0.1.1)
      fog-core (>= 1.35)
      fog-json (>= 1.0)
      fog-xml (>= 0.1)
      ipaddress (>= 0.8)
    fog-xml (0.1.3)
      fog-core
      nokogiri (>= 1.5.11, < 2.0.0)
    font-awesome-rails (4.7.0.1)
      railties (>= 3.2, < 5.1)
    foreman (0.84.0)
      thor (~> 0.19.1)
    formatador (0.2.5)
    fugit (1.1.9)
      et-orbi (~> 1.1, >= 1.1.7)
      raabro (~> 1.1)
    fuubar (2.2.0)
      rspec-core (~> 3.0)
      ruby-progressbar (~> 1.4)
    gemojione (3.3.0)
      json
    get_process_mem (0.2.0)
    gettext (3.2.9)
      locale (>= 2.0.5)
      text (>= 1.3.0)
    gettext_i18n_rails (1.8.0)
      fast_gettext (>= 0.9.0)
    gettext_i18n_rails_js (1.3.0)
      gettext (>= 3.0.2)
      gettext_i18n_rails (>= 0.7.1)
      po_to_json (>= 1.0.0)
      rails (>= 3.2.0)
    gitaly-proto (1.19.0)
      grpc (~> 1.0)
    github-markup (1.7.0)
    gitlab-default_value_for (3.1.1)
      activerecord (>= 3.2.0, < 6.0)
    gitlab-markup (1.7.0)
    gitlab-sidekiq-fetcher (0.4.0)
      sidekiq (~> 5)
    gitlab-styles (2.5.1)
      rubocop (~> 0.54.0)
      rubocop-gitlab-security (~> 0.1.0)
      rubocop-rspec (~> 1.19)
    gitlab_omniauth-ldap (2.1.1)
      net-ldap (~> 0.16)
      omniauth (~> 1.3)
      pyu-ruby-sasl (>= 0.0.3.3, < 0.1)
      rubyntlm (~> 0.5)
    globalid (0.4.2)
      activesupport (>= 4.2.0)
    gon (6.2.0)
      actionpack (>= 3.0)
      multi_json
      request_store (>= 1.0)
    google-api-client (0.23.4)
      addressable (~> 2.5, >= 2.5.1)
      googleauth (>= 0.5, < 0.7.0)
      httpclient (>= 2.8.1, < 3.0)
      mime-types (~> 3.0)
      representable (~> 3.0)
      retriable (>= 2.0, < 4.0)
    google-protobuf (3.6.1)
    googleapis-common-protos-types (1.0.3)
      google-protobuf (~> 3.0)
    googleauth (0.6.6)
      faraday (~> 0.12)
      jwt (>= 1.4, < 3.0)
      memoist (~> 0.12)
      multi_json (~> 1.11)
      os (>= 0.9, < 2.0)
      signet (~> 0.7)
    gpgme (2.0.18)
      mini_portile2 (~> 2.3)
    grape (1.1.0)
      activesupport
      builder
      mustermann-grape (~> 1.0.0)
      rack (>= 1.3.0)
      rack-accept
      virtus (>= 1.0.0)
    grape-entity (0.7.1)
      activesupport (>= 4.0)
      multi_json (>= 1.3.2)
    grape-path-helpers (1.0.6)
      activesupport (>= 4, < 5.1)
      grape (~> 1.0)
      rake (~> 12)
    grape_logging (1.7.0)
      grape
    graphiql-rails (1.4.10)
      railties
      sprockets-rails
    graphql (1.8.1)
    grpc (1.15.0)
      google-protobuf (~> 3.1)
      googleapis-common-protos-types (~> 1.0.0)
    haml (5.0.4)
      temple (>= 0.8.0)
      tilt
    haml_lint (0.28.0)
      haml (>= 4.0, < 5.1)
      rainbow
      rake (>= 10, < 13)
      rubocop (>= 0.50.0)
      sysexits (~> 1.1)
    hamlit (2.8.8)
      temple (>= 0.8.0)
      thor
      tilt
    hangouts-chat (0.0.5)
    hashdiff (0.3.8)
    hashie (3.5.7)
    hashie-forbidden_attributes (0.1.1)
      hashie (>= 3.0)
    health_check (2.6.0)
      rails (>= 4.0)
    hipchat (1.5.2)
      httparty
      mimemagic
    html-pipeline (2.8.4)
      activesupport (>= 2)
      nokogiri (>= 1.4)
    html2text (0.2.0)
      nokogiri (~> 1.6)
    htmlentities (4.3.4)
    http (3.3.0)
      addressable (~> 2.3)
      http-cookie (~> 1.0)
      http-form_data (~> 2.0)
      http_parser.rb (~> 0.6.0)
    http-cookie (1.0.3)
      domain_name (~> 0.5)
    http-form_data (2.1.1)
    http_parser.rb (0.6.0)
    httparty (0.16.4)
      mime-types (~> 3.0)
      multi_xml (>= 0.5.2)
    httpclient (2.8.3)
    i18n (1.6.0)
      concurrent-ruby (~> 1.0)
    icalendar (2.4.1)
    ice_nine (0.11.2)
    influxdb (0.2.3)
      cause
      json
    ipaddress (0.8.3)
    jaeger-client (0.10.0)
      opentracing (~> 0.3)
      thrift
    jira-ruby (1.4.1)
      activesupport
      multipart-post
      oauth (~> 0.5, >= 0.5.0)
    js_regex (3.1.1)
      character_set (~> 1.1)
      regexp_parser (~> 1.1)
      regexp_property_values (~> 0.3)
    json (1.8.6)
    json-jwt (1.9.4)
      activesupport
      aes_key_wrap
      bindata
    json-schema (2.8.0)
      addressable (>= 2.4)
    jwt (2.1.0)
    kaminari (1.0.1)
      activesupport (>= 4.1.0)
      kaminari-actionview (= 1.0.1)
      kaminari-activerecord (= 1.0.1)
      kaminari-core (= 1.0.1)
    kaminari-actionview (1.0.1)
      actionview
      kaminari-core (= 1.0.1)
    kaminari-activerecord (1.0.1)
      activerecord
      kaminari-core (= 1.0.1)
    kaminari-core (1.0.1)
    kgio (2.11.2)
    knapsack (1.17.0)
      rake
    kubeclient (4.2.2)
      http (~> 3.0)
      recursive-open-struct (~> 1.0, >= 1.0.4)
      rest-client (~> 2.0)
    launchy (2.4.3)
      addressable (~> 2.3)
    letter_opener (1.4.1)
      launchy (~> 2.2)
    letter_opener_web (1.3.0)
      actionmailer (>= 3.2)
      letter_opener (~> 1.0)
      railties (>= 3.2)
    license_finder (5.4.0)
      bundler
      rubyzip
      thor
      toml (= 0.2.0)
      with_env (= 1.1.0)
      xml-simple
    licensee (8.9.2)
      rugged (~> 0.24)
    locale (2.1.2)
    lograge (0.10.0)
      actionpack (>= 4)
      activesupport (>= 4)
      railties (>= 4)
      request_store (~> 1.0)
    loofah (2.2.3)
      crass (~> 1.0.2)
      nokogiri (>= 1.5.9)
    mail (2.7.1)
      mini_mime (>= 0.1.1)
    mail_room (0.9.1)
    memoist (0.16.0)
    memoizable (0.4.2)
      thread_safe (~> 0.3, >= 0.3.1)
    method_source (0.9.2)
    mime-types (3.2.2)
      mime-types-data (~> 3.2015)
    mime-types-data (3.2018.0812)
    mimemagic (0.3.2)
    mini_magick (4.8.0)
    mini_mime (1.0.1)
    mini_portile2 (2.4.0)
    minitest (5.11.3)
    msgpack (1.2.6)
    multi_json (1.13.1)
    multi_xml (0.6.0)
    multipart-post (2.0.0)
    mustermann (1.0.3)
    mustermann-grape (1.0.0)
      mustermann (~> 1.0.0)
    mysql2 (0.4.10)
    nakayoshi_fork (0.0.4)
    net-ldap (0.16.0)
    net-ssh (5.0.1)
    netrc (0.11.0)
    nio4r (2.3.1)
    nokogiri (1.10.1)
      mini_portile2 (~> 2.4.0)
    nokogumbo (1.5.0)
      nokogiri
    numerizer (0.1.1)
    oauth (0.5.4)
    oauth2 (1.4.1)
      faraday (>= 0.8, < 0.16.0)
      jwt (>= 1.0, < 3.0)
      multi_json (~> 1.3)
      multi_xml (~> 0.5)
      rack (>= 1.2, < 3)
    octokit (4.9.0)
      sawyer (~> 0.8.0, >= 0.5.3)
    omniauth (1.9.0)
      hashie (>= 3.4.6, < 3.7.0)
      rack (>= 1.6.2, < 3)
    omniauth-auth0 (2.0.0)
      omniauth-oauth2 (~> 1.4)
    omniauth-authentiq (0.3.3)
      jwt (>= 1.5)
      omniauth-oauth2 (>= 1.5)
    omniauth-azure-oauth2 (0.0.10)
      jwt (>= 1.0, < 3.0)
      omniauth (~> 1.0)
      omniauth-oauth2 (~> 1.4)
    omniauth-cas3 (1.1.4)
      addressable (~> 2.3)
      nokogiri (~> 1.7, >= 1.7.1)
      omniauth (~> 1.2)
    omniauth-facebook (4.0.0)
      omniauth-oauth2 (~> 1.2)
    omniauth-github (1.3.0)
      omniauth (~> 1.5)
      omniauth-oauth2 (>= 1.4.0, < 2.0)
    omniauth-gitlab (1.0.3)
      omniauth (~> 1.0)
      omniauth-oauth2 (~> 1.0)
    omniauth-google-oauth2 (0.6.0)
      jwt (>= 2.0)
      omniauth (>= 1.1.1)
      omniauth-oauth2 (>= 1.5)
    omniauth-kerberos (0.3.0)
      omniauth-multipassword
      timfel-krb5-auth (~> 0.8)
    omniauth-multipassword (0.4.2)
      omniauth (~> 1.0)
    omniauth-oauth (1.1.0)
      oauth
      omniauth (~> 1.0)
    omniauth-oauth2 (1.6.0)
      oauth2 (~> 1.1)
      omniauth (~> 1.9)
    omniauth-oauth2-generic (0.2.2)
      omniauth-oauth2 (~> 1.0)
    omniauth-saml (1.10.0)
      omniauth (~> 1.3, >= 1.3.2)
      ruby-saml (~> 1.7)
    omniauth-shibboleth (1.3.0)
      omniauth (>= 1.0.0)
    omniauth-twitter (1.4.0)
      omniauth-oauth (~> 1.1)
      rack
    omniauth_crowd (2.2.3)
      activesupport
      nokogiri (>= 1.4.4)
      omniauth (~> 1.0)
    opentracing (0.4.3)
    optimist (3.0.0)
    org-ruby (0.9.12)
      rubypants (~> 0.2)
    orm_adapter (0.5.0)
    os (1.0.0)
    parallel (1.12.1)
    parser (2.5.3.0)
      ast (~> 2.4.0)
    parslet (1.8.2)
    peek (1.0.1)
      concurrent-ruby (>= 0.9.0)
      concurrent-ruby-ext (>= 0.9.0)
      railties (>= 4.0.0)
    peek-gc (0.0.2)
      peek
    peek-mysql2 (1.2.0)
      concurrent-ruby
      concurrent-ruby-ext
      mysql2
      peek
    peek-pg (1.3.0)
      concurrent-ruby
      concurrent-ruby-ext
      peek
      pg
    peek-rblineprof (0.2.0)
      peek
      rblineprof
    peek-redis (1.2.0)
      atomic (>= 1.0.0)
      peek
      redis
    pg (1.1.4)
    po_to_json (1.0.1)
      json (>= 1.6.0)
    powerpack (0.1.1)
    premailer (1.10.4)
      addressable
      css_parser (>= 1.4.10)
      htmlentities (>= 4.0.0)
    premailer-rails (1.9.7)
      actionmailer (>= 3, < 6)
      premailer (~> 1.7, >= 1.7.9)
    proc_to_ast (0.1.0)
      coderay
      parser
      unparser
    procto (0.0.3)
    prometheus-client-mmap (0.9.4)
    pry (0.11.3)
      coderay (~> 1.1.0)
      method_source (~> 0.9.0)
    pry-byebug (3.5.1)
      byebug (~> 9.1)
      pry (~> 0.10)
    pry-rails (0.3.6)
      pry (>= 0.10.4)
    public_suffix (3.0.3)
    puma (3.12.0)
    puma_worker_killer (0.1.0)
      get_process_mem (~> 0.2)
      puma (>= 2.7, < 4)
    pyu-ruby-sasl (0.0.3.3)
    raabro (1.1.6)
    rack (2.0.7)
    rack-accept (0.4.5)
      rack (>= 0.4)
    rack-attack (4.4.1)
      rack
    rack-cors (1.0.2)
    rack-oauth2 (1.9.3)
      activesupport
      attr_required
      httpclient
      json-jwt (>= 1.9.0)
      rack
    rack-protection (2.0.5)
      rack
    rack-proxy (0.6.0)
      rack
    rack-test (0.6.3)
      rack (>= 1.0)
    rails (5.0.7.2)
      actioncable (= 5.0.7.2)
      actionmailer (= 5.0.7.2)
      actionpack (= 5.0.7.2)
      actionview (= 5.0.7.2)
      activejob (= 5.0.7.2)
      activemodel (= 5.0.7.2)
      activerecord (= 5.0.7.2)
      activesupport (= 5.0.7.2)
      bundler (>= 1.3.0)
      railties (= 5.0.7.2)
      sprockets-rails (>= 2.0.0)
    rails-controller-testing (1.0.2)
      actionpack (~> 5.x, >= 5.0.1)
      actionview (~> 5.x, >= 5.0.1)
      activesupport (~> 5.x)
    rails-deprecated_sanitizer (1.0.3)
      activesupport (>= 4.2.0.alpha)
    rails-dom-testing (2.0.3)
      activesupport (>= 4.2.0)
      nokogiri (>= 1.6)
    rails-html-sanitizer (1.0.4)
      loofah (~> 2.2, >= 2.2.2)
    rails-i18n (5.1.1)
      i18n (>= 0.7, < 2)
      railties (>= 5.0, < 6)
    railties (5.0.7.2)
      actionpack (= 5.0.7.2)
      activesupport (= 5.0.7.2)
      method_source
      rake (>= 0.8.7)
      thor (>= 0.18.1, < 2.0)
    rainbow (3.0.0)
    raindrops (0.19.0)
    rake (12.3.2)
    rb-fsevent (0.10.2)
    rb-inotify (0.9.10)
      ffi (>= 0.5.0, < 2)
    rblineprof (0.3.6)
      debugger-ruby_core_source (~> 1.3)
    rbtrace (0.4.11)
      ffi (>= 1.0.6)
      msgpack (>= 0.4.3)
      optimist (>= 3.0.0)
    rdoc (6.0.4)
    re2 (1.1.1)
    recaptcha (4.13.1)
      json
    recursive-open-struct (1.1.0)
    redis (3.3.5)
    redis-actionpack (5.0.2)
      actionpack (>= 4.0, < 6)
      redis-rack (>= 1, < 3)
      redis-store (>= 1.1.0, < 2)
    redis-activesupport (5.0.4)
      activesupport (>= 3, < 6)
      redis-store (>= 1.3, < 2)
    redis-namespace (1.6.0)
      redis (>= 3.0.4)
    redis-rack (2.0.4)
      rack (>= 1.5, < 3)
      redis-store (>= 1.2, < 2)
    redis-rails (5.0.2)
      redis-actionpack (>= 5.0, < 6)
      redis-activesupport (>= 5.0, < 6)
      redis-store (>= 1.2, < 2)
    redis-store (1.6.0)
      redis (>= 2.2, < 5)
    regexp_parser (1.3.0)
    regexp_property_values (0.3.4)
    representable (3.0.4)
      declarative (< 0.1.0)
      declarative-option (< 0.2.0)
      uber (< 0.2.0)
    request_store (1.3.1)
    responders (2.4.0)
      actionpack (>= 4.2.0, < 5.3)
      railties (>= 4.2.0, < 5.3)
    rest-client (2.0.2)
      http-cookie (>= 1.0.2, < 2.0)
      mime-types (>= 1.16, < 4.0)
      netrc (~> 0.8)
    retriable (3.1.2)
    rinku (2.0.0)
    rotp (2.1.2)
    rouge (3.3.0)
    rqrcode (0.7.0)
      chunky_png
    rqrcode-rails3 (0.1.7)
      rqrcode (>= 0.4.2)
    rspec (3.7.0)
      rspec-core (~> 3.7.0)
      rspec-expectations (~> 3.7.0)
      rspec-mocks (~> 3.7.0)
    rspec-core (3.7.1)
      rspec-support (~> 3.7.0)
    rspec-expectations (3.7.0)
      diff-lcs (>= 1.2.0, < 2.0)
      rspec-support (~> 3.7.0)
    rspec-mocks (3.7.0)
      diff-lcs (>= 1.2.0, < 2.0)
      rspec-support (~> 3.7.0)
    rspec-parameterized (0.4.1)
      binding_ninja (>= 0.2.1)
      parser
      proc_to_ast
      rspec (>= 2.13, < 4)
      unparser
    rspec-rails (3.7.2)
      actionpack (>= 3.0)
      activesupport (>= 3.0)
      railties (>= 3.0)
      rspec-core (~> 3.7.0)
      rspec-expectations (~> 3.7.0)
      rspec-mocks (~> 3.7.0)
      rspec-support (~> 3.7.0)
    rspec-retry (0.4.5)
      rspec-core
    rspec-set (0.1.3)
    rspec-support (3.7.1)
    rspec_junit_formatter (0.4.1)
      rspec-core (>= 2, < 4, != 2.12.0)
    rspec_profiling (0.0.5)
      activerecord
      pg
      rails
      sqlite3
    rubocop (0.54.0)
      parallel (~> 1.10)
      parser (>= 2.5)
      powerpack (~> 0.1)
      rainbow (>= 2.2.2, < 4.0)
      ruby-progressbar (~> 1.7)
      unicode-display_width (~> 1.0, >= 1.0.1)
    rubocop-gitlab-security (0.1.1)
      rubocop (>= 0.51)
    rubocop-rspec (1.22.2)
      rubocop (>= 0.52.1)
    ruby-enum (0.7.2)
      i18n
    ruby-fogbugz (0.2.1)
      crack (~> 0.4)
    ruby-prof (0.17.0)
    ruby-progressbar (1.9.0)
    ruby-saml (1.7.2)
      nokogiri (>= 1.5.10)
    ruby_parser (3.11.0)
      sexp_processor (~> 4.9)
    rubyntlm (0.6.2)
    rubypants (0.2.0)
    rubyzip (1.2.2)
    rugged (0.28.1)
    safe_yaml (1.0.4)
    sanitize (4.6.6)
      crass (~> 1.0.2)
      nokogiri (>= 1.4.4)
      nokogumbo (~> 1.4)
    sass (3.5.5)
      sass-listen (~> 4.0.0)
    sass-listen (4.0.0)
      rb-fsevent (~> 0.9, >= 0.9.4)
      rb-inotify (~> 0.9, >= 0.9.7)
    sass-rails (5.0.6)
      railties (>= 4.0.0, < 6)
      sass (~> 3.1)
      sprockets (>= 2.8, < 4.0)
      sprockets-rails (>= 2.0, < 4.0)
      tilt (>= 1.1, < 3)
    sawyer (0.8.1)
      addressable (>= 2.3.5, < 2.6)
      faraday (~> 0.8, < 1.0)
    scss_lint (0.56.0)
      rake (>= 0.9, < 13)
      sass (~> 3.5.3)
    seed-fu (2.3.7)
      activerecord (>= 3.1)
      activesupport (>= 3.1)
    selenium-webdriver (3.12.0)
      childprocess (~> 0.5)
      rubyzip (~> 1.2)
    sentry-raven (2.9.0)
      faraday (>= 0.7.6, < 1.0)
    settingslogic (2.0.9)
    sexp_processor (4.11.0)
    sham_rack (1.3.6)
      rack
    shoulda-matchers (3.1.2)
      activesupport (>= 4.0.0)
    sidekiq (5.2.5)
      connection_pool (~> 2.2, >= 2.2.2)
      rack (>= 1.5.0)
      rack-protection (>= 1.5.0)
      redis (>= 3.3.5, < 5)
    sidekiq-cron (1.0.4)
      fugit (~> 1.1)
      sidekiq (>= 4.2.1)
    signet (0.11.0)
      addressable (~> 2.3)
      faraday (~> 0.9)
      jwt (>= 1.5, < 3.0)
      multi_json (~> 1.10)
    simple_po_parser (1.1.2)
    simplecov (0.14.1)
      docile (~> 1.1.0)
      json (>= 1.8, < 3)
      simplecov-html (~> 0.10.0)
    simplecov-html (0.10.0)
    slack-notifier (1.5.1)
    spring (2.0.2)
      activesupport (>= 4.2)
    spring-commands-rspec (1.0.4)
      spring (>= 0.9.1)
    sprockets (3.7.2)
      concurrent-ruby (~> 1.0)
      rack (> 1, < 3)
    sprockets-rails (3.2.1)
      actionpack (>= 4.0)
      activesupport (>= 4.0)
      sprockets (>= 3.0.0)
    sqlite3 (1.3.13)
    sshkey (2.0.0)
    stackprof (0.2.10)
    state_machines (0.5.0)
    state_machines-activemodel (0.5.1)
      activemodel (>= 4.1, < 6.0)
      state_machines (>= 0.5.0)
    state_machines-activerecord (0.5.1)
      activerecord (>= 4.1, < 6.0)
      state_machines-activemodel (>= 0.5.0)
    sys-filesystem (1.1.6)
      ffi
    sysexits (1.2.0)
    temple (0.8.0)
    test-prof (0.2.5)
    text (1.3.1)
    thin (1.7.2)
      daemons (~> 1.0, >= 1.0.9)
      eventmachine (~> 1.0, >= 1.0.4)
      rack (>= 1, < 3)
    thor (0.19.4)
    thread_safe (0.3.6)
    thrift (0.11.0.0)
    tilt (2.0.8)
    timecop (0.8.1)
    timfel-krb5-auth (0.8.3)
    toml (0.2.0)
      parslet (~> 1.8.0)
    toml-rb (1.0.0)
      citrus (~> 3.0, > 3.0)
    truncato (0.7.11)
      htmlentities (~> 4.3.1)
      nokogiri (>= 1.7.0, <= 2.0)
    tzinfo (1.2.5)
      thread_safe (~> 0.1)
    u2f (0.2.1)
    uber (0.1.0)
    uglifier (2.7.2)
      execjs (>= 0.3.0)
      json (>= 1.8.0)
    unf (0.1.4)
      unf_ext
    unf_ext (0.0.7.5)
    unicode-display_width (1.3.2)
    unicorn (5.4.1)
      kgio (~> 2.6)
      raindrops (~> 0.7)
    unicorn-worker-killer (0.4.4)
      get_process_mem (~> 0)
      unicorn (>= 4, < 6)
    uniform_notifier (1.10.0)
    unparser (0.4.2)
      abstract_type (~> 0.0.7)
      adamantium (~> 0.2.0)
      concord (~> 0.1.5)
      diff-lcs (~> 1.3)
      equalizer (~> 0.0.9)
      parser (>= 2.3.1.2, < 2.6)
      procto (~> 0.0.2)
    validates_hostname (1.0.6)
      activerecord (>= 3.0)
      activesupport (>= 3.0)
    version_sorter (2.2.4)
    virtus (1.0.5)
      axiom-types (~> 0.1)
      coercible (~> 1.0)
      descendants_tracker (~> 0.0, >= 0.0.3)
      equalizer (~> 0.0, >= 0.0.9)
    vmstat (2.3.0)
    warden (1.2.7)
      rack (>= 1.0)
    webmock (3.5.1)
      addressable (>= 2.3.6)
      crack (>= 0.3.2)
      hashdiff
    webpack-rails (0.9.11)
      railties (>= 3.2.0)
    websocket-driver (0.6.5)
      websocket-extensions (>= 0.1.0)
    websocket-extensions (0.1.3)
    wikicloth (0.8.1)
      builder
      expression_parser
      rinku
    with_env (1.1.0)
    xml-simple (1.1.5)
    xpath (2.1.0)
      nokogiri (~> 1.3)

PLATFORMS
  ruby

DEPENDENCIES
  RedCloth (~> 4.3.2)
  ace-rails-ap (~> 4.1.0)
  activerecord_sane_schema_dumper (= 1.0)
  acts-as-taggable-on (~> 6.0)
  addressable (~> 2.5.2)
  akismet (~> 2.0)
  asana (~> 0.8.1)
  asciidoctor (~> 1.5.8)
  asciidoctor-plantuml (= 0.0.8)
  attr_encrypted (~> 3.1.0)
  awesome_print
  babosa (~> 1.0.2)
  base32 (~> 0.3.0)
  batch-loader (~> 1.2.2)
  bcrypt_pbkdf (~> 1.0)
  benchmark-ips (~> 2.3.0)
  better_errors (~> 2.5.0)
  binding_of_caller (~> 0.8.0)
  bootsnap (~> 1.4)
  bootstrap_form (~> 4.2.0)
  brakeman (~> 4.2)
  browser (~> 2.5)
  bullet (~> 5.5.0)
  bundler-audit (~> 0.5.0)
  capybara (~> 2.16.1)
  capybara-screenshot (~> 1.0.18)
  carrierwave (~> 1.3)
  charlock_holmes (~> 0.7.5)
  chronic (~> 0.10.2)
  chronic_duration (~> 0.10.6)
  commonmarker (~> 0.17)
  concurrent-ruby (~> 1.1)
  connection_pool (~> 2.0)
  creole (~> 0.5.0)
  database_cleaner (~> 1.7.0)
  deckar01-task_list (= 2.2.0)
  device_detector
  devise (~> 4.4)
  devise-two-factor (~> 3.0.0)
  diffy (~> 3.1.0)
  discordrb-webhooks-blackst0ne (~> 3.3)
  doorkeeper (~> 4.3)
  doorkeeper-openid_connect (~> 1.5)
  ed25519 (~> 1.2)
  email_reply_trimmer (~> 0.1)
  email_spec (~> 2.2.0)
  escape_utils (~> 1.1)
  factory_bot_rails (~> 4.8.2)
  faraday (~> 0.12)
  fast_blank
  ffaker (~> 2.10)
  flipper (~> 0.13.0)
  flipper-active_record (~> 0.13.0)
  flipper-active_support_cache_store (~> 0.13.0)
  flowdock (~> 0.7)
  fog-aliyun (~> 0.3)
  fog-aws (~> 3.3)
  fog-core (= 2.1.0)
  fog-google (~> 1.8)
  fog-local (~> 0.6)
  fog-openstack (~> 1.0)
  fog-rackspace (~> 0.1.1)
  font-awesome-rails (~> 4.7)
  foreman (~> 0.84.0)
  fugit (~> 1.1)
  fuubar (~> 2.2.0)
  gemojione (~> 3.3)
  gettext (~> 3.2.2)
  gettext_i18n_rails (~> 1.8.0)
  gettext_i18n_rails_js (~> 1.3)
  gitaly-proto (~> 1.19.0)
  github-markup (~> 1.7.0)
  gitlab-default_value_for (~> 3.1.1)
  gitlab-markup (~> 1.7.0)
  gitlab-sidekiq-fetcher (~> 0.4.0)
  gitlab-styles (~> 2.4)
  gitlab_omniauth-ldap (~> 2.1.1)
  gon (~> 6.2)
  google-api-client (~> 0.23)
  google-protobuf (~> 3.6)
  gpgme (~> 2.0.18)
  grape (~> 1.1.0)
  grape-entity (~> 0.7.1)
  grape-path-helpers (~> 1.0)
  grape_logging (~> 1.7)
  graphiql-rails (~> 1.4.10)
  graphql (~> 1.8.0)
  grpc (~> 1.15.0)
  haml_lint (~> 0.28.0)
  hamlit (~> 2.8.8)
  hangouts-chat (~> 0.0.5)
  hashie-forbidden_attributes
  health_check (~> 2.6.0)
  hipchat (~> 1.5.0)
  html-pipeline (~> 2.8)
  html2text
  httparty (~> 0.16.4)
  icalendar
  influxdb (~> 0.2)
  jaeger-client (~> 0.10.0)
  jira-ruby (~> 1.4)
  js_regex (~> 3.1)
  json-schema (~> 2.8.0)
  jwt (~> 2.1.0)
  kaminari (~> 1.0)
  knapsack (~> 1.17)
  kubeclient (~> 4.2.2)
  letter_opener_web (~> 1.3.0)
  license_finder (~> 5.4)
  licensee (~> 8.9)
  lograge (~> 0.5)
  loofah (~> 2.2)
  mail_room (~> 0.9.1)
  method_source (~> 0.8)
  mimemagic (~> 0.3.2)
  mini_magick
  minitest (~> 5.11.0)
  mysql2 (~> 0.4.10)
  nakayoshi_fork (~> 0.0.4)
  net-ldap
  net-ssh (~> 5.0)
  nokogiri (~> 1.10.1)
  oauth2 (~> 1.4)
  octokit (~> 4.9)
  omniauth (~> 1.8)
  omniauth-auth0 (~> 2.0.0)
  omniauth-authentiq (~> 0.3.3)
  omniauth-azure-oauth2 (~> 0.0.9)
  omniauth-cas3 (~> 1.1.4)
  omniauth-facebook (~> 4.0.0)
  omniauth-github (~> 1.3)
  omniauth-gitlab (~> 1.0.2)
  omniauth-google-oauth2 (~> 0.6.0)
  omniauth-kerberos (~> 0.3.0)
  omniauth-oauth2-generic (~> 0.2.2)
  omniauth-saml (~> 1.10)
  omniauth-shibboleth (~> 1.3.0)
  omniauth-twitter (~> 1.4)
  omniauth_crowd (~> 2.2.0)
  opentracing (~> 0.4.3)
  org-ruby (~> 0.9.12)
  peek (~> 1.0.1)
  peek-gc (~> 0.0.2)
  peek-mysql2 (~> 1.2.0)
  peek-pg (~> 1.3.0)
  peek-rblineprof (~> 0.2.0)
  peek-redis (~> 1.2.0)
  pg (~> 1.1)
  premailer-rails (~> 1.9.7)
  prometheus-client-mmap (~> 0.9.4)
  pry-byebug (~> 3.5.1)
  pry-rails (~> 0.3.4)
  puma (~> 3.12)
  puma_worker_killer
  rack (~> 2.0.7)
  rack-attack (~> 4.4.1)
  rack-cors (~> 1.0.0)
  rack-oauth2 (~> 1.9.3)
  rack-proxy (~> 0.6.0)
  rails (= 5.0.7.2)
  rails-controller-testing
  rails-deprecated_sanitizer (~> 1.0.3)
  rails-i18n (~> 5.1)
  rainbow (~> 3.0)
  raindrops (~> 0.18)
  rblineprof (~> 0.3.6)
  rbtrace (~> 0.4)
  rdoc (~> 6.0)
  re2 (~> 1.1.1)
  recaptcha (~> 4.11)
  redis (~> 3.2)
  redis-namespace (~> 1.6.0)
  redis-rails (~> 5.0.2)
  request_store (~> 1.3)
  responders (~> 2.0)
  rouge (~> 3.1)
  rqrcode-rails3 (~> 0.1.7)
  rspec-parameterized
  rspec-rails (~> 3.7.0)
  rspec-retry (~> 0.4.5)
  rspec-set (~> 0.1.3)
  rspec_junit_formatter
  rspec_profiling (~> 0.0.5)
  rubocop (~> 0.54.0)
  rubocop-rspec (~> 1.22.1)
  ruby-fogbugz (~> 0.2.1)
  ruby-prof (~> 0.17.0)
  ruby-progressbar
  ruby_parser (~> 3.8)
  rubyzip (~> 1.2.2)
  rugged (~> 0.28)
  sanitize (~> 4.6)
  sass (~> 3.5)
  sass-rails (~> 5.0.6)
  scss_lint (~> 0.56.0)
  seed-fu (~> 2.3.7)
  selenium-webdriver (~> 3.12)
  sentry-raven (~> 2.7)
  settingslogic (~> 2.0.9)
  sham_rack (~> 1.3.6)
  shoulda-matchers (~> 3.1.2)
  sidekiq (~> 5.2.1)
  sidekiq-cron (~> 1.0)
  simple_po_parser (~> 1.1.2)
  simplecov (~> 0.14.0)
  slack-notifier (~> 1.5.1)
  spring (~> 2.0.0)
  spring-commands-rspec (~> 1.0.4)
  sprockets (~> 3.7.0)
  sshkey (~> 2.0)
  stackprof (~> 0.2.10)
  state_machines-activerecord (~> 0.5.1)
  sys-filesystem (~> 1.1.6)
  test-prof (~> 0.2.5)
  thin (~> 1.7.0)
  timecop (~> 0.8.0)
  toml-rb (~> 1.0.0)
  truncato (~> 0.7.11)
  u2f (~> 0.2.1)
  uglifier (~> 2.7.2)
  unf (~> 0.1.4)
  unicorn (~> 5.4.1)
  unicorn-worker-killer (~> 0.4.4)
  validates_hostname (~> 1.0.6)
  version_sorter (~> 2.2.4)
  virtus (~> 1.0.1)
  vmstat (~> 2.3.0)
  webmock (~> 3.5.1)
  webpack-rails (~> 0.9.10)
  wikicloth (= 0.8.1)

BUNDLED WITH
   1.17.3
