GEM
  remote: https://rubygems.org/
  specs:
    daemons (1.2.4)
    eventmachine (1.0.9.1)
    mail (2.6.6)
      mime-types (>= 1.16, < 4)
    mailcatcher (0.6.5)
      eventmachine (= 1.0.9.1)
      mail (~> 2.3)
      rack (~> 1.5)
      sinatra (~> 1.2)
      skinny (~> 0.2.3)
      sqlite3 (~> 1.3)
      thin (~> 1.5.0)
    mime-types (3.1)
      mime-types-data (~> 3.2015)
    mime-types-data (3.2016.0521)
    rack (1.6.8)
    rack-protection (1.5.3)
      rack
    sinatra (1.4.8)
      rack (~> 1.5)
      rack-protection (~> 1.4)
      tilt (>= 1.3, < 3)
    skinny (0.2.4)
      eventmachine (~> 1.0.0)
      thin (>= 1.5, < 1.7)
    sqlite3 (1.3.13)
    thin (1.5.1)
      daemons (>= 1.0.9)
      eventmachine (>= 0.12.6)
      rack (>= 1.0.0)
    tilt (2.0.7)

PLATFORMS
  ruby

DEPENDENCIES
  mailcatcher

BUNDLED WITH
   1.14.4
