PATH
  remote: .
  specs:
    github-linguist (9.1.0)
      cgi
      charlock_holmes (~> 0.7.7)
      mini_mime (~> 1.0)
      rugged (~> 1.0)

GEM
  remote: https://rubygems.org/
  specs:
    addressable (2.8.7)
      public_suffix (>= 2.0.2, < 7.0)
    byebug (12.0.0)
    cgi (0.4.2)
    charlock_holmes (0.7.9)
    coderay (1.1.3)
    dotenv (3.1.8)
    faraday (2.13.1)
      faraday-net_http (>= 2.0, < 3.5)
      json
      logger
    faraday-net_http (3.4.0)
      net-http (>= 0.5.0)
    json (2.11.3)
    licensed (4.5.0)
      json (~> 2.6)
      licensee (~> 9.16)
      parallel (~> 1.22)
      pathname-common_prefix (~> 0.0.1)
      reverse_markdown (~> 2.1)
      ruby-xxHash (~> 0.4.0)
      thor (~> 1.2)
      tomlrb (~> 2.0)
    licensee (9.18.0)
      dotenv (>= 2, < 4)
      octokit (>= 4.20, < 10.0)
      reverse_markdown (>= 1, < 4)
      rugged (>= 0.24, < 2.0)
      thor (>= 0.19, < 2.0)
    logger (1.7.0)
    method_source (1.1.0)
    mini_mime (1.1.5)
    mini_portile2 (2.8.8)
    minitest (5.25.5)
    mocha (2.7.1)
      ruby2_keywords (>= 0.0.5)
    net-http (0.6.0)
      uri
    nokogiri (1.18.8)
      mini_portile2 (~> 2.8.2)
      racc (~> 1.4)
    octokit (9.2.0)
      faraday (>= 1, < 3)
      sawyer (~> 0.9)
    parallel (1.27.0)
    pathname-common_prefix (0.0.2)
    plist (3.7.2)
    pry (0.15.2)
      coderay (~> 1.1)
      method_source (~> 1.0)
    public_suffix (6.0.1)
    racc (1.8.1)
    rake (13.2.1)
    rake-compiler (0.9.9)
      rake
    reverse_markdown (2.1.1)
      nokogiri
    ruby-xxHash (0.4.0.2)
    ruby2_keywords (0.0.5)
    rugged (1.9.0)
    sawyer (0.9.2)
      addressable (>= 2.3.5)
      faraday (>= 0.17.3, < 3)
    thor (1.3.2)
    tomlrb (2.0.3)
    uri (1.0.3)
    yajl-ruby (1.4.3)

PLATFORMS
  ruby

DEPENDENCIES
  bundler (~> 2.0)
  byebug
  github-linguist!
  licensed (~> 4.0)
  licensee (~> 9.15)
  minitest (~> 5.15)
  mocha (~> 2.1)
  plist (~> 3.1)
  pry (~> 0.14)
  rake (~> 13.0)
  rake-compiler (~> 0.9)
  yajl-ruby (~> 1.4)

BUNDLED WITH
   2.5.22
