GEM
  remote: https://rubygems.org/
  specs:
    activesupport (7.2.1)
      base64
      bigdecimal
      concurrent-ruby (~> 1.0, >= 1.3.1)
      connection_pool (>= 2.2.5)
      drb
      i18n (>= 1.6, < 2)
      logger (>= 1.4.2)
      minitest (>= 5.1)
      securerandom (>= 0.3)
      tzinfo (~> 2.0, >= 2.0.5)
    addressable (2.8.7)
      public_suffix (>= 2.0.2, < 7.0)
    base64 (0.2.0)
    bigdecimal (3.1.8)
    cms_scanner (0.14.3)
      ethon (>= 0.14, < 0.17)
      get_process_mem (~> 0.2.5)
      nokogiri (~> 1.16)
      opt_parse_validator (~> 1.10.0)
      public_suffix (>= 4.0.3, < 6.1)
      ruby-progressbar (>= 1.10, < 1.14)
      sys-proctable (>= 1.2.2, < 1.4.0)
      typhoeus (>= 1.3, < 1.5)
      xmlrpc (~> 0.3)
      yajl-ruby (~> 1.4.1)
    concurrent-ruby (1.3.4)
    connection_pool (2.4.1)
    drb (2.2.1)
    ethon (0.16.0)
      ffi (>= 1.15.0)
    ffi (1.17.0)
    get_process_mem (0.2.7)
      ffi (~> 1.0)
    i18n (1.14.6)
      concurrent-ruby (~> 1.0)
    logger (1.6.1)
    mini_portile2 (2.8.7)
    minitest (5.25.1)
    nokogiri (1.16.7)
      mini_portile2 (~> 2.8.2)
      racc (~> 1.4)
    opt_parse_validator (1.10.0)
      activesupport (>= 5.2, < 7.3.0)
      addressable (>= 2.5, < 2.9)
    public_suffix (6.0.1)
    racc (1.8.1)
    ruby-progressbar (1.13.0)
    securerandom (0.3.1)
    sys-proctable (1.3.0)
      ffi (~> 1.1)
    typhoeus (1.4.1)
      ethon (>= 0.9.0)
    tzinfo (2.0.6)
      concurrent-ruby (~> 1.0)
    webrick (1.8.2)
    wpscan (3.8.27)
      cms_scanner (~> 0.14.3)
    xmlrpc (0.3.3)
      webrick
    yajl-ruby (1.4.3)

PLATFORMS
  ruby

DEPENDENCIES
  wpscan

BUNDLED WITH
   2.5.16
