GEM
  remote: https://rubygems.org/
  specs:
<<<<<<< HEAD
    activesupport (6.1.7.4)
=======
    activesupport (6.1.6)
>>>>>>> 903308adb4b (Improved error handling, differentiate nix/non-nix networks)
      concurrent-ruby (~> 1.0, >= 1.0.2)
      i18n (>= 1.6, < 2)
      minitest (>= 5.1)
      tzinfo (~> 2.0)
      zeitwerk (~> 2.3)
<<<<<<< HEAD
    addressable (2.8.4)
      public_suffix (>= 2.0.2, < 6.0)
=======
    addressable (2.8.0)
      public_suffix (>= 2.0.2, < 5.0)
>>>>>>> 903308adb4b (Improved error handling, differentiate nix/non-nix networks)
    cms_scanner (0.13.8)
      ethon (>= 0.14, < 0.16)
      get_process_mem (~> 0.2.5)
      nokogiri (>= 1.11.4, < 1.14.0)
      opt_parse_validator (~> 1.9.5)
      public_suffix (~> 4.0.3)
      ruby-progressbar (>= 1.10, < 1.12)
      sys-proctable (~> 1.2.2)
      typhoeus (>= 1.3, < 1.5)
      xmlrpc (~> 0.3)
      yajl-ruby (~> 1.4.1)
<<<<<<< HEAD
    concurrent-ruby (1.2.2)
=======
    concurrent-ruby (1.1.10)
>>>>>>> 903308adb4b (Improved error handling, differentiate nix/non-nix networks)
    ethon (0.15.0)
      ffi (>= 1.15.0)
    ffi (1.15.5)
    get_process_mem (0.2.7)
      ffi (~> 1.0)
<<<<<<< HEAD
    i18n (1.14.1)
      concurrent-ruby (~> 1.0)
    mini_portile2 (2.8.2)
    minitest (5.18.1)
    nokogiri (1.13.10)
=======
    i18n (1.10.0)
      concurrent-ruby (~> 1.0)
    mini_portile2 (2.8.0)
    minitest (5.15.0)
    nokogiri (1.13.6)
>>>>>>> 903308adb4b (Improved error handling, differentiate nix/non-nix networks)
      mini_portile2 (~> 2.8.0)
      racc (~> 1.4)
    opt_parse_validator (1.9.5)
      activesupport (>= 5.2, < 6.2.0)
      addressable (>= 2.5, < 2.9)
    public_suffix (4.0.7)
<<<<<<< HEAD
    racc (1.7.1)
    ruby-progressbar (1.11.0)
    sys-proctable (1.2.7)
      ffi (~> 1.1)
    typhoeus (1.4.0)
      ethon (>= 0.9.0)
    tzinfo (2.0.6)
      concurrent-ruby (~> 1.0)
    webrick (1.8.1)
    wpscan (3.8.24)
=======
    racc (1.6.0)
    ruby-progressbar (1.11.0)
    sys-proctable (1.2.6)
      ffi
    typhoeus (1.4.0)
      ethon (>= 0.9.0)
    tzinfo (2.0.4)
      concurrent-ruby (~> 1.0)
    webrick (1.7.0)
    wpscan (3.8.22)
>>>>>>> 903308adb4b (Improved error handling, differentiate nix/non-nix networks)
      cms_scanner (~> 0.13.8)
    xmlrpc (0.3.2)
      webrick
    yajl-ruby (1.4.3)
<<<<<<< HEAD
    zeitwerk (2.6.8)
=======
    zeitwerk (2.5.4)
>>>>>>> 903308adb4b (Improved error handling, differentiate nix/non-nix networks)

PLATFORMS
  ruby

DEPENDENCIES
  wpscan

BUNDLED WITH
<<<<<<< HEAD
   2.4.13
=======
   2.3.9
>>>>>>> 903308adb4b (Improved error handling, differentiate nix/non-nix networks)
