GEM
  remote: https://rubygems.org/
  specs:
    activesupport (5.2.2)
      concurrent-ruby (~> 1.0, >= 1.0.2)
      i18n (>= 0.7, < 2)
      minitest (~> 5.1)
      tzinfo (~> 1.1)
    addressable (2.5.2)
      public_suffix (>= 2.0.2, < 4.0)
    cms_scanner (0.0.41.3)
      nokogiri (~> 1.10.0)
      opt_parse_validator (~> 0.0.16.6)
      public_suffix (~> 3.0.0)
      ruby-progressbar (~> 1.10.0)
      typhoeus (~> 1.3.0)
      xmlrpc (~> 0.3)
      yajl-ruby (~> 1.4.1)
    concurrent-ruby (1.1.4)
    ethon (0.12.0)
      ffi (>= 1.3.0)
    ffi (1.10.0)
    i18n (1.5.2)
      concurrent-ruby (~> 1.0)
    mini_portile2 (2.4.0)
    minitest (5.11.3)
    nokogiri (1.10.1)
      mini_portile2 (~> 2.4.0)
    opt_parse_validator (0.0.16.6)
      activesupport (>= 4.2, < 5.3.0)
      addressable (~> 2.5.0)
    public_suffix (3.0.3)
    ruby-progressbar (1.10.0)
    thread_safe (0.3.6)
    typhoeus (1.3.1)
      ethon (>= 0.9.0)
    tzinfo (1.2.5)
      thread_safe (~> 0.1)
    wpscan (3.4.3)
      cms_scanner (~> 0.0.41.2)
    xmlrpc (0.3.0)
    yajl-ruby (1.4.1)

PLATFORMS
  ruby

DEPENDENCIES
  wpscan (= 3.4.3)

BUNDLED WITH
   1.16.3
