GEM
  remote: https://rubygems.org/
  specs:
    CFPropertyList (2.3.1)
    addressable (2.3.5)
    atomic (1.1.14)
    aws-ses (0.5.0)
      builder
      mail (> 2.2.5)
      mime-types
      xml-simple
    backup (4.2.2)
      CFPropertyList (= 2.3.1)
      addressable (= 2.3.5)
      atomic (= 1.1.14)
      aws-ses (= 0.5.0)
      buftok (= 0.2.0)
      builder (= 3.2.2)
      descendants_tracker (= 0.0.3)
      dogapi (= 1.11.0)
      dropbox-sdk (= 1.5.1)
      equalizer (= 0.0.9)
      excon (= 0.44.4)
      faraday (= 0.8.8)
      fission (= 0.5.0)
      flowdock (= 0.4.0)
      fog (= 1.28.0)
      fog-atmos (= 0.1.0)
      fog-aws (= 0.1.1)
      fog-brightbox (= 0.7.1)
      fog-core (= 1.29.0)
      fog-ecloud (= 0.0.2)
      fog-json (= 1.0.0)
      fog-profitbricks (= 0.0.2)
      fog-radosgw (= 0.0.3)
      fog-riakcs (= 0.1.0)
      fog-sakuracloud (= 1.0.0)
      fog-serverlove (= 0.1.1)
      fog-softlayer (= 0.4.1)
      fog-storm_on_demand (= 0.1.0)
      fog-terremark (= 0.0.4)
      fog-vmfusion (= 0.0.1)
      fog-voxel (= 0.0.2)
      fog-xml (= 0.1.1)
      formatador (= 0.2.5)
      hipchat (= 1.0.1)
      http (= 0.5.0)
      http_parser.rb (= 0.6.0)
      httparty (= 0.12.0)
      inflecto (= 0.0.2)
      ipaddress (= 0.8.0)
      json (= 1.8.2)
      mail (= 2.5.4)
      memoizable (= 0.4.0)
      mime-types (= 1.25.1)
      mini_portile (= 0.6.2)
      multi_json (= 1.10.1)
      multi_xml (= 0.5.5)
      multipart-post (= 1.2.0)
      net-scp (= 1.2.1)
      net-sftp (= 2.1.2)
      net-ssh (= 2.9.2)
      nokogiri (= 1.6.6.2)
      open4 (= 1.3.0)
      pagerduty (= 2.0.0)
      polyglot (= 0.3.3)
      simple_oauth (= 0.2.0)
      thor (= 0.18.1)
      thread_safe (= 0.1.3)
      treetop (= 1.4.15)
      twitter (= 5.5.0)
      unf (= 0.1.3)
      unf_ext (= 0.0.6)
      xml-simple (= 1.1.4)
    buftok (0.2.0)
    builder (3.2.2)
    descendants_tracker (0.0.3)
    diff-lcs (1.2.5)
    dogapi (1.11.0)
      json (>= 1.5.1)
    dropbox-sdk (1.5.1)
      json
    equalizer (0.0.9)
    excon (0.44.4)
    faraday (0.8.8)
      multipart-post (~> 1.2.0)
    fission (0.5.0)
      CFPropertyList (~> 2.2)
    flowdock (0.4.0)
      httparty (~> 0.7)
      multi_json
    fog (1.28.0)
      fog-atmos
      fog-aws (~> 0.0)
      fog-brightbox (~> 0.4)
      fog-core (~> 1.27, >= 1.27.3)
      fog-ecloud
      fog-json
      fog-profitbricks
      fog-radosgw (>= 0.0.2)
      fog-riakcs
      fog-sakuracloud (>= 0.0.4)
      fog-serverlove
      fog-softlayer
      fog-storm_on_demand
      fog-terremark
      fog-vmfusion
      fog-voxel
      fog-xml (~> 0.1.1)
      ipaddress (~> 0.5)
      nokogiri (~> 1.5, >= 1.5.11)
    fog-atmos (0.1.0)
      fog-core
      fog-xml
    fog-aws (0.1.1)
      fog-core (~> 1.27)
      fog-json (~> 1.0)
      fog-xml (~> 0.1)
      ipaddress (~> 0.8)
    fog-brightbox (0.7.1)
      fog-core (~> 1.22)
      fog-json
      inflecto (~> 0.0.2)
    fog-core (1.29.0)
      builder
      excon (~> 0.38)
      formatador (~> 0.2)
      mime-types
      net-scp (~> 1.1)
      net-ssh (>= 2.1.3)
    fog-ecloud (0.0.2)
      fog-core
      fog-xml
    fog-json (1.0.0)
      multi_json (~> 1.0)
    fog-profitbricks (0.0.2)
      fog-core
      fog-xml
      nokogiri
    fog-radosgw (0.0.3)
      fog-core (>= 1.21.0)
      fog-json
      fog-xml (>= 0.0.1)
    fog-riakcs (0.1.0)
      fog-core
      fog-json
      fog-xml
    fog-sakuracloud (1.0.0)
      fog-core
      fog-json
    fog-serverlove (0.1.1)
      fog-core
      fog-json
    fog-softlayer (0.4.1)
      fog-core
      fog-json
    fog-storm_on_demand (0.1.0)
      fog-core
      fog-json
    fog-terremark (0.0.4)
      fog-core
      fog-xml
    fog-vmfusion (0.0.1)
      fission
      fog-core
    fog-voxel (0.0.2)
      fog-core
      fog-xml
    fog-xml (0.1.1)
      fog-core
      nokogiri (~> 1.5, >= 1.5.11)
    formatador (0.2.5)
    fuubar (2.0.0)
      rspec (~> 3.0)
      ruby-progressbar (~> 1.4)
    hipchat (1.0.1)
      httparty
    http (0.5.0)
      http_parser.rb
    http_parser.rb (0.6.0)
    httparty (0.12.0)
      json (~> 1.8)
      multi_xml (>= 0.5.2)
    inflecto (0.0.2)
    ipaddress (0.8.0)
    json (1.8.2)
    mail (2.5.4)
      mime-types (~> 1.16)
      treetop (~> 1.4.8)
    memoizable (0.4.0)
      thread_safe (~> 0.1.3)
    metaclass (0.0.4)
    mime-types (1.25.1)
    mini_portile (0.6.2)
    mocha (1.1.0)
      metaclass (~> 0.0.1)
    multi_json (1.10.1)
    multi_xml (0.5.5)
    multipart-post (1.2.0)
    net-scp (1.2.1)
      net-ssh (>= 2.6.5)
    net-sftp (2.1.2)
      net-ssh (>= 2.6.5)
    net-ssh (2.9.2)
    nokogiri (1.6.6.2)
      mini_portile (~> 0.6.0)
    open4 (1.3.0)
    pagerduty (2.0.0)
      json (>= 1.7.7)
    polyglot (0.3.3)
    rspec (3.4.0)
      rspec-core (~> 3.4.0)
      rspec-expectations (~> 3.4.0)
      rspec-mocks (~> 3.4.0)
    rspec-core (3.4.1)
      rspec-support (~> 3.4.0)
    rspec-expectations (3.4.0)
      diff-lcs (>= 1.2.0, < 2.0)
      rspec-support (~> 3.4.0)
    rspec-mocks (3.4.0)
      diff-lcs (>= 1.2.0, < 2.0)
      rspec-support (~> 3.4.0)
    rspec-support (3.4.1)
    ruby-progressbar (1.7.5)
    simple_oauth (0.2.0)
    thor (0.18.1)
    thread_safe (0.1.3)
      atomic
    timecop (0.8.0)
    treetop (1.4.15)
      polyglot
      polyglot (>= 0.3.1)
    twitter (5.5.0)
      addressable (~> 2.3)
      buftok (~> 0.2.0)
      descendants_tracker (~> 0.0.3)
      equalizer (~> 0.0.9)
      faraday (>= 0.8, < 0.10)
      http (~> 0.5.0)
      http_parser.rb (~> 0.6.0)
      json (~> 1.8)
      memoizable (~> 0.4.0)
      simple_oauth (~> 0.2.0)
    unf (0.1.3)
      unf_ext
    unf_ext (0.0.6)
    xml-simple (1.1.4)

PLATFORMS
  ruby

DEPENDENCIES
  aws-ses
  backup
  dogapi
  dropbox-sdk (= 1.5.1)
  flowdock
  fog
  fuubar
  hipchat
  json
  mail (= 2.5.4)
  mocha
  net-scp
  net-sftp
  net-ssh
  open4
  pagerduty
  rspec
  thor
  timecop
  twitter
  unf

BUNDLED WITH
   1.10.6
