GEM
  remote: https://rubygems.org/
  specs:
    base64 (0.2.0)
    chronic (0.10.2)
    csv (3.3.2)
    deep_merge (1.2.2)
    doing (2.1.88)
      base64 (~> 0.2)
      chronic (~> 0.10, >= 0.10.2)
      csv (~> 3.3)
      deep_merge (~> 1.2, >= 1.2.1)
      gli (~> 2.20, >= 2.20.1)
      haml (~> 5.0.0, >= 5.0.0)
      logger (~> 1.4, >= 1.4.2)
      ostruct (~> 0.6)
      parslet (~> 2.0, >= 2.0.0)
      plist (~> 3.6, >= 3.6.0)
      reline (~> 0.6)
      safe_yaml (~> 1.0)
      tty-link (~> 0.1, >= 0.1.1)
      tty-markdown (~> 0.7, >= 0.7.0)
      tty-progressbar (~> 0.18, >= 0.18.2)
      tty-reader (~> 0.9, >= 0.9.0)
      tty-screen (~> 0.8, >= 0.8.1)
      tty-which (~> 0.5, >= 0.5.0)
    gli (2.22.2)
      ostruct
    haml (5.0.4)
      temple (>= 0.8.0)
      tilt
    io-console (0.8.0)
    kramdown (2.5.1)
      rexml (>= 3.3.9)
    logger (1.6.6)
    ostruct (0.6.1)
    parslet (2.0.0)
    pastel (0.8.0)
      tty-color (~> 0.5)
    plist (3.7.2)
    reline (0.6.0)
      io-console (~> 0.5)
    rexml (3.4.1)
    rouge (4.5.1)
    safe_yaml (1.0.5)
    strings (0.2.1)
      strings-ansi (~> 0.2)
      unicode-display_width (>= 1.5, < 3.0)
      unicode_utils (~> 1.4)
    strings-ansi (0.2.0)
    temple (0.10.3)
    tilt (2.6.0)
    tty-color (0.6.0)
    tty-cursor (0.7.1)
    tty-link (0.2.0)
    tty-markdown (0.7.2)
      kramdown (>= 1.16.2, < 3.0)
      pastel (~> 0.8)
      rouge (>= 3.14, < 5.0)
      strings (~> 0.2.0)
      tty-color (~> 0.5)
      tty-screen (~> 0.8)
    tty-progressbar (0.18.3)
      strings-ansi (~> 0.2)
      tty-cursor (~> 0.7)
      tty-screen (~> 0.8)
      unicode-display_width (>= 1.6, < 3.0)
    tty-reader (0.9.0)
      tty-cursor (~> 0.7)
      tty-screen (~> 0.8)
      wisper (~> 2.0)
    tty-screen (0.8.2)
    tty-which (0.5.0)
    unicode-display_width (2.6.0)
    unicode_utils (1.4.0)
    wisper (2.0.1)

PLATFORMS
  ruby

DEPENDENCIES
  doing

BUNDLED WITH
   2.5.22
