GEM
  remote: https://rubygems.org/
  specs:
    equatable (0.5.0)
    httpclient-fixcerts (2.8.5)
    necromancer (0.4.0)
    neocities (0.0.18)
      httpclient-fixcerts (~> 2.8, >= 2.8.5)
      pastel (~> 0.7, = 0.7.2)
      rake (~> 12.3, >= 12.3.1)
      tty-prompt (~> 0.12, = 0.12.0)
      tty-table (~> 0.10, = 0.10.0)
    pastel (0.7.2)
      equatable (~> 0.5.0)
      tty-color (~> 0.4.0)
    rake (12.3.3)
    strings (0.1.8)
      strings-ansi (~> 0.1)
      unicode-display_width (~> 1.5)
      unicode_utils (~> 1.4)
    strings-ansi (0.2.0)
    tty-color (0.4.3)
    tty-cursor (0.4.0)
    tty-prompt (0.12.0)
      necromancer (~> 0.4.0)
      pastel (~> 0.7.0)
      tty-cursor (~> 0.4.0)
      wisper (~> 1.6.1)
    tty-screen (0.6.5)
    tty-table (0.10.0)
      equatable (~> 0.5.0)
      necromancer (~> 0.4.0)
      pastel (~> 0.7.2)
      strings (~> 0.1.0)
      tty-screen (~> 0.6.4)
    unicode-display_width (1.8.0)
    unicode_utils (1.4.0)
    wisper (1.6.1)

PLATFORMS
  ruby
  x86_64-linux

DEPENDENCIES
  neocities

BUNDLED WITH
   2.5.5
