GEM
  remote: https://rubygems.org/
  specs:
    cadre (1.0.4)
      thor (>= 0.14, < 1.0)
      tilt (> 1.0)
      valise (~> 1.2)
    thor (0.20.3)
    tilt (2.0.9)
    valise (1.2.1)

PLATFORMS
  ruby

DEPENDENCIES
  cadre (= 1.0.4)

BUNDLED WITH
   1.16.3
