GEM
  remote: https://rubygems.org/
  specs:
    ffi (1.17.1)
    rb-fsevent (0.11.2)
    rb-inotify (0.11.1)
      ffi (~> 1.0)
    sass (3.7.4)
      sass-listen (~> 4.0.0)
    sass-listen (4.0.0)
      rb-fsevent (~> 0.9, >= 0.9.4)
      rb-inotify (~> 0.9, >= 0.9.7)
    scss_lint (0.60.0)
      sass (~> 3.5, >= 3.5.5)

PLATFORMS
  ruby

DEPENDENCIES
  scss_lint

BUNDLED WITH
   2.6.2
