GEM
  remote: https://rubygems.org/
  specs:
    fusuma (2.4.1)
    fusuma-plugin-wmctrl (1.1.0)
      fusuma (~> 2.0)

PLATFORMS
  ruby

DEPENDENCIES
  fusuma-plugin-wmctrl

BUNDLED WITH
   2.1.4
