GEM
  remote: https://rubygems.org/
  specs:
    homesick (1.1.3)
      thor (>= 0.14.0)
    thor (0.19.1)

PLATFORMS
  ruby

DEPENDENCIES
  homesick

BUNDLED WITH
   1.10.6
