GEM
  remote: https://rubygems.org/
  specs:
    homesick (1.1.6)
      thor (>= 0.14.0)
    thor (0.20.3)

PLATFORMS
  ruby

DEPENDENCIES
  homesick

BUNDLED WITH
   1.17.2
