GEM
  remote: https://rubygems.org/
  specs:
    Ascii85 (1.1.0)
<<<<<<< HEAD
    addressable (2.8.5)
      public_suffix (>= 2.0.2, < 6.0)
    afm (0.2.2)
    asciidoctor (2.0.20)
=======
    addressable (2.8.1)
      public_suffix (>= 2.0.2, < 6.0)
    afm (0.2.2)
    asciidoctor (2.0.18)
>>>>>>> 903308adb4b (Improved error handling, differentiate nix/non-nix networks)
    asciidoctor-bibtex (0.8.0)
      asciidoctor (~> 2.0)
      bibtex-ruby (~> 5.1)
      citeproc-ruby (~> 1)
      csl-styles (~> 1)
      latex-decode (~> 0.2)
<<<<<<< HEAD
    asciidoctor-diagram (2.2.11)
=======
    asciidoctor-diagram (2.2.3)
>>>>>>> 903308adb4b (Improved error handling, differentiate nix/non-nix networks)
      asciidoctor (>= 1.5.7, < 3.x)
      asciidoctor-diagram-ditaamini (~> 1.0)
      asciidoctor-diagram-plantuml (~> 1.2021)
      rexml
    asciidoctor-diagram-ditaamini (1.0.3)
<<<<<<< HEAD
    asciidoctor-diagram-plantuml (1.2023.10)
=======
    asciidoctor-diagram-plantuml (1.2022.5)
>>>>>>> 903308adb4b (Improved error handling, differentiate nix/non-nix networks)
    asciidoctor-epub3 (1.5.1)
      asciidoctor (>= 1.5.6, < 3.0.0)
      gepub (~> 1.0.0)
      mime-types (~> 3.0)
    asciidoctor-html5s (0.5.1)
      asciidoctor (>= 1.5.7, < 3.0)
      thread_safe (~> 0.3.4)
    asciidoctor-mathematical (0.3.5)
      asciidoctor (~> 2.0)
      asciimath (~> 2.0)
      mathematical (~> 1.6.0)
    asciidoctor-multipage (0.0.16)
      asciidoctor (>= 2.0.11, < 2.1)
<<<<<<< HEAD
    asciidoctor-pdf (2.3.9)
=======
    asciidoctor-pdf (2.3.2)
>>>>>>> 903308adb4b (Improved error handling, differentiate nix/non-nix networks)
      asciidoctor (~> 2.0)
      concurrent-ruby (~> 1.1)
      matrix (~> 0.4)
      prawn (~> 2.4.0)
      prawn-icon (~> 3.0.0)
      prawn-svg (~> 0.32.0)
      prawn-table (~> 0.2.0)
      prawn-templates (~> 0.1.0)
      treetop (~> 1.6.0)
<<<<<<< HEAD
    asciidoctor-reducer (1.0.5)
      asciidoctor (~> 2.0)
    asciidoctor-revealjs (5.0.1)
      asciidoctor (>= 2.0.0, < 3.0.0)
    asciimath (2.0.5)
=======
    asciidoctor-revealjs (4.1.0)
      asciidoctor (>= 2.0.0, < 3.0.0)
      concurrent-ruby (~> 1.0)
      thread_safe (~> 0.3.5)
    asciidoctor-rouge (0.4.0)
      asciidoctor (>= 1.5.6, < 2.1)
      rouge (>= 2.2, < 4)
    asciimath (2.0.4)
>>>>>>> 903308adb4b (Improved error handling, differentiate nix/non-nix networks)
    bibtex-ruby (5.1.6)
      latex-decode (~> 0.0)
    citeproc (1.0.10)
      namae (~> 1.0)
    citeproc-ruby (1.1.14)
      citeproc (~> 1.0, >= 1.0.9)
      csl (~> 1.6)
    coderay (1.1.3)
<<<<<<< HEAD
    concurrent-ruby (1.2.2)
=======
    concurrent-ruby (1.1.10)
>>>>>>> 903308adb4b (Improved error handling, differentiate nix/non-nix networks)
    csl (1.6.0)
      namae (~> 1.0)
      rexml
    csl-styles (1.0.1.11)
      csl (~> 1.0)
<<<<<<< HEAD
    css_parser (1.14.0)
=======
    css_parser (1.12.0)
>>>>>>> 903308adb4b (Improved error handling, differentiate nix/non-nix networks)
      addressable
    gepub (1.0.15)
      nokogiri (>= 1.8.2, < 2.0)
      rubyzip (> 1.1.1, < 2.4)
    hashery (2.1.2)
<<<<<<< HEAD
    i18n (1.14.1)
=======
    i18n (1.12.0)
>>>>>>> 903308adb4b (Improved error handling, differentiate nix/non-nix networks)
      concurrent-ruby (~> 1.0)
    latex-decode (0.4.0)
    mathematical (1.6.14)
      ruby-enum (~> 0.4)
    matrix (0.4.2)
<<<<<<< HEAD
    mime-types (3.5.0)
      mime-types-data (~> 3.2015)
    mime-types-data (3.2023.0808)
    mini_portile2 (2.8.4)
    namae (1.1.1)
    nokogiri (1.15.4)
      mini_portile2 (~> 2.8.2)
      racc (~> 1.4)
    pdf-core (0.9.0)
    pdf-reader (2.11.0)
=======
    mime-types (3.4.1)
      mime-types-data (~> 3.2015)
    mime-types-data (3.2022.0105)
    mini_portile2 (2.8.0)
    namae (1.1.1)
    nokogiri (1.13.8)
      mini_portile2 (~> 2.8.0)
      racc (~> 1.4)
    pdf-core (0.9.0)
    pdf-reader (2.10.0)
>>>>>>> 903308adb4b (Improved error handling, differentiate nix/non-nix networks)
      Ascii85 (~> 1.0)
      afm (~> 0.2.1)
      hashery (~> 2.0)
      ruby-rc4
      ttfunk
    polyglot (0.3.5)
    prawn (2.4.0)
      pdf-core (~> 0.9.0)
      ttfunk (~> 1.7)
    prawn-icon (3.0.0)
      prawn (>= 1.1.0, < 3.0.0)
    prawn-svg (0.32.0)
      css_parser (~> 1.6)
      prawn (>= 0.11.1, < 3)
      rexml (~> 3.2)
    prawn-table (0.2.2)
      prawn (>= 1.3.0, < 3.0.0)
    prawn-templates (0.1.2)
      pdf-reader (~> 2.0)
      prawn (~> 2.2)
<<<<<<< HEAD
    public_suffix (5.0.3)
    pygments.rb (2.4.0)
    racc (1.7.1)
    rexml (3.2.6)
    rouge (4.1.3)
=======
    public_suffix (5.0.0)
    pygments.rb (2.3.0)
    racc (1.6.0)
    rexml (3.2.5)
    rouge (3.30.0)
>>>>>>> 903308adb4b (Improved error handling, differentiate nix/non-nix networks)
    ruby-enum (0.9.0)
      i18n
    ruby-rc4 (0.1.5)
    rubyzip (2.3.2)
    thread_safe (0.3.6)
<<<<<<< HEAD
    treetop (1.6.12)
=======
    treetop (1.6.11)
>>>>>>> 903308adb4b (Improved error handling, differentiate nix/non-nix networks)
      polyglot (~> 0.3)
    ttfunk (1.7.0)

PLATFORMS
  ruby

DEPENDENCIES
  asciidoctor
  asciidoctor-bibtex
  asciidoctor-diagram
  asciidoctor-epub3
  asciidoctor-html5s
  asciidoctor-mathematical
  asciidoctor-multipage
  asciidoctor-pdf
<<<<<<< HEAD
  asciidoctor-reducer
  asciidoctor-revealjs
=======
  asciidoctor-revealjs
  asciidoctor-rouge
>>>>>>> 903308adb4b (Improved error handling, differentiate nix/non-nix networks)
  coderay
  pygments.rb
  rouge

BUNDLED WITH
<<<<<<< HEAD
   2.4.17
=======
   2.3.22
>>>>>>> 903308adb4b (Improved error handling, differentiate nix/non-nix networks)
