GEM
  remote: https://rubygems.org/
  specs:
    activesupport (8.0.2)
      base64
      benchmark (>= 0.3)
      bigdecimal
      concurrent-ruby (~> 1.0, >= 1.3.1)
      connection_pool (>= 2.2.5)
      drb
      i18n (>= 1.6, < 2)
      logger (>= 1.4.2)
      minitest (>= 5.1)
      securerandom (>= 0.3)
      tzinfo (~> 2.0, >= 2.0.5)
      uri (>= 0.13.1)
    base64 (0.2.0)
    benchmark (0.4.0)
    bigdecimal (3.1.9)
    cli-ui (1.5.1)
    color (1.8)
    coltrane (4.1.2)
      activesupport (> 5.2)
      color (~> 1.8)
      dry-monads (~> 0.4)
      gambiarra (= 0.0.6)
      paint (~> 2.0)
    concurrent-ruby (1.3.5)
    connection_pool (2.5.0)
    drb (2.2.1)
    dry-core (0.9.1)
      concurrent-ruby (~> 1.0)
      zeitwerk (~> 2.6)
    dry-equalizer (0.3.0)
    dry-monads (0.4.0)
      dry-core (~> 0.3, >= 0.3.3)
      dry-equalizer
    gambiarra (0.0.6)
      activesupport (> 5.2)
      cli-ui (~> 1.1)
      thor (~> 1.1.0)
    i18n (1.14.7)
      concurrent-ruby (~> 1.0)
    logger (1.6.6)
    minitest (5.25.5)
    paint (2.3.0)
    securerandom (0.4.1)
    thor (1.1.0)
    tzinfo (2.0.6)
      concurrent-ruby (~> 1.0)
    uri (1.0.3)
    zeitwerk (2.7.2)

PLATFORMS
  ruby

DEPENDENCIES
  coltrane

BUNDLED WITH
   2.6.2
