GEM
  remote: https://rubygems.org/
  specs:
    erubis (2.7.0)
    ffi (1.9.25)
    multi_json (1.3.6)
    rack (1.6.10)
    rack-protection (1.5.5)
      rack
    rb-fsevent (0.10.3)
    rb-inotify (0.9.10)
      ffi (>= 0.5.0, < 2)
    riemann-dash (0.2.14)
      erubis (>= 2.7.0)
      multi_json (= 1.3.6)
      sass (>= 3.1.14)
      sinatra (~> 1.4.5)
      webrick (~> 1.3.1)
    sass (3.6.0)
      sass-listen (~> 4.0.0)
    sass-listen (4.0.0)
      rb-fsevent (~> 0.9, >= 0.9.4)
      rb-inotify (~> 0.9, >= 0.9.7)
    sinatra (1.4.8)
      rack (~> 1.5)
      rack-protection (~> 1.4)
      tilt (>= 1.3, < 3)
    tilt (2.0.8)
    webrick (1.3.1)

PLATFORMS
  ruby

DEPENDENCIES
  riemann-dash (= 0.2.14)

BUNDLED WITH
   1.16.3
