GEM
  remote: https://rubygems.org/
  specs:
    erubis (2.7.0)
    multi_json (1.3.6)
    rack (1.5.2)
    rack-protection (1.5.3)
      rack
    riemann-dash (0.2.9)
      erubis (>= 2.7.0)
      multi_json (= 1.3.6)
      sass (>= 3.1.14)
      sinatra (~> 1.4.5)
      webrick (~> 1.3.1)
    sass (3.4.8)
    sinatra (1.4.5)
      rack (~> 1.4)
      rack-protection (~> 1.4)
      tilt (~> 1.3, >= 1.3.4)
    tilt (1.4.1)
    webrick (1.3.1)

PLATFORMS
  ruby

DEPENDENCIES
  riemann-dash (= 0.2.9)
