GEM
  remote: https://rubygems.org/
  specs:
    wayback_machine_downloader (2.2.1)

PLATFORMS
  ruby

DEPENDENCIES
  wayback_machine_downloader!

BUNDLED WITH
   1.17.2
