GEM
  remote: https://rubygems.org/
  specs:
    base64 (0.3.0)
    hiera-eyaml (4.3.0)
      highline (>= 2.1, < 4)
      optimist (~> 3.1)
    highline (3.1.2)
      reline
    io-console (0.8.1)
    optimist (3.2.1)
    reline (0.6.2)
      io-console (~> 0.5)

PLATFORMS
  ruby

DEPENDENCIES
  base64
  hiera-eyaml

BUNDLED WITH
   2.5.22
