GEM
  remote: https://rubygems.org/
  specs:
    hiera-eyaml (3.0.0)
      highline (~> 1.6.19)
      optimist
    highline (1.6.21)
    optimist (3.0.0)

PLATFORMS
  ruby

DEPENDENCIES
  hiera-eyaml

BUNDLED WITH
   2.1.4
